{
  "aor": 0.0021184518828451884,
  "aqi": 0.004807300878661088,
  "bids_meta": {
    "BodyPartExamined": "HEAD",
    "ECHO": "2",
    "EchoTime": 0.028,
    "FlipAngle": 78.0,
    "MagneticFieldStrength": 3,
    "Manufacturer": "Siemens",
    "ManufacturersModelName": "Trio",
    "Modality": "MR",
    "ParallelReductionFactorInPlane": 3,
    "PixelBandwidth": 1698.0,
    "PixelSpacing": [
      3.75,
      4.4
    ],
    "ReceiveCoilName": "32Ch_Head_3T",
    "RepetitionTime": 2.47,
    "SliceThickness": 4.4,
    "SliceTiming": [
      1.235,
      0.0,
      1.31733333333,
      0.0823333333333,
      1.39966666667,
      0.164666666667,
      1.482,
      0.247,
      1.56433333333,
      0.329333333333,
      1.64666666667,
      0.411666666667,
      1.729,
      0.494,
      1.81133333333,
      0.576333333333,
      1.89366666667,
      0.658666666667,
      1.976,
      0.741,
      2.05833333333,
      0.823333333333,
      2.14066666667,
      0.905666666667,
      2.223,
      0.988,
      2.30533333333,
      1.07033333333,
      2.38766666667,
      1.15266666667
    ],
    "SpacingBetweenSlices": 4.840000000000001,
    "TaskName": "rest",
    "dataset": "ds000258",
    "modality": "bold",
    "subject_id": "21116",
    "task_id": "rest"
  },
  "dummy_trs": 0,
  "dvars_nstd": 29.60478038184873,
  "dvars_std": 1.2264472794117647,
  "dvars_vstd": 0.9790403148319329,
  "efc": 0.4628973288892916,
  "fber": 1484.8544921875,
  "fd_mean": 0.18861154878353173,
  "fd_num": 63,
  "fd_perc": 26.359832635983263,
  "fwhm_avg": 3.0709123006305052,
  "fwhm_x": 3.09536,
  "fwhm_y": 2.9890133333333333,
  "fwhm_z": 3.128363568558182,
  "gcor": 0.0219397,
  "gsr_x": -0.006645197980105877,
  "gsr_y": 0.027044137939810753,
  "provenance": {
    "md5sum": "29bac85f57141b7cab499760d3e1da7b",
    "settings": {
      "fd_thres": 0.2,
      "testing": false
    },
    "software": "mriqc",
    "version": "22.0.0rc1",
    "webapi_port": null,
    "webapi_url": "https://mriqc.nimh.nih.gov/api/v1"
  },
  "size_t": 239,
  "size_x": 64,
  "size_y": 64,
  "size_z": 30,
  "snr": 2.207305527523361,
  "spacing_tr": 2.4700000286102295,
  "spacing_x": 3.75,
  "spacing_y": 3.75,
  "spacing_z": 4.400000095367432,
  "summary_bg_k": 43.61430795852617,
  "summary_bg_mad": 12.871962596041739,
  "summary_bg_mean": 40.861690521240234,
  "summary_bg_median": 17.84937286376953,
  "summary_bg_n": 76936.0,
  "summary_bg_p05": 6.761506080627441,
  "summary_bg_p95": 160.00104522705078,
  "summary_bg_stdv": 67.29888153076172,
  "summary_fg_k": 3.1733122670018057,
  "summary_fg_mad": 235.49182543335905,
  "summary_fg_mean": 784.1847534179688,
  "summary_fg_median": 701.5167236328125,
  "summary_fg_n": 18638.0,
  "summary_fg_p05": 424.7236328125,
  "summary_fg_p95": 1436.9261596679685,
  "summary_fg_stdv": 317.8073425292969,
  "tsnr": 55.411504056537524
}