{
  "aor": 0.011681171548117155,
  "aqi": 0.004676262887029289,
  "bids_meta": {
    "BodyPartExamined": "HEAD",
    "ECHO": "1",
    "EchoTime": 0.012,
    "FlipAngle": 78.0,
    "MagneticFieldStrength": 3,
    "Manufacturer": "Siemens",
    "ManufacturersModelName": "Trio",
    "Modality": "MR",
    "ParallelReductionFactorInPlane": 3,
    "PixelBandwidth": 1698.0,
    "PixelSpacing": [
      3.75,
      4.4
    ],
    "ReceiveCoilName": "32Ch_Head_3T",
    "RepetitionTime": 2.47,
    "SliceThickness": 4.4,
    "SliceTiming": [
      1.235,
      0.0,
      1.31733333333,
      0.0823333333333,
      1.39966666667,
      0.164666666667,
      1.482,
      0.247,
      1.56433333333,
      0.329333333333,
      1.64666666667,
      0.411666666667,
      1.729,
      0.494,
      1.81133333333,
      0.576333333333,
      1.89366666667,
      0.658666666667,
      1.976,
      0.741,
      2.05833333333,
      0.823333333333,
      2.14066666667,
      0.905666666667,
      2.223,
      0.988,
      2.30533333333,
      1.07033333333,
      2.38766666667,
      1.15266666667
    ],
    "SpacingBetweenSlices": 4.840000000000001,
    "TaskName": "rest",
    "dataset": "ds000258",
    "modality": "bold",
    "subject_id": "21611",
    "task_id": "rest"
  },
  "dummy_trs": 0,
  "dvars_nstd": 17.5544236167647,
  "dvars_std": 1.2097028650840331,
  "dvars_vstd": 0.9954790844537814,
  "efc": 0.45241712568175435,
  "fber": 4962.984375,
  "fd_mean": 0.13222848959176262,
  "fd_num": 36,
  "fd_perc": 15.06276150627615,
  "fwhm_avg": 2.9970296748660616,
  "fwhm_x": 2.9676,
  "fwhm_y": 2.96408,
  "fwhm_z": 3.059409024598186,
  "gcor": 0.0206511,
  "gsr_x": -0.03436870127916336,
  "gsr_y": 0.07860733568668365,
  "provenance": {
    "md5sum": "5c1e89e7b8f14e226f4ff36a7e2889c8",
    "settings": {
      "fd_thres": 0.2,
      "testing": false
    },
    "software": "mriqc",
    "version": "22.0.0rc1",
    "webapi_port": null,
    "webapi_url": "https://mriqc.nimh.nih.gov/api/v1"
  },
  "size_t": 239,
  "size_x": 64,
  "size_y": 64,
  "size_z": 30,
  "snr": 2.733730650812584,
  "spacing_tr": 2.4700000286102295,
  "spacing_x": 3.75,
  "spacing_y": 3.75,
  "spacing_z": 4.400000095367432,
  "summary_bg_k": 17.087886510538947,
  "summary_bg_mad": 9.677235874111632,
  "summary_bg_mean": 61.72990798950195,
  "summary_bg_median": 12.71548080444336,
  "summary_bg_n": 80813.0,
  "summary_bg_p05": 5.175732135772705,
  "summary_bg_p95": 375.2878601074217,
  "summary_bg_stdv": 136.51995849609375,
  "summary_fg_k": 4.563666902681983,
  "summary_fg_mad": 252.4548797224329,
  "summary_fg_mean": 978.7670288085938,
  "summary_fg_median": 908.30126953125,
  "summary_fg_n": 15694.0,
  "summary_fg_p05": 597.2543579101563,
  "summary_fg_p95": 1629.5338439941377,
  "summary_fg_stdv": 332.2464599609375,
  "tsnr": 66.75477146264166
}