{
  "aor": 0.00727163179916318,
  "aqi": 0.006230698535564853,
  "bids_meta": {
    "BodyPartExamined": "HEAD",
    "ECHO": "4",
    "EchoTime": 0.06,
    "FlipAngle": 78.0,
    "MagneticFieldStrength": 3,
    "Manufacturer": "Siemens",
    "ManufacturersModelName": "Trio",
    "Modality": "MR",
    "ParallelReductionFactorInPlane": 3,
    "PixelBandwidth": 1698.0,
    "PixelSpacing": [
      3.75,
      4.4
    ],
    "ReceiveCoilName": "32Ch_Head_3T",
    "RepetitionTime": 2.47,
    "SliceThickness": 4.4,
    "SliceTiming": [
      1.235,
      0.0,
      1.31733333333,
      0.0823333333333,
      1.39966666667,
      0.164666666667,
      1.482,
      0.247,
      1.56433333333,
      0.329333333333,
      1.64666666667,
      0.411666666667,
      1.729,
      0.494,
      1.81133333333,
      0.576333333333,
      1.89366666667,
      0.658666666667,
      1.976,
      0.741,
      2.05833333333,
      0.823333333333,
      2.14066666667,
      0.905666666667,
      2.223,
      0.988,
      2.30533333333,
      1.07033333333,
      2.38766666667,
      1.15266666667
    ],
    "SpacingBetweenSlices": 4.840000000000001,
    "TaskName": "rest",
    "dataset": "ds000258",
    "modality": "bold",
    "subject_id": "20758",
    "task_id": "rest"
  },
  "dummy_trs": 0,
  "dvars_nstd": 29.74742986386556,
  "dvars_std": 1.107691543487395,
  "dvars_vstd": 1.0278774597058824,
  "efc": 0.38144930108933556,
  "fber": 1895.9691162109375,
  "fd_mean": 0.13819870359296785,
  "fd_num": 37,
  "fd_perc": 15.481171548117155,
  "fwhm_avg": 2.067924904298098,
  "fwhm_x": 2.053728,
  "fwhm_y": 2.088562666666667,
  "fwhm_z": 2.0614840462276276,
  "gcor": 0.0415674,
  "gsr_x": -0.01641811616718769,
  "gsr_y": 0.014927579089999199,
  "provenance": {
    "md5sum": "18fac1d5c2237b61060c4cedb423d447",
    "settings": {
      "fd_thres": 0.2,
      "testing": false
    },
    "software": "mriqc",
    "version": "22.0.0rc1",
    "webapi_port": null,
    "webapi_url": "https://mriqc.nimh.nih.gov/api/v1"
  },
  "size_t": 239,
  "size_x": 64,
  "size_y": 64,
  "size_z": 30,
  "snr": 2.2694310951088377,
  "spacing_tr": 2.4700000286102295,
  "spacing_x": 3.75,
  "spacing_y": 3.75,
  "spacing_z": 4.400000095367432,
  "summary_bg_k": 523.4447035819444,
  "summary_bg_mad": 3.7902498866825907,
  "summary_bg_mean": 13.561803817749023,
  "summary_bg_median": 8.707112312316895,
  "summary_bg_n": 86403.0,
  "summary_bg_p05": 5.158995628356934,
  "summary_bg_p95": 36.50627517700195,
  "summary_bg_stdv": 19.798053741455078,
  "summary_fg_k": 4.315419859413065,
  "summary_fg_mad": 128.39399460767737,
  "summary_fg_mean": 428.0113830566406,
  "summary_fg_median": 385.8472900390625,
  "summary_fg_n": 11330.0,
  "summary_fg_p05": 237.88451385498047,
  "summary_fg_p95": 762.9231811523437,
  "summary_fg_stdv": 170.0118865966797,
  "tsnr": 41.44052571139764
}