{
  "aor": 0.002347238493723849,
  "aqi": 0.00962941280334728,
  "bids_meta": {
    "BodyPartExamined": "HEAD",
    "ECHO": "4",
    "EchoTime": 0.06,
    "FlipAngle": 78.0,
    "MagneticFieldStrength": 3,
    "Manufacturer": "Siemens",
    "ManufacturersModelName": "Trio",
    "Modality": "MR",
    "ParallelReductionFactorInPlane": 3,
    "PixelBandwidth": 1698.0,
    "PixelSpacing": [
      3.75,
      4.4
    ],
    "ReceiveCoilName": "32Ch_Head_3T",
    "RepetitionTime": 2.47,
    "SliceThickness": 4.4,
    "SliceTiming": [
      1.235,
      0.0,
      1.31733333333,
      0.0823333333333,
      1.39966666667,
      0.164666666667,
      1.482,
      0.247,
      1.56433333333,
      0.329333333333,
      1.64666666667,
      0.411666666667,
      1.729,
      0.494,
      1.81133333333,
      0.576333333333,
      1.89366666667,
      0.658666666667,
      1.976,
      0.741,
      2.05833333333,
      0.823333333333,
      2.14066666667,
      0.905666666667,
      2.223,
      0.988,
      2.30533333333,
      1.07033333333,
      2.38766666667,
      1.15266666667
    ],
    "SpacingBetweenSlices": 4.840000000000001,
    "TaskName": "rest",
    "dataset": "ds000258",
    "modality": "bold",
    "subject_id": "21116",
    "task_id": "rest"
  },
  "dummy_trs": 0,
  "dvars_nstd": 47.45997108294118,
  "dvars_std": 1.2075270384873953,
  "dvars_vstd": 0.9836362442016806,
  "efc": 0.4344320537325499,
  "fber": 676.84912109375,
  "fd_mean": 0.199814830833236,
  "fd_num": 67,
  "fd_perc": 28.03347280334728,
  "fwhm_avg": 2.3809288719105965,
  "fwhm_x": 2.4109786666666664,
  "fwhm_y": 2.381808,
  "fwhm_z": 2.349999949065123,
  "gcor": 0.0121792,
  "gsr_x": -0.011331839486956596,
  "gsr_y": 0.019790232181549072,
  "provenance": {
    "md5sum": "dbb905c436db22dcc26c5c7678dd3827",
    "settings": {
      "fd_thres": 0.2,
      "testing": false
    },
    "software": "mriqc",
    "version": "22.0.0rc1",
    "webapi_port": null,
    "webapi_url": "https://mriqc.nimh.nih.gov/api/v1"
  },
  "size_t": 239,
  "size_x": 64,
  "size_y": 64,
  "size_z": 30,
  "snr": 1.798713119096765,
  "spacing_tr": 2.4700000286102295,
  "spacing_x": 3.75,
  "spacing_y": 3.75,
  "spacing_z": 4.400000095367432,
  "summary_bg_k": 88.10856460815013,
  "summary_bg_mad": 7.282739604908596,
  "summary_bg_mean": 20.343233108520508,
  "summary_bg_median": 14.430961608886719,
  "summary_bg_n": 79830.0,
  "summary_bg_p05": 6.585773944854736,
  "summary_bg_p95": 51.872594261169446,
  "summary_bg_stdv": 24.709951400756836,
  "summary_fg_k": 5.585565899502454,
  "summary_fg_mad": 143.5332735206333,
  "summary_fg_mean": 447.4560241699219,
  "summary_fg_median": 387.28033447265625,
  "summary_fg_n": 15652.0,
  "summary_fg_p05": 226.60940704345703,
  "summary_fg_p95": 880.9597930908201,
  "summary_fg_stdv": 215.30279541015625,
  "tsnr": 31.949563045520335
}