{
  "aor": 0.0011919246861924688,
  "aqi": 0.002938226456066946,
  "bids_meta": {
    "BodyPartExamined": "HEAD",
    "ECHO": "2",
    "EchoTime": 0.028,
    "FlipAngle": 78.0,
    "MagneticFieldStrength": 3,
    "Manufacturer": "Siemens",
    "ManufacturersModelName": "Trio",
    "Modality": "MR",
    "ParallelReductionFactorInPlane": 3,
    "PixelBandwidth": 1698.0,
    "PixelSpacing": [
      3.75,
      4.4
    ],
    "ReceiveCoilName": "32Ch_Head_3T",
    "RepetitionTime": 2.47,
    "SliceThickness": 4.4,
    "SliceTiming": [
      1.235,
      0.0,
      1.31733333333,
      0.0823333333333,
      1.39966666667,
      0.164666666667,
      1.482,
      0.247,
      1.56433333333,
      0.329333333333,
      1.64666666667,
      0.411666666667,
      1.729,
      0.494,
      1.81133333333,
      0.576333333333,
      1.89366666667,
      0.658666666667,
      1.976,
      0.741,
      2.05833333333,
      0.823333333333,
      2.14066666667,
      0.905666666667,
      2.223,
      0.988,
      2.30533333333,
      1.07033333333,
      2.38766666667,
      1.15266666667
    ],
    "SpacingBetweenSlices": 4.840000000000001,
    "TaskName": "rest",
    "dataset": "ds000258",
    "modality": "bold",
    "subject_id": "19774",
    "task_id": "rest"
  },
  "dummy_trs": 0,
  "dvars_nstd": 14.497584471428576,
  "dvars_std": 1.0426320407142857,
  "dvars_vstd": 0.9399165087815124,
  "efc": 0.4136806648014253,
  "fber": 4718.818359375,
  "fd_mean": 0.06570398851216316,
  "fd_num": 9,
  "fd_perc": 3.7656903765690375,
  "fwhm_avg": 3.0288243206336793,
  "fwhm_x": 3.0443466666666668,
  "fwhm_y": 2.88624,
  "fwhm_z": 3.15588629523437,
  "gcor": 0.0338972,
  "gsr_x": -0.008390861563384533,
  "gsr_y": 0.023609790951013565,
  "provenance": {
    "md5sum": "62d1d863916e772501b05203203c10d0",
    "settings": {
      "fd_thres": 0.2,
      "testing": false
    },
    "software": "mriqc",
    "version": "22.0.0rc1",
    "webapi_port": null,
    "webapi_url": "https://mriqc.nimh.nih.gov/api/v1"
  },
  "size_t": 239,
  "size_x": 64,
  "size_y": 64,
  "size_z": 30,
  "snr": 2.5073314363980583,
  "spacing_tr": 2.4700000286102295,
  "spacing_x": 3.75,
  "spacing_y": 3.75,
  "spacing_z": 4.400000095367432,
  "summary_bg_k": 48.90576491701149,
  "summary_bg_mad": 6.665506410779087,
  "summary_bg_mean": 25.353023529052734,
  "summary_bg_median": 10.550209045410156,
  "summary_bg_n": 80766.0,
  "summary_bg_p05": 5.1464433670043945,
  "summary_bg_p95": 94.35774040222168,
  "summary_bg_stdv": 48.81708526611328,
  "summary_fg_k": 3.516473211117277,
  "summary_fg_mad": 223.00449422951445,
  "summary_fg_mean": 777.5653076171875,
  "summary_fg_median": 723.548095703125,
  "summary_fg_n": 15589.0,
  "summary_fg_p05": 426.6200866699219,
  "summary_fg_p95": 1348.5171386718746,
  "summary_fg_stdv": 288.563720703125,
  "tsnr": 73.6484570428729
}