{
  "aor": 0.002817866108786611,
  "aqi": 0.008388768200836819,
  "bids_meta": {
    "BodyPartExamined": "HEAD",
    "ECHO": "4",
    "EchoTime": 0.06,
    "FlipAngle": 78.0,
    "MagneticFieldStrength": 3,
    "Manufacturer": "Siemens",
    "ManufacturersModelName": "Trio",
    "Modality": "MR",
    "ParallelReductionFactorInPlane": 3,
    "PixelBandwidth": 1698.0,
    "PixelSpacing": [
      3.75,
      4.4
    ],
    "ReceiveCoilName": "32Ch_Head_3T",
    "RepetitionTime": 2.47,
    "SliceThickness": 4.4,
    "SliceTiming": [
      1.235,
      0.0,
      1.31733333333,
      0.0823333333333,
      1.39966666667,
      0.164666666667,
      1.482,
      0.247,
      1.56433333333,
      0.329333333333,
      1.64666666667,
      0.411666666667,
      1.729,
      0.494,
      1.81133333333,
      0.576333333333,
      1.89366666667,
      0.658666666667,
      1.976,
      0.741,
      2.05833333333,
      0.823333333333,
      2.14066666667,
      0.905666666667,
      2.223,
      0.988,
      2.30533333333,
      1.07033333333,
      2.38766666667,
      1.15266666667
    ],
    "SpacingBetweenSlices": 4.840000000000001,
    "TaskName": "rest",
    "dataset": "ds000258",
    "modality": "bold",
    "subject_id": "20409",
    "task_id": "rest"
  },
  "dummy_trs": 0,
  "dvars_nstd": 31.036042966974783,
  "dvars_std": 1.1258236987815127,
  "dvars_vstd": 0.9866994152100842,
  "efc": 0.3799014603555478,
  "fber": 2461.344482421875,
  "fd_mean": 0.12071244685609554,
  "fd_num": 34,
  "fd_perc": 14.225941422594142,
  "fwhm_avg": 1.8388203464760744,
  "fwhm_x": 1.79248,
  "fwhm_y": 1.8711013333333333,
  "fwhm_z": 1.8528797060948898,
  "gcor": 0.0629541,
  "gsr_x": -0.010863073170185089,
  "gsr_y": 0.01754114404320717,
  "provenance": {
    "md5sum": "8cd6848ae69cb6f92b6615dd920a4658",
    "settings": {
      "fd_thres": 0.2,
      "testing": false
    },
    "software": "mriqc",
    "version": "22.0.0rc1",
    "webapi_port": null,
    "webapi_url": "https://mriqc.nimh.nih.gov/api/v1"
  },
  "size_t": 239,
  "size_x": 64,
  "size_y": 64,
  "size_z": 30,
  "snr": 2.8040224979076434,
  "spacing_tr": 2.4700000286102295,
  "spacing_x": 3.75,
  "spacing_y": 3.75,
  "spacing_z": 4.399999618530273,
  "summary_bg_k": 107.36468538169969,
  "summary_bg_mad": 2.8907643948970576,
  "summary_bg_mean": 10.504121780395508,
  "summary_bg_median": 7.037656784057617,
  "summary_bg_n": 86007.0,
  "summary_bg_p05": 4.414226055145264,
  "summary_bg_p95": 27.195396614074696,
  "summary_bg_stdv": 13.18752384185791,
  "summary_fg_k": 3.137073846586726,
  "summary_fg_mad": 104.27840716101011,
  "summary_fg_mean": 378.0395202636719,
  "summary_fg_median": 353.28033447265625,
  "summary_fg_n": 11528.0,
  "summary_fg_p05": 218.85522384643554,
  "summary_fg_p95": 609.5345062255859,
  "summary_fg_stdv": 125.9850845336914,
  "tsnr": 36.10771404951811
}