{
  "aor": 0.002935439330543933,
  "aqi": 0.002180781853556486,
  "bids_meta": {
    "BodyPartExamined": "HEAD",
    "ECHO": "1",
    "EchoTime": 0.012,
    "FlipAngle": 78.0,
    "MagneticFieldStrength": 3,
    "Manufacturer": "Siemens",
    "ManufacturersModelName": "Trio",
    "Modality": "MR",
    "ParallelReductionFactorInPlane": 3,
    "PixelBandwidth": 1698.0,
    "PixelSpacing": [
      3.75,
      4.4
    ],
    "ReceiveCoilName": "32Ch_Head_3T",
    "RepetitionTime": 2.47,
    "SliceThickness": 4.4,
    "SliceTiming": [
      1.235,
      0.0,
      1.31733333333,
      0.0823333333333,
      1.39966666667,
      0.164666666667,
      1.482,
      0.247,
      1.56433333333,
      0.329333333333,
      1.64666666667,
      0.411666666667,
      1.729,
      0.494,
      1.81133333333,
      0.576333333333,
      1.89366666667,
      0.658666666667,
      1.976,
      0.741,
      2.05833333333,
      0.823333333333,
      2.14066666667,
      0.905666666667,
      2.223,
      0.988,
      2.30533333333,
      1.07033333333,
      2.38766666667,
      1.15266666667
    ],
    "SpacingBetweenSlices": 4.840000000000001,
    "TaskName": "rest",
    "dataset": "ds000258",
    "modality": "bold",
    "subject_id": "20409",
    "task_id": "rest"
  },
  "dummy_trs": 0,
  "dvars_nstd": 14.91013296504202,
  "dvars_std": 1.2097972951260507,
  "dvars_vstd": 0.9979411151680669,
  "efc": 0.4581513185869696,
  "fber": 5753.50390625,
  "fd_mean": 0.10348450637297703,
  "fd_num": 30,
  "fd_perc": 12.552301255230125,
  "fwhm_avg": 2.340554052139306,
  "fwhm_x": 2.0938106666666667,
  "fwhm_y": 2.424624,
  "fwhm_z": 2.5032274897512514,
  "gcor": 0.0425017,
  "gsr_x": -0.015143128111958504,
  "gsr_y": 0.04038171470165253,
  "provenance": {
    "md5sum": "fa5ce3a26d5d5a21b3ac37317162a19f",
    "settings": {
      "fd_thres": 0.2,
      "testing": false
    },
    "software": "mriqc",
    "version": "22.0.0rc1",
    "webapi_port": null,
    "webapi_url": "https://mriqc.nimh.nih.gov/api/v1"
  },
  "size_t": 239,
  "size_x": 64,
  "size_y": 64,
  "size_z": 30,
  "snr": 4.4348143191084874,
  "spacing_tr": 2.4700000286102295,
  "spacing_x": 3.75,
  "spacing_y": 3.75,
  "spacing_z": 4.399999618530273,
  "summary_bg_k": 20.741600707691497,
  "summary_bg_mad": 7.537077593731643,
  "summary_bg_mean": 43.69175720214844,
  "summary_bg_median": 10.322175025939941,
  "summary_bg_n": 80549.0,
  "summary_bg_p05": 4.635982990264893,
  "summary_bg_p95": 255.86944580078077,
  "summary_bg_stdv": 96.77054595947266,
  "summary_fg_k": 0.4129022853435158,
  "summary_fg_mad": 168.70645024819837,
  "summary_fg_mean": 814.4329833984375,
  "summary_fg_median": 791.853515625,
  "summary_fg_n": 15977.0,
  "summary_fg_p05": 551.5263549804688,
  "summary_fg_p95": 1141.5664550781248,
  "summary_fg_stdv": 178.54833984375,
  "tsnr": 94.7485020076856
}