{
  "aor": 0.0011627615062761506,
  "aqi": 0.008480822677824266,
  "bids_meta": {
    "BodyPartExamined": "HEAD",
    "ECHO": "3",
    "EchoTime": 0.044,
    "FlipAngle": 78.0,
    "MagneticFieldStrength": 3,
    "Manufacturer": "Siemens",
    "ManufacturersModelName": "Trio",
    "Modality": "MR",
    "ParallelReductionFactorInPlane": 3,
    "PixelBandwidth": 1698.0,
    "PixelSpacing": [
      3.75,
      4.4
    ],
    "ReceiveCoilName": "32Ch_Head_3T",
    "RepetitionTime": 2.47,
    "SliceThickness": 4.4,
    "SliceTiming": [
      1.235,
      0.0,
      1.31733333333,
      0.0823333333333,
      1.39966666667,
      0.164666666667,
      1.482,
      0.247,
      1.56433333333,
      0.329333333333,
      1.64666666667,
      0.411666666667,
      1.729,
      0.494,
      1.81133333333,
      0.576333333333,
      1.89366666667,
      0.658666666667,
      1.976,
      0.741,
      2.05833333333,
      0.823333333333,
      2.14066666667,
      0.905666666667,
      2.223,
      0.988,
      2.30533333333,
      1.07033333333,
      2.38766666667,
      1.15266666667
    ],
    "SpacingBetweenSlices": 4.840000000000001,
    "TaskName": "rest",
    "dataset": "ds000258",
    "modality": "bold",
    "subject_id": "20946",
    "task_id": "rest"
  },
  "dummy_trs": 0,
  "dvars_nstd": 46.48536431273108,
  "dvars_std": 1.177738091806723,
  "dvars_vstd": 0.9889537554621853,
  "efc": 0.47246521267797353,
  "fber": 398.31939697265625,
  "fd_mean": 0.3488816237185466,
  "fd_num": 139,
  "fd_perc": 58.15899581589958,
  "fwhm_avg": 2.353447074158544,
  "fwhm_x": 2.3414906666666666,
  "fwhm_y": 2.4003733333333335,
  "fwhm_z": 2.3184772224756323,
  "gcor": 0.0399666,
  "gsr_x": 0.0031125147361308336,
  "gsr_y": 0.0283557940274477,
  "provenance": {
    "md5sum": "3ab16d37c3885d3e45a566526db25ced",
    "settings": {
      "fd_thres": 0.2,
      "testing": false
    },
    "software": "mriqc",
    "version": "22.0.0rc1",
    "webapi_port": null,
    "webapi_url": "https://mriqc.nimh.nih.gov/api/v1"
  },
  "size_t": 239,
  "size_x": 64,
  "size_y": 64,
  "size_z": 30,
  "snr": 2.420795753791754,
  "spacing_tr": 2.4700000286102295,
  "spacing_x": 3.75,
  "spacing_y": 3.75,
  "spacing_z": 4.400000095367432,
  "summary_bg_k": 29.639492330434557,
  "summary_bg_mad": 14.404191980596657,
  "summary_bg_mean": 36.5172233581543,
  "summary_bg_median": 21.004182815551758,
  "summary_bg_n": 84172.0,
  "summary_bg_p05": 7.071129322052002,
  "summary_bg_p95": 126.89079017639158,
  "summary_bg_stdv": 54.28196716308594,
  "summary_fg_k": 3.4650356980583954,
  "summary_fg_mad": 138.09294051116603,
  "summary_fg_mean": 469.1929626464844,
  "summary_fg_median": 430.64227294921875,
  "summary_fg_n": 12832.0,
  "summary_fg_p05": 251.2579444885254,
  "summary_fg_p95": 818.502288818359,
  "summary_fg_stdv": 177.88592529296875,
  "tsnr": 36.609938071342185
}