{
  "aor": 0.01299489539748954,
  "aqi": 0.0042332139748953975,
  "bids_meta": {
    "BodyPartExamined": "HEAD",
    "ECHO": "2",
    "EchoTime": 0.028,
    "FlipAngle": 78.0,
    "MagneticFieldStrength": 3,
    "Manufacturer": "Siemens",
    "ManufacturersModelName": "Trio",
    "Modality": "MR",
    "ParallelReductionFactorInPlane": 3,
    "PixelBandwidth": 1698.0,
    "PixelSpacing": [
      3.75,
      4.4
    ],
    "ReceiveCoilName": "32Ch_Head_3T",
    "RepetitionTime": 2.47,
    "SliceThickness": 4.4,
    "SliceTiming": [
      1.235,
      0.0,
      1.31733333333,
      0.0823333333333,
      1.39966666667,
      0.164666666667,
      1.482,
      0.247,
      1.56433333333,
      0.329333333333,
      1.64666666667,
      0.411666666667,
      1.729,
      0.494,
      1.81133333333,
      0.576333333333,
      1.89366666667,
      0.658666666667,
      1.976,
      0.741,
      2.05833333333,
      0.823333333333,
      2.14066666667,
      0.905666666667,
      2.223,
      0.988,
      2.30533333333,
      1.07033333333,
      2.38766666667,
      1.15266666667
    ],
    "SpacingBetweenSlices": 4.840000000000001,
    "TaskName": "rest",
    "dataset": "ds000258",
    "modality": "bold",
    "subject_id": "20823",
    "task_id": "rest"
  },
  "dummy_trs": 0,
  "dvars_nstd": 21.270086636974792,
  "dvars_std": 1.0778591208823523,
  "dvars_vstd": 0.9925365849579832,
  "efc": 0.4179416321139103,
  "fber": 3755.724609375,
  "fd_mean": 0.12428405114070809,
  "fd_num": 30,
  "fd_perc": 12.552301255230125,
  "fwhm_avg": 3.1529039151371485,
  "fwhm_x": 3.2316533333333335,
  "fwhm_y": 2.869626666666667,
  "fwhm_z": 3.357431745411445,
  "gcor": 0.0253151,
  "gsr_x": -0.005958068650215864,
  "gsr_y": 0.03340598940849304,
  "provenance": {
    "md5sum": "af93956a99ffe73fc85b9298cb29c06f",
    "settings": {
      "fd_thres": 0.2,
      "testing": false
    },
    "software": "mriqc",
    "version": "22.0.0rc1",
    "webapi_port": null,
    "webapi_url": "https://mriqc.nimh.nih.gov/api/v1"
  },
  "size_t": 239,
  "size_x": 64,
  "size_y": 64,
  "size_z": 30,
  "snr": 1.8227439529182672,
  "spacing_tr": 2.4700000286102295,
  "spacing_x": 3.75,
  "spacing_y": 3.75,
  "spacing_z": 4.400000095367432,
  "summary_bg_k": 69.42828419671677,
  "summary_bg_mad": 8.027143560849202,
  "summary_bg_mean": 29.194740295410156,
  "summary_bg_median": 12.121338844299316,
  "summary_bg_n": 77675.0,
  "summary_bg_p05": 5.719665050506592,
  "summary_bg_p95": 100.82217102050787,
  "summary_bg_stdv": 56.43951416015625,
  "summary_fg_k": 4.818455739108607,
  "summary_fg_mad": 272.90423005467426,
  "summary_fg_mean": 844.511474609375,
  "summary_fg_median": 733.1045532226562,
  "summary_fg_n": 18029.0,
  "summary_fg_p05": 433.5121215820312,
  "summary_fg_p95": 1679.9715087890613,
  "summary_fg_stdv": 402.1871643066406,
  "tsnr": 52.38792627491057
}