{
  "aor": 0.005286317991631799,
  "aqi": 0.012808914016736402,
  "bids_meta": {
    "BodyPartExamined": "HEAD",
    "ECHO": "1",
    "EchoTime": 0.012,
    "FlipAngle": 78.0,
    "MagneticFieldStrength": 3,
    "Manufacturer": "Siemens",
    "ManufacturersModelName": "Trio",
    "Modality": "MR",
    "ParallelReductionFactorInPlane": 3,
    "PixelBandwidth": 1698.0,
    "PixelSpacing": [
      3.75,
      4.4
    ],
    "ReceiveCoilName": "32Ch_Head_3T",
    "RepetitionTime": 2.47,
    "SliceThickness": 4.4,
    "SliceTiming": [
      1.235,
      0.0,
      1.31733333333,
      0.0823333333333,
      1.39966666667,
      0.164666666667,
      1.482,
      0.247,
      1.56433333333,
      0.329333333333,
      1.64666666667,
      0.411666666667,
      1.729,
      0.494,
      1.81133333333,
      0.576333333333,
      1.89366666667,
      0.658666666667,
      1.976,
      0.741,
      2.05833333333,
      0.823333333333,
      2.14066666667,
      0.905666666667,
      2.223,
      0.988,
      2.30533333333,
      1.07033333333,
      2.38766666667,
      1.15266666667
    ],
    "SpacingBetweenSlices": 4.840000000000001,
    "TaskName": "rest",
    "dataset": "ds000258",
    "modality": "bold",
    "subject_id": "16053",
    "task_id": "rest"
  },
  "dummy_trs": 0,
  "dvars_nstd": 26.324225962899156,
  "dvars_std": 1.1545132105462175,
  "dvars_vstd": 0.9767897611764703,
  "efc": 0.5038542662393607,
  "fber": 1199.081298828125,
  "fd_mean": 0.22393700429194247,
  "fd_num": 100,
  "fd_perc": 41.84100418410042,
  "fwhm_avg": 3.4451222961673817,
  "fwhm_x": 3.2604800000000003,
  "fwhm_y": 3.3287733333333334,
  "fwhm_z": 3.746113555168812,
  "gcor": 0.0102143,
  "gsr_x": -0.03280840814113617,
  "gsr_y": 0.10209786146879196,
  "provenance": {
    "md5sum": "d1a5112f65283aee56d25a1f569a375e",
    "settings": {
      "fd_thres": 0.2,
      "testing": false
    },
    "software": "mriqc",
    "version": "22.0.0rc1",
    "webapi_port": null,
    "webapi_url": "https://mriqc.nimh.nih.gov/api/v1"
  },
  "size_t": 239,
  "size_x": 64,
  "size_y": 64,
  "size_z": 30,
  "snr": 2.00493013094223,
  "spacing_tr": 2.4700000286102295,
  "spacing_x": 3.75,
  "spacing_y": 3.75,
  "spacing_z": 4.400000095367432,
  "summary_bg_k": 16.761229256911896,
  "summary_bg_mad": 22.366202625475466,
  "summary_bg_mean": 101.13475799560547,
  "summary_bg_median": 24.914226531982422,
  "summary_bg_n": 76640.0,
  "summary_bg_p05": 8.05439281463623,
  "summary_bg_p95": 495.25605468750007,
  "summary_bg_stdv": 187.30960083007812,
  "summary_fg_k": 5.0930004746256365,
  "summary_fg_mad": 290.14029526252443,
  "summary_fg_mean": 997.94677734375,
  "summary_fg_median": 881.460205078125,
  "summary_fg_n": 18496.0,
  "summary_fg_p05": 538.0470581054688,
  "summary_fg_p95": 1918.2394714355469,
  "summary_fg_stdv": 439.63446044921875,
  "tsnr": 51.72824494948145
}