{
  "aor": 0.0010581589958158996,
  "aqi": 0.010479312133891212,
  "bids_meta": {
    "BodyPartExamined": "HEAD",
    "ECHO": "4",
    "EchoTime": 0.06,
    "FlipAngle": 78.0,
    "MagneticFieldStrength": 3,
    "Manufacturer": "Siemens",
    "ManufacturersModelName": "Trio",
    "Modality": "MR",
    "ParallelReductionFactorInPlane": 3,
    "PixelBandwidth": 1698.0,
    "PixelSpacing": [
      3.75,
      4.4
    ],
    "ReceiveCoilName": "32Ch_Head_3T",
    "RepetitionTime": 2.47,
    "SliceThickness": 4.4,
    "SliceTiming": [
      1.235,
      0.0,
      1.31733333333,
      0.0823333333333,
      1.39966666667,
      0.164666666667,
      1.482,
      0.247,
      1.56433333333,
      0.329333333333,
      1.64666666667,
      0.411666666667,
      1.729,
      0.494,
      1.81133333333,
      0.576333333333,
      1.89366666667,
      0.658666666667,
      1.976,
      0.741,
      2.05833333333,
      0.823333333333,
      2.14066666667,
      0.905666666667,
      2.223,
      0.988,
      2.30533333333,
      1.07033333333,
      2.38766666667,
      1.15266666667
    ],
    "SpacingBetweenSlices": 4.840000000000001,
    "TaskName": "rest",
    "dataset": "ds000258",
    "modality": "bold",
    "subject_id": "20892",
    "task_id": "rest"
  },
  "dummy_trs": 0,
  "dvars_nstd": 37.1320706617647,
  "dvars_std": 1.0328320629831933,
  "dvars_vstd": 0.9294340846218488,
  "efc": 0.42080648506068363,
  "fber": 1014.6027221679688,
  "fd_mean": 0.17382618627385904,
  "fd_num": 62,
  "fd_perc": 25.94142259414226,
  "fwhm_avg": 2.3087672962308514,
  "fwhm_x": 2.30744,
  "fwhm_y": 2.2796346666666665,
  "fwhm_z": 2.339227222025888,
  "gcor": 0.0550715,
  "gsr_x": -0.012746809050440788,
  "gsr_y": 0.021705808117985725,
  "provenance": {
    "md5sum": "1fe5820e0bfef2d34c845abeadf9de24",
    "settings": {
      "fd_thres": 0.2,
      "testing": false
    },
    "software": "mriqc",
    "version": "22.0.0rc1",
    "webapi_port": null,
    "webapi_url": "https://mriqc.nimh.nih.gov/api/v1"
  },
  "size_t": 239,
  "size_x": 64,
  "size_y": 64,
  "size_z": 30,
  "snr": 1.9534905278115078,
  "spacing_tr": 2.4700000286102295,
  "spacing_x": 3.75,
  "spacing_y": 3.75,
  "spacing_z": 4.400000095367432,
  "summary_bg_k": 53.236569475460854,
  "summary_bg_mad": 6.563150645912307,
  "summary_bg_mean": 18.66050148010254,
  "summary_bg_median": 12.238492965698242,
  "summary_bg_n": 82116.0,
  "summary_bg_p05": 5.85774040222168,
  "summary_bg_p95": 52.03347301483154,
  "summary_bg_stdv": 23.75690269470215,
  "summary_fg_k": 5.535533764508209,
  "summary_fg_mad": 147.08777704806582,
  "summary_fg_mean": 442.211669921875,
  "summary_fg_median": 394.2468566894531,
  "summary_fg_n": 14282.0,
  "summary_fg_p05": 219.73346328735352,
  "summary_fg_p95": 839.0426727294921,
  "summary_fg_stdv": 201.80955505371094,
  "tsnr": 33.071761509694625
}