{
  "aor": 0.011585481171548118,
  "aqi": 0.02405718920502092,
  "bids_meta": {
    "BodyPartExamined": "HEAD",
    "ECHO": "1",
    "EchoTime": 0.012,
    "FlipAngle": 78.0,
    "MagneticFieldStrength": 3,
    "Manufacturer": "Siemens",
    "ManufacturersModelName": "Trio",
    "Modality": "MR",
    "ParallelReductionFactorInPlane": 3,
    "PixelBandwidth": 1698.0,
    "PixelSpacing": [
      3.75,
      4.4
    ],
    "ReceiveCoilName": "32Ch_Head_3T",
    "RepetitionTime": 2.47,
    "SliceThickness": 4.4,
    "SliceTiming": [
      1.235,
      0.0,
      1.31733333333,
      0.0823333333333,
      1.39966666667,
      0.164666666667,
      1.482,
      0.247,
      1.56433333333,
      0.329333333333,
      1.64666666667,
      0.411666666667,
      1.729,
      0.494,
      1.81133333333,
      0.576333333333,
      1.89366666667,
      0.658666666667,
      1.976,
      0.741,
      2.05833333333,
      0.823333333333,
      2.14066666667,
      0.905666666667,
      2.223,
      0.988,
      2.30533333333,
      1.07033333333,
      2.38766666667,
      1.15266666667
    ],
    "SpacingBetweenSlices": 4.840000000000001,
    "TaskName": "rest",
    "dataset": "ds000258",
    "modality": "bold",
    "subject_id": "20835",
    "task_id": "rest"
  },
  "dummy_trs": 0,
  "dvars_nstd": 39.73015803676471,
  "dvars_std": 0.84990828210084,
  "dvars_vstd": 0.7904267509243698,
  "efc": 0.5174772496793384,
  "fber": 1164.405517578125,
  "fd_mean": 0.7435773636338691,
  "fd_num": 149,
  "fd_perc": 62.34309623430963,
  "fwhm_avg": 2.464752525520487,
  "fwhm_x": 2.0088026666666665,
  "fwhm_y": 2.6263413333333334,
  "fwhm_z": 2.75911357656146,
  "gcor": 0.106015,
  "gsr_x": 0.0007474179728887975,
  "gsr_y": 0.05616111308336258,
  "provenance": {
    "md5sum": "00f0522d15f9456f839052ff5813265c",
    "settings": {
      "fd_thres": 0.2,
      "testing": false
    },
    "software": "mriqc",
    "version": "22.0.0rc1",
    "webapi_port": null,
    "webapi_url": "https://mriqc.nimh.nih.gov/api/v1"
  },
  "size_t": 239,
  "size_x": 64,
  "size_y": 64,
  "size_z": 30,
  "snr": 3.2812620251271207,
  "spacing_tr": 2.4700000286102295,
  "spacing_x": 3.75,
  "spacing_y": 3.75,
  "spacing_z": 4.400000095367432,
  "summary_bg_k": 20.680157005233546,
  "summary_bg_mad": 22.282457578097052,
  "summary_bg_mean": 61.35808181762695,
  "summary_bg_median": 22.73221778869629,
  "summary_bg_n": 74448.0,
  "summary_bg_p05": 5.338912010192871,
  "summary_bg_p95": 292.5186203002929,
  "summary_bg_stdv": 110.47982788085938,
  "summary_fg_k": 1.1624380013933662,
  "summary_fg_mad": 215.27508185176885,
  "summary_fg_mean": 820.4595947265625,
  "summary_fg_median": 778.58154296875,
  "summary_fg_n": 19796.0,
  "summary_fg_p05": 513.0135955810547,
  "summary_fg_p95": 1265.5062561035156,
  "summary_fg_stdv": 237.27513122558594,
  "tsnr": 20.262332201818936
}