{
  "aor": 0.0014372384937238495,
  "aqi": 0.005676454225941423,
  "bids_meta": {
    "BodyPartExamined": "HEAD",
    "ECHO": "4",
    "EchoTime": 0.06,
    "FlipAngle": 78.0,
    "MagneticFieldStrength": 3,
    "Manufacturer": "Siemens",
    "ManufacturersModelName": "Trio",
    "Modality": "MR",
    "ParallelReductionFactorInPlane": 3,
    "PixelBandwidth": 1698.0,
    "PixelSpacing": [
      3.75,
      4.4
    ],
    "ReceiveCoilName": "32Ch_Head_3T",
    "RepetitionTime": 2.47992,
    "SliceThickness": 4.4,
    "SliceTiming": [
      1.23996,
      0.0,
      1.322624,
      0.082664,
      1.405288,
      0.165328,
      1.487952,
      0.247992,
      1.570616,
      0.330656,
      1.65328,
      0.41332,
      1.735944,
      0.495984,
      1.818608,
      0.578648,
      1.901272,
      0.661312,
      1.983936,
      0.743976,
      2.0666,
      0.82664,
      2.149264,
      0.909304,
      2.231928,
      0.991968,
      2.314592,
      1.074632,
      2.397256,
      1.157296
    ],
    "SpacingBetweenSlices": 4.840000000000001,
    "TaskName": "rest",
    "dataset": "ds000258",
    "modality": "bold",
    "subject_id": "21657",
    "task_id": "rest"
  },
  "dummy_trs": 0,
  "dvars_nstd": 35.83855897411765,
  "dvars_std": 1.1806452038235302,
  "dvars_vstd": 0.9880916768067227,
  "efc": 0.4113449523631385,
  "fber": 1081.6033935546875,
  "fd_mean": 0.14504457779854196,
  "fd_num": 41,
  "fd_perc": 17.15481171548117,
  "fwhm_avg": 2.428931498007381,
  "fwhm_x": 2.438741333333333,
  "fwhm_y": 2.475098666666667,
  "fwhm_z": 2.3729544940221423,
  "gcor": 0.0329534,
  "gsr_x": -0.01744755543768406,
  "gsr_y": 0.030781341716647148,
  "provenance": {
    "md5sum": "a56e9e187f22463618cfed6ce0f08c88",
    "settings": {
      "fd_thres": 0.2,
      "testing": false
    },
    "software": "mriqc",
    "version": "22.0.0rc1",
    "webapi_port": null,
    "webapi_url": "https://mriqc.nimh.nih.gov/api/v1"
  },
  "size_t": 239,
  "size_x": 64,
  "size_y": 64,
  "size_z": 30,
  "snr": 1.8321325429394848,
  "spacing_tr": 2.4799201488494873,
  "spacing_x": 3.75,
  "spacing_y": 3.75,
  "spacing_z": 4.400000095367432,
  "summary_bg_k": 87.75412646481938,
  "summary_bg_mad": 5.316277112661044,
  "summary_bg_mean": 17.395729064941406,
  "summary_bg_median": 10.732216835021973,
  "summary_bg_n": 82792.0,
  "summary_bg_p05": 5.853556156158447,
  "summary_bg_p95": 50.95815658569336,
  "summary_bg_stdv": 23.77387046813965,
  "summary_fg_k": 6.172129044371811,
  "summary_fg_mad": 128.95847658027492,
  "summary_fg_mean": 420.00445556640625,
  "summary_fg_median": 366.8075256347656,
  "summary_fg_n": 13224.0,
  "summary_fg_p05": 218.854598236084,
  "summary_fg_p95": 822.9060607910146,
  "summary_fg_stdv": 200.2003936767578,
  "tsnr": 44.297275219112635
}