{
  "aor": 0.0014365271966527192,
  "aqi": 0.0032867778242677828,
  "bids_meta": {
    "BodyPartExamined": "HEAD",
    "ECHO": "2",
    "EchoTime": 0.028,
    "FlipAngle": 78.0,
    "MagneticFieldStrength": 3,
    "Manufacturer": "Siemens",
    "ManufacturersModelName": "Trio",
    "Modality": "MR",
    "ParallelReductionFactorInPlane": 3,
    "PixelBandwidth": 1698.0,
    "PixelSpacing": [
      3.75,
      4.4
    ],
    "ReceiveCoilName": "32Ch_Head_3T",
    "RepetitionTime": 2.47992,
    "SliceThickness": 4.4,
    "SliceTiming": [
      1.23996,
      0.0,
      1.322624,
      0.082664,
      1.405288,
      0.165328,
      1.487952,
      0.247992,
      1.570616,
      0.330656,
      1.65328,
      0.41332,
      1.735944,
      0.495984,
      1.818608,
      0.578648,
      1.901272,
      0.661312,
      1.983936,
      0.743976,
      2.0666,
      0.82664,
      2.149264,
      0.909304,
      2.231928,
      0.991968,
      2.314592,
      1.074632,
      2.397256,
      1.157296
    ],
    "SpacingBetweenSlices": 4.840000000000001,
    "TaskName": "rest",
    "dataset": "ds000258",
    "modality": "bold",
    "subject_id": "21657",
    "task_id": "rest"
  },
  "dummy_trs": 0,
  "dvars_nstd": 22.97414536042018,
  "dvars_std": 1.216476635630252,
  "dvars_vstd": 0.9896591154621847,
  "efc": 0.4537702122799426,
  "fber": 2054.560302734375,
  "fd_mean": 0.14326609033764656,
  "fd_num": 39,
  "fd_perc": 16.317991631799163,
  "fwhm_avg": 3.124373714381123,
  "fwhm_x": 3.0682933333333335,
  "fwhm_y": 3.1223733333333334,
  "fwhm_z": 3.1824544764767024,
  "gcor": 0.042342,
  "gsr_x": -0.01191610749810934,
  "gsr_y": 0.05172557383775711,
  "provenance": {
    "md5sum": "af47e2a43208ae55242d5ed7041cc6e2",
    "settings": {
      "fd_thres": 0.2,
      "testing": false
    },
    "software": "mriqc",
    "version": "22.0.0rc1",
    "webapi_port": null,
    "webapi_url": "https://mriqc.nimh.nih.gov/api/v1"
  },
  "size_t": 239,
  "size_x": 64,
  "size_y": 64,
  "size_z": 30,
  "snr": 2.1205128467189835,
  "spacing_tr": 2.4799201488494873,
  "spacing_x": 3.75,
  "spacing_y": 3.75,
  "spacing_z": 4.400000095367432,
  "summary_bg_k": 28.23960019093198,
  "summary_bg_mad": 10.210724727822557,
  "summary_bg_mean": 44.153961181640625,
  "summary_bg_median": 14.121338844299316,
  "summary_bg_n": 79097.0,
  "summary_bg_p05": 6.0292887687683105,
  "summary_bg_p95": 204.4962249755859,
  "summary_bg_stdv": 86.43856811523438,
  "summary_fg_k": 4.25657401486303,
  "summary_fg_mad": 215.27815854094302,
  "summary_fg_mean": 737.8758544921875,
  "summary_fg_median": 659.004150390625,
  "summary_fg_n": 16664.0,
  "summary_fg_p05": 408.2870239257812,
  "summary_fg_p95": 1391.0244018554688,
  "summary_fg_stdv": 310.7665100097656,
  "tsnr": 73.96702289581299
}