{
  "aor": 0.0013922594142259414,
  "aqi": 0.004093606234309623,
  "bids_meta": {
    "BodyPartExamined": "HEAD",
    "ECHO": "3",
    "EchoTime": 0.044,
    "FlipAngle": 78.0,
    "MagneticFieldStrength": 3,
    "Manufacturer": "Siemens",
    "ManufacturersModelName": "Trio",
    "Modality": "MR",
    "ParallelReductionFactorInPlane": 3,
    "PixelBandwidth": 1698.0,
    "PixelSpacing": [
      3.75,
      4.4
    ],
    "ReceiveCoilName": "32Ch_Head_3T",
    "RepetitionTime": 2.479919,
    "SliceThickness": 4.4,
    "SliceTiming": [
      1.2399595,
      0.0,
      1.32262346667,
      0.0826639666667,
      1.40528743333,
      0.165327933333,
      1.4879514,
      0.2479919,
      1.57061536667,
      0.330655866667,
      1.65327933333,
      0.413319833333,
      1.7359433,
      0.4959838,
      1.81860726667,
      0.578647766667,
      1.90127123333,
      0.661311733333,
      1.9839352,
      0.7439757,
      2.06659916667,
      0.826639666667,
      2.14926313333,
      0.909303633333,
      2.2319271,
      0.9919676,
      2.31459106667,
      1.07463156667,
      2.39725503333,
      1.15729553333
    ],
    "SpacingBetweenSlices": 4.840000000000001,
    "TaskName": "rest",
    "dataset": "ds000258",
    "modality": "bold",
    "subject_id": "21657",
    "task_id": "rest"
  },
  "dummy_trs": 0,
  "dvars_nstd": 28.14299934445377,
  "dvars_std": 1.1911363250840339,
  "dvars_vstd": 0.9871063704621852,
  "efc": 0.42315753059844696,
  "fber": 1658.2821044921875,
  "fd_mean": 0.1448933189669696,
  "fd_num": 40,
  "fd_perc": 16.736401673640167,
  "fwhm_avg": 2.7565487681703402,
  "fwhm_x": 2.7491733333333332,
  "fwhm_y": 2.7925866666666668,
  "fwhm_z": 2.7278863045110207,
  "gcor": 0.0376042,
  "gsr_x": -0.014012472704052925,
  "gsr_y": 0.031047966331243515,
  "provenance": {
    "md5sum": "40c8e69adb62c9791a3583c1da4ad92c",
    "settings": {
      "fd_thres": 0.2,
      "testing": false
    },
    "software": "mriqc",
    "version": "22.0.0rc1",
    "webapi_port": null,
    "webapi_url": "https://mriqc.nimh.nih.gov/api/v1"
  },
  "size_t": 239,
  "size_x": 64,
  "size_y": 64,
  "size_z": 30,
  "snr": 1.9798578991010527,
  "spacing_tr": 2.479919195175171,
  "spacing_x": 3.75,
  "spacing_y": 3.75,
  "spacing_z": 4.400000095367432,
  "summary_bg_k": 48.66543895299694,
  "summary_bg_mad": 6.848505790256135,
  "summary_bg_mean": 24.60486602783203,
  "summary_bg_median": 11.736401557922363,
  "summary_bg_n": 81257.0,
  "summary_bg_p05": 5.903765678405762,
  "summary_bg_p95": 88.08117065429686,
  "summary_bg_stdv": 41.249755859375,
  "summary_fg_k": 4.883484851164075,
  "summary_fg_mad": 166.45467573615653,
  "summary_fg_mean": 559.406005859375,
  "summary_fg_median": 494.52301025390625,
  "summary_fg_n": 14723.0,
  "summary_fg_p05": 301.4794982910156,
  "summary_fg_p95": 1072.2970825195312,
  "summary_fg_stdv": 249.76853942871094,
  "tsnr": 57.789959874004126
}