{
  "aor": 0.001030083682008368,
  "aqi": 0.004388429163179916,
  "bids_meta": {
    "BodyPartExamined": "HEAD",
    "ECHO": "2",
    "EchoTime": 0.028,
    "FlipAngle": 78.0,
    "MagneticFieldStrength": 3,
    "Manufacturer": "Siemens",
    "ManufacturersModelName": "Trio",
    "Modality": "MR",
    "ParallelReductionFactorInPlane": 3,
    "PixelBandwidth": 1698.0,
    "PixelSpacing": [
      3.75,
      4.4
    ],
    "ReceiveCoilName": "32Ch_Head_3T",
    "RepetitionTime": 2.47,
    "SliceThickness": 4.4,
    "SliceTiming": [
      1.235,
      0.0,
      1.31733333333,
      0.0823333333333,
      1.39966666667,
      0.164666666667,
      1.482,
      0.247,
      1.56433333333,
      0.329333333333,
      1.64666666667,
      0.411666666667,
      1.729,
      0.494,
      1.81133333333,
      0.576333333333,
      1.89366666667,
      0.658666666667,
      1.976,
      0.741,
      2.05833333333,
      0.823333333333,
      2.14066666667,
      0.905666666667,
      2.223,
      0.988,
      2.30533333333,
      1.07033333333,
      2.38766666667,
      1.15266666667
    ],
    "SpacingBetweenSlices": 4.840000000000001,
    "TaskName": "rest",
    "dataset": "ds000258",
    "modality": "bold",
    "subject_id": "21279",
    "task_id": "rest"
  },
  "dummy_trs": 0,
  "dvars_nstd": 19.49382200953783,
  "dvars_std": 1.0696199501680672,
  "dvars_vstd": 0.9781814393697479,
  "efc": 0.4476114470388337,
  "fber": 1838.6875,
  "fd_mean": 0.09246103730252547,
  "fd_num": 21,
  "fd_perc": 8.786610878661088,
  "fwhm_avg": 2.8413283632770803,
  "fwhm_x": 2.780133333333333,
  "fwhm_y": 2.89792,
  "fwhm_z": 2.8459317564979085,
  "gcor": 0.0177364,
  "gsr_x": -0.013084344565868378,
  "gsr_y": 0.047922734171152115,
  "provenance": {
    "md5sum": "1ede2dd70eb49d425ea2368c0c579998",
    "settings": {
      "fd_thres": 0.2,
      "testing": false
    },
    "software": "mriqc",
    "version": "22.0.0rc1",
    "webapi_port": null,
    "webapi_url": "https://mriqc.nimh.nih.gov/api/v1"
  },
  "size_t": 239,
  "size_x": 64,
  "size_y": 64,
  "size_z": 30,
  "snr": 2.5628077505347773,
  "spacing_tr": 2.4700000286102295,
  "spacing_x": 3.75,
  "spacing_y": 3.75,
  "spacing_z": 4.400000095367432,
  "summary_bg_k": 49.539350823107654,
  "summary_bg_mad": 10.303776901344724,
  "summary_bg_mean": 33.18658447265625,
  "summary_bg_median": 14.359831809997559,
  "summary_bg_n": 80269.0,
  "summary_bg_p05": 6.096234321594238,
  "summary_bg_p95": 113.92301025390584,
  "summary_bg_stdv": 58.934898376464844,
  "summary_fg_k": 2.648422682844253,
  "summary_fg_mad": 186.80165828521402,
  "summary_fg_mean": 676.8555908203125,
  "summary_fg_median": 622.6339111328125,
  "summary_fg_n": 15694.0,
  "summary_fg_p05": 391.06757202148435,
  "summary_fg_p95": 1170.3616882324202,
  "summary_fg_stdv": 242.94216918945312,
  "tsnr": 62.481765169650316
}