{
  "aor": 0.001835439330543933,
  "aqi": 0.02810892050209205,
  "bids_meta": {
    "BodyPartExamined": "HEAD",
    "ECHO": "4",
    "EchoTime": 0.06,
    "FlipAngle": 78.0,
    "MagneticFieldStrength": 3,
    "Manufacturer": "Siemens",
    "ManufacturersModelName": "Trio",
    "Modality": "MR",
    "ParallelReductionFactorInPlane": 3,
    "PixelBandwidth": 1698.0,
    "PixelSpacing": [
      3.75,
      4.4
    ],
    "ReceiveCoilName": "32Ch_Head_3T",
    "RepetitionTime": 2.47,
    "SliceThickness": 4.4,
    "SliceTiming": [
      1.235,
      0.0,
      1.31733333333,
      0.0823333333333,
      1.39966666667,
      0.164666666667,
      1.482,
      0.247,
      1.56433333333,
      0.329333333333,
      1.64666666667,
      0.411666666667,
      1.729,
      0.494,
      1.81133333333,
      0.576333333333,
      1.89366666667,
      0.658666666667,
      1.976,
      0.741,
      2.05833333333,
      0.823333333333,
      2.14066666667,
      0.905666666667,
      2.223,
      0.988,
      2.30533333333,
      1.07033333333,
      2.38766666667,
      1.15266666667
    ],
    "SpacingBetweenSlices": 4.840000000000001,
    "TaskName": "rest",
    "dataset": "ds000258",
    "modality": "bold",
    "subject_id": "21127",
    "task_id": "rest"
  },
  "dummy_trs": 0,
  "dvars_nstd": 79.50012423407564,
  "dvars_std": 1.0720990872689082,
  "dvars_vstd": 0.8860248698319332,
  "efc": 0.43759551582009837,
  "fber": 853.2911987304688,
  "fd_mean": 0.5762614642650462,
  "fd_num": 199,
  "fd_perc": 83.26359832635983,
  "fwhm_avg": 2.2067318220303602,
  "fwhm_x": 2.134112,
  "fwhm_y": 2.2225653333333333,
  "fwhm_z": 2.2635181327577474,
  "gcor": 0.0619048,
  "gsr_x": -0.010727252811193466,
  "gsr_y": 0.03439126908779144,
  "provenance": {
    "md5sum": "9a1183c813df24842b0240129543dd34",
    "settings": {
      "fd_thres": 0.2,
      "testing": false
    },
    "software": "mriqc",
    "version": "22.0.0rc1",
    "webapi_port": null,
    "webapi_url": "https://mriqc.nimh.nih.gov/api/v1"
  },
  "size_t": 239,
  "size_x": 64,
  "size_y": 64,
  "size_z": 30,
  "snr": 1.939223667542416,
  "spacing_tr": 2.4700000286102295,
  "spacing_x": 3.75,
  "spacing_y": 3.75,
  "spacing_z": 4.400000095367432,
  "summary_bg_k": 39.96293131204918,
  "summary_bg_mad": 5.595427270589092,
  "summary_bg_mean": 18.011808395385742,
  "summary_bg_median": 11.221756935119629,
  "summary_bg_n": 80376.0,
  "summary_bg_p05": 5.899581432342529,
  "summary_bg_p95": 50.050209045410156,
  "summary_bg_stdv": 23.69239616394043,
  "summary_fg_k": 8.830892955126608,
  "summary_fg_mad": 113.33532042654116,
  "summary_fg_mean": 378.25079345703125,
  "summary_fg_median": 334.8368225097656,
  "summary_fg_n": 15317.0,
  "summary_fg_p05": 199.20502014160158,
  "summary_fg_p95": 703.0727905273437,
  "summary_fg_stdv": 172.65975952148438,
  "tsnr": 16.41823191056028
}