{
  "aor": 0.004092301255230125,
  "aqi": 0.012424761673640169,
  "bids_meta": {
    "BodyPartExamined": "HEAD",
    "ECHO": "3",
    "EchoTime": 0.044,
    "FlipAngle": 78.0,
    "MagneticFieldStrength": 3,
    "Manufacturer": "Siemens",
    "ManufacturersModelName": "Trio",
    "Modality": "MR",
    "ParallelReductionFactorInPlane": 3,
    "PixelBandwidth": 1698.0,
    "PixelSpacing": [
      3.75,
      4.4
    ],
    "ReceiveCoilName": "32Ch_Head_3T",
    "RepetitionTime": 2.47,
    "SliceThickness": 4.4,
    "SliceTiming": [
      1.235,
      0.0,
      1.31733333333,
      0.0823333333333,
      1.39966666667,
      0.164666666667,
      1.482,
      0.247,
      1.56433333333,
      0.329333333333,
      1.64666666667,
      0.411666666667,
      1.729,
      0.494,
      1.81133333333,
      0.576333333333,
      1.89366666667,
      0.658666666667,
      1.976,
      0.741,
      2.05833333333,
      0.823333333333,
      2.14066666667,
      0.905666666667,
      2.223,
      0.988,
      2.30533333333,
      1.07033333333,
      2.38766666667,
      1.15266666667
    ],
    "SpacingBetweenSlices": 4.840000000000001,
    "TaskName": "rest",
    "dataset": "ds000258",
    "modality": "bold",
    "subject_id": "21253",
    "task_id": "rest"
  },
  "dummy_trs": 0,
  "dvars_nstd": 53.352523923697476,
  "dvars_std": 1.1640694402521,
  "dvars_vstd": 0.9883457318907557,
  "efc": 0.43296239397690717,
  "fber": 1158.015625,
  "fd_mean": 0.42325445520752,
  "fd_num": 157,
  "fd_perc": 65.69037656903765,
  "fwhm_avg": 2.3131146299886423,
  "fwhm_x": 2.348424,
  "fwhm_y": 2.310442666666667,
  "fwhm_z": 2.2804772232992603,
  "gcor": 0.0452548,
  "gsr_x": -0.00594879686832428,
  "gsr_y": 0.01577320508658886,
  "provenance": {
    "md5sum": "086d4ca9eba75aa8f9d2545f5d858d28",
    "settings": {
      "fd_thres": 0.2,
      "testing": false
    },
    "software": "mriqc",
    "version": "22.0.0rc1",
    "webapi_port": null,
    "webapi_url": "https://mriqc.nimh.nih.gov/api/v1"
  },
  "size_t": 239,
  "size_x": 64,
  "size_y": 64,
  "size_z": 30,
  "snr": 2.7363422649587528,
  "spacing_tr": 2.4700000286102295,
  "spacing_x": 3.75,
  "spacing_y": 3.75,
  "spacing_z": 4.400000095367432,
  "summary_bg_k": 89.21063491558361,
  "summary_bg_mad": 7.927889935710397,
  "summary_bg_mean": 20.87494468688965,
  "summary_bg_median": 12.820083618164062,
  "summary_bg_n": 82065.0,
  "summary_bg_p05": 5.757321834564209,
  "summary_bg_p95": 58.70794906616222,
  "summary_bg_stdv": 31.46495819091797,
  "summary_fg_k": 2.502897716539871,
  "summary_fg_mad": 136.58857524129627,
  "summary_fg_mean": 482.25830078125,
  "summary_fg_median": 453.5313720703125,
  "summary_fg_n": 14134.0,
  "summary_fg_p05": 265.19141845703126,
  "summary_fg_p95": 792.2880706787107,
  "summary_fg_stdv": 165.73779296875,
  "tsnr": 29.08616886701202
}