{
  "aor": 0.007313012552301256,
  "aqi": 0.006246028744769875,
  "bids_meta": {
    "BodyPartExamined": "HEAD",
    "ECHO": "2",
    "EchoTime": 0.028,
    "FlipAngle": 78.0,
    "MagneticFieldStrength": 3,
    "Manufacturer": "Siemens",
    "ManufacturersModelName": "Trio",
    "Modality": "MR",
    "ParallelReductionFactorInPlane": 3,
    "PixelBandwidth": 1698.0,
    "PixelSpacing": [
      3.75,
      4.4
    ],
    "ReceiveCoilName": "32Ch_Head_3T",
    "RepetitionTime": 2.47,
    "SliceThickness": 4.4,
    "SliceTiming": [
      1.235,
      0.0,
      1.31733333333,
      0.0823333333333,
      1.39966666667,
      0.164666666667,
      1.482,
      0.247,
      1.56433333333,
      0.329333333333,
      1.64666666667,
      0.411666666667,
      1.729,
      0.494,
      1.81133333333,
      0.576333333333,
      1.89366666667,
      0.658666666667,
      1.976,
      0.741,
      2.05833333333,
      0.823333333333,
      2.14066666667,
      0.905666666667,
      2.223,
      0.988,
      2.30533333333,
      1.07033333333,
      2.38766666667,
      1.15266666667
    ],
    "SpacingBetweenSlices": 4.840000000000001,
    "TaskName": "rest",
    "dataset": "ds000258",
    "modality": "bold",
    "subject_id": "20950",
    "task_id": "rest"
  },
  "dummy_trs": 0,
  "dvars_nstd": 30.387073989327718,
  "dvars_std": 1.2414868186134451,
  "dvars_vstd": 1.0479084380252093,
  "efc": 0.42089524468885514,
  "fber": 3870.33984375,
  "fd_mean": 0.3274664555748841,
  "fd_num": 172,
  "fd_perc": 71.96652719665272,
  "fwhm_avg": 2.6388453946626824,
  "fwhm_x": 2.6699466666666667,
  "fwhm_y": 2.550498666666667,
  "fwhm_z": 2.6960908506547137,
  "gcor": 0.0607059,
  "gsr_x": -0.015977274626493454,
  "gsr_y": 0.02377033419907093,
  "provenance": {
    "md5sum": "1c95e47e1ae35ba8757b8d081bde0f8e",
    "settings": {
      "fd_thres": 0.2,
      "testing": false
    },
    "software": "mriqc",
    "version": "22.0.0rc1",
    "webapi_port": null,
    "webapi_url": "https://mriqc.nimh.nih.gov/api/v1"
  },
  "size_t": 239,
  "size_x": 64,
  "size_y": 64,
  "size_z": 30,
  "snr": 3.1046670185999545,
  "spacing_tr": 2.4700000286102295,
  "spacing_x": 3.75,
  "spacing_y": 3.75,
  "spacing_z": 4.400000095367432,
  "summary_bg_k": 65.13395449406708,
  "summary_bg_mad": 7.810026300043056,
  "summary_bg_mean": 26.693086624145508,
  "summary_bg_median": 10.711297035217285,
  "summary_bg_n": 82574.0,
  "summary_bg_p05": 4.698744773864746,
  "summary_bg_p95": 102.65146331787102,
  "summary_bg_stdv": 51.073509216308594,
  "summary_fg_k": 2.343264697499942,
  "summary_fg_mad": 181.9661661710404,
  "summary_fg_mean": 715.2985229492188,
  "summary_fg_median": 675.422607421875,
  "summary_fg_n": 14364.0,
  "summary_fg_p05": 430.07508697509763,
  "summary_fg_p95": 1126.275665283203,
  "summary_fg_stdv": 217.5431671142578,
  "tsnr": 49.73498553747777
}