{
  "aor": 0.0022157339449541285,
  "aqi": 0.0031529976605504588,
  "bids_meta": {
    "BodyPartExamined": "HEAD",
    "ECHO": "2",
    "EchoTime": 0.028,
    "FlipAngle": 78.0,
    "MagneticFieldStrength": 3,
    "Manufacturer": "Siemens",
    "ManufacturersModelName": "Trio",
    "Modality": "MR",
    "ParallelReductionFactorInPlane": 3,
    "PixelBandwidth": 1698.0,
    "PixelSpacing": [
      3.75,
      4.4
    ],
    "ReceiveCoilName": "32Ch_Head_3T",
    "RepetitionTime": 2.47,
    "SliceThickness": 4.4,
    "SliceTiming": [
      1.235,
      0.0,
      1.31733333333,
      0.0823333333333,
      1.39966666667,
      0.164666666667,
      1.482,
      0.247,
      1.56433333333,
      0.329333333333,
      1.64666666667,
      0.411666666667,
      1.729,
      0.494,
      1.81133333333,
      0.576333333333,
      1.89366666667,
      0.658666666667,
      1.976,
      0.741,
      2.05833333333,
      0.823333333333,
      2.14066666667,
      0.905666666667,
      2.223,
      0.988,
      2.30533333333,
      1.07033333333,
      2.38766666667,
      1.15266666667
    ],
    "SpacingBetweenSlices": 4.840000000000001,
    "TaskName": "rest",
    "dataset": "ds000258",
    "modality": "bold",
    "subject_id": "21281",
    "task_id": "rest"
  },
  "dummy_trs": 21,
  "dvars_nstd": 22.815811491290336,
  "dvars_std": 1.107199611981567,
  "dvars_vstd": 0.9755628678801842,
  "efc": 0.4333393623876816,
  "fber": 2603.770751953125,
  "fd_mean": 0.1344454322397164,
  "fd_num": 27,
  "fd_perc": 12.385321100917432,
  "fwhm_avg": 2.6900643434400777,
  "fwhm_x": 2.6368986666666667,
  "fwhm_y": 2.6378853333333336,
  "fwhm_z": 2.795409030320232,
  "gcor": 0.0119118,
  "gsr_x": -0.017279574647545815,
  "gsr_y": 0.031133705750107765,
  "provenance": {
    "md5sum": "af93485334a051be1bbe41d9e0ce9950",
    "settings": {
      "fd_thres": 0.2,
      "testing": false
    },
    "software": "mriqc",
    "version": "22.0.0rc1",
    "webapi_port": null,
    "webapi_url": "https://mriqc.nimh.nih.gov/api/v1"
  },
  "size_t": 218,
  "size_x": 64,
  "size_y": 64,
  "size_z": 30,
  "snr": 2.8814650417735073,
  "spacing_tr": 2.4700000286102295,
  "spacing_x": 3.75,
  "spacing_y": 3.75,
  "spacing_z": 4.400000095367432,
  "summary_bg_k": 56.99755954216196,
  "summary_bg_mad": 8.759594946967365,
  "summary_bg_mean": 28.48108673095703,
  "summary_bg_median": 12.697247505187988,
  "summary_bg_n": 80972.0,
  "summary_bg_p05": 5.646788597106934,
  "summary_bg_p95": 98.32224388122552,
  "summary_bg_stdv": 49.623016357421875,
  "summary_fg_k": 2.364533506262874,
  "summary_fg_mad": 185.7843374361543,
  "summary_fg_mean": 697.3764038085938,
  "summary_fg_median": 651.5389404296875,
  "summary_fg_n": 15520.0,
  "summary_fg_p05": 425.04449157714845,
  "summary_fg_p95": 1156.954327392578,
  "summary_fg_stdv": 226.1064910888672,
  "tsnr": 61.522308273706585
}