{
  "aor": 0.0013997907949790795,
  "aqi": 0.0024685188242677823,
  "bids_meta": {
    "BodyPartExamined": "HEAD",
    "ECHO": "2",
    "EchoTime": 0.028,
    "FlipAngle": 78.0,
    "MagneticFieldStrength": 3,
    "Manufacturer": "Siemens",
    "ManufacturersModelName": "Trio",
    "Modality": "MR",
    "ParallelReductionFactorInPlane": 3,
    "PixelBandwidth": 1698.0,
    "PixelSpacing": [
      3.75,
      4.4
    ],
    "ReceiveCoilName": "32Ch_Head_3T",
    "RepetitionTime": 2.47,
    "SliceThickness": 4.4,
    "SliceTiming": [
      1.235,
      0.0,
      1.31733333333,
      0.0823333333333,
      1.39966666667,
      0.164666666667,
      1.482,
      0.247,
      1.56433333333,
      0.329333333333,
      1.64666666667,
      0.411666666667,
      1.729,
      0.494,
      1.81133333333,
      0.576333333333,
      1.89366666667,
      0.658666666667,
      1.976,
      0.741,
      2.05833333333,
      0.823333333333,
      2.14066666667,
      0.905666666667,
      2.223,
      0.988,
      2.30533333333,
      1.07033333333,
      2.38766666667,
      1.15266666667
    ],
    "SpacingBetweenSlices": 4.840000000000001,
    "TaskName": "rest",
    "dataset": "ds000258",
    "modality": "bold",
    "subject_id": "04570",
    "task_id": "rest"
  },
  "dummy_trs": 0,
  "dvars_nstd": 23.62093289172267,
  "dvars_std": 1.1591995536554622,
  "dvars_vstd": 0.9986447876890757,
  "efc": 0.4319345414364146,
  "fber": 2029.9609375,
  "fd_mean": 0.13305215635564074,
  "fd_num": 35,
  "fd_perc": 14.644351464435147,
  "fwhm_avg": 2.858791999658122,
  "fwhm_x": 2.9002666666666665,
  "fwhm_y": 2.8325866666666664,
  "fwhm_z": 2.843522665641033,
  "gcor": 0.0482172,
  "gsr_x": -0.022930864244699478,
  "gsr_y": 0.04615406319499016,
  "provenance": {
    "md5sum": "a3233f49653222ca852e8f314ed3107c",
    "settings": {
      "fd_thres": 0.2,
      "testing": false
    },
    "software": "mriqc",
    "version": "22.0.0rc1",
    "webapi_port": null,
    "webapi_url": "https://mriqc.nimh.nih.gov/api/v1"
  },
  "size_t": 239,
  "size_x": 64,
  "size_y": 64,
  "size_z": 30,
  "snr": 2.312024884871836,
  "spacing_tr": 2.4700000286102295,
  "spacing_x": 3.75,
  "spacing_y": 3.75,
  "spacing_z": 4.400000095367432,
  "summary_bg_k": 38.35040937442205,
  "summary_bg_mad": 9.78269236478673,
  "summary_bg_mean": 35.48161315917969,
  "summary_bg_median": 15.4769868850708,
  "summary_bg_n": 80974.0,
  "summary_bg_p05": 6.899581432342529,
  "summary_bg_p95": 141.41067199706998,
  "summary_bg_stdv": 61.86787796020508,
  "summary_fg_k": 2.525383924196702,
  "summary_fg_mad": 240.46072369503213,
  "summary_fg_mean": 802.5023193359375,
  "summary_fg_median": 724.6087646484375,
  "summary_fg_n": 15328.0,
  "summary_fg_p05": 445.86379089355466,
  "summary_fg_p95": 1448.4081298828123,
  "summary_fg_stdv": 313.39849853515625,
  "tsnr": 69.42129573319107
}