{
  "aor": 0.002233514644351464,
  "aqi": 0.030133980753138074,
  "bids_meta": {
    "BodyPartExamined": "HEAD",
    "ECHO": "4",
    "EchoTime": 0.06,
    "FlipAngle": 78.0,
    "MagneticFieldStrength": 3,
    "Manufacturer": "Siemens",
    "ManufacturersModelName": "Trio",
    "Modality": "MR",
    "ParallelReductionFactorInPlane": 3,
    "PixelBandwidth": 1698.0,
    "PixelSpacing": [
      3.75,
      4.4
    ],
    "ReceiveCoilName": "32Ch_Head_3T",
    "RepetitionTime": 2.47,
    "SliceThickness": 4.4,
    "SliceTiming": [
      1.235,
      0.0,
      1.31733333333,
      0.0823333333333,
      1.39966666667,
      0.164666666667,
      1.482,
      0.247,
      1.56433333333,
      0.329333333333,
      1.64666666667,
      0.411666666667,
      1.729,
      0.494,
      1.81133333333,
      0.576333333333,
      1.89366666667,
      0.658666666667,
      1.976,
      0.741,
      2.05833333333,
      0.823333333333,
      2.14066666667,
      0.905666666667,
      2.223,
      0.988,
      2.30533333333,
      1.07033333333,
      2.38766666667,
      1.15266666667
    ],
    "SpacingBetweenSlices": 4.840000000000001,
    "TaskName": "rest",
    "dataset": "ds000258",
    "modality": "bold",
    "subject_id": "21384",
    "task_id": "rest"
  },
  "dummy_trs": 0,
  "dvars_nstd": 49.32705415991595,
  "dvars_std": 0.9875365130252104,
  "dvars_vstd": 0.8706136091596633,
  "efc": 0.41265833930841844,
  "fber": 1016.7424926757812,
  "fd_mean": 0.30669173251191323,
  "fd_num": 152,
  "fd_perc": 63.59832635983263,
  "fwhm_avg": 2.356848124394963,
  "fwhm_x": 2.3364746666666667,
  "fwhm_y": 2.378410666666667,
  "fwhm_z": 2.3556590398515564,
  "gcor": 0.0139747,
  "gsr_x": -0.024122323840856552,
  "gsr_y": 0.03651207312941551,
  "provenance": {
    "md5sum": "e90a1a1c81b277f233c6f7af028e3f95",
    "settings": {
      "fd_thres": 0.2,
      "testing": false
    },
    "software": "mriqc",
    "version": "22.0.0rc1",
    "webapi_port": null,
    "webapi_url": "https://mriqc.nimh.nih.gov/api/v1"
  },
  "size_t": 239,
  "size_x": 64,
  "size_y": 64,
  "size_z": 30,
  "snr": 1.7826381604451815,
  "spacing_tr": 2.4700000286102295,
  "spacing_x": 3.75,
  "spacing_y": 3.75,
  "spacing_z": 4.400000095367432,
  "summary_bg_k": 100.76027209952571,
  "summary_bg_mad": 6.6872178540757705,
  "summary_bg_mean": 17.046308517456055,
  "summary_bg_median": 10.439330101013184,
  "summary_bg_n": 83080.0,
  "summary_bg_p05": 4.715481281280518,
  "summary_bg_p95": 50.853553771972656,
  "summary_bg_stdv": 23.413063049316406,
  "summary_fg_k": 5.897227859087467,
  "summary_fg_mad": 132.39202776454886,
  "summary_fg_mean": 395.13543701171875,
  "summary_fg_median": 343.2447509765625,
  "summary_fg_n": 12800.0,
  "summary_fg_p05": 196.34517974853517,
  "summary_fg_p95": 778.8614929199218,
  "summary_fg_stdv": 192.54122924804688,
  "tsnr": 16.606968454492744
}