{
  "aor": 0.002620878661087866,
  "aqi": 0.015836461255230125,
  "bids_meta": {
    "BodyPartExamined": "HEAD",
    "ECHO": "1",
    "EchoTime": 0.012,
    "FlipAngle": 78.0,
    "MagneticFieldStrength": 3,
    "Manufacturer": "Siemens",
    "ManufacturersModelName": "Trio",
    "Modality": "MR",
    "ParallelReductionFactorInPlane": 3,
    "PixelBandwidth": 1698.0,
    "PixelSpacing": [
      3.75,
      4.4
    ],
    "ReceiveCoilName": "32Ch_Head_3T",
    "RepetitionTime": 2.47,
    "SliceThickness": 4.4,
    "SliceTiming": [
      1.235,
      0.0,
      1.31733333333,
      0.0823333333333,
      1.39966666667,
      0.164666666667,
      1.482,
      0.247,
      1.56433333333,
      0.329333333333,
      1.64666666667,
      0.411666666667,
      1.729,
      0.494,
      1.81133333333,
      0.576333333333,
      1.89366666667,
      0.658666666667,
      1.976,
      0.741,
      2.05833333333,
      0.823333333333,
      2.14066666667,
      0.905666666667,
      2.223,
      0.988,
      2.30533333333,
      1.07033333333,
      2.38766666667,
      1.15266666667
    ],
    "SpacingBetweenSlices": 4.840000000000001,
    "TaskName": "rest",
    "dataset": "ds000258",
    "modality": "bold",
    "subject_id": "21384",
    "task_id": "rest"
  },
  "dummy_trs": 0,
  "dvars_nstd": 26.402788843445382,
  "dvars_std": 1.0261079617226894,
  "dvars_vstd": 0.8712611592436976,
  "efc": 0.48917255605277377,
  "fber": 2346.585205078125,
  "fd_mean": 0.2849481088316424,
  "fd_num": 145,
  "fd_perc": 60.66945606694561,
  "fwhm_avg": 2.9314629270054446,
  "fwhm_x": 2.6455973333333334,
  "fwhm_y": 3.035973333333333,
  "fwhm_z": 3.1128181143496665,
  "gcor": 0.0228996,
  "gsr_x": -0.026347270235419273,
  "gsr_y": 0.12132849544286728,
  "provenance": {
    "md5sum": "735a9bcac5efa6386bfd4a4d986dde6e",
    "settings": {
      "fd_thres": 0.2,
      "testing": false
    },
    "software": "mriqc",
    "version": "22.0.0rc1",
    "webapi_port": null,
    "webapi_url": "https://mriqc.nimh.nih.gov/api/v1"
  },
  "size_t": 239,
  "size_x": 64,
  "size_y": 64,
  "size_z": 30,
  "snr": 2.2044697628894676,
  "spacing_tr": 2.4700000286102295,
  "spacing_x": 3.75,
  "spacing_y": 3.75,
  "spacing_z": 4.400000095367432,
  "summary_bg_k": 18.801804226464967,
  "summary_bg_mad": 16.091507142755475,
  "summary_bg_mean": 68.41893768310547,
  "summary_bg_median": 17.025104522705078,
  "summary_bg_n": 75953.0,
  "summary_bg_p05": 4.740585803985596,
  "summary_bg_p95": 361.00416259765603,
  "summary_bg_stdv": 135.62646484375,
  "summary_fg_k": 3.9307983817244274,
  "summary_fg_mad": 276.5146343096753,
  "summary_fg_mean": 948.1544189453125,
  "summary_fg_median": 856.2217407226562,
  "summary_fg_n": 19013.0,
  "summary_fg_p05": 527.7447387695313,
  "summary_fg_p95": 1757.3798828125,
  "summary_fg_stdv": 388.3923645019531,
  "tsnr": 34.34476321563125
}