{
  "aor": 0.0009885355648535565,
  "aqi": 0.003741854811715482,
  "bids_meta": {
    "BodyPartExamined": "HEAD",
    "ECHO": "2",
    "EchoTime": 0.028,
    "FlipAngle": 78.0,
    "MagneticFieldStrength": 3,
    "Manufacturer": "Siemens",
    "ManufacturersModelName": "Trio",
    "Modality": "MR",
    "ParallelReductionFactorInPlane": 3,
    "PixelBandwidth": 1698.0,
    "PixelSpacing": [
      3.75,
      4.4
    ],
    "ReceiveCoilName": "32Ch_Head_3T",
    "RepetitionTime": 2.47992,
    "SliceThickness": 4.4,
    "SliceTiming": [
      1.23996,
      0.0,
      1.322624,
      0.082664,
      1.405288,
      0.165328,
      1.487952,
      0.247992,
      1.570616,
      0.330656,
      1.65328,
      0.41332,
      1.735944,
      0.495984,
      1.818608,
      0.578648,
      1.901272,
      0.661312,
      1.983936,
      0.743976,
      2.0666,
      0.82664,
      2.149264,
      0.909304,
      2.231928,
      0.991968,
      2.314592,
      1.074632,
      2.397256,
      1.157296
    ],
    "SpacingBetweenSlices": 4.840000000000001,
    "TaskName": "rest",
    "dataset": "ds000258",
    "modality": "bold",
    "subject_id": "21306",
    "task_id": "rest"
  },
  "dummy_trs": 0,
  "dvars_nstd": 30.406333819033595,
  "dvars_std": 1.2104720454201672,
  "dvars_vstd": 0.9934348943697482,
  "efc": 0.38251331716095793,
  "fber": 3159.061279296875,
  "fd_mean": 0.21801044770110356,
  "fd_num": 122,
  "fd_perc": 51.04602510460251,
  "fwhm_avg": 2.6849009908278565,
  "fwhm_x": 2.6937066666666665,
  "fwhm_y": 2.6933599999999998,
  "fwhm_z": 2.667636305816904,
  "gcor": 0.0264303,
  "gsr_x": -0.024221261963248253,
  "gsr_y": 0.0383005253970623,
  "provenance": {
    "md5sum": "cb9a6cdc4230bdea17dc860e6ec10382",
    "settings": {
      "fd_thres": 0.2,
      "testing": false
    },
    "software": "mriqc",
    "version": "22.0.0rc1",
    "webapi_port": null,
    "webapi_url": "https://mriqc.nimh.nih.gov/api/v1"
  },
  "size_t": 239,
  "size_x": 64,
  "size_y": 64,
  "size_z": 30,
  "snr": 2.796770439914072,
  "spacing_tr": 2.479919910430908,
  "spacing_x": 3.75,
  "spacing_y": 3.75,
  "spacing_z": 4.400000095367432,
  "summary_bg_k": 106.75209694418325,
  "summary_bg_mad": 6.02345892666509,
  "summary_bg_mean": 20.82200050354004,
  "summary_bg_median": 10.205020904541016,
  "summary_bg_n": 87592.0,
  "summary_bg_p05": 5.0,
  "summary_bg_p95": 72.32970657348628,
  "summary_bg_stdv": 33.31236267089844,
  "summary_fg_k": 3.4732314014728445,
  "summary_fg_mad": 160.9770831158818,
  "summary_fg_mean": 603.3025512695312,
  "summary_fg_median": 570.2970581054688,
  "summary_fg_n": 10729.0,
  "summary_fg_p05": 346.6460205078125,
  "summary_fg_p95": 999.5096191406251,
  "summary_fg_stdv": 203.90321350097656,
  "tsnr": 65.52458394900896
}