{
  "aor": 0.0014529707112970712,
  "aqi": 0.004682369246861925,
  "bids_meta": {
    "BodyPartExamined": "HEAD",
    "ECHO": "1",
    "EchoTime": 0.012,
    "FlipAngle": 78.0,
    "MagneticFieldStrength": 3,
    "Manufacturer": "Siemens",
    "ManufacturersModelName": "Trio",
    "Modality": "MR",
    "ParallelReductionFactorInPlane": 3,
    "PixelBandwidth": 1698.0,
    "PixelSpacing": [
      3.75,
      4.4
    ],
    "ReceiveCoilName": "32Ch_Head_3T",
    "RepetitionTime": 2.47992,
    "SliceThickness": 4.4,
    "SliceTiming": [
      1.23996,
      0.0,
      1.322624,
      0.082664,
      1.405288,
      0.165328,
      1.487952,
      0.247992,
      1.570616,
      0.330656,
      1.65328,
      0.41332,
      1.735944,
      0.495984,
      1.818608,
      0.578648,
      1.901272,
      0.661312,
      1.983936,
      0.743976,
      2.0666,
      0.82664,
      2.149264,
      0.909304,
      2.231928,
      0.991968,
      2.314592,
      1.074632,
      2.397256,
      1.157296
    ],
    "SpacingBetweenSlices": 4.840000000000001,
    "TaskName": "rest",
    "dataset": "ds000258",
    "modality": "bold",
    "subject_id": "21306",
    "task_id": "rest"
  },
  "dummy_trs": 0,
  "dvars_nstd": 30.337551301218497,
  "dvars_std": 1.3748553974369746,
  "dvars_vstd": 0.9890567228571429,
  "efc": 0.43840228646116153,
  "fber": 3583.196044921875,
  "fd_mean": 0.2067350106637804,
  "fd_num": 112,
  "fd_perc": 46.86192468619247,
  "fwhm_avg": 2.7933834135911666,
  "fwhm_x": 2.7838933333333333,
  "fwhm_y": 2.7238933333333337,
  "fwhm_z": 2.8723635741068327,
  "gcor": 0.0374007,
  "gsr_x": -0.04706328734755516,
  "gsr_y": 0.08225393295288086,
  "provenance": {
    "md5sum": "26f30762fea2938656e1edabc828962b",
    "settings": {
      "fd_thres": 0.2,
      "testing": false
    },
    "software": "mriqc",
    "version": "22.0.0rc1",
    "webapi_port": null,
    "webapi_url": "https://mriqc.nimh.nih.gov/api/v1"
  },
  "size_t": 239,
  "size_x": 64,
  "size_y": 64,
  "size_z": 30,
  "snr": 3.0821805390533825,
  "spacing_tr": 2.4799201488494873,
  "spacing_x": 3.75,
  "spacing_y": 3.75,
  "spacing_z": 4.400000095367432,
  "summary_bg_k": 17.968248612946535,
  "summary_bg_mad": 10.263453326640018,
  "summary_bg_mean": 54.2730827331543,
  "summary_bg_median": 13.232217788696289,
  "summary_bg_n": 85652.0,
  "summary_bg_p05": 5.104602336883545,
  "summary_bg_p95": 293.25083923339804,
  "summary_bg_stdv": 111.50431060791016,
  "summary_fg_k": 4.029219174430266,
  "summary_fg_mad": 198.53223706579152,
  "summary_fg_mean": 831.965576171875,
  "summary_fg_median": 786.0878295898438,
  "summary_fg_n": 12413.0,
  "summary_fg_p05": 523.4577514648438,
  "summary_fg_p95": 1324.7539062499998,
  "summary_fg_stdv": 255.03248596191406,
  "tsnr": 87.05390339251608
}