{
  "aor": 0.00174836820083682,
  "aqi": 0.010041063974895398,
  "bids_meta": {
    "BodyPartExamined": "HEAD",
    "ECHO": "3",
    "EchoTime": 0.044,
    "FlipAngle": 78.0,
    "MagneticFieldStrength": 3,
    "Manufacturer": "Siemens",
    "ManufacturersModelName": "Trio",
    "Modality": "MR",
    "ParallelReductionFactorInPlane": 3,
    "PixelBandwidth": 1698.0,
    "PixelSpacing": [
      3.75,
      4.4
    ],
    "ReceiveCoilName": "32Ch_Head_3T",
    "RepetitionTime": 2.47,
    "SliceThickness": 4.4,
    "SliceTiming": [
      1.235,
      0.0,
      1.31733333333,
      0.0823333333333,
      1.39966666667,
      0.164666666667,
      1.482,
      0.247,
      1.56433333333,
      0.329333333333,
      1.64666666667,
      0.411666666667,
      1.729,
      0.494,
      1.81133333333,
      0.576333333333,
      1.89366666667,
      0.658666666667,
      1.976,
      0.741,
      2.05833333333,
      0.823333333333,
      2.14066666667,
      0.905666666667,
      2.223,
      0.988,
      2.30533333333,
      1.07033333333,
      2.38766666667,
      1.15266666667
    ],
    "SpacingBetweenSlices": 4.840000000000001,
    "TaskName": "rest",
    "dataset": "ds000258",
    "modality": "bold",
    "subject_id": "21324",
    "task_id": "rest"
  },
  "dummy_trs": 0,
  "dvars_nstd": 27.7133628620168,
  "dvars_std": 1.022440805588235,
  "dvars_vstd": 0.8873082555462181,
  "efc": 0.42305198182065484,
  "fber": 1924.56005859375,
  "fd_mean": 0.14357644289349145,
  "fd_num": 45,
  "fd_perc": 18.828451882845187,
  "fwhm_avg": 2.683316485178185,
  "fwhm_x": 2.710453333333333,
  "fwhm_y": 2.588928,
  "fwhm_z": 2.7505681222012233,
  "gcor": 0.0578559,
  "gsr_x": -0.01371795404702425,
  "gsr_y": 0.02642246149480343,
  "provenance": {
    "md5sum": "a80a80949830afcc06b91dd1be2159d4",
    "settings": {
      "fd_thres": 0.2,
      "testing": false
    },
    "software": "mriqc",
    "version": "22.0.0rc1",
    "webapi_port": null,
    "webapi_url": "https://mriqc.nimh.nih.gov/api/v1"
  },
  "size_t": 239,
  "size_x": 64,
  "size_y": 64,
  "size_z": 30,
  "snr": 1.7248356320541083,
  "spacing_tr": 2.4700000286102295,
  "spacing_x": 3.75,
  "spacing_y": 3.75,
  "spacing_z": 4.400000095367432,
  "summary_bg_k": 59.405328073627416,
  "summary_bg_mad": 6.6872178540757705,
  "summary_bg_mean": 20.190095901489258,
  "summary_bg_median": 12.016736030578613,
  "summary_bg_n": 77072.0,
  "summary_bg_p05": 6.1464433670043945,
  "summary_bg_p95": 59.79267749786376,
  "summary_bg_stdv": 27.12853240966797,
  "summary_fg_k": 6.183883979272599,
  "summary_fg_mad": 205.42411130673423,
  "summary_fg_mean": 620.8352661132812,
  "summary_fg_median": 533.1422729492188,
  "summary_fg_n": 17907.0,
  "summary_fg_p05": 315.1167388916016,
  "summary_fg_p95": 1241.3890747070316,
  "summary_fg_stdv": 309.08880615234375,
  "tsnr": 32.49978375050705
}