{
  "aor": 0.002978619246861924,
  "aqi": 0.014040038033472806,
  "bids_meta": {
    "BodyPartExamined": "HEAD",
    "ECHO": "1",
    "EchoTime": 0.012,
    "FlipAngle": 78.0,
    "MagneticFieldStrength": 3,
    "Manufacturer": "Siemens",
    "ManufacturersModelName": "Trio",
    "Modality": "MR",
    "ParallelReductionFactorInPlane": 3,
    "PixelBandwidth": 1698.0,
    "PixelSpacing": [
      3.75,
      4.4
    ],
    "ReceiveCoilName": "32Ch_Head_3T",
    "RepetitionTime": 2.47,
    "SliceThickness": 4.4,
    "SliceTiming": [
      1.235,
      0.0,
      1.31733333333,
      0.0823333333333,
      1.39966666667,
      0.164666666667,
      1.482,
      0.247,
      1.56433333333,
      0.329333333333,
      1.64666666667,
      0.411666666667,
      1.729,
      0.494,
      1.81133333333,
      0.576333333333,
      1.89366666667,
      0.658666666667,
      1.976,
      0.741,
      2.05833333333,
      0.823333333333,
      2.14066666667,
      0.905666666667,
      2.223,
      0.988,
      2.30533333333,
      1.07033333333,
      2.38766666667,
      1.15266666667
    ],
    "SpacingBetweenSlices": 4.840000000000001,
    "TaskName": "rest",
    "dataset": "ds000258",
    "modality": "bold",
    "subject_id": "21127",
    "task_id": "rest"
  },
  "dummy_trs": 0,
  "dvars_nstd": 40.16492419680673,
  "dvars_std": 1.0429906649999996,
  "dvars_vstd": 0.8693704003361347,
  "efc": 0.5268614631427013,
  "fber": 1414.85498046875,
  "fd_mean": 0.5563646940790619,
  "fd_num": 197,
  "fd_perc": 82.42677824267783,
  "fwhm_avg": 2.7378472093040176,
  "fwhm_x": 2.0987386666666668,
  "fwhm_y": 2.9286666666666665,
  "fwhm_z": 3.1861362945787195,
  "gcor": 0.0699156,
  "gsr_x": -0.031647250056266785,
  "gsr_y": 0.10033556073904037,
  "provenance": {
    "md5sum": "98d6e877ba962f83532461de532de061",
    "settings": {
      "fd_thres": 0.2,
      "testing": false
    },
    "software": "mriqc",
    "version": "22.0.0rc1",
    "webapi_port": null,
    "webapi_url": "https://mriqc.nimh.nih.gov/api/v1"
  },
  "size_t": 239,
  "size_x": 64,
  "size_y": 64,
  "size_z": 30,
  "snr": 2.5715242289541598,
  "spacing_tr": 2.4700000286102295,
  "spacing_x": 3.75,
  "spacing_y": 3.75,
  "spacing_z": 4.400000095367432,
  "summary_bg_k": 15.713078744710248,
  "summary_bg_mad": 19.04430160693512,
  "summary_bg_mean": 77.09525299072266,
  "summary_bg_median": 20.502092361450195,
  "summary_bg_n": 71783.0,
  "summary_bg_p05": 6.10502076148987,
  "summary_bg_p95": 403.5380554199213,
  "summary_bg_stdv": 147.13674926757812,
  "summary_fg_k": 4.104649303835831,
  "summary_fg_mad": 237.11396455499792,
  "summary_fg_mean": 894.2651977539062,
  "summary_fg_median": 825.7113037109375,
  "summary_fg_n": 20920.0,
  "summary_fg_p05": 529.7773895263672,
  "summary_fg_p95": 1526.7231872558589,
  "summary_fg_stdv": 321.09033203125,
  "tsnr": 29.113532664254308
}