{
  "aor": 0.0022038493723849375,
  "aqi": 0.016689759121338913,
  "bids_meta": {
    "BodyPartExamined": "HEAD",
    "ECHO": "2",
    "EchoTime": 0.028,
    "FlipAngle": 78.0,
    "MagneticFieldStrength": 3,
    "Manufacturer": "Siemens",
    "ManufacturersModelName": "Trio",
    "Modality": "MR",
    "ParallelReductionFactorInPlane": 3,
    "PixelBandwidth": 1698.0,
    "PixelSpacing": [
      3.75,
      4.4
    ],
    "ReceiveCoilName": "32Ch_Head_3T",
    "RepetitionTime": 2.47,
    "SliceThickness": 4.4,
    "SliceTiming": [
      1.235,
      0.0,
      1.31733333333,
      0.0823333333333,
      1.39966666667,
      0.164666666667,
      1.482,
      0.247,
      1.56433333333,
      0.329333333333,
      1.64666666667,
      0.411666666667,
      1.729,
      0.494,
      1.81133333333,
      0.576333333333,
      1.89366666667,
      0.658666666667,
      1.976,
      0.741,
      2.05833333333,
      0.823333333333,
      2.14066666667,
      0.905666666667,
      2.223,
      0.988,
      2.30533333333,
      1.07033333333,
      2.38766666667,
      1.15266666667
    ],
    "SpacingBetweenSlices": 4.840000000000001,
    "TaskName": "rest",
    "dataset": "ds000258",
    "modality": "bold",
    "subject_id": "21127",
    "task_id": "rest"
  },
  "dummy_trs": 0,
  "dvars_nstd": 48.26318158231092,
  "dvars_std": 1.0480770936134458,
  "dvars_vstd": 0.8672075355882356,
  "efc": 0.46965051917289863,
  "fber": 1781.22705078125,
  "fd_mean": 0.5736176620655717,
  "fd_num": 201,
  "fd_perc": 84.10041841004184,
  "fwhm_avg": 2.706594302438513,
  "fwhm_x": 2.4886293333333334,
  "fwhm_y": 2.75304,
  "fwhm_z": 2.878113573982205,
  "gcor": 0.0820303,
  "gsr_x": 0.0004564800765365362,
  "gsr_y": 0.04301992058753967,
  "provenance": {
    "md5sum": "55ce9885a65c361dd42a3e3555ebf316",
    "settings": {
      "fd_thres": 0.2,
      "testing": false
    },
    "software": "mriqc",
    "version": "22.0.0rc1",
    "webapi_port": null,
    "webapi_url": "https://mriqc.nimh.nih.gov/api/v1"
  },
  "size_t": 239,
  "size_x": 64,
  "size_y": 64,
  "size_z": 30,
  "snr": 2.4714804512278863,
  "spacing_tr": 2.4700000286102295,
  "spacing_x": 3.75,
  "spacing_y": 3.75,
  "spacing_z": 4.400000095367432,
  "summary_bg_k": 37.504576781446374,
  "summary_bg_mad": 10.154894696236946,
  "summary_bg_mean": 34.18204879760742,
  "summary_bg_median": 13.9163179397583,
  "summary_bg_n": 76117.0,
  "summary_bg_p05": 5.8200836181640625,
  "summary_bg_p95": 123.17238311767576,
  "summary_bg_stdv": 61.584449768066406,
  "summary_fg_k": 5.675100771644317,
  "summary_fg_mad": 180.61380292000212,
  "summary_fg_mean": 665.981689453125,
  "summary_fg_median": 609.94140625,
  "summary_fg_n": 18040.0,
  "summary_fg_p05": 390.14788513183595,
  "summary_fg_p95": 1138.94263305664,
  "summary_fg_stdv": 246.7850799560547,
  "tsnr": 24.877613403834403
}