{
  "aor": 0.000964058577405858,
  "aqi": 0.001754957313807531,
  "bids_meta": {
    "BodyPartExamined": "HEAD",
    "ECHO": "1",
    "EchoTime": 0.012,
    "FlipAngle": 78.0,
    "MagneticFieldStrength": 3,
    "Manufacturer": "Siemens",
    "ManufacturersModelName": "Trio",
    "Modality": "MR",
    "ParallelReductionFactorInPlane": 3,
    "PixelBandwidth": 1698.0,
    "PixelSpacing": [
      3.75,
      4.4
    ],
    "ReceiveCoilName": "32Ch_Head_3T",
    "RepetitionTime": 2.47,
    "SliceThickness": 4.4,
    "SliceTiming": [
      1.235,
      0.0,
      1.31733333333,
      0.0823333333333,
      1.39966666667,
      0.164666666667,
      1.482,
      0.247,
      1.56433333333,
      0.329333333333,
      1.64666666667,
      0.411666666667,
      1.729,
      0.494,
      1.81133333333,
      0.576333333333,
      1.89366666667,
      0.658666666667,
      1.976,
      0.741,
      2.05833333333,
      0.823333333333,
      2.14066666667,
      0.905666666667,
      2.223,
      0.988,
      2.30533333333,
      1.07033333333,
      2.38766666667,
      1.15266666667
    ],
    "SpacingBetweenSlices": 4.840000000000001,
    "TaskName": "rest",
    "dataset": "ds000258",
    "modality": "bold",
    "subject_id": "19774",
    "task_id": "rest"
  },
  "dummy_trs": 0,
  "dvars_nstd": 11.280619508781509,
  "dvars_std": 1.0697181276890753,
  "dvars_vstd": 0.9416441388235297,
  "efc": 0.4626914909434115,
  "fber": 5074.8056640625,
  "fd_mean": 0.05432882600633413,
  "fd_num": 5,
  "fd_perc": 2.092050209205021,
  "fwhm_avg": 3.237160985037175,
  "fwhm_x": 3.1413599999999997,
  "fwhm_y": 3.1009866666666666,
  "fwhm_z": 3.4691362884448598,
  "gcor": 0.0252357,
  "gsr_x": -0.019020389765501022,
  "gsr_y": 0.05126311257481575,
  "provenance": {
    "md5sum": "2cee39d94a838c82357f1b9d33b5e80a",
    "settings": {
      "fd_thres": 0.2,
      "testing": false
    },
    "software": "mriqc",
    "version": "22.0.0rc1",
    "webapi_port": null,
    "webapi_url": "https://mriqc.nimh.nih.gov/api/v1"
  },
  "size_t": 239,
  "size_x": 64,
  "size_y": 64,
  "size_z": 30,
  "snr": 2.737098244991224,
  "spacing_tr": 2.4700000286102295,
  "spacing_x": 3.75,
  "spacing_y": 3.75,
  "spacing_z": 4.400000095367432,
  "summary_bg_k": 20.060580215839373,
  "summary_bg_mad": 10.080453947162972,
  "summary_bg_mean": 59.17190170288086,
  "summary_bg_median": 13.05439281463623,
  "summary_bg_n": 78379.0,
  "summary_bg_p05": 5.359832286834717,
  "summary_bg_p95": 348.4899536132809,
  "summary_bg_stdv": 132.65167236328125,
  "summary_fg_k": 2.7048984086564465,
  "summary_fg_mad": 272.6437068743106,
  "summary_fg_mean": 1012.0873413085938,
  "summary_fg_median": 941.3012084960938,
  "summary_fg_n": 17375.0,
  "summary_fg_p05": 597.4175720214844,
  "summary_fg_p95": 1704.4848876953117,
  "summary_fg_stdv": 343.8948974609375,
  "tsnr": 107.36006933823228
}