{
  "aor": 0.001536652719665272,
  "aqi": 0.0077478471129707105,
  "bids_meta": {
    "BodyPartExamined": "HEAD",
    "ECHO": "4",
    "EchoTime": 0.06,
    "FlipAngle": 78.0,
    "MagneticFieldStrength": 3,
    "Manufacturer": "Siemens",
    "ManufacturersModelName": "Trio",
    "Modality": "MR",
    "ParallelReductionFactorInPlane": 3,
    "PixelBandwidth": 1698.0,
    "PixelSpacing": [
      3.75,
      4.4
    ],
    "ReceiveCoilName": "32Ch_Head_3T",
    "RepetitionTime": 2.47,
    "SliceThickness": 4.4,
    "SliceTiming": [
      1.235,
      0.0,
      1.31733333333,
      0.0823333333333,
      1.39966666667,
      0.164666666667,
      1.482,
      0.247,
      1.56433333333,
      0.329333333333,
      1.64666666667,
      0.411666666667,
      1.729,
      0.494,
      1.81133333333,
      0.576333333333,
      1.89366666667,
      0.658666666667,
      1.976,
      0.741,
      2.05833333333,
      0.823333333333,
      2.14066666667,
      0.905666666667,
      2.223,
      0.988,
      2.30533333333,
      1.07033333333,
      2.38766666667,
      1.15266666667
    ],
    "SpacingBetweenSlices": 4.840000000000001,
    "TaskName": "rest",
    "dataset": "ds000258",
    "modality": "bold",
    "subject_id": "19774",
    "task_id": "rest"
  },
  "dummy_trs": 0,
  "dvars_nstd": 22.363221457058817,
  "dvars_std": 1.000246007394957,
  "dvars_vstd": 0.935554946722689,
  "efc": 0.38640929133222085,
  "fber": 2201.75830078125,
  "fd_mean": 0.06606473371637823,
  "fd_num": 9,
  "fd_perc": 3.7656903765690375,
  "fwhm_avg": 2.3900003058106907,
  "fwhm_x": 2.442626666666667,
  "fwhm_y": 2.3160106666666667,
  "fwhm_z": 2.411363584098738,
  "gcor": 0.0265053,
  "gsr_x": -0.013719726353883743,
  "gsr_y": 0.02152261883020401,
  "provenance": {
    "md5sum": "7b6e67a92546aec1ee75e7bdc515add0",
    "settings": {
      "fd_thres": 0.2,
      "testing": false
    },
    "software": "mriqc",
    "version": "22.0.0rc1",
    "webapi_port": null,
    "webapi_url": "https://mriqc.nimh.nih.gov/api/v1"
  },
  "size_t": 239,
  "size_x": 64,
  "size_y": 64,
  "size_z": 30,
  "snr": 2.1506511267605983,
  "spacing_tr": 2.4700000286102295,
  "spacing_x": 3.75,
  "spacing_y": 3.75,
  "spacing_z": 4.400000095367432,
  "summary_bg_k": 72.2811538017118,
  "summary_bg_mad": 4.236892260246954,
  "summary_bg_mean": 14.389097213745117,
  "summary_bg_median": 8.945606231689453,
  "summary_bg_n": 84390.0,
  "summary_bg_p05": 5.066945552825928,
  "summary_bg_p95": 40.67405757904055,
  "summary_bg_stdv": 19.762842178344727,
  "summary_fg_k": 7.135949426587704,
  "summary_fg_mad": 136.81500599088463,
  "summary_fg_mean": 458.7262878417969,
  "summary_fg_median": 421.106689453125,
  "summary_fg_n": 12456.0,
  "summary_fg_p05": 227.5585708618164,
  "summary_fg_p95": 831.9842681884766,
  "summary_fg_stdv": 195.79641723632812,
  "tsnr": 42.990795410005376
}