{
  "aor": 0.003938619246861926,
  "aqi": 0.008108337238493725,
  "bids_meta": {
    "BodyPartExamined": "HEAD",
    "ECHO": "4",
    "EchoTime": 0.06,
    "FlipAngle": 78.0,
    "MagneticFieldStrength": 3,
    "Manufacturer": "Siemens",
    "ManufacturersModelName": "Trio",
    "Modality": "MR",
    "ParallelReductionFactorInPlane": 3,
    "PixelBandwidth": 1698.0,
    "PixelSpacing": [
      3.75,
      4.4
    ],
    "ReceiveCoilName": "32Ch_Head_3T",
    "RepetitionTime": 2.47,
    "SliceThickness": 4.4,
    "SliceTiming": [
      1.235,
      0.0,
      1.31733333333,
      0.0823333333333,
      1.39966666667,
      0.164666666667,
      1.482,
      0.247,
      1.56433333333,
      0.329333333333,
      1.64666666667,
      0.411666666667,
      1.729,
      0.494,
      1.81133333333,
      0.576333333333,
      1.89366666667,
      0.658666666667,
      1.976,
      0.741,
      2.05833333333,
      0.823333333333,
      2.14066666667,
      0.905666666667,
      2.223,
      0.988,
      2.30533333333,
      1.07033333333,
      2.38766666667,
      1.15266666667
    ],
    "SpacingBetweenSlices": 4.840000000000001,
    "TaskName": "rest",
    "dataset": "ds000258",
    "modality": "bold",
    "subject_id": "04800",
    "task_id": "rest"
  },
  "dummy_trs": 0,
  "dvars_nstd": 23.320750765420183,
  "dvars_std": 1.0347405067226896,
  "dvars_vstd": 0.9633093255462186,
  "efc": 0.38278438021023153,
  "fber": 2459.28759765625,
  "fd_mean": 0.10118424016086786,
  "fd_num": 10,
  "fd_perc": 4.184100418410042,
  "fwhm_avg": 2.1916738630088055,
  "fwhm_x": 2.1675173333333335,
  "fwhm_y": 2.2234906666666663,
  "fwhm_z": 2.1840135890264167,
  "gcor": 0.0235581,
  "gsr_x": -0.020870313048362732,
  "gsr_y": 0.0242304690182209,
  "provenance": {
    "md5sum": "b339a6ed05303487b779e1388dcfd5bc",
    "settings": {
      "fd_thres": 0.2,
      "testing": false
    },
    "software": "mriqc",
    "version": "22.0.0rc1",
    "webapi_port": null,
    "webapi_url": "https://mriqc.nimh.nih.gov/api/v1"
  },
  "size_t": 239,
  "size_x": 64,
  "size_y": 64,
  "size_z": 30,
  "snr": 1.8948360388084597,
  "spacing_tr": 2.4700000286102295,
  "spacing_x": 3.75,
  "spacing_y": 3.75,
  "spacing_z": 4.400000095367432,
  "summary_bg_k": 192.4320291096342,
  "summary_bg_mad": 4.150045073140564,
  "summary_bg_mean": 14.778388977050781,
  "summary_bg_median": 8.334728240966797,
  "summary_bg_n": 83878.0,
  "summary_bg_p05": 4.841003894805908,
  "summary_bg_p95": 43.21882667541499,
  "summary_bg_stdv": 23.69985580444336,
  "summary_fg_k": 6.798799812455783,
  "summary_fg_mad": 144.72119225985645,
  "summary_fg_mean": 473.5245361328125,
  "summary_fg_median": 416.0585632324219,
  "summary_fg_n": 12732.0,
  "summary_fg_p05": 244.90794677734377,
  "summary_fg_p95": 909.9953857421871,
  "summary_fg_stdv": 219.56634521484375,
  "tsnr": 40.19994404632598
}