{
  "aor": 0.002018410041841004,
  "aqi": 0.020145940167364016,
  "bids_meta": {
    "BodyPartExamined": "HEAD",
    "ECHO": "3",
    "EchoTime": 0.044,
    "FlipAngle": 78.0,
    "MagneticFieldStrength": 3,
    "Manufacturer": "Siemens",
    "ManufacturersModelName": "Trio",
    "Modality": "MR",
    "ParallelReductionFactorInPlane": 3,
    "PixelBandwidth": 1698.0,
    "PixelSpacing": [
      3.75,
      4.4
    ],
    "ReceiveCoilName": "32Ch_Head_3T",
    "RepetitionTime": 2.47,
    "SliceThickness": 4.4,
    "SliceTiming": [
      1.235,
      0.0,
      1.31733333333,
      0.0823333333333,
      1.39966666667,
      0.164666666667,
      1.482,
      0.247,
      1.56433333333,
      0.329333333333,
      1.64666666667,
      0.411666666667,
      1.729,
      0.494,
      1.81133333333,
      0.576333333333,
      1.89366666667,
      0.658666666667,
      1.976,
      0.741,
      2.05833333333,
      0.823333333333,
      2.14066666667,
      0.905666666667,
      2.223,
      0.988,
      2.30533333333,
      1.07033333333,
      2.38766666667,
      1.15266666667
    ],
    "SpacingBetweenSlices": 4.840000000000001,
    "TaskName": "rest",
    "dataset": "ds000258",
    "modality": "bold",
    "subject_id": "21384",
    "task_id": "rest"
  },
  "dummy_trs": 0,
  "dvars_nstd": 37.66575311609244,
  "dvars_std": 0.9855880957563025,
  "dvars_vstd": 0.8694437347058825,
  "efc": 0.4162006715865214,
  "fber": 1660.0885009765625,
  "fd_mean": 0.29764171671366607,
  "fd_num": 152,
  "fd_perc": 63.59832635983263,
  "fwhm_avg": 2.6793916571260588,
  "fwhm_x": 2.710266666666667,
  "fwhm_y": 2.609272,
  "fwhm_z": 2.7186363047115085,
  "gcor": 0.0165874,
  "gsr_x": -0.018595442175865173,
  "gsr_y": 0.03763512149453163,
  "provenance": {
    "md5sum": "ebc386eba5317ca9876f374967f2cb48",
    "settings": {
      "fd_thres": 0.2,
      "testing": false
    },
    "software": "mriqc",
    "version": "22.0.0rc1",
    "webapi_port": null,
    "webapi_url": "https://mriqc.nimh.nih.gov/api/v1"
  },
  "size_t": 239,
  "size_x": 64,
  "size_y": 64,
  "size_z": 30,
  "snr": 1.9091216175043189,
  "spacing_tr": 2.4700000286102295,
  "spacing_x": 3.75,
  "spacing_y": 3.75,
  "spacing_z": 4.400000095367432,
  "summary_bg_k": 64.4262500718344,
  "summary_bg_mad": 7.872059197164959,
  "summary_bg_mean": 21.055095672607422,
  "summary_bg_median": 11.171547889709473,
  "summary_bg_n": 81432.0,
  "summary_bg_p05": 4.6569037437438965,
  "summary_bg_p95": 70.7309608459472,
  "summary_bg_stdv": 32.34666442871094,
  "summary_fg_k": 5.256507220119117,
  "summary_fg_mad": 164.04775464796555,
  "summary_fg_mean": 532.570068359375,
  "summary_fg_median": 467.9539489746094,
  "summary_fg_n": 14165.0,
  "summary_fg_p05": 279.6694396972656,
  "summary_fg_p95": 1040.5907226562495,
  "summary_fg_stdv": 245.10614013671875,
  "tsnr": 21.878650611906778
}