{
  "aor": 0.0046438075313807526,
  "aqi": 0.010363542426778241,
  "bids_meta": {
    "BodyPartExamined": "HEAD",
    "ECHO": "3",
    "EchoTime": 0.044,
    "FlipAngle": 78.0,
    "MagneticFieldStrength": 3,
    "Manufacturer": "Siemens",
    "ManufacturersModelName": "Trio",
    "Modality": "MR",
    "ParallelReductionFactorInPlane": 3,
    "PixelBandwidth": 1698.0,
    "PixelSpacing": [
      3.75,
      4.4
    ],
    "ReceiveCoilName": "32Ch_Head_3T",
    "RepetitionTime": 2.47,
    "SliceThickness": 4.4,
    "SliceTiming": [
      1.235,
      0.0,
      1.31733333333,
      0.0823333333333,
      1.39966666667,
      0.164666666667,
      1.482,
      0.247,
      1.56433333333,
      0.329333333333,
      1.64666666667,
      0.411666666667,
      1.729,
      0.494,
      1.81133333333,
      0.576333333333,
      1.89366666667,
      0.658666666667,
      1.976,
      0.741,
      2.05833333333,
      0.823333333333,
      2.14066666667,
      0.905666666667,
      2.223,
      0.988,
      2.30533333333,
      1.07033333333,
      2.38766666667,
      1.15266666667
    ],
    "SpacingBetweenSlices": 4.840000000000001,
    "TaskName": "rest",
    "dataset": "ds000258",
    "modality": "bold",
    "subject_id": "21656",
    "task_id": "rest"
  },
  "dummy_trs": 0,
  "dvars_nstd": 22.348714427899164,
  "dvars_std": 0.9721007368487394,
  "dvars_vstd": 0.9318181610504199,
  "efc": 0.41958245204975647,
  "fber": 1625.757080078125,
  "fd_mean": 0.13916948544257723,
  "fd_num": 37,
  "fd_perc": 15.481171548117155,
  "fwhm_avg": 2.833888969282187,
  "fwhm_x": 2.8424,
  "fwhm_y": 2.8056533333333333,
  "fwhm_z": 2.853613574513228,
  "gcor": 0.0104115,
  "gsr_x": -0.013380087912082672,
  "gsr_y": 0.03373418003320694,
  "provenance": {
    "md5sum": "08b94cca69de9d45a654a6d0b452d7f6",
    "settings": {
      "fd_thres": 0.2,
      "testing": false
    },
    "software": "mriqc",
    "version": "22.0.0rc1",
    "webapi_port": null,
    "webapi_url": "https://mriqc.nimh.nih.gov/api/v1"
  },
  "size_t": 239,
  "size_x": 64,
  "size_y": 64,
  "size_z": 30,
  "snr": 1.85940320783674,
  "spacing_tr": 2.4700000286102295,
  "spacing_x": 3.75,
  "spacing_y": 3.75,
  "spacing_z": 4.400000095367432,
  "summary_bg_k": 43.508032335155754,
  "summary_bg_mad": 8.461378789421321,
  "summary_bg_mean": 25.113521575927734,
  "summary_bg_median": 12.50627613067627,
  "summary_bg_n": 80833.0,
  "summary_bg_p05": 5.606694221496582,
  "summary_bg_p95": 82.5481185913086,
  "summary_bg_stdv": 40.747352600097656,
  "summary_fg_k": 3.978711167959598,
  "summary_fg_mad": 189.4908429824183,
  "summary_fg_mean": 580.2355346679688,
  "summary_fg_median": 505.3953857421875,
  "summary_fg_n": 14772.0,
  "summary_fg_p05": 290.5625564575195,
  "summary_fg_p95": 1142.3957397460933,
  "summary_fg_stdv": 271.79595947265625,
  "tsnr": 34.03106158506125
}