{
  "aor": 0.000981213389121339,
  "aqi": 0.002226290748953975,
  "bids_meta": {
    "BodyPartExamined": "HEAD",
    "ECHO": "2",
    "EchoTime": 0.028,
    "FlipAngle": 78.0,
    "MagneticFieldStrength": 3,
    "Manufacturer": "Siemens",
    "ManufacturersModelName": "Trio",
    "Modality": "MR",
    "ParallelReductionFactorInPlane": 3,
    "PixelBandwidth": 1698.0,
    "PixelSpacing": [
      3.75,
      4.4
    ],
    "ReceiveCoilName": "32Ch_Head_3T",
    "RepetitionTime": 2.47,
    "SliceThickness": 4.4,
    "SliceTiming": [
      1.235,
      0.0,
      1.31733333333,
      0.0823333333333,
      1.39966666667,
      0.164666666667,
      1.482,
      0.247,
      1.56433333333,
      0.329333333333,
      1.64666666667,
      0.411666666667,
      1.729,
      0.494,
      1.81133333333,
      0.576333333333,
      1.89366666667,
      0.658666666667,
      1.976,
      0.741,
      2.05833333333,
      0.823333333333,
      2.14066666667,
      0.905666666667,
      2.223,
      0.988,
      2.30533333333,
      1.07033333333,
      2.38766666667,
      1.15266666667
    ],
    "SpacingBetweenSlices": 4.840000000000001,
    "TaskName": "rest",
    "dataset": "ds000258",
    "modality": "bold",
    "subject_id": "21261",
    "task_id": "rest"
  },
  "dummy_trs": 0,
  "dvars_nstd": 19.337437220882343,
  "dvars_std": 1.0849404180672282,
  "dvars_vstd": 0.953691299579832,
  "efc": 0.40417657978130184,
  "fber": 2709.8759765625,
  "fd_mean": 0.11145803315566302,
  "fd_num": 17,
  "fd_perc": 7.112970711297071,
  "fwhm_avg": 3.2912556318415516,
  "fwhm_x": 3.3917599999999997,
  "fwhm_y": 3.0598933333333336,
  "fwhm_z": 3.4221135621913223,
  "gcor": 0.0150548,
  "gsr_x": -0.028737446293234825,
  "gsr_y": 0.03541480749845505,
  "provenance": {
    "md5sum": "350b5ef47e026caac70a3cbe5443fa2c",
    "settings": {
      "fd_thres": 0.2,
      "testing": false
    },
    "software": "mriqc",
    "version": "22.0.0rc1",
    "webapi_port": null,
    "webapi_url": "https://mriqc.nimh.nih.gov/api/v1"
  },
  "size_t": 239,
  "size_x": 64,
  "size_y": 64,
  "size_z": 30,
  "snr": 1.9350487412427801,
  "spacing_tr": 2.4700000286102295,
  "spacing_x": 3.75,
  "spacing_y": 3.75,
  "spacing_z": 4.400000095367432,
  "summary_bg_k": 44.53589013402618,
  "summary_bg_mad": 8.908019042106197,
  "summary_bg_mean": 31.308151245117188,
  "summary_bg_median": 13.707112312316895,
  "summary_bg_n": 82181.0,
  "summary_bg_p05": 6.476987361907959,
  "summary_bg_p95": 111.63179779052734,
  "summary_bg_stdv": 52.76375961303711,
  "summary_fg_k": 2.7617570896439947,
  "summary_fg_mad": 286.2414061520183,
  "summary_fg_mean": 832.283203125,
  "summary_fg_median": 735.1798706054688,
  "summary_fg_n": 14575.0,
  "summary_fg_p05": 411.3782196044922,
  "summary_fg_p95": 1623.2145751953117,
  "summary_fg_stdv": 379.9153137207031,
  "tsnr": 73.83969778660685
}