{
  "aor": 0.0014434309623430966,
  "aqi": 0.007334198410041842,
  "bids_meta": {
    "BodyPartExamined": "HEAD",
    "ECHO": "3",
    "EchoTime": 0.044,
    "FlipAngle": 78.0,
    "MagneticFieldStrength": 3,
    "Manufacturer": "Siemens",
    "ManufacturersModelName": "Trio",
    "Modality": "MR",
    "ParallelReductionFactorInPlane": 3,
    "PixelBandwidth": 1698.0,
    "PixelSpacing": [
      3.75,
      4.4
    ],
    "ReceiveCoilName": "32Ch_Head_3T",
    "RepetitionTime": 2.47,
    "SliceThickness": 4.4,
    "SliceTiming": [
      1.235,
      0.0,
      1.31733333333,
      0.0823333333333,
      1.39966666667,
      0.164666666667,
      1.482,
      0.247,
      1.56433333333,
      0.329333333333,
      1.64666666667,
      0.411666666667,
      1.729,
      0.494,
      1.81133333333,
      0.576333333333,
      1.89366666667,
      0.658666666667,
      1.976,
      0.741,
      2.05833333333,
      0.823333333333,
      2.14066666667,
      0.905666666667,
      2.223,
      0.988,
      2.30533333333,
      1.07033333333,
      2.38766666667,
      1.15266666667
    ],
    "SpacingBetweenSlices": 4.840000000000001,
    "TaskName": "rest",
    "dataset": "ds000258",
    "modality": "bold",
    "subject_id": "21452",
    "task_id": "rest"
  },
  "dummy_trs": 0,
  "dvars_nstd": 23.287154254075638,
  "dvars_std": 1.0480288468487398,
  "dvars_vstd": 0.9094936938235292,
  "efc": 0.41736738376626586,
  "fber": 3112.775146484375,
  "fd_mean": 0.08461858345290436,
  "fd_num": 6,
  "fd_perc": 2.510460251046025,
  "fwhm_avg": 2.6817053350252387,
  "fwhm_x": 2.6934400000000003,
  "fwhm_y": 2.7896533333333333,
  "fwhm_z": 2.5620226717423815,
  "gcor": 0.0183214,
  "gsr_x": -0.0067489068023860455,
  "gsr_y": 0.018919654190540314,
  "provenance": {
    "md5sum": "b0519f39baa68a5d8713acf38b0ec81a",
    "settings": {
      "fd_thres": 0.2,
      "testing": false
    },
    "software": "mriqc",
    "version": "22.0.0rc1",
    "webapi_port": null,
    "webapi_url": "https://mriqc.nimh.nih.gov/api/v1"
  },
  "size_t": 239,
  "size_x": 64,
  "size_y": 64,
  "size_z": 30,
  "snr": 2.4113052193531352,
  "spacing_tr": 2.4700000286102295,
  "spacing_x": 3.75,
  "spacing_y": 3.75,
  "spacing_z": 4.400000095367432,
  "summary_bg_k": 61.1484172343375,
  "summary_bg_mad": 4.795194696982535,
  "summary_bg_mean": 16.940975189208984,
  "summary_bg_median": 9.108786582946777,
  "summary_bg_n": 79974.0,
  "summary_bg_p05": 4.966526985168457,
  "summary_bg_p95": 48.722593498229905,
  "summary_bg_stdv": 29.674062728881836,
  "summary_fg_k": 2.9403149916741045,
  "summary_fg_mad": 177.81611968398022,
  "summary_fg_mean": 538.3931884765625,
  "summary_fg_median": 503.49578857421875,
  "summary_fg_n": 16156.0,
  "summary_fg_p05": 278.92677307128906,
  "summary_fg_p95": 938.8012542724609,
  "summary_fg_stdv": 208.79986572265625,
  "tsnr": 40.660056236665696
}