{
  "aor": 0.0054769037656903765,
  "aqi": 0.0024139659958158995,
  "bids_meta": {
    "BodyPartExamined": "HEAD",
    "ECHO": "2",
    "EchoTime": 0.028,
    "FlipAngle": 78.0,
    "MagneticFieldStrength": 3,
    "Manufacturer": "Siemens",
    "ManufacturersModelName": "Trio",
    "Modality": "MR",
    "ParallelReductionFactorInPlane": 3,
    "PixelBandwidth": 1698.0,
    "PixelSpacing": [
      3.75,
      4.4
    ],
    "ReceiveCoilName": "32Ch_Head_3T",
    "RepetitionTime": 2.47,
    "SliceThickness": 4.4,
    "SliceTiming": [
      1.235,
      0.0,
      1.31733333333,
      0.0823333333333,
      1.39966666667,
      0.164666666667,
      1.482,
      0.247,
      1.56433333333,
      0.329333333333,
      1.64666666667,
      0.411666666667,
      1.729,
      0.494,
      1.81133333333,
      0.576333333333,
      1.89366666667,
      0.658666666667,
      1.976,
      0.741,
      2.05833333333,
      0.823333333333,
      2.14066666667,
      0.905666666667,
      2.223,
      0.988,
      2.30533333333,
      1.07033333333,
      2.38766666667,
      1.15266666667
    ],
    "SpacingBetweenSlices": 4.840000000000001,
    "TaskName": "rest",
    "dataset": "ds000258",
    "modality": "bold",
    "subject_id": "19979",
    "task_id": "rest"
  },
  "dummy_trs": 0,
  "dvars_nstd": 19.024244909663867,
  "dvars_std": 1.1300092071428578,
  "dvars_vstd": 0.9715993833193277,
  "efc": 0.4266654525486549,
  "fber": 3575.428955078125,
  "fd_mean": 0.09740806757122142,
  "fd_num": 15,
  "fd_perc": 6.2761506276150625,
  "fwhm_avg": 3.087135128438795,
  "fwhm_x": 3.1781066666666664,
  "fwhm_y": 2.8892533333333335,
  "fwhm_z": 3.1940453853163855,
  "gcor": 0.0326325,
  "gsr_x": -0.008960112929344177,
  "gsr_y": 0.023546060547232628,
  "provenance": {
    "md5sum": "b696802db3e33309aff259ca1b6f4d0d",
    "settings": {
      "fd_thres": 0.2,
      "testing": false
    },
    "software": "mriqc",
    "version": "22.0.0rc1",
    "webapi_port": null,
    "webapi_url": "https://mriqc.nimh.nih.gov/api/v1"
  },
  "size_t": 239,
  "size_x": 64,
  "size_y": 64,
  "size_z": 30,
  "snr": 1.9832833194997166,
  "spacing_tr": 2.4700000286102295,
  "spacing_x": 3.75,
  "spacing_y": 3.75,
  "spacing_z": 4.400000095367432,
  "summary_bg_k": 48.70522431169164,
  "summary_bg_mad": 7.946499946238934,
  "summary_bg_mean": 25.505409240722656,
  "summary_bg_median": 11.652719497680664,
  "summary_bg_n": 77386.0,
  "summary_bg_p05": 5.112970352172852,
  "summary_bg_p95": 96.38179588317871,
  "summary_bg_stdv": 43.886783599853516,
  "summary_fg_k": 4.711713791397809,
  "summary_fg_mad": 246.6268612543089,
  "summary_fg_mean": 785.3976440429688,
  "summary_fg_median": 693.2824096679688,
  "summary_fg_n": 18390.0,
  "summary_fg_p05": 417.3627426147461,
  "summary_fg_p95": 1488.9457397460933,
  "summary_fg_stdv": 349.553466796875,
  "tsnr": 71.82558934763074
}