{
  "aor": 0.007185564853556487,
  "aqi": 0.008628612426778242,
  "bids_meta": {
    "BodyPartExamined": "HEAD",
    "ECHO": "4",
    "EchoTime": 0.06,
    "FlipAngle": 78.0,
    "MagneticFieldStrength": 3,
    "Manufacturer": "Siemens",
    "ManufacturersModelName": "Trio",
    "Modality": "MR",
    "ParallelReductionFactorInPlane": 3,
    "PixelBandwidth": 1698.0,
    "PixelSpacing": [
      3.75,
      4.4
    ],
    "ReceiveCoilName": "32Ch_Head_3T",
    "RepetitionTime": 2.47,
    "SliceThickness": 4.4,
    "SliceTiming": [
      1.235,
      0.0,
      1.31733333333,
      0.0823333333333,
      1.39966666667,
      0.164666666667,
      1.482,
      0.247,
      1.56433333333,
      0.329333333333,
      1.64666666667,
      0.411666666667,
      1.729,
      0.494,
      1.81133333333,
      0.576333333333,
      1.89366666667,
      0.658666666667,
      1.976,
      0.741,
      2.05833333333,
      0.823333333333,
      2.14066666667,
      0.905666666667,
      2.223,
      0.988,
      2.30533333333,
      1.07033333333,
      2.38766666667,
      1.15266666667
    ],
    "SpacingBetweenSlices": 4.840000000000001,
    "TaskName": "rest",
    "dataset": "ds000258",
    "modality": "bold",
    "subject_id": "21254",
    "task_id": "rest"
  },
  "dummy_trs": 0,
  "dvars_nstd": 31.043229199327733,
  "dvars_std": 1.0726795131512608,
  "dvars_vstd": 0.9704540843697481,
  "efc": 0.3728047908144803,
  "fber": 2219.3837890625,
  "fd_mean": 0.15445060005167413,
  "fd_num": 25,
  "fd_perc": 10.460251046025105,
  "fwhm_avg": 2.220187428215184,
  "fwhm_x": 2.2083706666666667,
  "fwhm_y": 2.2058666666666666,
  "fwhm_z": 2.246324951312218,
  "gcor": 0.0186971,
  "gsr_x": -0.017414024099707603,
  "gsr_y": 0.020725684240460396,
  "provenance": {
    "md5sum": "87739b1e01f264c230e7b5b3a9b96053",
    "settings": {
      "fd_thres": 0.2,
      "testing": false
    },
    "software": "mriqc",
    "version": "22.0.0rc1",
    "webapi_port": null,
    "webapi_url": "https://mriqc.nimh.nih.gov/api/v1"
  },
  "size_t": 239,
  "size_x": 64,
  "size_y": 64,
  "size_z": 30,
  "snr": 1.9772293403796608,
  "spacing_tr": 2.4700000286102295,
  "spacing_x": 3.75,
  "spacing_y": 3.75,
  "spacing_z": 4.400000095367432,
  "summary_bg_k": 69.77632143758868,
  "summary_bg_mad": 4.044588582465466,
  "summary_bg_mean": 13.679266929626465,
  "summary_bg_median": 8.481171607971191,
  "summary_bg_n": 85162.0,
  "summary_bg_p05": 4.711297035217285,
  "summary_bg_p95": 39.150208663940404,
  "summary_bg_stdv": 18.67770767211914,
  "summary_fg_k": 9.770580256014933,
  "summary_fg_mad": 147.74532886818125,
  "summary_fg_mean": 453.00384521484375,
  "summary_fg_median": 408.5355529785156,
  "summary_fg_n": 12059.0,
  "summary_fg_p05": 230.77154541015625,
  "summary_fg_p95": 830.3802917480471,
  "summary_fg_stdv": 206.6116485595703,
  "tsnr": 37.86982760112733
}