{
  "aor": 0.006325062761506274,
  "aqi": 0.0034515527782426774,
  "bids_meta": {
    "BodyPartExamined": "HEAD",
    "ECHO": "2",
    "EchoTime": 0.028,
    "FlipAngle": 78.0,
    "MagneticFieldStrength": 3,
    "Manufacturer": "Siemens",
    "ManufacturersModelName": "Trio",
    "Modality": "MR",
    "ParallelReductionFactorInPlane": 3,
    "PixelBandwidth": 1698.0,
    "PixelSpacing": [
      3.75,
      4.4
    ],
    "ReceiveCoilName": "32Ch_Head_3T",
    "RepetitionTime": 2.47,
    "SliceThickness": 4.4,
    "SliceTiming": [
      1.235,
      0.0,
      1.31733333333,
      0.0823333333333,
      1.39966666667,
      0.164666666667,
      1.482,
      0.247,
      1.56433333333,
      0.329333333333,
      1.64666666667,
      0.411666666667,
      1.729,
      0.494,
      1.81133333333,
      0.576333333333,
      1.89366666667,
      0.658666666667,
      1.976,
      0.741,
      2.05833333333,
      0.823333333333,
      2.14066666667,
      0.905666666667,
      2.223,
      0.988,
      2.30533333333,
      1.07033333333,
      2.38766666667,
      1.15266666667
    ],
    "SpacingBetweenSlices": 4.840000000000001,
    "TaskName": "rest",
    "dataset": "ds000258",
    "modality": "bold",
    "subject_id": "21254",
    "task_id": "rest"
  },
  "dummy_trs": 0,
  "dvars_nstd": 19.637034103739488,
  "dvars_std": 1.1045967463865547,
  "dvars_vstd": 0.9678730034453785,
  "efc": 0.40663932516583334,
  "fber": 4933.55224609375,
  "fd_mean": 0.1436623653908412,
  "fd_num": 23,
  "fd_perc": 9.623430962343097,
  "fwhm_avg": 2.8200197770258923,
  "fwhm_x": 2.802,
  "fwhm_y": 2.7577866666666666,
  "fwhm_z": 2.9002726644110104,
  "gcor": 0.0221144,
  "gsr_x": -0.01723274402320385,
  "gsr_y": 0.025819096714258194,
  "provenance": {
    "md5sum": "84d58c661054d4cdda1b59e7e7b0e895",
    "settings": {
      "fd_thres": 0.2,
      "testing": false
    },
    "software": "mriqc",
    "version": "22.0.0rc1",
    "webapi_port": null,
    "webapi_url": "https://mriqc.nimh.nih.gov/api/v1"
  },
  "size_t": 239,
  "size_x": 64,
  "size_y": 64,
  "size_z": 30,
  "snr": 2.5164049904935117,
  "spacing_tr": 2.4700000286102295,
  "spacing_x": 3.75,
  "spacing_y": 3.75,
  "spacing_z": 4.400000095367432,
  "summary_bg_k": 48.4022061702284,
  "summary_bg_mad": 6.228169749438821,
  "summary_bg_mean": 26.982166290283203,
  "summary_bg_median": 9.933053970336914,
  "summary_bg_n": 82018.0,
  "summary_bg_p05": 4.7740583419799805,
  "summary_bg_p95": 111.2039741516112,
  "summary_bg_stdv": 57.72951889038086,
  "summary_fg_k": 3.067907302423362,
  "summary_fg_mad": 225.55398366458385,
  "summary_fg_mean": 762.9866333007812,
  "summary_fg_median": 701.2928466796875,
  "summary_fg_n": 14727.0,
  "summary_fg_p05": 432.023828125,
  "summary_fg_p95": 1301.1283935546871,
  "summary_fg_stdv": 278.6789245605469,
  "tsnr": 64.72113974019885
}