{
  "aor": 0.008106401673640169,
  "aqi": 0.006075780585774061,
  "bids_meta": {
    "BodyPartExamined": "HEAD",
    "ECHO": "2",
    "EchoTime": 0.028,
    "FlipAngle": 78.0,
    "MagneticFieldStrength": 3,
    "Manufacturer": "Siemens",
    "ManufacturersModelName": "Trio",
    "Modality": "MR",
    "ParallelReductionFactorInPlane": 3,
    "PixelBandwidth": 1698.0,
    "PixelSpacing": [
      3.75,
      4.4
    ],
    "ReceiveCoilName": "32Ch_Head_3T",
    "RepetitionTime": 2.47,
    "SliceThickness": 4.4,
    "SliceTiming": [
      1.235,
      0.0,
      1.31733333333,
      0.0823333333333,
      1.39966666667,
      0.164666666667,
      1.482,
      0.247,
      1.56433333333,
      0.329333333333,
      1.64666666667,
      0.411666666667,
      1.729,
      0.494,
      1.81133333333,
      0.576333333333,
      1.89366666667,
      0.658666666667,
      1.976,
      0.741,
      2.05833333333,
      0.823333333333,
      2.14066666667,
      0.905666666667,
      2.223,
      0.988,
      2.30533333333,
      1.07033333333,
      2.38766666667,
      1.15266666667
    ],
    "SpacingBetweenSlices": 4.840000000000001,
    "TaskName": "rest",
    "dataset": "ds000258",
    "modality": "bold",
    "subject_id": "21456",
    "task_id": "rest"
  },
  "dummy_trs": 0,
  "dvars_nstd": 22.85834475105041,
  "dvars_std": 1.0488877884873944,
  "dvars_vstd": 0.9809209621008403,
  "efc": 0.4460587924249777,
  "fber": 3199.49560546875,
  "fd_mean": 0.18224427574272264,
  "fd_num": 48,
  "fd_perc": 20.0836820083682,
  "fwhm_avg": 2.442720447277868,
  "fwhm_x": 2.3888746666666667,
  "fwhm_y": 2.5352639999999997,
  "fwhm_z": 2.404022675166939,
  "gcor": 0.0553273,
  "gsr_x": 0.001749842893332243,
  "gsr_y": 0.015104860067367554,
  "provenance": {
    "md5sum": "a538103d4c793761c359e3690fbb2561",
    "settings": {
      "fd_thres": 0.2,
      "testing": false
    },
    "software": "mriqc",
    "version": "22.0.0rc1",
    "webapi_port": null,
    "webapi_url": "https://mriqc.nimh.nih.gov/api/v1"
  },
  "size_t": 239,
  "size_x": 64,
  "size_y": 64,
  "size_z": 30,
  "snr": 3.434075776914154,
  "spacing_tr": 2.4700000286102295,
  "spacing_x": 3.75,
  "spacing_y": 3.75,
  "spacing_z": 4.400000095367432,
  "summary_bg_k": 50.04064988301855,
  "summary_bg_mad": 7.692162664375715,
  "summary_bg_mean": 28.912681579589844,
  "summary_bg_median": 11.711297035217285,
  "summary_bg_n": 79490.0,
  "summary_bg_p05": 5.2635979652404785,
  "summary_bg_p95": 105.61129264831546,
  "summary_bg_stdv": 61.344879150390625,
  "summary_fg_k": 0.5139104177702061,
  "summary_fg_mad": 181.41403620056852,
  "summary_fg_mean": 683.6954956054688,
  "summary_fg_median": 659.2363891601562,
  "summary_fg_n": 16596.0,
  "summary_fg_p05": 407.4027099609375,
  "summary_fg_p95": 1032.0428161621094,
  "summary_fg_stdv": 191.9633026123047,
  "tsnr": 47.3785260587465
}