{
  "aor": 0.0009709205020920501,
  "aqi": 0.006477946736401673,
  "bids_meta": {
    "BodyPartExamined": "HEAD",
    "ECHO": "1",
    "EchoTime": 0.012,
    "FlipAngle": 78.0,
    "MagneticFieldStrength": 3,
    "Manufacturer": "Siemens",
    "ManufacturersModelName": "Trio",
    "Modality": "MR",
    "ParallelReductionFactorInPlane": 3,
    "PixelBandwidth": 1698.0,
    "PixelSpacing": [
      3.75,
      4.4
    ],
    "ReceiveCoilName": "32Ch_Head_3T",
    "RepetitionTime": 2.47,
    "SliceThickness": 4.4,
    "SliceTiming": [
      1.235,
      0.0,
      1.31733333333,
      0.0823333333333,
      1.39966666667,
      0.164666666667,
      1.482,
      0.247,
      1.56433333333,
      0.329333333333,
      1.64666666667,
      0.411666666667,
      1.729,
      0.494,
      1.81133333333,
      0.576333333333,
      1.89366666667,
      0.658666666667,
      1.976,
      0.741,
      2.05833333333,
      0.823333333333,
      2.14066666667,
      0.905666666667,
      2.223,
      0.988,
      2.30533333333,
      1.07033333333,
      2.38766666667,
      1.15266666667
    ],
    "SpacingBetweenSlices": 4.840000000000001,
    "TaskName": "rest",
    "dataset": "ds000258",
    "modality": "bold",
    "subject_id": "20094",
    "task_id": "rest"
  },
  "dummy_trs": 0,
  "dvars_nstd": 44.11381243037812,
  "dvars_std": 1.228223100336135,
  "dvars_vstd": 0.9625455281932769,
  "efc": 0.5288569055769066,
  "fber": 1085.732177734375,
  "fd_mean": 0.47131817975971074,
  "fd_num": 182,
  "fd_perc": 76.15062761506276,
  "fwhm_avg": 3.274539872562382,
  "fwhm_x": 2.9847733333333335,
  "fwhm_y": 3.18096,
  "fwhm_z": 3.6578862843538134,
  "gcor": 0.027625,
  "gsr_x": -0.034166619181632996,
  "gsr_y": 0.14053408801555634,
  "provenance": {
    "md5sum": "e57e9fa2dd1be8ab14cd63421988e414",
    "settings": {
      "fd_thres": 0.2,
      "testing": false
    },
    "software": "mriqc",
    "version": "22.0.0rc1",
    "webapi_port": null,
    "webapi_url": "https://mriqc.nimh.nih.gov/api/v1"
  },
  "size_t": 239,
  "size_x": 64,
  "size_y": 64,
  "size_z": 30,
  "snr": 1.9240370333741117,
  "spacing_tr": 2.4700000286102295,
  "spacing_x": 3.75,
  "spacing_y": 3.75,
  "spacing_z": 4.400000095367432,
  "summary_bg_k": 22.43606366292879,
  "summary_bg_mad": 21.89784880861442,
  "summary_bg_mean": 93.71714782714844,
  "summary_bg_median": 24.535564422607422,
  "summary_bg_n": 70917.0,
  "summary_bg_p05": 7.364016532897949,
  "summary_bg_p95": 451.1179687499999,
  "summary_bg_stdv": 180.40614318847656,
  "summary_fg_k": 5.128945072048188,
  "summary_fg_mad": 308.2075190016841,
  "summary_fg_mean": 951.0848388671875,
  "summary_fg_median": 843.702880859375,
  "summary_fg_n": 22859.0,
  "summary_fg_p05": 495.90039672851566,
  "summary_fg_p95": 1843.4096069335933,
  "summary_fg_stdv": 438.4969787597656,
  "tsnr": 56.20007582847029
}