{
  "aor": 0.0005410878661087867,
  "aqi": 0.008136216527196653,
  "bids_meta": {
    "BodyPartExamined": "HEAD",
    "ECHO": "3",
    "EchoTime": 0.044,
    "FlipAngle": 78.0,
    "MagneticFieldStrength": 3,
    "Manufacturer": "Siemens",
    "ManufacturersModelName": "Trio",
    "Modality": "MR",
    "ParallelReductionFactorInPlane": 3,
    "PixelBandwidth": 1698.0,
    "PixelSpacing": [
      3.75,
      4.4
    ],
    "ReceiveCoilName": "32Ch_Head_3T",
    "RepetitionTime": 2.47,
    "SliceThickness": 4.4,
    "SliceTiming": [
      1.235,
      0.0,
      1.31733333333,
      0.0823333333333,
      1.39966666667,
      0.164666666667,
      1.482,
      0.247,
      1.56433333333,
      0.329333333333,
      1.64666666667,
      0.411666666667,
      1.729,
      0.494,
      1.81133333333,
      0.576333333333,
      1.89366666667,
      0.658666666667,
      1.976,
      0.741,
      2.05833333333,
      0.823333333333,
      2.14066666667,
      0.905666666667,
      2.223,
      0.988,
      2.30533333333,
      1.07033333333,
      2.38766666667,
      1.15266666667
    ],
    "SpacingBetweenSlices": 4.840000000000001,
    "TaskName": "rest",
    "dataset": "ds000258",
    "modality": "bold",
    "subject_id": "20094",
    "task_id": "rest"
  },
  "dummy_trs": 0,
  "dvars_nstd": 68.84372401852939,
  "dvars_std": 1.2003360179411764,
  "dvars_vstd": 0.9578502762605045,
  "efc": 0.44768011911807853,
  "fber": 841.4085083007812,
  "fd_mean": 0.48535333590079593,
  "fd_num": 184,
  "fd_perc": 76.98744769874477,
  "fwhm_avg": 2.7513255356385735,
  "fwhm_x": 2.7464,
  "fwhm_y": 2.7508266666666668,
  "fwhm_z": 2.7567499402490543,
  "gcor": 0.0294762,
  "gsr_x": -0.01583116501569748,
  "gsr_y": 0.04053923115134239,
  "provenance": {
    "md5sum": "318574e9773d1a7a48fc66aae59b6767",
    "settings": {
      "fd_thres": 0.2,
      "testing": false
    },
    "software": "mriqc",
    "version": "22.0.0rc1",
    "webapi_port": null,
    "webapi_url": "https://mriqc.nimh.nih.gov/api/v1"
  },
  "size_t": 239,
  "size_x": 64,
  "size_y": 64,
  "size_z": 30,
  "snr": 1.6247068610552866,
  "spacing_tr": 2.4700000286102295,
  "spacing_x": 3.75,
  "spacing_y": 3.75,
  "spacing_z": 4.400000095367432,
  "summary_bg_k": 142.615229863762,
  "summary_bg_mad": 8.610258873649613,
  "summary_bg_mean": 26.386951446533203,
  "summary_bg_median": 14.974895477294922,
  "summary_bg_n": 76905.0,
  "summary_bg_p05": 7.196652412414551,
  "summary_bg_p95": 78.01589508056642,
  "summary_bg_stdv": 42.017520904541016,
  "summary_fg_k": 7.427749985261933,
  "summary_fg_mad": 173.9514361178219,
  "summary_fg_mean": 527.0250244140625,
  "summary_fg_median": 448.47906494140625,
  "summary_fg_n": 18052.0,
  "summary_fg_p05": 256.69517974853517,
  "summary_fg_p95": 1074.6550231933595,
  "summary_fg_stdv": 276.0292663574219,
  "tsnr": 32.892720964504406
}