{
  "aor": 0.0005294979079497907,
  "aqi": 0.0062779792468619245,
  "bids_meta": {
    "BodyPartExamined": "HEAD",
    "ECHO": "2",
    "EchoTime": 0.028,
    "FlipAngle": 78.0,
    "MagneticFieldStrength": 3,
    "Manufacturer": "Siemens",
    "ManufacturersModelName": "Trio",
    "Modality": "MR",
    "ParallelReductionFactorInPlane": 3,
    "PixelBandwidth": 1698.0,
    "PixelSpacing": [
      3.75,
      4.4
    ],
    "ReceiveCoilName": "32Ch_Head_3T",
    "RepetitionTime": 2.47,
    "SliceThickness": 4.4,
    "SliceTiming": [
      1.235,
      0.0,
      1.31733333333,
      0.0823333333333,
      1.39966666667,
      0.164666666667,
      1.482,
      0.247,
      1.56433333333,
      0.329333333333,
      1.64666666667,
      0.411666666667,
      1.729,
      0.494,
      1.81133333333,
      0.576333333333,
      1.89366666667,
      0.658666666667,
      1.976,
      0.741,
      2.05833333333,
      0.823333333333,
      2.14066666667,
      0.905666666667,
      2.223,
      0.988,
      2.30533333333,
      1.07033333333,
      2.38766666667,
      1.15266666667
    ],
    "SpacingBetweenSlices": 4.840000000000001,
    "TaskName": "rest",
    "dataset": "ds000258",
    "modality": "bold",
    "subject_id": "20094",
    "task_id": "rest"
  },
  "dummy_trs": 0,
  "dvars_nstd": 54.19221118285712,
  "dvars_std": 1.206279599159664,
  "dvars_vstd": 0.9562321100840336,
  "efc": 0.4703500769788621,
  "fber": 1219.8331298828125,
  "fd_mean": 0.4793370123012073,
  "fd_num": 178,
  "fd_perc": 74.47698744769875,
  "fwhm_avg": 3.1470858352021196,
  "fwhm_x": 3.1420266666666667,
  "fwhm_y": 3.06264,
  "fwhm_z": 3.236590838939692,
  "gcor": 0.032635,
  "gsr_x": -0.014330449514091015,
  "gsr_y": 0.06111881881952286,
  "provenance": {
    "md5sum": "78994e341c1770000b9b1fea00dd0652",
    "settings": {
      "fd_thres": 0.2,
      "testing": false
    },
    "software": "mriqc",
    "version": "22.0.0rc1",
    "webapi_port": null,
    "webapi_url": "https://mriqc.nimh.nih.gov/api/v1"
  },
  "size_t": 239,
  "size_x": 64,
  "size_y": 64,
  "size_z": 30,
  "snr": 1.7870868882883413,
  "spacing_tr": 2.4700000286102295,
  "spacing_x": 3.75,
  "spacing_y": 3.75,
  "spacing_z": 4.400000095367432,
  "summary_bg_k": 57.840979662072165,
  "summary_bg_mad": 11.798783437003255,
  "summary_bg_mean": 42.13447189331055,
  "summary_bg_median": 16.98326301574707,
  "summary_bg_n": 75153.0,
  "summary_bg_p05": 7.171547889709473,
  "summary_bg_p95": 151.71045837402326,
  "summary_bg_stdv": 81.98294067382812,
  "summary_fg_k": 5.771051166410873,
  "summary_fg_mad": 230.33373341019058,
  "summary_fg_mean": 703.6309814453125,
  "summary_fg_median": 612.09619140625,
  "summary_fg_n": 20032.0,
  "summary_fg_p05": 360.2830520629883,
  "summary_fg_p95": 1402.345983886719,
  "summary_fg_stdv": 342.5020446777344,
  "tsnr": 43.028923080768436
}