{
  "aor": 0.0009068487394957982,
  "aqi": 0.005042196386554621,
  "bids_meta": {
    "BodyPartExamined": "HEAD",
    "ECHO": "1",
    "EchoTime": 0.012,
    "FlipAngle": 78.0,
    "MagneticFieldStrength": 3,
    "Manufacturer": "Siemens",
    "ManufacturersModelName": "Trio",
    "Modality": "MR",
    "ParallelReductionFactorInPlane": 3,
    "PixelBandwidth": 1698.0,
    "PixelSpacing": [
      3.75,
      4.4
    ],
    "ReceiveCoilName": "32Ch_Head_3T",
    "RepetitionTime": 2.47,
    "SliceThickness": 4.4,
    "SliceTiming": [
      1.235,
      0.0,
      1.31733333333,
      0.0823333333333,
      1.39966666667,
      0.164666666667,
      1.482,
      0.247,
      1.56433333333,
      0.329333333333,
      1.64666666667,
      0.411666666667,
      1.729,
      0.494,
      1.81133333333,
      0.576333333333,
      1.89366666667,
      0.658666666667,
      1.976,
      0.741,
      2.05833333333,
      0.823333333333,
      2.14066666667,
      0.905666666667,
      2.223,
      0.988,
      2.30533333333,
      1.07033333333,
      2.38766666667,
      1.15266666667
    ],
    "SpacingBetweenSlices": 4.840000000000001,
    "TaskName": "rest",
    "dataset": "ds000258",
    "modality": "bold",
    "subject_id": "21279",
    "task_id": "rest"
  },
  "dummy_trs": 1,
  "dvars_nstd": 18.473994367637136,
  "dvars_std": 1.168058225021097,
  "dvars_vstd": 0.977028658354431,
  "efc": 0.5088078082601792,
  "fber": 1405.683349609375,
  "fd_mean": 0.08890754473456669,
  "fd_num": 19,
  "fd_perc": 7.983193277310924,
  "fwhm_avg": 2.8439741801906173,
  "fwhm_x": 2.6041253333333336,
  "fwhm_y": 2.90632,
  "fwhm_z": 3.021477207238518,
  "gcor": 0.0108785,
  "gsr_x": -0.02267499640583992,
  "gsr_y": 0.11318421363830566,
  "provenance": {
    "md5sum": "d91a49b63b27fa6a03b58405762ad3e2",
    "settings": {
      "fd_thres": 0.2,
      "testing": false
    },
    "software": "mriqc",
    "version": "22.0.0rc1",
    "webapi_port": null,
    "webapi_url": "https://mriqc.nimh.nih.gov/api/v1"
  },
  "size_t": 238,
  "size_x": 64,
  "size_y": 64,
  "size_z": 30,
  "snr": 2.6007946079114315,
  "spacing_tr": 2.4700000286102295,
  "spacing_x": 3.75,
  "spacing_y": 3.75,
  "spacing_z": 4.400000095367432,
  "summary_bg_k": 15.504286015958016,
  "summary_bg_mad": 19.80333185477,
  "summary_bg_mean": 81.07050323486328,
  "summary_bg_median": 21.68487548828125,
  "summary_bg_n": 76964.0,
  "summary_bg_p05": 6.739496231079102,
  "summary_bg_p95": 396.6827835083004,
  "summary_bg_stdv": 145.6895751953125,
  "summary_fg_k": 2.804474394805414,
  "summary_fg_mad": 242.78240239492771,
  "summary_fg_mean": 913.3004150390625,
  "summary_fg_median": 838.405517578125,
  "summary_fg_n": 18094.0,
  "summary_fg_p05": 549.5002532958985,
  "summary_fg_p95": 1574.134515380859,
  "summary_fg_stdv": 322.3562316894531,
  "tsnr": 78.47766606346704
}