{
  "aor": 0.0037161087866108776,
  "aqi": 0.0025656425983263597,
  "bids_meta": {
    "BodyPartExamined": "HEAD",
    "ECHO": "1",
    "EchoTime": 0.012,
    "FlipAngle": 78.0,
    "MagneticFieldStrength": 3,
    "Manufacturer": "Siemens",
    "ManufacturersModelName": "Trio",
    "Modality": "MR",
    "ParallelReductionFactorInPlane": 3,
    "PixelBandwidth": 1698.0,
    "PixelSpacing": [
      3.75,
      4.4
    ],
    "ReceiveCoilName": "32Ch_Head_3T",
    "RepetitionTime": 2.47,
    "SliceThickness": 4.4,
    "SliceTiming": [
      1.235,
      0.0,
      1.31733333333,
      0.0823333333333,
      1.39966666667,
      0.164666666667,
      1.482,
      0.247,
      1.56433333333,
      0.329333333333,
      1.64666666667,
      0.411666666667,
      1.729,
      0.494,
      1.81133333333,
      0.576333333333,
      1.89366666667,
      0.658666666667,
      1.976,
      0.741,
      2.05833333333,
      0.823333333333,
      2.14066666667,
      0.905666666667,
      2.223,
      0.988,
      2.30533333333,
      1.07033333333,
      2.38766666667,
      1.15266666667
    ],
    "SpacingBetweenSlices": 4.840000000000001,
    "TaskName": "rest",
    "dataset": "ds000258",
    "modality": "bold",
    "subject_id": "04800",
    "task_id": "rest"
  },
  "dummy_trs": 0,
  "dvars_nstd": 12.235840027983198,
  "dvars_std": 1.1026080169327737,
  "dvars_vstd": 0.960714738445378,
  "efc": 0.44827594078010274,
  "fber": 6755.29833984375,
  "fd_mean": 0.09465491316522737,
  "fd_num": 9,
  "fd_perc": 3.7656903765690375,
  "fwhm_avg": 3.2651248234476142,
  "fwhm_x": 3.1329599999999997,
  "fwhm_y": 3.19696,
  "fwhm_z": 3.4654544703428427,
  "gcor": 0.0450058,
  "gsr_x": -0.027431419119238853,
  "gsr_y": 0.050078053027391434,
  "provenance": {
    "md5sum": "9645f2b62a51c9127a18d1e82fb323e1",
    "settings": {
      "fd_thres": 0.2,
      "testing": false
    },
    "software": "mriqc",
    "version": "22.0.0rc1",
    "webapi_port": null,
    "webapi_url": "https://mriqc.nimh.nih.gov/api/v1"
  },
  "size_t": 239,
  "size_x": 64,
  "size_y": 64,
  "size_z": 30,
  "snr": 2.414798459076823,
  "spacing_tr": 2.4700000286102295,
  "spacing_x": 3.75,
  "spacing_y": 3.75,
  "spacing_z": 4.400000095367432,
  "summary_bg_k": 27.428422204279087,
  "summary_bg_mad": 8.113990040995763,
  "summary_bg_mean": 41.037193298339844,
  "summary_bg_median": 11.112970352172852,
  "summary_bg_n": 76786.0,
  "summary_bg_p05": 4.9372382164001465,
  "summary_bg_p95": 220.42363357543945,
  "summary_bg_stdv": 94.01798248291016,
  "summary_fg_k": 3.464458652124506,
  "summary_fg_mad": 296.5081369444238,
  "summary_fg_mean": 1011.220947265625,
  "summary_fg_median": 930.702880859375,
  "summary_fg_n": 18797.0,
  "summary_fg_p05": 560.4351440429688,
  "summary_fg_p95": 1797.8501953125005,
  "summary_fg_stdv": 385.4061279296875,
  "tsnr": 86.31308079697192
}