{
  "aor": 0.002737907949790795,
  "aqi": 0.00785054820083682,
  "bids_meta": {
    "BodyPartExamined": "HEAD",
    "ECHO": "3",
    "EchoTime": 0.044,
    "FlipAngle": 78.0,
    "MagneticFieldStrength": 3,
    "Manufacturer": "Siemens",
    "ManufacturersModelName": "Trio",
    "Modality": "MR",
    "ParallelReductionFactorInPlane": 3,
    "PixelBandwidth": 1698.0,
    "PixelSpacing": [
      3.75,
      4.4
    ],
    "ReceiveCoilName": "32Ch_Head_3T",
    "RepetitionTime": 2.47,
    "SliceThickness": 4.4,
    "SliceTiming": [
      1.235,
      0.0,
      1.31733333333,
      0.0823333333333,
      1.39966666667,
      0.164666666667,
      1.482,
      0.247,
      1.56433333333,
      0.329333333333,
      1.64666666667,
      0.411666666667,
      1.729,
      0.494,
      1.81133333333,
      0.576333333333,
      1.89366666667,
      0.658666666667,
      1.976,
      0.741,
      2.05833333333,
      0.823333333333,
      2.14066666667,
      0.905666666667,
      2.223,
      0.988,
      2.30533333333,
      1.07033333333,
      2.38766666667,
      1.15266666667
    ],
    "SpacingBetweenSlices": 4.840000000000001,
    "TaskName": "rest",
    "dataset": "ds000258",
    "modality": "bold",
    "subject_id": "21641",
    "task_id": "rest"
  },
  "dummy_trs": 0,
  "dvars_nstd": 34.97542345995799,
  "dvars_std": 1.0701947901680673,
  "dvars_vstd": 0.9514235447058824,
  "efc": 0.4169173751258143,
  "fber": 1400.97509765625,
  "fd_mean": 0.3402461982269116,
  "fd_num": 160,
  "fd_perc": 66.94560669456067,
  "fwhm_avg": 2.4310638404780334,
  "fwhm_x": 2.370624,
  "fwhm_y": 2.4162266666666667,
  "fwhm_z": 2.5063408547674344,
  "gcor": 0.00877737,
  "gsr_x": -0.016288960352540016,
  "gsr_y": 0.017695143818855286,
  "provenance": {
    "md5sum": "22faf334fb9ab61a32aeecb73b362e33",
    "settings": {
      "fd_thres": 0.2,
      "testing": false
    },
    "software": "mriqc",
    "version": "22.0.0rc1",
    "webapi_port": null,
    "webapi_url": "https://mriqc.nimh.nih.gov/api/v1"
  },
  "size_t": 239,
  "size_x": 64,
  "size_y": 64,
  "size_z": 30,
  "snr": 2.303820069854211,
  "spacing_tr": 2.4700000286102295,
  "spacing_x": 3.75,
  "spacing_y": 3.75,
  "spacing_z": 4.400000095367432,
  "summary_bg_k": 64.27107487939246,
  "summary_bg_mad": 7.164876676201084,
  "summary_bg_mean": 18.640361785888672,
  "summary_bg_median": 11.799162864685059,
  "summary_bg_n": 82063.0,
  "summary_bg_p05": 5.435146331787109,
  "summary_bg_p95": 50.995396804809545,
  "summary_bg_stdv": 25.874813079833984,
  "summary_fg_k": 4.609940814433596,
  "summary_fg_mad": 149.85448978791564,
  "summary_fg_mean": 495.1380920410156,
  "summary_fg_median": 453.53973388671875,
  "summary_fg_n": 14137.0,
  "summary_fg_p05": 257.9121398925781,
  "summary_fg_p95": 874.0619262695304,
  "summary_fg_stdv": 196.8572540283203,
  "tsnr": 34.91653241479071
}