{
  "aor": 0.0019182008368200834,
  "aqi": 0.0018664733974895398,
  "bids_meta": {
    "BodyPartExamined": "HEAD",
    "ECHO": "2",
    "EchoTime": 0.028,
    "FlipAngle": 78.0,
    "MagneticFieldStrength": 3,
    "Manufacturer": "Siemens",
    "ManufacturersModelName": "Trio",
    "Modality": "MR",
    "ParallelReductionFactorInPlane": 3,
    "PixelBandwidth": 1698.0,
    "PixelSpacing": [
      3.75,
      4.4
    ],
    "ReceiveCoilName": "32Ch_Head_3T",
    "RepetitionTime": 2.47,
    "SliceThickness": 4.4,
    "SliceTiming": [
      1.235,
      0.0,
      1.31733333333,
      0.0823333333333,
      1.39966666667,
      0.164666666667,
      1.482,
      0.247,
      1.56433333333,
      0.329333333333,
      1.64666666667,
      0.411666666667,
      1.729,
      0.494,
      1.81133333333,
      0.576333333333,
      1.89366666667,
      0.658666666667,
      1.976,
      0.741,
      2.05833333333,
      0.823333333333,
      2.14066666667,
      0.905666666667,
      2.223,
      0.988,
      2.30533333333,
      1.07033333333,
      2.38766666667,
      1.15266666667
    ],
    "SpacingBetweenSlices": 4.840000000000001,
    "TaskName": "rest",
    "dataset": "ds000258",
    "modality": "bold",
    "subject_id": "21258",
    "task_id": "rest"
  },
  "dummy_trs": 0,
  "dvars_nstd": 16.642142099243692,
  "dvars_std": 1.1670032451680672,
  "dvars_vstd": 0.9954896531932778,
  "efc": 0.44638714659012496,
  "fber": 2849.79052734375,
  "fd_mean": 0.03537963299697199,
  "fd_num": 2,
  "fd_perc": 0.8368200836820083,
  "fwhm_avg": 3.113926743797965,
  "fwhm_x": 3.0439466666666664,
  "fwhm_y": 2.99272,
  "fwhm_z": 3.3051135647272294,
  "gcor": 0.0797634,
  "gsr_x": -0.01625305972993374,
  "gsr_y": 0.053295351564884186,
  "provenance": {
    "md5sum": "9f0584dfe81f7d14f952b33aefd483da",
    "settings": {
      "fd_thres": 0.2,
      "testing": false
    },
    "software": "mriqc",
    "version": "22.0.0rc1",
    "webapi_port": null,
    "webapi_url": "https://mriqc.nimh.nih.gov/api/v1"
  },
  "size_t": 239,
  "size_x": 64,
  "size_y": 64,
  "size_z": 30,
  "snr": 2.079806656596799,
  "spacing_tr": 2.4700000286102295,
  "spacing_x": 3.75,
  "spacing_y": 3.75,
  "spacing_z": 4.400000095367432,
  "summary_bg_k": 31.334240425017256,
  "summary_bg_mad": 7.828635603611764,
  "summary_bg_mean": 36.137840270996094,
  "summary_bg_median": 11.598325729370117,
  "summary_bg_n": 78327.0,
  "summary_bg_p05": 5.435146331787109,
  "summary_bg_p95": 159.71171722412106,
  "summary_bg_stdv": 73.07889556884766,
  "summary_fg_k": 4.867267813698665,
  "summary_fg_mad": 214.38490065828776,
  "summary_fg_mean": 705.8651123046875,
  "summary_fg_median": 632.2740478515625,
  "summary_fg_n": 17232.0,
  "summary_fg_p05": 376.45417633056644,
  "summary_fg_p95": 1334.0928039550777,
  "summary_fg_stdv": 303.9973449707031,
  "tsnr": 87.58592870039865
}