{
  "aor": 0.001321129707112971,
  "aqi": 0.0050209821338912134,
  "bids_meta": {
    "BodyPartExamined": "HEAD",
    "ECHO": "3",
    "EchoTime": 0.044,
    "FlipAngle": 78.0,
    "MagneticFieldStrength": 3,
    "Manufacturer": "Siemens",
    "ManufacturersModelName": "Trio",
    "Modality": "MR",
    "ParallelReductionFactorInPlane": 3,
    "PixelBandwidth": 1698.0,
    "PixelSpacing": [
      3.75,
      4.4
    ],
    "ReceiveCoilName": "32Ch_Head_3T",
    "RepetitionTime": 2.47992,
    "SliceThickness": 4.4,
    "SliceTiming": [
      1.23996,
      0.0,
      1.322624,
      0.082664,
      1.405288,
      0.165328,
      1.487952,
      0.247992,
      1.570616,
      0.330656,
      1.65328,
      0.41332,
      1.735944,
      0.495984,
      1.818608,
      0.578648,
      1.901272,
      0.661312,
      1.983936,
      0.743976,
      2.0666,
      0.82664,
      2.149264,
      0.909304,
      2.231928,
      0.991968,
      2.314592,
      1.074632,
      2.397256,
      1.157296
    ],
    "SpacingBetweenSlices": 4.840000000000001,
    "TaskName": "rest",
    "dataset": "ds000258",
    "modality": "bold",
    "subject_id": "21252",
    "task_id": "rest"
  },
  "dummy_trs": 0,
  "dvars_nstd": 25.741821761848733,
  "dvars_std": 1.128203741890756,
  "dvars_vstd": 0.931405968907563,
  "efc": 0.38855170568505215,
  "fber": 3429.7099609375,
  "fd_mean": 0.1563582214070448,
  "fd_num": 51,
  "fd_perc": 21.338912133891213,
  "fwhm_avg": 2.408975880946769,
  "fwhm_x": 2.428424,
  "fwhm_y": 2.301117333333333,
  "fwhm_z": 2.497386309506973,
  "gcor": 0.0401942,
  "gsr_x": -0.01995101198554039,
  "gsr_y": 0.023520726710557938,
  "provenance": {
    "md5sum": "86bf810b104a20d499aa54ed5d0957e7",
    "settings": {
      "fd_thres": 0.2,
      "testing": false
    },
    "software": "mriqc",
    "version": "22.0.0rc1",
    "webapi_port": null,
    "webapi_url": "https://mriqc.nimh.nih.gov/api/v1"
  },
  "size_t": 239,
  "size_x": 64,
  "size_y": 64,
  "size_z": 30,
  "snr": 2.12560791664112,
  "spacing_tr": 2.479919910430908,
  "spacing_x": 3.75,
  "spacing_y": 3.75,
  "spacing_z": 4.400000095367432,
  "summary_bg_k": 89.57081308549327,
  "summary_bg_mad": 4.46021380050905,
  "summary_bg_mean": 14.657075881958008,
  "summary_bg_median": 8.552301406860352,
  "summary_bg_n": 82304.0,
  "summary_bg_p05": 4.8661088943481445,
  "summary_bg_p95": 42.59769668579098,
  "summary_bg_stdv": 21.203327178955078,
  "summary_fg_k": 7.688989770007856,
  "summary_fg_mad": 154.20922659591457,
  "summary_fg_mean": 563.0883178710938,
  "summary_fg_median": 502.8995666503906,
  "summary_fg_n": 14368.0,
  "summary_fg_p05": 315.10835723876954,
  "summary_fg_p95": 1009.828012084961,
  "summary_fg_stdv": 236.58270263671875,
  "tsnr": 49.02583676157519
}