{
  "aor": 0.003986108786610879,
  "aqi": 0.017674762803347278,
  "bids_meta": {
    "BodyPartExamined": "HEAD",
    "ECHO": "3",
    "EchoTime": 0.044,
    "FlipAngle": 78.0,
    "MagneticFieldStrength": 3,
    "Manufacturer": "Siemens",
    "ManufacturersModelName": "Trio",
    "Modality": "MR",
    "ParallelReductionFactorInPlane": 3,
    "PixelBandwidth": 1698.0,
    "PixelSpacing": [
      3.75,
      4.4
    ],
    "ReceiveCoilName": "32Ch_Head_3T",
    "RepetitionTime": 2.47,
    "SliceThickness": 4.4,
    "SliceTiming": [
      1.235,
      0.0,
      1.31733333333,
      0.0823333333333,
      1.39966666667,
      0.164666666667,
      1.482,
      0.247,
      1.56433333333,
      0.329333333333,
      1.64666666667,
      0.411666666667,
      1.729,
      0.494,
      1.81133333333,
      0.576333333333,
      1.89366666667,
      0.658666666667,
      1.976,
      0.741,
      2.05833333333,
      0.823333333333,
      2.14066666667,
      0.905666666667,
      2.223,
      0.988,
      2.30533333333,
      1.07033333333,
      2.38766666667,
      1.15266666667
    ],
    "SpacingBetweenSlices": 4.840000000000001,
    "TaskName": "rest",
    "dataset": "ds000258",
    "modality": "bold",
    "subject_id": "21256",
    "task_id": "rest"
  },
  "dummy_trs": 0,
  "dvars_nstd": 46.71753534739498,
  "dvars_std": 1.0427943337815129,
  "dvars_vstd": 0.9418945986134446,
  "efc": 0.39966422095414306,
  "fber": 1562.89013671875,
  "fd_mean": 0.3099591321482515,
  "fd_num": 121,
  "fd_perc": 50.62761506276151,
  "fwhm_avg": 2.0782825712723607,
  "fwhm_x": 2.0860586666666667,
  "fwhm_y": 2.12988,
  "fwhm_z": 2.018909047150416,
  "gcor": 0.040949,
  "gsr_x": -0.015263889916241169,
  "gsr_y": 0.012554064393043518,
  "provenance": {
    "md5sum": "6b54757f52902964e5ad548e1a371a37",
    "settings": {
      "fd_thres": 0.2,
      "testing": false
    },
    "software": "mriqc",
    "version": "22.0.0rc1",
    "webapi_port": null,
    "webapi_url": "https://mriqc.nimh.nih.gov/api/v1"
  },
  "size_t": 239,
  "size_x": 64,
  "size_y": 64,
  "size_z": 30,
  "snr": 3.4257984943866986,
  "spacing_tr": 2.4700000286102295,
  "spacing_x": 3.75,
  "spacing_y": 3.75,
  "spacing_z": 4.400000095367432,
  "summary_bg_k": 67.12319094581994,
  "summary_bg_mad": 5.142582738448265,
  "summary_bg_mean": 14.457615852355957,
  "summary_bg_median": 9.460250854492188,
  "summary_bg_n": 87172.0,
  "summary_bg_p05": 4.782426834106445,
  "summary_bg_p95": 37.62301197052,
  "summary_bg_stdv": 19.683837890625,
  "summary_fg_k": 3.0833044863754218,
  "summary_fg_mad": 91.1242035786696,
  "summary_fg_mean": 396.63775634765625,
  "summary_fg_median": 382.3828430175781,
  "summary_fg_n": 10958.0,
  "summary_fg_p05": 240.49644165039064,
  "summary_fg_p95": 595.7631561279296,
  "summary_fg_stdv": 111.61351013183594,
  "tsnr": 26.07058200269239
}