{
  "aor": 0.0011538912133891212,
  "aqi": 0.007197289330543933,
  "bids_meta": {
    "BodyPartExamined": "HEAD",
    "ECHO": "3",
    "EchoTime": 0.044,
    "FlipAngle": 78.0,
    "MagneticFieldStrength": 3,
    "Manufacturer": "Siemens",
    "ManufacturersModelName": "Trio",
    "Modality": "MR",
    "ParallelReductionFactorInPlane": 3,
    "PixelBandwidth": 1698.0,
    "PixelSpacing": [
      3.75,
      4.4
    ],
    "ReceiveCoilName": "32Ch_Head_3T",
    "RepetitionTime": 2.47,
    "SliceThickness": 4.4,
    "SliceTiming": [
      1.235,
      0.0,
      1.31733333333,
      0.0823333333333,
      1.39966666667,
      0.164666666667,
      1.482,
      0.247,
      1.56433333333,
      0.329333333333,
      1.64666666667,
      0.411666666667,
      1.729,
      0.494,
      1.81133333333,
      0.576333333333,
      1.89366666667,
      0.658666666667,
      1.976,
      0.741,
      2.05833333333,
      0.823333333333,
      2.14066666667,
      0.905666666667,
      2.223,
      0.988,
      2.30533333333,
      1.07033333333,
      2.38766666667,
      1.15266666667
    ],
    "SpacingBetweenSlices": 4.840000000000001,
    "TaskName": "rest",
    "dataset": "ds000258",
    "modality": "bold",
    "subject_id": "20847",
    "task_id": "rest"
  },
  "dummy_trs": 0,
  "dvars_nstd": 25.744053367857155,
  "dvars_std": 1.041809886008403,
  "dvars_vstd": 0.9152828152941177,
  "efc": 0.393718217325926,
  "fber": 2907.39794921875,
  "fd_mean": 0.1533350258264287,
  "fd_num": 35,
  "fd_perc": 14.644351464435147,
  "fwhm_avg": 2.757121205326243,
  "fwhm_x": 2.768266666666667,
  "fwhm_y": 2.581778830811744,
  "fwhm_z": 2.9213181185003165,
  "gcor": 0.0478628,
  "gsr_x": -0.02950342930853367,
  "gsr_y": 0.029173163697123528,
  "provenance": {
    "md5sum": "9533a98403e3b06f996afca2060fcd43",
    "settings": {
      "fd_thres": 0.2,
      "testing": false
    },
    "software": "mriqc",
    "version": "22.0.0rc1",
    "webapi_port": null,
    "webapi_url": "https://mriqc.nimh.nih.gov/api/v1"
  },
  "size_t": 239,
  "size_x": 64,
  "size_y": 64,
  "size_z": 30,
  "snr": 1.7899549302883437,
  "spacing_tr": 2.4700000286102295,
  "spacing_x": 3.75,
  "spacing_y": 3.749999761581421,
  "spacing_z": 4.400000095367432,
  "summary_bg_k": 46.34256055221366,
  "summary_bg_mad": 5.719494478752556,
  "summary_bg_mean": 19.62215232849121,
  "summary_bg_median": 9.782426834106445,
  "summary_bg_n": 82241.0,
  "summary_bg_p05": 5.04184103012085,
  "summary_bg_p95": 67.35564422607422,
  "summary_bg_stdv": 31.881763458251953,
  "summary_fg_k": 6.432048999822827,
  "summary_fg_mad": 199.69839275365052,
  "summary_fg_mean": 616.1627197265625,
  "summary_fg_median": 535.7406005859375,
  "summary_fg_n": 14415.0,
  "summary_fg_p05": 312.28619079589845,
  "summary_fg_p95": 1205.3953979492182,
  "summary_fg_stdv": 299.2935791015625,
  "tsnr": 43.72833263548091
}