{
  "aor": 0.0067121008403361335,
  "aqi": 0.007561413823529412,
  "bids_meta": {
    "BodyPartExamined": "HEAD",
    "ECHO": "4",
    "EchoTime": 0.06,
    "FlipAngle": 78.0,
    "MagneticFieldStrength": 3,
    "Manufacturer": "Siemens",
    "ManufacturersModelName": "Trio",
    "Modality": "MR",
    "ParallelReductionFactorInPlane": 3,
    "PixelBandwidth": 1698.0,
    "PixelSpacing": [
      3.75,
      4.4
    ],
    "ReceiveCoilName": "32Ch_Head_3T",
    "RepetitionTime": 2.47,
    "SliceThickness": 4.4,
    "SliceTiming": [
      1.235,
      0.0,
      1.31733333333,
      0.0823333333333,
      1.39966666667,
      0.164666666667,
      1.482,
      0.247,
      1.56433333333,
      0.329333333333,
      1.64666666667,
      0.411666666667,
      1.729,
      0.494,
      1.81133333333,
      0.576333333333,
      1.89366666667,
      0.658666666667,
      1.976,
      0.741,
      2.05833333333,
      0.823333333333,
      2.14066666667,
      0.905666666667,
      2.223,
      0.988,
      2.30533333333,
      1.07033333333,
      2.38766666667,
      1.15266666667
    ],
    "SpacingBetweenSlices": 4.840000000000001,
    "TaskName": "rest",
    "dataset": "ds000258",
    "modality": "bold",
    "subject_id": "20860",
    "task_id": "rest"
  },
  "dummy_trs": 1,
  "dvars_nstd": 36.44488467451477,
  "dvars_std": 1.1950732841772154,
  "dvars_vstd": 1.007829400126582,
  "efc": 0.4139443881693603,
  "fber": 1693.607666015625,
  "fd_mean": 0.15036005088090582,
  "fd_num": 19,
  "fd_perc": 7.983193277310924,
  "fwhm_avg": 2.2802938421379326,
  "fwhm_x": 2.3025733333333336,
  "fwhm_y": 2.261717333333333,
  "fwhm_z": 2.276590859747131,
  "gcor": 0.0306275,
  "gsr_x": -0.007907591760158539,
  "gsr_y": 0.015958955511450768,
  "provenance": {
    "md5sum": "7cbb95cf29773b8310e525869eb35a66",
    "settings": {
      "fd_thres": 0.2,
      "testing": false
    },
    "software": "mriqc",
    "version": "22.0.0rc1",
    "webapi_port": null,
    "webapi_url": "https://mriqc.nimh.nih.gov/api/v1"
  },
  "size_t": 238,
  "size_x": 64,
  "size_y": 64,
  "size_z": 30,
  "snr": 2.2319252773255434,
  "spacing_tr": 2.4700000286102295,
  "spacing_x": 3.75,
  "spacing_y": 3.75,
  "spacing_z": 4.400000095367432,
  "summary_bg_k": 76.26936272020642,
  "summary_bg_mad": 4.535019340854591,
  "summary_bg_mean": 14.737471580505371,
  "summary_bg_median": 9.436975479125977,
  "summary_bg_n": 81891.0,
  "summary_bg_p05": 5.252100944519043,
  "summary_bg_p95": 41.508405685424805,
  "summary_bg_stdv": 18.838733673095703,
  "summary_fg_k": 2.9264013706364436,
  "summary_fg_mad": 136.47414955127547,
  "summary_fg_mean": 429.66937255859375,
  "summary_fg_median": 390.7605285644531,
  "summary_fg_n": 14216.0,
  "summary_fg_p05": 229.0031623840332,
  "summary_fg_p95": 784.7868041992188,
  "summary_fg_stdv": 175.07162475585938,
  "tsnr": 36.82731632888317
}