{
  "aor": 0.007385588235294119,
  "aqi": 0.003957548529411764,
  "bids_meta": {
    "BodyPartExamined": "HEAD",
    "ECHO": "2",
    "EchoTime": 0.028,
    "FlipAngle": 78.0,
    "MagneticFieldStrength": 3,
    "Manufacturer": "Siemens",
    "ManufacturersModelName": "Trio",
    "Modality": "MR",
    "ParallelReductionFactorInPlane": 3,
    "PixelBandwidth": 1698.0,
    "PixelSpacing": [
      3.75,
      4.4
    ],
    "ReceiveCoilName": "32Ch_Head_3T",
    "RepetitionTime": 2.47,
    "SliceThickness": 4.4,
    "SliceTiming": [
      1.235,
      0.0,
      1.31733333333,
      0.0823333333333,
      1.39966666667,
      0.164666666667,
      1.482,
      0.247,
      1.56433333333,
      0.329333333333,
      1.64666666667,
      0.411666666667,
      1.729,
      0.494,
      1.81133333333,
      0.576333333333,
      1.89366666667,
      0.658666666667,
      1.976,
      0.741,
      2.05833333333,
      0.823333333333,
      2.14066666667,
      0.905666666667,
      2.223,
      0.988,
      2.30533333333,
      1.07033333333,
      2.38766666667,
      1.15266666667
    ],
    "SpacingBetweenSlices": 4.840000000000001,
    "TaskName": "rest",
    "dataset": "ds000258",
    "modality": "bold",
    "subject_id": "20860",
    "task_id": "rest"
  },
  "dummy_trs": 1,
  "dvars_nstd": 23.028605018354423,
  "dvars_std": 1.2097805982700414,
  "dvars_vstd": 0.9995839745991562,
  "efc": 0.4466378249373813,
  "fber": 3300.603271484375,
  "fd_mean": 0.14943264032454212,
  "fd_num": 17,
  "fd_perc": 7.142857142857143,
  "fwhm_avg": 2.804833514360222,
  "fwhm_x": 2.7765333333333335,
  "fwhm_y": 2.73224,
  "fwhm_z": 2.9057272097473317,
  "gcor": 0.041669,
  "gsr_x": -0.001539121032692492,
  "gsr_y": 0.025143221020698547,
  "provenance": {
    "md5sum": "61e10059101afaed5fc327f85107e252",
    "settings": {
      "fd_thres": 0.2,
      "testing": false
    },
    "software": "mriqc",
    "version": "22.0.0rc1",
    "webapi_port": null,
    "webapi_url": "https://mriqc.nimh.nih.gov/api/v1"
  },
  "size_t": 238,
  "size_x": 64,
  "size_y": 64,
  "size_z": 30,
  "snr": 2.577020541154858,
  "spacing_tr": 2.4700000286102295,
  "spacing_x": 3.75,
  "spacing_y": 3.75,
  "spacing_z": 4.400000095367432,
  "summary_bg_k": 26.099806765414463,
  "summary_bg_mad": 8.447094666084096,
  "summary_bg_mean": 37.540279388427734,
  "summary_bg_median": 12.352941513061523,
  "summary_bg_n": 79454.0,
  "summary_bg_p05": 5.491596698760986,
  "summary_bg_p95": 180.377104949951,
  "summary_bg_stdv": 76.25535583496094,
  "summary_fg_k": 2.556851076314693,
  "summary_fg_mad": 221.3749348575144,
  "summary_fg_mean": 764.4097290039062,
  "summary_fg_median": 705.2857666015625,
  "summary_fg_n": 16825.0,
  "summary_fg_p05": 444.19329223632815,
  "summary_fg_p95": 1314.9984130859375,
  "summary_fg_stdv": 273.67449951171875,
  "tsnr": 61.95851722243242
}