{
  "aor": 0.0020730962343096233,
  "aqi": 0.00691707209205021,
  "bids_meta": {
    "BodyPartExamined": "HEAD",
    "ECHO": "4",
    "EchoTime": 0.06,
    "FlipAngle": 78.0,
    "MagneticFieldStrength": 3,
    "Manufacturer": "Siemens",
    "ManufacturersModelName": "Trio",
    "Modality": "MR",
    "ParallelReductionFactorInPlane": 3,
    "PixelBandwidth": 1698.0,
    "PixelSpacing": [
      3.75,
      4.4
    ],
    "ReceiveCoilName": "32Ch_Head_3T",
    "RepetitionTime": 2.47,
    "SliceThickness": 4.4,
    "SliceTiming": [
      1.235,
      0.0,
      1.31733333333,
      0.0823333333333,
      1.39966666667,
      0.164666666667,
      1.482,
      0.247,
      1.56433333333,
      0.329333333333,
      1.64666666667,
      0.411666666667,
      1.729,
      0.494,
      1.81133333333,
      0.576333333333,
      1.89366666667,
      0.658666666667,
      1.976,
      0.741,
      2.05833333333,
      0.823333333333,
      2.14066666667,
      0.905666666667,
      2.223,
      0.988,
      2.30533333333,
      1.07033333333,
      2.38766666667,
      1.15266666667
    ],
    "SpacingBetweenSlices": 4.840000000000001,
    "TaskName": "rest",
    "dataset": "ds000258",
    "modality": "bold",
    "subject_id": "21193",
    "task_id": "rest"
  },
  "dummy_trs": 0,
  "dvars_nstd": 38.27850265642858,
  "dvars_std": 1.1247298468907565,
  "dvars_vstd": 0.9590935852100837,
  "efc": 0.35913357942789315,
  "fber": 2205.0078125,
  "fd_mean": 0.13203215804914134,
  "fd_num": 39,
  "fd_perc": 16.317991631799163,
  "fwhm_avg": 1.9747238848301016,
  "fwhm_x": 2.0093653333333332,
  "fwhm_y": 1.95492,
  "fwhm_z": 1.9598863211569717,
  "gcor": 0.0351175,
  "gsr_x": -0.011800484731793404,
  "gsr_y": 0.022600430995225906,
  "provenance": {
    "md5sum": "2ba9d179ec9c3c1709b3b2d6ae47f07b",
    "settings": {
      "fd_thres": 0.2,
      "testing": false
    },
    "software": "mriqc",
    "version": "22.0.0rc1",
    "webapi_port": null,
    "webapi_url": "https://mriqc.nimh.nih.gov/api/v1"
  },
  "size_t": 239,
  "size_x": 64,
  "size_y": 64,
  "size_z": 30,
  "snr": 1.8112491141661915,
  "spacing_tr": 2.4700000286102295,
  "spacing_x": 3.75,
  "spacing_y": 3.75,
  "spacing_z": 4.400000095367432,
  "summary_bg_k": 71.50447410022421,
  "summary_bg_mad": 4.3051294368248065,
  "summary_bg_mean": 13.56505298614502,
  "summary_bg_median": 8.443514823913574,
  "summary_bg_n": 86602.0,
  "summary_bg_p05": 4.615062713623047,
  "summary_bg_p95": 36.66506252288817,
  "summary_bg_stdv": 19.42254066467285,
  "summary_fg_k": 6.40335222900182,
  "summary_fg_mad": 141.98861719621092,
  "summary_fg_mean": 456.9344787597656,
  "summary_fg_median": 395.53973388671875,
  "summary_fg_n": 10777.0,
  "summary_fg_p05": 234.09455261230468,
  "summary_fg_p95": 888.9288452148436,
  "summary_fg_stdv": 218.36940002441406,
  "tsnr": 35.484628806822
}