{
  "aor": 0.0005219665271966527,
  "aqi": 0.0033808898326359834,
  "bids_meta": {
    "BodyPartExamined": "HEAD",
    "ECHO": "1",
    "EchoTime": 0.012,
    "FlipAngle": 78.0,
    "MagneticFieldStrength": 3,
    "Manufacturer": "Siemens",
    "ManufacturersModelName": "Trio",
    "Modality": "MR",
    "ParallelReductionFactorInPlane": 3,
    "PixelBandwidth": 1698.0,
    "PixelSpacing": [
      3.75,
      4.4
    ],
    "ReceiveCoilName": "32Ch_Head_3T",
    "RepetitionTime": 2.47,
    "SliceThickness": 4.4,
    "SliceTiming": [
      1.235,
      0.0,
      1.31733333333,
      0.0823333333333,
      1.39966666667,
      0.164666666667,
      1.482,
      0.247,
      1.56433333333,
      0.329333333333,
      1.64666666667,
      0.411666666667,
      1.729,
      0.494,
      1.81133333333,
      0.576333333333,
      1.89366666667,
      0.658666666667,
      1.976,
      0.741,
      2.05833333333,
      0.823333333333,
      2.14066666667,
      0.905666666667,
      2.223,
      0.988,
      2.30533333333,
      1.07033333333,
      2.38766666667,
      1.15266666667
    ],
    "SpacingBetweenSlices": 4.840000000000001,
    "TaskName": "rest",
    "dataset": "ds000258",
    "modality": "bold",
    "subject_id": "21262",
    "task_id": "rest"
  },
  "dummy_trs": 0,
  "dvars_nstd": 25.730430715168055,
  "dvars_std": 1.0966289697478988,
  "dvars_vstd": 0.9683392025630259,
  "efc": 0.455238297124205,
  "fber": 2964.46044921875,
  "fd_mean": 0.3724228870894874,
  "fd_num": 190,
  "fd_perc": 79.4979079497908,
  "fwhm_avg": 2.546926708408268,
  "fwhm_x": 2.4203413333333335,
  "fwhm_y": 2.6093706666666665,
  "fwhm_z": 2.6110681252248042,
  "gcor": 0.0154912,
  "gsr_x": -0.027497777715325356,
  "gsr_y": 0.04120999947190285,
  "provenance": {
    "md5sum": "d8718d1283f310e23b408c1cb640d2f3",
    "settings": {
      "fd_thres": 0.2,
      "testing": false
    },
    "software": "mriqc",
    "version": "22.0.0rc1",
    "webapi_port": null,
    "webapi_url": "https://mriqc.nimh.nih.gov/api/v1"
  },
  "size_t": 239,
  "size_x": 64,
  "size_y": 64,
  "size_z": 30,
  "snr": 4.103050014935961,
  "spacing_tr": 2.4700000286102295,
  "spacing_x": 3.75,
  "spacing_y": 3.75,
  "spacing_z": 4.400000095367432,
  "summary_bg_k": 26.837169669136962,
  "summary_bg_mad": 10.76902645759831,
  "summary_bg_mean": 40.655418395996094,
  "summary_bg_median": 15.117154121398926,
  "summary_bg_n": 80640.0,
  "summary_bg_p05": 5.979079246520996,
  "summary_bg_p95": 196.84539337158205,
  "summary_bg_stdv": 79.03548431396484,
  "summary_fg_k": 0.5018565260102261,
  "summary_fg_mad": 192.91818423155766,
  "summary_fg_mean": 851.4525146484375,
  "summary_fg_median": 828.9957885742188,
  "summary_fg_n": 15577.0,
  "summary_fg_p05": 554.26357421875,
  "summary_fg_p95": 1220.2552246093746,
  "summary_fg_stdv": 202.0373077392578,
  "tsnr": 64.5953579689376
}