{
  "aor": 0.007648075313807529,
  "aqi": 0.0022187697991631794,
  "bids_meta": {
    "BodyPartExamined": "HEAD",
    "ECHO": "1",
    "EchoTime": 0.012,
    "FlipAngle": 78.0,
    "MagneticFieldStrength": 3,
    "Manufacturer": "Siemens",
    "ManufacturersModelName": "Trio",
    "Modality": "MR",
    "ParallelReductionFactorInPlane": 3,
    "PixelBandwidth": 1698.0,
    "PixelSpacing": [
      3.75,
      4.4
    ],
    "ReceiveCoilName": "32Ch_Head_3T",
    "RepetitionTime": 2.47,
    "SliceThickness": 4.4,
    "SliceTiming": [
      1.235,
      0.0,
      1.31733333333,
      0.0823333333333,
      1.39966666667,
      0.164666666667,
      1.482,
      0.247,
      1.56433333333,
      0.329333333333,
      1.64666666667,
      0.411666666667,
      1.729,
      0.494,
      1.81133333333,
      0.576333333333,
      1.89366666667,
      0.658666666667,
      1.976,
      0.741,
      2.05833333333,
      0.823333333333,
      2.14066666667,
      0.905666666667,
      2.223,
      0.988,
      2.30533333333,
      1.07033333333,
      2.38766666667,
      1.15266666667
    ],
    "SpacingBetweenSlices": 4.840000000000001,
    "TaskName": "rest",
    "dataset": "ds000258",
    "modality": "bold",
    "subject_id": "21453",
    "task_id": "rest"
  },
  "dummy_trs": 0,
  "dvars_nstd": 11.844907031176463,
  "dvars_std": 1.0354800717226893,
  "dvars_vstd": 0.9643942447058819,
  "efc": 0.4924617733282773,
  "fber": 4252.48388671875,
  "fd_mean": 0.061708350952923284,
  "fd_num": 10,
  "fd_perc": 4.184100418410042,
  "fwhm_avg": 2.58096143420303,
  "fwhm_x": 2.1922346666666663,
  "fwhm_y": 2.7350133333333333,
  "fwhm_z": 2.8156363026090903,
  "gcor": 0.0364963,
  "gsr_x": -0.028592528775334358,
  "gsr_y": 0.07634337991476059,
  "provenance": {
    "md5sum": "7a6ac650b6b6684d73ac14ae42ea1923",
    "settings": {
      "fd_thres": 0.2,
      "testing": false
    },
    "software": "mriqc",
    "version": "22.0.0rc1",
    "webapi_port": null,
    "webapi_url": "https://mriqc.nimh.nih.gov/api/v1"
  },
  "size_t": 239,
  "size_x": 64,
  "size_y": 64,
  "size_z": 30,
  "snr": 3.6688997138779738,
  "spacing_tr": 2.4700000286102295,
  "spacing_x": 3.75,
  "spacing_y": 3.75,
  "spacing_z": 4.400000095367432,
  "summary_bg_k": 14.353204822576451,
  "summary_bg_mad": 9.788895937282852,
  "summary_bg_mean": 61.52836990356445,
  "summary_bg_median": 12.322175025939941,
  "summary_bg_n": 76768.0,
  "summary_bg_p05": 4.924685955047607,
  "summary_bg_p95": 388.747059631347,
  "summary_bg_stdv": 138.9405975341797,
  "summary_fg_k": 0.9167503431279918,
  "summary_fg_mad": 204.4160883933405,
  "summary_fg_mean": 858.689453125,
  "summary_fg_median": 831.7991333007812,
  "summary_fg_n": 18378.0,
  "summary_fg_p05": 535.27841796875,
  "summary_fg_p95": 1284.7012390136717,
  "summary_fg_stdv": 226.71006774902344,
  "tsnr": 92.04390886891633
}