{
  "aor": 0.0020568354430379747,
  "aqi": 0.010884345991561182,
  "bids_meta": {
    "BodyPartExamined": "HEAD",
    "ECHO": "3",
    "EchoTime": 0.044,
    "FlipAngle": 78.0,
    "MagneticFieldStrength": 3,
    "Manufacturer": "Siemens",
    "ManufacturersModelName": "Trio",
    "Modality": "MR",
    "ParallelReductionFactorInPlane": 3,
    "PixelBandwidth": 1698.0,
    "PixelSpacing": [
      3.75,
      4.4
    ],
    "ReceiveCoilName": "32Ch_Head_3T",
    "RepetitionTime": 2.47,
    "SliceThickness": 4.4,
    "SliceTiming": [
      1.235,
      0.0,
      1.31733333333,
      0.0823333333333,
      1.39966666667,
      0.164666666667,
      1.482,
      0.247,
      1.56433333333,
      0.329333333333,
      1.64666666667,
      0.411666666667,
      1.729,
      0.494,
      1.81133333333,
      0.576333333333,
      1.89366666667,
      0.658666666667,
      1.976,
      0.741,
      2.05833333333,
      0.823333333333,
      2.14066666667,
      0.905666666667,
      2.223,
      0.988,
      2.30533333333,
      1.07033333333,
      2.38766666667,
      1.15266666667
    ],
    "SpacingBetweenSlices": 4.840000000000001,
    "TaskName": "rest",
    "dataset": "ds000258",
    "modality": "bold",
    "subject_id": "20866",
    "task_id": "rest"
  },
  "dummy_trs": 2,
  "dvars_nstd": 21.08875152627119,
  "dvars_std": 0.9275652266101696,
  "dvars_vstd": 0.87620372940678,
  "efc": 0.4061487848438197,
  "fber": 3146.65234375,
  "fd_mean": 0.1432167128280966,
  "fd_num": 41,
  "fd_perc": 17.29957805907173,
  "fwhm_avg": 2.4438684124279573,
  "fwhm_x": 2.4275946666666663,
  "fwhm_y": 2.516624,
  "fwhm_z": 2.3873865706172053,
  "gcor": 0.0396342,
  "gsr_x": -0.01699131540954113,
  "gsr_y": 0.0236454326659441,
  "provenance": {
    "md5sum": "35a08f9c930ab295b116f9503cadac28",
    "settings": {
      "fd_thres": 0.2,
      "testing": false
    },
    "software": "mriqc",
    "version": "22.0.0rc1",
    "webapi_port": null,
    "webapi_url": "https://mriqc.nimh.nih.gov/api/v1"
  },
  "size_t": 237,
  "size_x": 64,
  "size_y": 64,
  "size_z": 30,
  "snr": 2.999712746060939,
  "spacing_tr": 2.4700000286102295,
  "spacing_x": 3.75,
  "spacing_y": 3.75,
  "spacing_z": 4.399999618530273,
  "summary_bg_k": 39.58021684544428,
  "summary_bg_mad": 4.685523311809218,
  "summary_bg_mean": 18.773767471313477,
  "summary_bg_median": 8.700421333312988,
  "summary_bg_n": 84552.0,
  "summary_bg_p05": 4.713079929351807,
  "summary_bg_p95": 70.61982498168943,
  "summary_bg_stdv": 33.141685485839844,
  "summary_fg_k": 1.2065312857164265,
  "summary_fg_mad": 150.23701726766282,
  "summary_fg_mean": 519.5527954101562,
  "summary_fg_median": 498.71307373046875,
  "summary_fg_n": 12478.0,
  "summary_fg_p05": 294.76538238525393,
  "summary_fg_p95": 830.445764160156,
  "summary_fg_stdv": 166.2469482421875,
  "tsnr": 34.83888977346942
}