{
  "aor": 0.0030311715481171554,
  "aqi": 0.009802002887029287,
  "bids_meta": {
    "BodyPartExamined": "HEAD",
    "ECHO": "1",
    "EchoTime": 0.012,
    "FlipAngle": 78.0,
    "MagneticFieldStrength": 3,
    "Manufacturer": "Siemens",
    "ManufacturersModelName": "Trio",
    "Modality": "MR",
    "ParallelReductionFactorInPlane": 3,
    "PixelBandwidth": 1698.0,
    "PixelSpacing": [
      3.75,
      4.4
    ],
    "ReceiveCoilName": "32Ch_Head_3T",
    "RepetitionTime": 2.47,
    "SliceThickness": 4.4,
    "SliceTiming": [
      1.235,
      0.0,
      1.31733333333,
      0.0823333333333,
      1.39966666667,
      0.164666666667,
      1.482,
      0.247,
      1.56433333333,
      0.329333333333,
      1.64666666667,
      0.411666666667,
      1.729,
      0.494,
      1.81133333333,
      0.576333333333,
      1.89366666667,
      0.658666666667,
      1.976,
      0.741,
      2.05833333333,
      0.823333333333,
      2.14066666667,
      0.905666666667,
      2.223,
      0.988,
      2.30533333333,
      1.07033333333,
      2.38766666667,
      1.15266666667
    ],
    "SpacingBetweenSlices": 4.840000000000001,
    "TaskName": "rest",
    "dataset": "ds000258",
    "modality": "bold",
    "subject_id": "20866",
    "task_id": "rest"
  },
  "dummy_trs": 0,
  "dvars_nstd": 14.677899236092435,
  "dvars_std": 0.9708813580672269,
  "dvars_vstd": 0.8666051516806726,
  "efc": 0.4832256609652848,
  "fber": 4197.6142578125,
  "fd_mean": 0.1396958698424317,
  "fd_num": 31,
  "fd_perc": 12.97071129707113,
  "fwhm_avg": 2.7218920258295483,
  "fwhm_x": 2.323304,
  "fwhm_y": 2.8514399999999998,
  "fwhm_z": 2.9909320774886456,
  "gcor": 0.0125922,
  "gsr_x": -0.04212364926934242,
  "gsr_y": 0.08065027743577957,
  "provenance": {
    "md5sum": "3216645617faf21aa60d7ad307906811",
    "settings": {
      "fd_thres": 0.2,
      "testing": false
    },
    "software": "mriqc",
    "version": "22.0.0rc1",
    "webapi_port": null,
    "webapi_url": "https://mriqc.nimh.nih.gov/api/v1"
  },
  "size_t": 239,
  "size_x": 64,
  "size_y": 64,
  "size_z": 30,
  "snr": 3.326924536232833,
  "spacing_tr": 2.4700000286102295,
  "spacing_x": 3.75,
  "spacing_y": 3.75,
  "spacing_z": 4.399999618530273,
  "summary_bg_k": 18.918731761704844,
  "summary_bg_mad": 10.713195719052871,
  "summary_bg_mean": 67.63351440429688,
  "summary_bg_median": 13.251045227050781,
  "summary_bg_n": 77136.0,
  "summary_bg_p05": 4.979079246520996,
  "summary_bg_p95": 451.6799011230469,
  "summary_bg_stdv": 173.70892333984375,
  "summary_fg_k": 0.8178537470881149,
  "summary_fg_mad": 239.16738310616546,
  "summary_fg_mean": 934.46875,
  "summary_fg_median": 899.4622802734375,
  "summary_fg_n": 17728.0,
  "summary_fg_p05": 560.1742401123047,
  "summary_fg_p95": 1442.593060302734,
  "summary_fg_stdv": 270.3508605957031,
  "tsnr": 57.683299832977355
}