{
  "aor": 0.0014423430962343096,
  "aqi": 0.0022791976527196654,
  "bids_meta": {
    "BodyPartExamined": "HEAD",
    "ECHO": "2",
    "EchoTime": 0.028,
    "FlipAngle": 78.0,
    "MagneticFieldStrength": 3,
    "Manufacturer": "Siemens",
    "ManufacturersModelName": "Trio",
    "Modality": "MR",
    "ParallelReductionFactorInPlane": 3,
    "PixelBandwidth": 1698.0,
    "PixelSpacing": [
      3.75,
      4.4
    ],
    "ReceiveCoilName": "32Ch_Head_3T",
    "RepetitionTime": 2.47,
    "SliceThickness": 4.4,
    "SliceTiming": [
      1.235,
      0.0,
      1.31733333333,
      0.0823333333333,
      1.39966666667,
      0.164666666667,
      1.482,
      0.247,
      1.56433333333,
      0.329333333333,
      1.64666666667,
      0.411666666667,
      1.729,
      0.494,
      1.81133333333,
      0.576333333333,
      1.89366666667,
      0.658666666667,
      1.976,
      0.741,
      2.05833333333,
      0.823333333333,
      2.14066666667,
      0.905666666667,
      2.223,
      0.988,
      2.30533333333,
      1.07033333333,
      2.38766666667,
      1.15266666667
    ],
    "SpacingBetweenSlices": 4.840000000000001,
    "TaskName": "rest",
    "dataset": "ds000258",
    "modality": "bold",
    "subject_id": "20861",
    "task_id": "rest"
  },
  "dummy_trs": 0,
  "dvars_nstd": 16.287854582983186,
  "dvars_std": 1.166365311722689,
  "dvars_vstd": 0.9802555271848743,
  "efc": 0.38587946737162576,
  "fber": 7016.8681640625,
  "fd_mean": 0.0775118069253616,
  "fd_num": 11,
  "fd_perc": 4.602510460251046,
  "fwhm_avg": 2.4757896872340037,
  "fwhm_x": 2.4082586666666668,
  "fwhm_y": 2.5597920000000003,
  "fwhm_z": 2.4593183950353446,
  "gcor": 0.0382659,
  "gsr_x": -0.023856714367866516,
  "gsr_y": 0.024532435461878777,
  "provenance": {
    "md5sum": "16ff82ef38d20fb2ff7a799144ee75ab",
    "settings": {
      "fd_thres": 0.2,
      "testing": false
    },
    "software": "mriqc",
    "version": "22.0.0rc1",
    "webapi_port": null,
    "webapi_url": "https://mriqc.nimh.nih.gov/api/v1"
  },
  "size_t": 239,
  "size_x": 64,
  "size_y": 64,
  "size_z": 30,
  "snr": 3.4880862704399953,
  "spacing_tr": 2.4700000286102295,
  "spacing_x": 3.75,
  "spacing_y": 3.75,
  "spacing_z": 4.399999618530273,
  "summary_bg_k": 42.36114724672629,
  "summary_bg_mad": 4.21518081695027,
  "summary_bg_mean": 19.60397720336914,
  "summary_bg_median": 8.261506080627441,
  "summary_bg_n": 85042.0,
  "summary_bg_p05": 4.728033542633057,
  "summary_bg_p95": 75.35083580017086,
  "summary_bg_stdv": 38.252685546875,
  "summary_fg_k": 1.5289010229561493,
  "summary_fg_mad": 175.9892449959736,
  "summary_fg_mean": 722.25390625,
  "summary_fg_median": 692.6484985351562,
  "summary_fg_n": 12699.0,
  "summary_fg_p05": 457.88367614746096,
  "summary_fg_p95": 1095.7798706054687,
  "summary_fg_stdv": 198.56768798828125,
  "tsnr": 81.88609495665878
}