{
  "aor": 0.006214159663865545,
  "aqi": 0.0039078056302521,
  "bids_meta": {
    "BodyPartExamined": "HEAD",
    "ECHO": "2",
    "EchoTime": 0.028,
    "FlipAngle": 78.0,
    "MagneticFieldStrength": 3,
    "Manufacturer": "Siemens",
    "ManufacturersModelName": "Trio",
    "Modality": "MR",
    "ParallelReductionFactorInPlane": 3,
    "PixelBandwidth": 1698.0,
    "PixelSpacing": [
      3.75,
      4.4
    ],
    "ReceiveCoilName": "32Ch_Head_3T",
    "RepetitionTime": 2.47,
    "SliceThickness": 4.4,
    "SliceTiming": [
      1.235,
      0.0,
      1.31733333333,
      0.0823333333333,
      1.39966666667,
      0.164666666667,
      1.482,
      0.247,
      1.56433333333,
      0.329333333333,
      1.64666666667,
      0.411666666667,
      1.729,
      0.494,
      1.81133333333,
      0.576333333333,
      1.89366666667,
      0.658666666667,
      1.976,
      0.741,
      2.05833333333,
      0.823333333333,
      2.14066666667,
      0.905666666667,
      2.223,
      0.988,
      2.30533333333,
      1.07033333333,
      2.38766666667,
      1.15266666667
    ],
    "SpacingBetweenSlices": 4.840000000000001,
    "TaskName": "rest",
    "dataset": "ds000258",
    "modality": "bold",
    "subject_id": "20494",
    "task_id": "rest"
  },
  "dummy_trs": 1,
  "dvars_nstd": 24.760768769493676,
  "dvars_std": 1.1385011271729961,
  "dvars_vstd": 1.0287373283544305,
  "efc": 0.46876969798165025,
  "fber": 1309.095458984375,
  "fd_mean": 0.16923613699098397,
  "fd_num": 41,
  "fd_perc": 17.22689075630252,
  "fwhm_avg": 2.8859490690126766,
  "fwhm_x": 2.804186666666667,
  "fwhm_y": 2.8229333333333333,
  "fwhm_z": 3.0307272070380296,
  "gcor": 0.0566024,
  "gsr_x": 0.02531948871910572,
  "gsr_y": 0.008394659496843815,
  "provenance": {
    "md5sum": "efaf695376a3bcc8826f8eebb6c4b2a3",
    "settings": {
      "fd_thres": 0.2,
      "testing": false
    },
    "software": "mriqc",
    "version": "22.0.0rc1",
    "webapi_port": null,
    "webapi_url": "https://mriqc.nimh.nih.gov/api/v1"
  },
  "size_t": 238,
  "size_x": 64,
  "size_y": 64,
  "size_z": 30,
  "snr": 2.3491665965680317,
  "spacing_tr": 2.4700000286102295,
  "spacing_x": 3.75,
  "spacing_y": 3.75,
  "spacing_z": 4.400000095367432,
  "summary_bg_k": 51.57474087411721,
  "summary_bg_mad": 12.265728989885694,
  "summary_bg_mean": 41.982505798339844,
  "summary_bg_median": 20.117647171020508,
  "summary_bg_n": 76575.0,
  "summary_bg_p05": 8.603781890869142,
  "summary_bg_p95": 150.62185668945312,
  "summary_bg_stdv": 78.42756652832031,
  "summary_fg_k": 2.159775365561642,
  "summary_fg_mad": 271.2165755517977,
  "summary_fg_mean": 812.4468994140625,
  "summary_fg_median": 742.1807250976562,
  "summary_fg_n": 18747.0,
  "summary_fg_p05": 442.1916076660156,
  "summary_fg_p95": 1438.1110107421875,
  "summary_fg_stdv": 315.9252014160156,
  "tsnr": 54.39969610259868
}