{
  "aor": 0.008025230125523012,
  "aqi": 0.0031968973891213395,
  "bids_meta": {
    "BodyPartExamined": "HEAD",
    "ECHO": "1",
    "EchoTime": 0.012,
    "FlipAngle": 78.0,
    "MagneticFieldStrength": 3,
    "Manufacturer": "Siemens",
    "ManufacturersModelName": "Trio",
    "Modality": "MR",
    "ParallelReductionFactorInPlane": 3,
    "PixelBandwidth": 1698.0,
    "PixelSpacing": [
      3.75,
      4.4
    ],
    "ReceiveCoilName": "32Ch_Head_3T",
    "RepetitionTime": 2.47,
    "SliceThickness": 4.4,
    "SliceTiming": [
      1.235,
      0.0,
      1.31733333333,
      0.0823333333333,
      1.39966666667,
      0.164666666667,
      1.482,
      0.247,
      1.56433333333,
      0.329333333333,
      1.64666666667,
      0.411666666667,
      1.729,
      0.494,
      1.81133333333,
      0.576333333333,
      1.89366666667,
      0.658666666667,
      1.976,
      0.741,
      2.05833333333,
      0.823333333333,
      2.14066666667,
      0.905666666667,
      2.223,
      0.988,
      2.30533333333,
      1.07033333333,
      2.38766666667,
      1.15266666667
    ],
    "SpacingBetweenSlices": 4.840000000000001,
    "TaskName": "rest",
    "dataset": "ds000258",
    "modality": "bold",
    "subject_id": "20494",
    "task_id": "rest"
  },
  "dummy_trs": 0,
  "dvars_nstd": 20.179623058487387,
  "dvars_std": 1.1625400690336143,
  "dvars_vstd": 1.043827043571428,
  "efc": 0.5216483876125256,
  "fber": 1224.1136474609375,
  "fd_mean": 0.16074683838339626,
  "fd_num": 43,
  "fd_perc": 17.99163179916318,
  "fwhm_avg": 2.820770562277478,
  "fwhm_x": 2.2976826666666668,
  "fwhm_y": 2.90072,
  "fwhm_z": 3.263909020165768,
  "gcor": 0.0428447,
  "gsr_x": 0.002839609980583191,
  "gsr_y": 0.036612074822187424,
  "provenance": {
    "md5sum": "49e8944fba21451ea4d3d8521ca3ac81",
    "settings": {
      "fd_thres": 0.2,
      "testing": false
    },
    "software": "mriqc",
    "version": "22.0.0rc1",
    "webapi_port": null,
    "webapi_url": "https://mriqc.nimh.nih.gov/api/v1"
  },
  "size_t": 239,
  "size_x": 64,
  "size_y": 64,
  "size_z": 30,
  "snr": 2.5087405474583266,
  "spacing_tr": 2.4700000286102295,
  "spacing_x": 3.75,
  "spacing_y": 3.75,
  "spacing_z": 4.400000095367432,
  "summary_bg_k": 19.64143124345924,
  "summary_bg_mad": 19.754589802426114,
  "summary_bg_mean": 80.29661560058594,
  "summary_bg_median": 26.525104522705078,
  "summary_bg_n": 71652.0,
  "summary_bg_p05": 9.347280502319336,
  "summary_bg_p95": 415.81337585449205,
  "summary_bg_stdv": 160.65414428710938,
  "summary_fg_k": 1.8285678574094097,
  "summary_fg_mad": 331.35847390139884,
  "summary_fg_mean": 1059.5577392578125,
  "summary_fg_median": 976.165283203125,
  "summary_fg_n": 22132.0,
  "summary_fg_p05": 596.340576171875,
  "summary_fg_p95": 1818.777563476563,
  "summary_fg_stdv": 389.096923828125,
  "tsnr": 69.32458598166704
}