{
  "aor": 0.005567383966244726,
  "aqi": 0.005173939156118144,
  "bids_meta": {
    "BodyPartExamined": "HEAD",
    "ECHO": "3",
    "EchoTime": 0.044,
    "FlipAngle": 78.0,
    "MagneticFieldStrength": 3,
    "Manufacturer": "Siemens",
    "ManufacturersModelName": "Trio",
    "Modality": "MR",
    "ParallelReductionFactorInPlane": 3,
    "PixelBandwidth": 1698.0,
    "PixelSpacing": [
      3.75,
      4.4
    ],
    "ReceiveCoilName": "32Ch_Head_3T",
    "RepetitionTime": 2.47,
    "SliceThickness": 4.4,
    "SliceTiming": [
      1.235,
      0.0,
      1.31733333333,
      0.0823333333333,
      1.39966666667,
      0.164666666667,
      1.482,
      0.247,
      1.56433333333,
      0.329333333333,
      1.64666666667,
      0.411666666667,
      1.729,
      0.494,
      1.81133333333,
      0.576333333333,
      1.89366666667,
      0.658666666667,
      1.976,
      0.741,
      2.05833333333,
      0.823333333333,
      2.14066666667,
      0.905666666667,
      2.223,
      0.988,
      2.30533333333,
      1.07033333333,
      2.38766666667,
      1.15266666667
    ],
    "SpacingBetweenSlices": 4.840000000000001,
    "TaskName": "rest",
    "dataset": "ds000258",
    "modality": "bold",
    "subject_id": "20494",
    "task_id": "rest"
  },
  "dummy_trs": 2,
  "dvars_nstd": 31.28723697351696,
  "dvars_std": 1.1180870222033896,
  "dvars_vstd": 1.0166433959322032,
  "efc": 0.4462106970849083,
  "fber": 962.6879272460938,
  "fd_mean": 0.17036647294078075,
  "fd_num": 41,
  "fd_perc": 17.29957805907173,
  "fwhm_avg": 2.5628248296284353,
  "fwhm_x": 2.556392,
  "fwhm_y": 2.522128,
  "fwhm_z": 2.6099544888853057,
  "gcor": 0.0543673,
  "gsr_x": 0.017110466957092285,
  "gsr_y": 0.006494930479675531,
  "provenance": {
    "md5sum": "7d58a3fdfc9a3d17f5aed6efa03ac66b",
    "settings": {
      "fd_thres": 0.2,
      "testing": false
    },
    "software": "mriqc",
    "version": "22.0.0rc1",
    "webapi_port": null,
    "webapi_url": "https://mriqc.nimh.nih.gov/api/v1"
  },
  "size_t": 237,
  "size_x": 64,
  "size_y": 64,
  "size_z": 30,
  "snr": 2.1567564200234814,
  "spacing_tr": 2.4700000286102295,
  "spacing_x": 3.75,
  "spacing_y": 3.75,
  "spacing_z": 4.400000095367432,
  "summary_bg_k": 68.62486990166272,
  "summary_bg_mad": 9.070773919930945,
  "summary_bg_mean": 29.028640747070312,
  "summary_bg_median": 17.890295028686523,
  "summary_bg_n": 79013.0,
  "summary_bg_p05": 8.464134216308594,
  "summary_bg_p95": 78.72742156982419,
  "summary_bg_stdv": 45.35701370239258,
  "summary_fg_k": 2.5731393244661165,
  "summary_fg_mad": 218.0519974358653,
  "summary_fg_mean": 626.9362182617188,
  "summary_fg_median": 565.27001953125,
  "summary_fg_n": 16698.0,
  "summary_fg_p05": 322.8584243774414,
  "summary_fg_p95": 1142.1508422851562,
  "summary_fg_stdv": 262.0848083496094,
  "tsnr": 42.347038307227194
}