{
  "aor": 0.0038114225941422593,
  "aqi": 0.00656654079497908,
  "bids_meta": {
    "BodyPartExamined": "HEAD",
    "ECHO": "1",
    "EchoTime": 0.012,
    "FlipAngle": 78.0,
    "MagneticFieldStrength": 3,
    "Manufacturer": "Siemens",
    "ManufacturersModelName": "Trio",
    "Modality": "MR",
    "ParallelReductionFactorInPlane": 3,
    "PixelBandwidth": 1698.0,
    "PixelSpacing": [
      3.75,
      4.4
    ],
    "ReceiveCoilName": "32Ch_Head_3T",
    "RepetitionTime": 2.47,
    "SliceThickness": 4.4,
    "SliceTiming": [
      1.235,
      0.0,
      1.31733333333,
      0.0823333333333,
      1.39966666667,
      0.164666666667,
      1.482,
      0.247,
      1.56433333333,
      0.329333333333,
      1.64666666667,
      0.411666666667,
      1.729,
      0.494,
      1.81133333333,
      0.576333333333,
      1.89366666667,
      0.658666666667,
      1.976,
      0.741,
      2.05833333333,
      0.823333333333,
      2.14066666667,
      0.905666666667,
      2.223,
      0.988,
      2.30533333333,
      1.07033333333,
      2.38766666667,
      1.15266666667
    ],
    "SpacingBetweenSlices": 4.840000000000001,
    "TaskName": "rest",
    "dataset": "ds000258",
    "modality": "bold",
    "subject_id": "21126",
    "task_id": "rest"
  },
  "dummy_trs": 0,
  "dvars_nstd": 21.80976786731093,
  "dvars_std": 1.0850362882352944,
  "dvars_vstd": 0.9411629422268912,
  "efc": 0.4787838759971509,
  "fber": 2854.798583984375,
  "fd_mean": 0.2559165054505864,
  "fd_num": 154,
  "fd_perc": 64.43514644351464,
  "fwhm_avg": 2.6776811518538834,
  "fwhm_x": 2.3963386666666664,
  "fwhm_y": 2.8873866666666665,
  "fwhm_z": 2.749318122228316,
  "gcor": 0.00806738,
  "gsr_x": -0.030211206525564194,
  "gsr_y": 0.06937218457460403,
  "provenance": {
    "md5sum": "fcbfa8e9c54906ae909733daee20a61f",
    "settings": {
      "fd_thres": 0.2,
      "testing": false
    },
    "software": "mriqc",
    "version": "22.0.0rc1",
    "webapi_port": null,
    "webapi_url": "https://mriqc.nimh.nih.gov/api/v1"
  },
  "size_t": 239,
  "size_x": 64,
  "size_y": 64,
  "size_z": 30,
  "snr": 3.2056991866382525,
  "spacing_tr": 2.4700000286102295,
  "spacing_x": 3.75,
  "spacing_y": 3.75,
  "spacing_z": 4.400000095367432,
  "summary_bg_k": 18.73489343689874,
  "summary_bg_mad": 12.816134685335616,
  "summary_bg_mean": 49.851654052734375,
  "summary_bg_median": 14.230125427246094,
  "summary_bg_n": 78171.0,
  "summary_bg_p05": 4.255229949951172,
  "summary_bg_p95": 260.51881408691406,
  "summary_bg_stdv": 100.51807403564453,
  "summary_fg_k": 1.7769814957567398,
  "summary_fg_mad": 202.77535340036962,
  "summary_fg_mean": 821.109130859375,
  "summary_fg_median": 776.5104370117188,
  "summary_fg_n": 17637.0,
  "summary_fg_p05": 503.6970520019531,
  "summary_fg_p95": 1293.8710937500005,
  "summary_fg_stdv": 242.2212371826172,
  "tsnr": 50.88375081354752
}