{
  "aor": 0.0029930543933054388,
  "aqi": 0.005176848535564853,
  "bids_meta": {
    "BodyPartExamined": "HEAD",
    "ECHO": "1",
    "EchoTime": 0.012,
    "FlipAngle": 78.0,
    "MagneticFieldStrength": 3,
    "Manufacturer": "Siemens",
    "ManufacturersModelName": "Trio",
    "Modality": "MR",
    "ParallelReductionFactorInPlane": 3,
    "PixelBandwidth": 1698.0,
    "PixelSpacing": [
      3.75,
      4.4
    ],
    "ReceiveCoilName": "32Ch_Head_3T",
    "RepetitionTime": 2.47,
    "SliceThickness": 4.4,
    "SliceTiming": [
      1.235,
      0.0,
      1.31733333333,
      0.0823333333333,
      1.39966666667,
      0.164666666667,
      1.482,
      0.247,
      1.56433333333,
      0.329333333333,
      1.64666666667,
      0.411666666667,
      1.729,
      0.494,
      1.81133333333,
      0.576333333333,
      1.89366666667,
      0.658666666667,
      1.976,
      0.741,
      2.05833333333,
      0.823333333333,
      2.14066666667,
      0.905666666667,
      2.223,
      0.988,
      2.30533333333,
      1.07033333333,
      2.38766666667,
      1.15266666667
    ],
    "SpacingBetweenSlices": 4.840000000000001,
    "TaskName": "rest",
    "dataset": "ds000258",
    "modality": "bold",
    "subject_id": "21641",
    "task_id": "rest"
  },
  "dummy_trs": 0,
  "dvars_nstd": 21.614019706512604,
  "dvars_std": 1.1190825733613452,
  "dvars_vstd": 0.9740811100420175,
  "efc": 0.4882575028254847,
  "fber": 2100.936767578125,
  "fd_mean": 0.320801855799298,
  "fd_num": 148,
  "fd_perc": 61.92468619246862,
  "fwhm_avg": 3.0378799762087163,
  "fwhm_x": 2.901546666666667,
  "fwhm_y": 2.9190933333333335,
  "fwhm_z": 3.292999928626149,
  "gcor": 0.0123631,
  "gsr_x": -0.020046010613441467,
  "gsr_y": 0.05933118239045143,
  "provenance": {
    "md5sum": "e60e220d8f4cf0455556b88888a6efe1",
    "settings": {
      "fd_thres": 0.2,
      "testing": false
    },
    "software": "mriqc",
    "version": "22.0.0rc1",
    "webapi_port": null,
    "webapi_url": "https://mriqc.nimh.nih.gov/api/v1"
  },
  "size_t": 239,
  "size_x": 64,
  "size_y": 64,
  "size_z": 30,
  "snr": 2.9066518223746813,
  "spacing_tr": 2.4700000286102295,
  "spacing_x": 3.75,
  "spacing_y": 3.75,
  "spacing_z": 4.400000095367432,
  "summary_bg_k": 19.021364074805874,
  "summary_bg_mad": 15.75032196682604,
  "summary_bg_mean": 68.97449493408203,
  "summary_bg_median": 17.71548080444336,
  "summary_bg_n": 78643.0,
  "summary_bg_p05": 5.581589698791504,
  "summary_bg_p95": 360.0167236328125,
  "summary_bg_stdv": 137.96035766601562,
  "summary_fg_k": 2.855053105767718,
  "summary_fg_mad": 230.69354768456392,
  "summary_fg_mean": 880.9409790039062,
  "summary_fg_median": 823.202880859375,
  "summary_fg_n": 17562.0,
  "summary_fg_p05": 539.217739868164,
  "summary_fg_p95": 1433.815496826172,
  "summary_fg_stdv": 283.20538330078125,
  "tsnr": 63.17894708644599
}