{
  "aor": 0.002663096234309623,
  "aqi": 0.012728075774058576,
  "bids_meta": {
    "BodyPartExamined": "HEAD",
    "ECHO": "4",
    "EchoTime": 0.06,
    "FlipAngle": 78.0,
    "MagneticFieldStrength": 3,
    "Manufacturer": "Siemens",
    "ManufacturersModelName": "Trio",
    "Modality": "MR",
    "ParallelReductionFactorInPlane": 3,
    "PixelBandwidth": 1698.0,
    "PixelSpacing": [
      3.75,
      4.4
    ],
    "ReceiveCoilName": "32Ch_Head_3T",
    "RepetitionTime": 2.47,
    "SliceThickness": 4.4,
    "SliceTiming": [
      1.235,
      0.0,
      1.31733333333,
      0.0823333333333,
      1.39966666667,
      0.164666666667,
      1.482,
      0.247,
      1.56433333333,
      0.329333333333,
      1.64666666667,
      0.411666666667,
      1.729,
      0.494,
      1.81133333333,
      0.576333333333,
      1.89366666667,
      0.658666666667,
      1.976,
      0.741,
      2.05833333333,
      0.823333333333,
      2.14066666667,
      0.905666666667,
      2.223,
      0.988,
      2.30533333333,
      1.07033333333,
      2.38766666667,
      1.15266666667
    ],
    "SpacingBetweenSlices": 4.840000000000001,
    "TaskName": "rest",
    "dataset": "ds000258",
    "modality": "bold",
    "subject_id": "21641",
    "task_id": "rest"
  },
  "dummy_trs": 0,
  "dvars_nstd": 46.432429898781514,
  "dvars_std": 1.0677044048319326,
  "dvars_vstd": 0.9477167357142856,
  "efc": 0.4114962330015788,
  "fber": 857.1541748046875,
  "fd_mean": 0.34207797943939433,
  "fd_num": 159,
  "fd_perc": 66.52719665271967,
  "fwhm_avg": 2.1302910047456494,
  "fwhm_x": 2.0854666666666666,
  "fwhm_y": 2.1660586666666664,
  "fwhm_z": 2.139347680903615,
  "gcor": 0.00787295,
  "gsr_x": -0.019858023151755333,
  "gsr_y": 0.01701468415558338,
  "provenance": {
    "md5sum": "0d7bacb0881f8f2ae9eaffaebf58f316",
    "settings": {
      "fd_thres": 0.2,
      "testing": false
    },
    "software": "mriqc",
    "version": "22.0.0rc1",
    "webapi_port": null,
    "webapi_url": "https://mriqc.nimh.nih.gov/api/v1"
  },
  "size_t": 239,
  "size_x": 64,
  "size_y": 64,
  "size_z": 30,
  "snr": 2.005701459781604,
  "spacing_tr": 2.4700000286102295,
  "spacing_x": 3.75,
  "spacing_y": 3.75,
  "spacing_z": 4.400000095367432,
  "summary_bg_k": 88.50259268486128,
  "summary_bg_mad": 6.141322562332431,
  "summary_bg_mean": 15.872756004333496,
  "summary_bg_median": 11.13807487487793,
  "summary_bg_n": 83946.0,
  "summary_bg_p05": 5.418409824371338,
  "summary_bg_p95": 39.65480995178223,
  "summary_bg_stdv": 19.322628021240234,
  "summary_fg_k": 5.813752840639374,
  "summary_fg_mad": 113.9184435158997,
  "summary_fg_mean": 378.7275695800781,
  "summary_fg_median": 337.47698974609375,
  "summary_fg_n": 12308.0,
  "summary_fg_p05": 191.64832077026367,
  "summary_fg_p95": 714.6522674560546,
  "summary_fg_stdv": 168.2519989013672,
  "tsnr": 26.416371542029083
}