{
  "aor": 0.001027112970711297,
  "aqi": 0.007907683933054393,
  "bids_meta": {
    "BodyPartExamined": "HEAD",
    "ECHO": "4",
    "EchoTime": 0.06,
    "FlipAngle": 78.0,
    "MagneticFieldStrength": 3,
    "Manufacturer": "Siemens",
    "ManufacturersModelName": "Trio",
    "Modality": "MR",
    "ParallelReductionFactorInPlane": 3,
    "PixelBandwidth": 1698.0,
    "PixelSpacing": [
      3.75,
      4.4
    ],
    "ReceiveCoilName": "32Ch_Head_3T",
    "RepetitionTime": 2.47,
    "SliceThickness": 4.4,
    "SliceTiming": [
      1.235,
      0.0,
      1.31733333333,
      0.0823333333333,
      1.39966666667,
      0.164666666667,
      1.482,
      0.247,
      1.56433333333,
      0.329333333333,
      1.64666666667,
      0.411666666667,
      1.729,
      0.494,
      1.81133333333,
      0.576333333333,
      1.89366666667,
      0.658666666667,
      1.976,
      0.741,
      2.05833333333,
      0.823333333333,
      2.14066666667,
      0.905666666667,
      2.223,
      0.988,
      2.30533333333,
      1.07033333333,
      2.38766666667,
      1.15266666667
    ],
    "SpacingBetweenSlices": 4.840000000000001,
    "TaskName": "rest",
    "dataset": "ds000258",
    "modality": "bold",
    "subject_id": "21304",
    "task_id": "rest"
  },
  "dummy_trs": 0,
  "dvars_nstd": 35.31016401088235,
  "dvars_std": 1.039318543487395,
  "dvars_vstd": 0.9424940609243689,
  "efc": 0.38891898690507204,
  "fber": 1373.2071533203125,
  "fd_mean": 0.10136927715456877,
  "fd_num": 15,
  "fd_perc": 6.2761506276150625,
  "fwhm_avg": 2.182173671374747,
  "fwhm_x": 2.2585306666666667,
  "fwhm_y": 2.1434426666666666,
  "fwhm_z": 2.144547680790908,
  "gcor": 0.0144179,
  "gsr_x": -0.015329867601394653,
  "gsr_y": 0.016864191740751266,
  "provenance": {
    "md5sum": "3d1ad158ae4519d84f9f1f57858b6876",
    "settings": {
      "fd_thres": 0.2,
      "testing": false
    },
    "software": "mriqc",
    "version": "22.0.0rc1",
    "webapi_port": null,
    "webapi_url": "https://mriqc.nimh.nih.gov/api/v1"
  },
  "size_t": 239,
  "size_x": 64,
  "size_y": 64,
  "size_z": 30,
  "snr": 2.1128256328112616,
  "spacing_tr": 2.4700000286102295,
  "spacing_x": 3.75,
  "spacing_y": 3.75,
  "spacing_z": 4.400000095367432,
  "summary_bg_k": 169.36386567440817,
  "summary_bg_mad": 5.303869260708972,
  "summary_bg_mean": 14.700261116027832,
  "summary_bg_median": 10.12552261352539,
  "summary_bg_n": 85467.0,
  "summary_bg_p05": 5.04184103012085,
  "summary_bg_p95": 36.55522880554198,
  "summary_bg_stdv": 18.487689971923828,
  "summary_fg_k": 5.639123228706731,
  "summary_fg_mad": 132.35792402241634,
  "summary_fg_mean": 418.67706298828125,
  "summary_fg_median": 377.81170654296875,
  "summary_fg_n": 11874.0,
  "summary_fg_p05": 216.42530975341796,
  "summary_fg_p95": 775.6809570312505,
  "summary_fg_stdv": 178.81068420410156,
  "tsnr": 37.10815488011576
}