{
  "aor": 0.000955899581589958,
  "aqi": 0.005068505481171549,
  "bids_meta": {
    "BodyPartExamined": "HEAD",
    "ECHO": "3",
    "EchoTime": 0.044,
    "FlipAngle": 78.0,
    "MagneticFieldStrength": 3,
    "Manufacturer": "Siemens",
    "ManufacturersModelName": "Trio",
    "Modality": "MR",
    "ParallelReductionFactorInPlane": 3,
    "PixelBandwidth": 1698.0,
    "PixelSpacing": [
      3.75,
      4.4
    ],
    "ReceiveCoilName": "32Ch_Head_3T",
    "RepetitionTime": 2.47,
    "SliceThickness": 4.4,
    "SliceTiming": [
      1.235,
      0.0,
      1.31733333333,
      0.0823333333333,
      1.39966666667,
      0.164666666667,
      1.482,
      0.247,
      1.56433333333,
      0.329333333333,
      1.64666666667,
      0.411666666667,
      1.729,
      0.494,
      1.81133333333,
      0.576333333333,
      1.89366666667,
      0.658666666667,
      1.976,
      0.741,
      2.05833333333,
      0.823333333333,
      2.14066666667,
      0.905666666667,
      2.223,
      0.988,
      2.30533333333,
      1.07033333333,
      2.38766666667,
      1.15266666667
    ],
    "SpacingBetweenSlices": 4.840000000000001,
    "TaskName": "rest",
    "dataset": "ds000258",
    "modality": "bold",
    "subject_id": "21304",
    "task_id": "rest"
  },
  "dummy_trs": 0,
  "dvars_nstd": 28.32550940021008,
  "dvars_std": 1.062123593823529,
  "dvars_vstd": 0.9453555118487396,
  "efc": 0.39131433796864845,
  "fber": 2245.373779296875,
  "fd_mean": 0.09953963024153117,
  "fd_num": 14,
  "fd_perc": 5.857740585774058,
  "fwhm_avg": 2.5089075778177814,
  "fwhm_x": 2.5833999999999997,
  "fwhm_y": 2.4322773333333334,
  "fwhm_z": 2.5110454001200115,
  "gcor": 0.0158775,
  "gsr_x": -0.012996738776564598,
  "gsr_y": 0.016537846997380257,
  "provenance": {
    "md5sum": "a8730dcba7be2ffeaf62fa001345140a",
    "settings": {
      "fd_thres": 0.2,
      "testing": false
    },
    "software": "mriqc",
    "version": "22.0.0rc1",
    "webapi_port": null,
    "webapi_url": "https://mriqc.nimh.nih.gov/api/v1"
  },
  "size_t": 239,
  "size_x": 64,
  "size_y": 64,
  "size_z": 30,
  "snr": 2.348985498735551,
  "spacing_tr": 2.4700000286102295,
  "spacing_x": 3.75,
  "spacing_y": 3.75,
  "spacing_z": 4.400000095367432,
  "summary_bg_k": 139.11303618039278,
  "summary_bg_mad": 6.08549323770665,
  "summary_bg_mean": 17.5261173248291,
  "summary_bg_median": 10.627614974975586,
  "summary_bg_n": 84160.0,
  "summary_bg_p05": 5.075313568115234,
  "summary_bg_p95": 47.615480995178245,
  "summary_bg_stdv": 28.077726364135742,
  "summary_fg_k": 3.9256227952091702,
  "summary_fg_mad": 168.01790530919635,
  "summary_fg_mean": 551.85205078125,
  "summary_fg_median": 504.52301025390625,
  "summary_fg_n": 12923.0,
  "summary_fg_p05": 300.9246887207031,
  "summary_fg_p95": 975.4108703613279,
  "summary_fg_stdv": 214.77505493164062,
  "tsnr": 48.40750243375078
}