{
  "aor": 0.0017459663865546217,
  "aqi": 0.002050818361344538,
  "bids_meta": {
    "BodyPartExamined": "HEAD",
    "ECHO": "1",
    "EchoTime": 0.012,
    "FlipAngle": 78.0,
    "MagneticFieldStrength": 3,
    "Manufacturer": "Siemens",
    "ManufacturersModelName": "Trio",
    "Modality": "MR",
    "ParallelReductionFactorInPlane": 3,
    "PixelBandwidth": 1698.0,
    "PixelSpacing": [
      3.75,
      4.4
    ],
    "ReceiveCoilName": "32Ch_Head_3T",
    "RepetitionTime": 2.47,
    "SliceThickness": 4.4,
    "SliceTiming": [
      1.235,
      0.0,
      1.31733333333,
      0.0823333333333,
      1.39966666667,
      0.164666666667,
      1.482,
      0.247,
      1.56433333333,
      0.329333333333,
      1.64666666667,
      0.411666666667,
      1.729,
      0.494,
      1.81133333333,
      0.576333333333,
      1.89366666667,
      0.658666666667,
      1.976,
      0.741,
      2.05833333333,
      0.823333333333,
      2.14066666667,
      0.905666666667,
      2.223,
      0.988,
      2.30533333333,
      1.07033333333,
      2.38766666667,
      1.15266666667
    ],
    "SpacingBetweenSlices": 4.840000000000001,
    "TaskName": "rest",
    "dataset": "ds000258",
    "modality": "bold",
    "subject_id": "21124",
    "task_id": "rest"
  },
  "dummy_trs": 1,
  "dvars_nstd": 22.48784033860761,
  "dvars_std": 1.260699661012658,
  "dvars_vstd": 1.0013425576371313,
  "efc": 0.4763616622941814,
  "fber": 2133.4609375,
  "fd_mean": 0.15572183245895324,
  "fd_num": 64,
  "fd_perc": 26.89075630252101,
  "fwhm_avg": 3.32924431809416,
  "fwhm_x": 3.2344,
  "fwhm_y": 3.2459466666666668,
  "fwhm_z": 3.507386287615813,
  "gcor": 0.0150453,
  "gsr_x": -0.012129495851695538,
  "gsr_y": 0.06276266276836395,
  "provenance": {
    "md5sum": "df90e0c44031b6251658bd52c38fcfae",
    "settings": {
      "fd_thres": 0.2,
      "testing": false
    },
    "software": "mriqc",
    "version": "22.0.0rc1",
    "webapi_port": null,
    "webapi_url": "https://mriqc.nimh.nih.gov/api/v1"
  },
  "size_t": 238,
  "size_x": 64,
  "size_y": 64,
  "size_z": 30,
  "snr": 2.1363846649977445,
  "spacing_tr": 2.4700000286102295,
  "spacing_x": 3.75,
  "spacing_y": 3.75,
  "spacing_z": 4.400000095367432,
  "summary_bg_k": 20.95748962049259,
  "summary_bg_mad": 15.654535979646607,
  "summary_bg_mean": 64.13947296142578,
  "summary_bg_median": 19.36554718017578,
  "summary_bg_n": 75914.0,
  "summary_bg_p05": 7.184874534606934,
  "summary_bg_p95": 301.0668136596667,
  "summary_bg_stdv": 116.54204559326172,
  "summary_fg_k": 2.8707063485109368,
  "summary_fg_mad": 313.0221755957886,
  "summary_fg_mean": 1019.052978515625,
  "summary_fg_median": 911.495849609375,
  "summary_fg_n": 19117.0,
  "summary_fg_p05": 548.4723022460937,
  "summary_fg_p95": 1904.52021484375,
  "summary_fg_stdv": 426.64227294921875,
  "tsnr": 90.83425153768621
}