{
  "aor": 0.0013380252100840336,
  "aqi": 0.00240902149579832,
  "bids_meta": {
    "BodyPartExamined": "HEAD",
    "ECHO": "2",
    "EchoTime": 0.028,
    "FlipAngle": 78.0,
    "MagneticFieldStrength": 3,
    "Manufacturer": "Siemens",
    "ManufacturersModelName": "Trio",
    "Modality": "MR",
    "ParallelReductionFactorInPlane": 3,
    "PixelBandwidth": 1698.0,
    "PixelSpacing": [
      3.75,
      4.4
    ],
    "ReceiveCoilName": "32Ch_Head_3T",
    "RepetitionTime": 2.47,
    "SliceThickness": 4.4,
    "SliceTiming": [
      1.235,
      0.0,
      1.31733333333,
      0.0823333333333,
      1.39966666667,
      0.164666666667,
      1.482,
      0.247,
      1.56433333333,
      0.329333333333,
      1.64666666667,
      0.411666666667,
      1.729,
      0.494,
      1.81133333333,
      0.576333333333,
      1.89366666667,
      0.658666666667,
      1.976,
      0.741,
      2.05833333333,
      0.823333333333,
      2.14066666667,
      0.905666666667,
      2.223,
      0.988,
      2.30533333333,
      1.07033333333,
      2.38766666667,
      1.15266666667
    ],
    "SpacingBetweenSlices": 4.840000000000001,
    "TaskName": "rest",
    "dataset": "ds000258",
    "modality": "bold",
    "subject_id": "21124",
    "task_id": "rest"
  },
  "dummy_trs": 1,
  "dvars_nstd": 27.81224711130802,
  "dvars_std": 1.2383160676793252,
  "dvars_vstd": 0.9905419008860756,
  "efc": 0.4241457429166494,
  "fber": 2089.23779296875,
  "fd_mean": 0.15824316105854452,
  "fd_num": 66,
  "fd_perc": 27.73109243697479,
  "fwhm_avg": 3.0504165436018624,
  "fwhm_x": 3.16208,
  "fwhm_y": 2.9365333333333337,
  "fwhm_z": 3.0526362974722536,
  "gcor": 0.0250875,
  "gsr_x": -0.012167832814157009,
  "gsr_y": 0.028104878962039948,
  "provenance": {
    "md5sum": "f9dd7c5133c683b8e39b3cad4b30686d",
    "settings": {
      "fd_thres": 0.2,
      "testing": false
    },
    "software": "mriqc",
    "version": "22.0.0rc1",
    "webapi_port": null,
    "webapi_url": "https://mriqc.nimh.nih.gov/api/v1"
  },
  "size_t": 238,
  "size_x": 64,
  "size_y": 64,
  "size_z": 30,
  "snr": 1.895689110871784,
  "spacing_tr": 2.4700000286102295,
  "spacing_x": 3.75,
  "spacing_y": 3.75,
  "spacing_z": 4.400000095367432,
  "summary_bg_k": 64.75089738709865,
  "summary_bg_mad": 9.487409383569622,
  "summary_bg_mean": 31.031972885131836,
  "summary_bg_median": 14.95798397064209,
  "summary_bg_n": 78872.0,
  "summary_bg_p05": 6.995798587799072,
  "summary_bg_p95": 98.4623996734618,
  "summary_bg_stdv": 54.47953414916992,
  "summary_fg_k": 3.5403016658645345,
  "summary_fg_mad": 256.9574107243634,
  "summary_fg_mean": 781.0009765625,
  "summary_fg_median": 684.794189453125,
  "summary_fg_n": 16922.0,
  "summary_fg_p05": 385.6859466552734,
  "summary_fg_p95": 1528.7986389160153,
  "summary_fg_stdv": 361.2269287109375,
  "tsnr": 67.49913700274192
}