{
  "aor": 0.007166767241379311,
  "aqi": 0.0027975306681034483,
  "bids_meta": {
    "BodyPartExamined": "HEAD",
    "ECHO": "1",
    "EchoTime": 0.012,
    "FlipAngle": 78.0,
    "MagneticFieldStrength": 3,
    "Manufacturer": "Siemens",
    "ManufacturersModelName": "Trio",
    "Modality": "MR",
    "ParallelReductionFactorInPlane": 3,
    "PixelBandwidth": 1698.0,
    "PixelSpacing": [
      3.75,
      4.4
    ],
    "ReceiveCoilName": "32Ch_Head_3T",
    "RepetitionTime": 2.47,
    "SliceThickness": 4.4,
    "SliceTiming": [
      1.235,
      0.0,
      1.31733333333,
      0.0823333333333,
      1.39966666667,
      0.164666666667,
      1.482,
      0.247,
      1.56433333333,
      0.329333333333,
      1.64666666667,
      0.411666666667,
      1.729,
      0.494,
      1.81133333333,
      0.576333333333,
      1.89366666667,
      0.658666666667,
      1.976,
      0.741,
      2.05833333333,
      0.823333333333,
      2.14066666667,
      0.905666666667,
      2.223,
      0.988,
      2.30533333333,
      1.07033333333,
      2.38766666667,
      1.15266666667
    ],
    "SpacingBetweenSlices": 4.840000000000001,
    "TaskName": "rest",
    "dataset": "ds000258",
    "modality": "bold",
    "subject_id": "20932",
    "task_id": "rest"
  },
  "dummy_trs": 7,
  "dvars_nstd": 15.055176776060598,
  "dvars_std": 1.1372147713852812,
  "dvars_vstd": 0.9784462096103902,
  "efc": 0.45417083407673126,
  "fber": 3563.194091796875,
  "fd_mean": 0.10968511382312979,
  "fd_num": 17,
  "fd_perc": 7.327586206896552,
  "fwhm_avg": 3.5663266402347165,
  "fwhm_x": 3.5386666666666664,
  "fwhm_y": 3.5018133333333332,
  "fwhm_z": 3.6584999207041498,
  "gcor": 0.0519506,
  "gsr_x": -0.026624349877238274,
  "gsr_y": 0.05809446796774864,
  "provenance": {
    "md5sum": "de7e2a3978b000b023e8c4ca8026f7dd",
    "settings": {
      "fd_thres": 0.2,
      "testing": false
    },
    "software": "mriqc",
    "version": "22.0.0rc1",
    "webapi_port": null,
    "webapi_url": "https://mriqc.nimh.nih.gov/api/v1"
  },
  "size_t": 232,
  "size_x": 64,
  "size_y": 64,
  "size_z": 30,
  "snr": 2.1587012877509437,
  "spacing_tr": 2.4700000286102295,
  "spacing_x": 3.75,
  "spacing_y": 3.75,
  "spacing_z": 4.400000095367432,
  "summary_bg_k": 25.135778189255053,
  "summary_bg_mad": 13.448863731948599,
  "summary_bg_mean": 70.85826873779297,
  "summary_bg_median": 17.58189582824707,
  "summary_bg_n": 78460.0,
  "summary_bg_p05": 6.599137783050537,
  "summary_bg_p95": 394.05324249267613,
  "summary_bg_stdv": 164.99142456054688,
  "summary_fg_k": 1.3412870282652243,
  "summary_fg_mad": 396.36606568905216,
  "summary_fg_mean": 1196.969970703125,
  "summary_fg_median": 1060.0689697265625,
  "summary_fg_n": 17805.0,
  "summary_fg_p05": 656.2741333007813,
  "summary_fg_p95": 2223.733544921875,
  "summary_fg_stdv": 491.05413818359375,
  "tsnr": 94.00406744796783
}