{
  "aor": 0.007067364016736402,
  "aqi": 0.00258274379916318,
  "bids_meta": {
    "BodyPartExamined": "HEAD",
    "ECHO": "2",
    "EchoTime": 0.028,
    "FlipAngle": 78.0,
    "MagneticFieldStrength": 3,
    "Manufacturer": "Siemens",
    "ManufacturersModelName": "Trio",
    "Modality": "MR",
    "ParallelReductionFactorInPlane": 3,
    "PixelBandwidth": 1698.0,
    "PixelSpacing": [
      3.75,
      4.4
    ],
    "ReceiveCoilName": "32Ch_Head_3T",
    "RepetitionTime": 2.47,
    "SliceThickness": 4.4,
    "SliceTiming": [
      1.235,
      0.0,
      1.31733333333,
      0.0823333333333,
      1.39966666667,
      0.164666666667,
      1.482,
      0.247,
      1.56433333333,
      0.329333333333,
      1.64666666667,
      0.411666666667,
      1.729,
      0.494,
      1.81133333333,
      0.576333333333,
      1.89366666667,
      0.658666666667,
      1.976,
      0.741,
      2.05833333333,
      0.823333333333,
      2.14066666667,
      0.905666666667,
      2.223,
      0.988,
      2.30533333333,
      1.07033333333,
      2.38766666667,
      1.15266666667
    ],
    "SpacingBetweenSlices": 4.840000000000001,
    "TaskName": "rest",
    "dataset": "ds000258",
    "modality": "bold",
    "subject_id": "20932",
    "task_id": "rest"
  },
  "dummy_trs": 0,
  "dvars_nstd": 19.268207001008392,
  "dvars_std": 1.1446575872268907,
  "dvars_vstd": 0.9966372598319326,
  "efc": 0.4089822584242225,
  "fber": 3202.343994140625,
  "fd_mean": 0.12041731450034666,
  "fd_num": 20,
  "fd_perc": 8.368200836820083,
  "fwhm_avg": 3.313465632435792,
  "fwhm_x": 3.3260799999999997,
  "fwhm_y": 3.274453333333333,
  "fwhm_z": 3.339863563974043,
  "gcor": 0.0913863,
  "gsr_x": -0.010569486767053604,
  "gsr_y": 0.024979710578918457,
  "provenance": {
    "md5sum": "d006f8169974df918fa6e6d677fc5b88",
    "settings": {
      "fd_thres": 0.2,
      "testing": false
    },
    "software": "mriqc",
    "version": "22.0.0rc1",
    "webapi_port": null,
    "webapi_url": "https://mriqc.nimh.nih.gov/api/v1"
  },
  "size_t": 239,
  "size_x": 64,
  "size_y": 64,
  "size_z": 30,
  "snr": 2.006926618432612,
  "spacing_tr": 2.4700000286102295,
  "spacing_x": 3.75,
  "spacing_y": 3.75,
  "spacing_z": 4.400000095367432,
  "summary_bg_k": 44.47627633702633,
  "summary_bg_mad": 9.056900540254148,
  "summary_bg_mean": 30.903118133544922,
  "summary_bg_median": 14.309622764587402,
  "summary_bg_n": 80776.0,
  "summary_bg_p05": 6.3305439949035645,
  "summary_bg_p95": 112.28346824645996,
  "summary_bg_stdv": 56.98899841308594,
  "summary_fg_k": 2.0351912678489654,
  "summary_fg_mad": 318.6602085074092,
  "summary_fg_mean": 916.2815551757812,
  "summary_fg_median": 809.2343139648438,
  "summary_fg_n": 16105.0,
  "summary_fg_p05": 467.05523071289065,
  "summary_fg_p95": 1747.579833984375,
  "summary_fg_stdv": 403.2081604003906,
  "tsnr": 64.05898489290848
}