{
  "aor": 0.0014134728033472807,
  "aqi": 0.005690876820083681,
  "bids_meta": {
    "BodyPartExamined": "HEAD",
    "ECHO": "3",
    "EchoTime": 0.044,
    "FlipAngle": 78.0,
    "MagneticFieldStrength": 3,
    "Manufacturer": "Siemens",
    "ManufacturersModelName": "Trio",
    "Modality": "MR",
    "ParallelReductionFactorInPlane": 3,
    "PixelBandwidth": 1698.0,
    "PixelSpacing": [
      3.75,
      4.4
    ],
    "ReceiveCoilName": "32Ch_Head_3T",
    "RepetitionTime": 2.47,
    "SliceThickness": 4.4,
    "SliceTiming": [
      1.235,
      0.0,
      1.31733333333,
      0.0823333333333,
      1.39966666667,
      0.164666666667,
      1.482,
      0.247,
      1.56433333333,
      0.329333333333,
      1.64666666667,
      0.411666666667,
      1.729,
      0.494,
      1.81133333333,
      0.576333333333,
      1.89366666667,
      0.658666666667,
      1.976,
      0.741,
      2.05833333333,
      0.823333333333,
      2.14066666667,
      0.905666666667,
      2.223,
      0.988,
      2.30533333333,
      1.07033333333,
      2.38766666667,
      1.15266666667
    ],
    "SpacingBetweenSlices": 4.840000000000001,
    "TaskName": "rest",
    "dataset": "ds000258",
    "modality": "bold",
    "subject_id": "20462",
    "task_id": "rest"
  },
  "dummy_trs": 0,
  "dvars_nstd": 32.196273940168076,
  "dvars_std": 1.1495713149159668,
  "dvars_vstd": 0.9589524161764709,
  "efc": 0.40279505563234025,
  "fber": 2147.25,
  "fd_mean": 0.1613019496420078,
  "fd_num": 57,
  "fd_perc": 23.84937238493724,
  "fwhm_avg": 2.3769691339603525,
  "fwhm_x": 2.399088,
  "fwhm_y": 2.3020240000000003,
  "fwhm_z": 2.4297954018810577,
  "gcor": 0.00844788,
  "gsr_x": -0.006564791314303875,
  "gsr_y": 0.014470014721155167,
  "provenance": {
    "md5sum": "921b7d890aaef270746e8ef6612c1ebb",
    "settings": {
      "fd_thres": 0.2,
      "testing": false
    },
    "software": "mriqc",
    "version": "22.0.0rc1",
    "webapi_port": null,
    "webapi_url": "https://mriqc.nimh.nih.gov/api/v1"
  },
  "size_t": 239,
  "size_x": 64,
  "size_y": 64,
  "size_z": 30,
  "snr": 2.2591791380073545,
  "spacing_tr": 2.4700000286102295,
  "spacing_x": 3.75,
  "spacing_y": 3.75,
  "spacing_z": 4.400000095367432,
  "summary_bg_k": 60.87910079101673,
  "summary_bg_mad": 6.166137559276747,
  "summary_bg_mean": 19.307762145996094,
  "summary_bg_median": 11.225940704345703,
  "summary_bg_n": 82464.0,
  "summary_bg_p05": 5.46443510055542,
  "summary_bg_p95": 55.3472785949707,
  "summary_bg_stdv": 30.779146194458008,
  "summary_fg_k": 4.186670455296565,
  "summary_fg_mad": 176.79569952303183,
  "summary_fg_mean": 579.0343627929688,
  "summary_fg_median": 529.7991333007812,
  "summary_fg_n": 13813.0,
  "summary_fg_p05": 305.86107177734374,
  "summary_fg_p95": 1025.65771484375,
  "summary_fg_stdv": 234.50108337402344,
  "tsnr": 48.68827435141429
}