{
  "aor": 0.007380251046025103,
  "aqi": 0.012213038661087866,
  "bids_meta": {
    "BodyPartExamined": "HEAD",
    "ECHO": "4",
    "EchoTime": 0.06,
    "FlipAngle": 78.0,
    "MagneticFieldStrength": 3,
    "Manufacturer": "Siemens",
    "ManufacturersModelName": "Trio",
    "Modality": "MR",
    "ParallelReductionFactorInPlane": 3,
    "PixelBandwidth": 1698.0,
    "PixelSpacing": [
      3.75,
      4.4
    ],
    "ReceiveCoilName": "32Ch_Head_3T",
    "RepetitionTime": 2.47,
    "SliceThickness": 4.4,
    "SliceTiming": [
      1.235,
      0.0,
      1.31733333333,
      0.0823333333333,
      1.39966666667,
      0.164666666667,
      1.482,
      0.247,
      1.56433333333,
      0.329333333333,
      1.64666666667,
      0.411666666667,
      1.729,
      0.494,
      1.81133333333,
      0.576333333333,
      1.89366666667,
      0.658666666667,
      1.976,
      0.741,
      2.05833333333,
      0.823333333333,
      2.14066666667,
      0.905666666667,
      2.223,
      0.988,
      2.30533333333,
      1.07033333333,
      2.38766666667,
      1.15266666667
    ],
    "SpacingBetweenSlices": 4.840000000000001,
    "TaskName": "rest",
    "dataset": "ds000258",
    "modality": "bold",
    "subject_id": "21456",
    "task_id": "rest"
  },
  "dummy_trs": 0,
  "dvars_nstd": 34.14266487768908,
  "dvars_std": 1.0241535216386555,
  "dvars_vstd": 0.974088132731092,
  "efc": 0.41908344286465987,
  "fber": 1483.552978515625,
  "fd_mean": 0.18368688406797407,
  "fd_num": 49,
  "fd_perc": 20.502092050209207,
  "fwhm_avg": 1.9981488851676807,
  "fwhm_x": 2.0057146666666665,
  "fwhm_y": 2.0755706666666667,
  "fwhm_z": 1.9131613221697086,
  "gcor": 0.041638,
  "gsr_x": -0.012197619304060936,
  "gsr_y": 0.01611560769379139,
  "provenance": {
    "md5sum": "aa1902dfcbcc85da3ff7b2d9e955829e",
    "settings": {
      "fd_thres": 0.2,
      "testing": false
    },
    "software": "mriqc",
    "version": "22.0.0rc1",
    "webapi_port": null,
    "webapi_url": "https://mriqc.nimh.nih.gov/api/v1"
  },
  "size_t": 239,
  "size_x": 64,
  "size_y": 64,
  "size_z": 30,
  "snr": 2.93031990265475,
  "spacing_tr": 2.4700000286102295,
  "spacing_x": 3.75,
  "spacing_y": 3.75,
  "spacing_z": 4.400000095367432,
  "summary_bg_k": 74.65022251554309,
  "summary_bg_mad": 4.975092643691436,
  "summary_bg_mean": 15.429549217224121,
  "summary_bg_median": 10.104601860046387,
  "summary_bg_n": 83173.0,
  "summary_bg_p05": 5.221757411956787,
  "summary_bg_p95": 41.480333709716746,
  "summary_bg_stdv": 21.249332427978516,
  "summary_fg_k": 1.8702163598297705,
  "summary_fg_mad": 115.34211356309171,
  "summary_fg_mean": 407.81475830078125,
  "summary_fg_median": 390.69036865234375,
  "summary_fg_n": 13260.0,
  "summary_fg_p05": 222.9324172973633,
  "summary_fg_p95": 649.984497070312,
  "summary_fg_stdv": 133.32183837890625,
  "tsnr": 29.43562147091143
}