{
  "aor": 0.00666326359832636,
  "aqi": 0.008895298661087866,
  "bids_meta": {
    "BodyPartExamined": "HEAD",
    "ECHO": "1",
    "EchoTime": 0.012,
    "FlipAngle": 78.0,
    "MagneticFieldStrength": 3,
    "Manufacturer": "Siemens",
    "ManufacturersModelName": "Trio",
    "Modality": "MR",
    "ParallelReductionFactorInPlane": 3,
    "PixelBandwidth": 1698.0,
    "PixelSpacing": [
      3.75,
      4.4
    ],
    "ReceiveCoilName": "32Ch_Head_3T",
    "RepetitionTime": 2.47,
    "SliceThickness": 4.4,
    "SliceTiming": [
      1.235,
      0.0,
      1.31733333333,
      0.0823333333333,
      1.39966666667,
      0.164666666667,
      1.482,
      0.247,
      1.56433333333,
      0.329333333333,
      1.64666666667,
      0.411666666667,
      1.729,
      0.494,
      1.81133333333,
      0.576333333333,
      1.89366666667,
      0.658666666667,
      1.976,
      0.741,
      2.05833333333,
      0.823333333333,
      2.14066666667,
      0.905666666667,
      2.223,
      0.988,
      2.30533333333,
      1.07033333333,
      2.38766666667,
      1.15266666667
    ],
    "SpacingBetweenSlices": 4.840000000000001,
    "TaskName": "rest",
    "dataset": "ds000258",
    "modality": "bold",
    "subject_id": "21256",
    "task_id": "rest"
  },
  "dummy_trs": 0,
  "dvars_nstd": 32.29073146189075,
  "dvars_std": 1.0735830134033613,
  "dvars_vstd": 0.9556066885294108,
  "efc": 0.4679164228819034,
  "fber": 2527.7978515625,
  "fd_mean": 0.2809822744734013,
  "fd_num": 112,
  "fd_perc": 46.86192468619247,
  "fwhm_avg": 2.425959637209582,
  "fwhm_x": 1.9967840000000001,
  "fwhm_y": 2.6019813333333333,
  "fwhm_z": 2.6791135782954134,
  "gcor": 0.0693997,
  "gsr_x": -0.019209176301956177,
  "gsr_y": 0.033537182956933975,
  "provenance": {
    "md5sum": "933ca22b4045a63625c3290de39cadf7",
    "settings": {
      "fd_thres": 0.2,
      "testing": false
    },
    "software": "mriqc",
    "version": "22.0.0rc1",
    "webapi_port": null,
    "webapi_url": "https://mriqc.nimh.nih.gov/api/v1"
  },
  "size_t": 239,
  "size_x": 64,
  "size_y": 64,
  "size_z": 30,
  "snr": 4.011808499550848,
  "spacing_tr": 2.4700000286102295,
  "spacing_x": 3.75,
  "spacing_y": 3.75,
  "spacing_z": 4.400000095367432,
  "summary_bg_k": 19.382456335772964,
  "summary_bg_mad": 10.911703676290308,
  "summary_bg_mean": 46.637882232666016,
  "summary_bg_median": 13.585773468017578,
  "summary_bg_n": 81654.0,
  "summary_bg_p05": 5.054393291473389,
  "summary_bg_p95": 240.9432983398435,
  "summary_bg_stdv": 91.79222106933594,
  "summary_fg_k": 1.83092065505532,
  "summary_fg_mad": 153.91454311663213,
  "summary_fg_mean": 731.5554809570312,
  "summary_fg_median": 710.4371948242188,
  "summary_fg_n": 14258.0,
  "summary_fg_p05": 480.313166809082,
  "summary_fg_p95": 1046.057275390625,
  "summary_fg_stdv": 177.08030700683594,
  "tsnr": 41.22283068241086
}