{
  "aor": 0.004948451882845188,
  "aqi": 0.012128706820083681,
  "bids_meta": {
    "BodyPartExamined": "HEAD",
    "ECHO": "2",
    "EchoTime": 0.028,
    "FlipAngle": 78.0,
    "MagneticFieldStrength": 3,
    "Manufacturer": "Siemens",
    "ManufacturersModelName": "Trio",
    "Modality": "MR",
    "ParallelReductionFactorInPlane": 3,
    "PixelBandwidth": 1698.0,
    "PixelSpacing": [
      3.75,
      4.4
    ],
    "ReceiveCoilName": "32Ch_Head_3T",
    "RepetitionTime": 2.47,
    "SliceThickness": 4.4,
    "SliceTiming": [
      1.235,
      0.0,
      1.31733333333,
      0.0823333333333,
      1.39966666667,
      0.164666666667,
      1.482,
      0.247,
      1.56433333333,
      0.329333333333,
      1.64666666667,
      0.411666666667,
      1.729,
      0.494,
      1.81133333333,
      0.576333333333,
      1.89366666667,
      0.658666666667,
      1.976,
      0.741,
      2.05833333333,
      0.823333333333,
      2.14066666667,
      0.905666666667,
      2.223,
      0.988,
      2.30533333333,
      1.07033333333,
      2.38766666667,
      1.15266666667
    ],
    "SpacingBetweenSlices": 4.840000000000001,
    "TaskName": "rest",
    "dataset": "ds000258",
    "modality": "bold",
    "subject_id": "21256",
    "task_id": "rest"
  },
  "dummy_trs": 0,
  "dvars_nstd": 37.65903539407562,
  "dvars_std": 1.0532830439915963,
  "dvars_vstd": 0.9435624777731088,
  "efc": 0.4143600161972259,
  "fber": 2387.94482421875,
  "fd_mean": 0.3090345086915156,
  "fd_num": 121,
  "fd_perc": 50.62761506276151,
  "fwhm_avg": 2.358928811221943,
  "fwhm_x": 2.2953466666666666,
  "fwhm_y": 2.420008,
  "fwhm_z": 2.361431766999163,
  "gcor": 0.0568487,
  "gsr_x": -0.014372878707945347,
  "gsr_y": 0.013779510743916035,
  "provenance": {
    "md5sum": "bb56b7b7a6ebecd5ec7a6a808d0c0cdf",
    "settings": {
      "fd_thres": 0.2,
      "testing": false
    },
    "software": "mriqc",
    "version": "22.0.0rc1",
    "webapi_port": null,
    "webapi_url": "https://mriqc.nimh.nih.gov/api/v1"
  },
  "size_t": 239,
  "size_x": 64,
  "size_y": 64,
  "size_z": 30,
  "snr": 3.8069831011477353,
  "spacing_tr": 2.4700000286102295,
  "spacing_x": 3.75,
  "spacing_y": 3.75,
  "spacing_z": 4.400000095367432,
  "summary_bg_k": 49.84025249617511,
  "summary_bg_mad": 6.761658603149745,
  "summary_bg_mean": 22.241609573364258,
  "summary_bg_median": 10.497907638549805,
  "summary_bg_n": 85563.0,
  "summary_bg_p05": 4.832635879516602,
  "summary_bg_p95": 72.7585762023924,
  "summary_bg_stdv": 41.659454345703125,
  "summary_fg_k": 2.0845340253655262,
  "summary_fg_mad": 119.36499777185878,
  "summary_fg_mean": 537.0144653320312,
  "summary_fg_median": 522.3096313476562,
  "summary_fg_n": 12259.0,
  "summary_fg_p05": 336.675732421875,
  "summary_fg_p95": 775.9577209472657,
  "summary_fg_stdv": 137.1921844482422,
  "tsnr": 33.39699584932532
}