{
  "aor": 0.010653012552301257,
  "aqi": 0.00979217150627615,
  "bids_meta": {
    "BodyPartExamined": "HEAD",
    "ECHO": "4",
    "EchoTime": 0.06,
    "FlipAngle": 78.0,
    "MagneticFieldStrength": 3,
    "Manufacturer": "Siemens",
    "ManufacturersModelName": "Trio",
    "Modality": "MR",
    "ParallelReductionFactorInPlane": 3,
    "PixelBandwidth": 1698.0,
    "PixelSpacing": [
      3.75,
      4.4
    ],
    "ReceiveCoilName": "32Ch_Head_3T",
    "RepetitionTime": 2.47,
    "SliceThickness": 4.4,
    "SliceTiming": [
      1.235,
      0.0,
      1.31733333333,
      0.0823333333333,
      1.39966666667,
      0.164666666667,
      1.482,
      0.247,
      1.56433333333,
      0.329333333333,
      1.64666666667,
      0.411666666667,
      1.729,
      0.494,
      1.81133333333,
      0.576333333333,
      1.89366666667,
      0.658666666667,
      1.976,
      0.741,
      2.05833333333,
      0.823333333333,
      2.14066666667,
      0.905666666667,
      2.223,
      0.988,
      2.30533333333,
      1.07033333333,
      2.38766666667,
      1.15266666667
    ],
    "SpacingBetweenSlices": 4.840000000000001,
    "TaskName": "rest",
    "dataset": "ds000258",
    "modality": "bold",
    "subject_id": "21277",
    "task_id": "rest"
  },
  "dummy_trs": 0,
  "dvars_nstd": 30.45088792865543,
  "dvars_std": 1.1627737835294116,
  "dvars_vstd": 1.0292398923529404,
  "efc": 0.3563800103135611,
  "fber": 1688.6636962890625,
  "fd_mean": 0.10317821828539246,
  "fd_num": 17,
  "fd_perc": 7.112970711297071,
  "fwhm_avg": 2.2510327513525827,
  "fwhm_x": 2.2946560000000003,
  "fwhm_y": 2.1989786666666666,
  "fwhm_z": 2.2594635873910818,
  "gcor": 0.0240649,
  "gsr_x": -0.01669095642864704,
  "gsr_y": 0.02359789051115513,
  "provenance": {
    "md5sum": "e80050f68c11994aae6d462780cfd631",
    "settings": {
      "fd_thres": 0.2,
      "testing": false
    },
    "software": "mriqc",
    "version": "22.0.0rc1",
    "webapi_port": null,
    "webapi_url": "https://mriqc.nimh.nih.gov/api/v1"
  },
  "size_t": 239,
  "size_x": 64,
  "size_y": 64,
  "size_z": 30,
  "snr": 1.456738001129644,
  "spacing_tr": 2.4700000286102295,
  "spacing_x": 3.75,
  "spacing_y": 3.75,
  "spacing_z": 4.400000095367432,
  "summary_bg_k": 75.23003371729213,
  "summary_bg_mad": 5.235632791090948,
  "summary_bg_mean": 16.510366439819336,
  "summary_bg_median": 9.953974723815918,
  "summary_bg_n": 86343.0,
  "summary_bg_p05": 5.125941467285158,
  "summary_bg_p95": 47.571964263915945,
  "summary_bg_stdv": 23.455947875976562,
  "summary_fg_k": 6.588173607971967,
  "summary_fg_mad": 181.7179949928024,
  "summary_fg_mean": 500.90936279296875,
  "summary_fg_median": 418.25732421875,
  "summary_fg_n": 10988.0,
  "summary_fg_p05": 222.85418090820312,
  "summary_fg_p95": 1081.8758728027344,
  "summary_fg_stdv": 287.1060485839844,
  "tsnr": 34.473997245077044
}