{
  "aor": 0.0011426778242677824,
  "aqi": 0.010183327782426777,
  "bids_meta": {
    "BodyPartExamined": "HEAD",
    "ECHO": "4",
    "EchoTime": 0.06,
    "FlipAngle": 78.0,
    "MagneticFieldStrength": 3,
    "Manufacturer": "Siemens",
    "ManufacturersModelName": "Trio",
    "Modality": "MR",
    "ParallelReductionFactorInPlane": 3,
    "PixelBandwidth": 1698.0,
    "PixelSpacing": [
      3.75,
      4.4
    ],
    "ReceiveCoilName": "32Ch_Head_3T",
    "RepetitionTime": 2.47,
    "SliceThickness": 4.4,
    "SliceTiming": [
      1.235,
      0.0,
      1.31733333333,
      0.0823333333333,
      1.39966666667,
      0.164666666667,
      1.482,
      0.247,
      1.56433333333,
      0.329333333333,
      1.64666666667,
      0.411666666667,
      1.729,
      0.494,
      1.81133333333,
      0.576333333333,
      1.89366666667,
      0.658666666667,
      1.976,
      0.741,
      2.05833333333,
      0.823333333333,
      2.14066666667,
      0.905666666667,
      2.223,
      0.988,
      2.30533333333,
      1.07033333333,
      2.38766666667,
      1.15266666667
    ],
    "SpacingBetweenSlices": 4.840000000000001,
    "TaskName": "rest",
    "dataset": "ds000258",
    "modality": "bold",
    "subject_id": "20946",
    "task_id": "rest"
  },
  "dummy_trs": 0,
  "dvars_nstd": 58.223225970126066,
  "dvars_std": 1.1690972186554605,
  "dvars_vstd": 0.9884475483613442,
  "efc": 0.46389038480287126,
  "fber": 298.5869140625,
  "fd_mean": 0.3520089072978461,
  "fd_num": 140,
  "fd_perc": 58.57740585774059,
  "fwhm_avg": 2.0775811872483487,
  "fwhm_x": 2.091624,
  "fwhm_y": 2.0965173333333333,
  "fwhm_z": 2.044602228411713,
  "gcor": 0.0425676,
  "gsr_x": -0.003051553387194872,
  "gsr_y": 0.01665571518242359,
  "provenance": {
    "md5sum": "31c4bf1032319d63eda377f347e5ef84",
    "settings": {
      "fd_thres": 0.2,
      "testing": false
    },
    "software": "mriqc",
    "version": "22.0.0rc1",
    "webapi_port": null,
    "webapi_url": "https://mriqc.nimh.nih.gov/api/v1"
  },
  "size_t": 239,
  "size_x": 64,
  "size_y": 64,
  "size_z": 30,
  "snr": 2.2261985563984354,
  "spacing_tr": 2.4700000286102295,
  "spacing_x": 3.75,
  "spacing_y": 3.75,
  "spacing_z": 4.400000095367432,
  "summary_bg_k": 35.53457641944917,
  "summary_bg_mad": 11.308720297725012,
  "summary_bg_mean": 25.361936569213867,
  "summary_bg_median": 17.937238693237305,
  "summary_bg_n": 86245.0,
  "summary_bg_p05": 6.824267387390137,
  "summary_bg_p95": 67.67280426025398,
  "summary_bg_stdv": 27.66411018371582,
  "summary_fg_k": 6.323628489783307,
  "summary_fg_mad": 106.07741066473328,
  "summary_fg_mean": 353.0491638183594,
  "summary_fg_median": 319.1171569824219,
  "summary_fg_n": 11207.0,
  "summary_fg_p05": 189.08577423095704,
  "summary_fg_p95": 631.3974914550777,
  "summary_fg_stdv": 143.33982849121094,
  "tsnr": 29.127271753095556
}