{
  "aor": 0.0013398744769874478,
  "aqi": 0.006774687196652721,
  "bids_meta": {
    "BodyPartExamined": "HEAD",
    "ECHO": "4",
    "EchoTime": 0.06,
    "FlipAngle": 78.0,
    "MagneticFieldStrength": 3,
    "Manufacturer": "Siemens",
    "ManufacturersModelName": "Trio",
    "Modality": "MR",
    "ParallelReductionFactorInPlane": 3,
    "PixelBandwidth": 1698.0,
    "PixelSpacing": [
      3.75,
      4.4
    ],
    "ReceiveCoilName": "32Ch_Head_3T",
    "RepetitionTime": 2.47,
    "SliceThickness": 4.4,
    "SliceTiming": [
      1.235,
      0.0,
      1.31733333333,
      0.0823333333333,
      1.39966666667,
      0.164666666667,
      1.482,
      0.247,
      1.56433333333,
      0.329333333333,
      1.64666666667,
      0.411666666667,
      1.729,
      0.494,
      1.81133333333,
      0.576333333333,
      1.89366666667,
      0.658666666667,
      1.976,
      0.741,
      2.05833333333,
      0.823333333333,
      2.14066666667,
      0.905666666667,
      2.223,
      0.988,
      2.30533333333,
      1.07033333333,
      2.38766666667,
      1.15266666667
    ],
    "SpacingBetweenSlices": 4.840000000000001,
    "TaskName": "rest",
    "dataset": "ds000258",
    "modality": "bold",
    "subject_id": "11310",
    "task_id": "rest"
  },
  "dummy_trs": 0,
  "dvars_nstd": 58.3611515430673,
  "dvars_std": 1.192940345504202,
  "dvars_vstd": 0.9662244575630258,
  "efc": 0.39365560716973,
  "fber": 855.0608520507812,
  "fd_mean": 0.21678092816310374,
  "fd_num": 87,
  "fd_perc": 36.40167364016737,
  "fwhm_avg": 2.422949013128519,
  "fwhm_x": 2.4584933333333336,
  "fwhm_y": 2.4331946666666666,
  "fwhm_z": 2.3771590393855564,
  "gcor": 0.0278942,
  "gsr_x": -0.027616875246167183,
  "gsr_y": 0.03715220466256142,
  "provenance": {
    "md5sum": "8342fefad14ad570636fc03514a30e55",
    "settings": {
      "fd_thres": 0.2,
      "testing": false
    },
    "software": "mriqc",
    "version": "22.0.0rc1",
    "webapi_port": null,
    "webapi_url": "https://mriqc.nimh.nih.gov/api/v1"
  },
  "size_t": 239,
  "size_x": 64,
  "size_y": 64,
  "size_z": 30,
  "snr": 1.3159630727181575,
  "spacing_tr": 2.4700000286102295,
  "spacing_x": 3.75,
  "spacing_y": 3.75,
  "spacing_z": 4.400000095367432,
  "summary_bg_k": 70.32769764373549,
  "summary_bg_mad": 5.899393132421285,
  "summary_bg_mean": 19.213499069213867,
  "summary_bg_median": 12.895397186279297,
  "summary_bg_n": 82014.0,
  "summary_bg_p05": 7.1464433670043945,
  "summary_bg_p95": 50.008365631103516,
  "summary_bg_stdv": 23.477781295776367,
  "summary_fg_k": 6.807780347512793,
  "summary_fg_mad": 172.86893922824225,
  "summary_fg_mean": 473.0389099121094,
  "summary_fg_median": 382.4393310546875,
  "summary_fg_n": 13829.0,
  "summary_fg_p05": 202.6100341796875,
  "summary_fg_p95": 1074.646875,
  "summary_fg_stdv": 290.60504150390625,
  "tsnr": 32.21595712238923
}