{
  "aor": 0.0013561924686192467,
  "aqi": 0.002627732050209205,
  "bids_meta": {
    "BodyPartExamined": "HEAD",
    "ECHO": "1",
    "EchoTime": 0.012,
    "FlipAngle": 78.0,
    "MagneticFieldStrength": 3,
    "Manufacturer": "Siemens",
    "ManufacturersModelName": "Trio",
    "Modality": "MR",
    "ParallelReductionFactorInPlane": 3,
    "PixelBandwidth": 1698.0,
    "PixelSpacing": [
      3.75,
      4.4
    ],
    "ReceiveCoilName": "32Ch_Head_3T",
    "RepetitionTime": 2.47,
    "SliceThickness": 4.4,
    "SliceTiming": [
      1.235,
      0.0,
      1.31733333333,
      0.0823333333333,
      1.39966666667,
      0.164666666667,
      1.482,
      0.247,
      1.56433333333,
      0.329333333333,
      1.64666666667,
      0.411666666667,
      1.729,
      0.494,
      1.81133333333,
      0.576333333333,
      1.89366666667,
      0.658666666667,
      1.976,
      0.741,
      2.05833333333,
      0.823333333333,
      2.14066666667,
      0.905666666667,
      2.223,
      0.988,
      2.30533333333,
      1.07033333333,
      2.38766666667,
      1.15266666667
    ],
    "SpacingBetweenSlices": 4.840000000000001,
    "TaskName": "rest",
    "dataset": "ds000258",
    "modality": "bold",
    "subject_id": "11310",
    "task_id": "rest"
  },
  "dummy_trs": 0,
  "dvars_nstd": 27.638019008949577,
  "dvars_std": 1.2221125456722692,
  "dvars_vstd": 0.9696152436134455,
  "efc": 0.47645416605129487,
  "fber": 1993.431640625,
  "fd_mean": 0.18694389772891207,
  "fd_num": 66,
  "fd_perc": 27.615062761506277,
  "fwhm_avg": 3.648494820769018,
  "fwhm_x": 3.56216,
  "fwhm_y": 3.54712,
  "fwhm_z": 3.836204462307053,
  "gcor": 0.0491201,
  "gsr_x": -0.04098315164446831,
  "gsr_y": 0.10033102333545685,
  "provenance": {
    "md5sum": "3bbe25b04e32596817a888251e2bd55d",
    "settings": {
      "fd_thres": 0.2,
      "testing": false
    },
    "software": "mriqc",
    "version": "22.0.0rc1",
    "webapi_port": null,
    "webapi_url": "https://mriqc.nimh.nih.gov/api/v1"
  },
  "size_t": 239,
  "size_x": 64,
  "size_y": 64,
  "size_z": 30,
  "snr": 1.7381881269497907,
  "spacing_tr": 2.4700000286102295,
  "spacing_x": 3.75,
  "spacing_y": 3.75,
  "spacing_z": 4.400000095367432,
  "summary_bg_k": 25.66617309841033,
  "summary_bg_mad": 15.725508383801381,
  "summary_bg_mean": 77.40923309326172,
  "summary_bg_median": 20.26778221130371,
  "summary_bg_n": 75443.0,
  "summary_bg_p05": 7.841422319412233,
  "summary_bg_p95": 392.1255157470701,
  "summary_bg_stdv": 155.86727905273438,
  "summary_fg_k": 4.906038860739449,
  "summary_fg_mad": 363.17555729609927,
  "summary_fg_mean": 1067.5650634765625,
  "summary_fg_median": 929.3263549804688,
  "summary_fg_n": 19381.0,
  "summary_fg_p05": 527.518798828125,
  "summary_fg_p95": 2197.322021484375,
  "summary_fg_stdv": 534.6385498046875,
  "tsnr": 72.56736494600773
}