{
  "aor": 0.0038648953974895392,
  "aqi": 0.01681279531380753,
  "bids_meta": {
    "BodyPartExamined": "HEAD",
    "ECHO": "4",
    "EchoTime": 0.06,
    "FlipAngle": 78.0,
    "MagneticFieldStrength": 3,
    "Manufacturer": "Siemens",
    "ManufacturersModelName": "Trio",
    "Modality": "MR",
    "ParallelReductionFactorInPlane": 3,
    "PixelBandwidth": 1698.0,
    "PixelSpacing": [
      3.75,
      4.4
    ],
    "ReceiveCoilName": "32Ch_Head_3T",
    "RepetitionTime": 2.47,
    "SliceThickness": 4.4,
    "SliceTiming": [
      1.235,
      0.0,
      1.31733333333,
      0.0823333333333,
      1.39966666667,
      0.164666666667,
      1.482,
      0.247,
      1.56433333333,
      0.329333333333,
      1.64666666667,
      0.411666666667,
      1.729,
      0.494,
      1.81133333333,
      0.576333333333,
      1.89366666667,
      0.658666666667,
      1.976,
      0.741,
      2.05833333333,
      0.823333333333,
      2.14066666667,
      0.905666666667,
      2.223,
      0.988,
      2.30533333333,
      1.07033333333,
      2.38766666667,
      1.15266666667
    ],
    "SpacingBetweenSlices": 4.840000000000001,
    "TaskName": "rest",
    "dataset": "ds000258",
    "modality": "bold",
    "subject_id": "21253",
    "task_id": "rest"
  },
  "dummy_trs": 0,
  "dvars_nstd": 68.2956128322269,
  "dvars_std": 1.1540710329831925,
  "dvars_vstd": 0.9842438527731092,
  "efc": 0.4303225453503596,
  "fber": 723.0576782226562,
  "fd_mean": 0.43085088632607904,
  "fd_num": 160,
  "fd_perc": 66.94560669456067,
  "fwhm_avg": 2.029968379505727,
  "fwhm_x": 2.0748826666666664,
  "fwhm_y": 2.0172293333333333,
  "fwhm_z": 1.9977931385171819,
  "gcor": 0.0475363,
  "gsr_x": -0.012430652044713497,
  "gsr_y": 0.014004763215780258,
  "provenance": {
    "md5sum": "c49ce7d4fbac5efd6ea5b277f7eab436",
    "settings": {
      "fd_thres": 0.2,
      "testing": false
    },
    "software": "mriqc",
    "version": "22.0.0rc1",
    "webapi_port": null,
    "webapi_url": "https://mriqc.nimh.nih.gov/api/v1"
  },
  "size_t": 239,
  "size_x": 64,
  "size_y": 64,
  "size_z": 30,
  "snr": 2.4816316882946756,
  "spacing_tr": 2.4700000286102295,
  "spacing_x": 3.75,
  "spacing_y": 3.75,
  "spacing_z": 4.400000095367432,
  "summary_bg_k": 142.116345858477,
  "summary_bg_mad": 6.569354925368258,
  "summary_bg_mean": 16.594974517822266,
  "summary_bg_median": 11.9163179397583,
  "summary_bg_n": 83512.0,
  "summary_bg_p05": 5.778242588043213,
  "summary_bg_p95": 40.83598175048823,
  "summary_bg_stdv": 18.725034713745117,
  "summary_fg_k": 4.513980453042247,
  "summary_fg_mad": 101.29460685266693,
  "summary_fg_mean": 363.3286437988281,
  "summary_fg_median": 335.03765869140625,
  "summary_fg_n": 12427.0,
  "summary_fg_p05": 201.6999969482422,
  "summary_fg_p95": 621.7756896972656,
  "summary_fg_stdv": 135.00157165527344,
  "tsnr": 22.298623402544763
}