{
  "aor": 0.00754581589958159,
  "aqi": 0.007858116443514643,
  "bids_meta": {
    "BodyPartExamined": "HEAD",
    "ECHO": "1",
    "EchoTime": 0.012,
    "FlipAngle": 78.0,
    "MagneticFieldStrength": 3,
    "Manufacturer": "Siemens",
    "ManufacturersModelName": "Trio",
    "Modality": "MR",
    "ParallelReductionFactorInPlane": 3,
    "PixelBandwidth": 1698.0,
    "PixelSpacing": [
      3.75,
      4.4
    ],
    "ReceiveCoilName": "32Ch_Head_3T",
    "RepetitionTime": 2.47,
    "SliceThickness": 4.4,
    "SliceTiming": [
      1.235,
      0.0,
      1.31733333333,
      0.0823333333333,
      1.39966666667,
      0.164666666667,
      1.482,
      0.247,
      1.56433333333,
      0.329333333333,
      1.64666666667,
      0.411666666667,
      1.729,
      0.494,
      1.81133333333,
      0.576333333333,
      1.89366666667,
      0.658666666667,
      1.976,
      0.741,
      2.05833333333,
      0.823333333333,
      2.14066666667,
      0.905666666667,
      2.223,
      0.988,
      2.30533333333,
      1.07033333333,
      2.38766666667,
      1.15266666667
    ],
    "SpacingBetweenSlices": 4.840000000000001,
    "TaskName": "rest",
    "dataset": "ds000258",
    "modality": "bold",
    "subject_id": "21253",
    "task_id": "rest"
  },
  "dummy_trs": 0,
  "dvars_nstd": 37.45004189907564,
  "dvars_std": 1.2446853404621854,
  "dvars_vstd": 1.0207171518907563,
  "efc": 0.5139719723916372,
  "fber": 1516.54248046875,
  "fd_mean": 0.3815695007994191,
  "fd_num": 150,
  "fd_perc": 62.76150627615063,
  "fwhm_avg": 2.6521954736765485,
  "fwhm_x": 2.147434666666667,
  "fwhm_y": 2.8647199999999997,
  "fwhm_z": 2.944431754362979,
  "gcor": 0.0227587,
  "gsr_x": -0.006525515113025904,
  "gsr_y": 0.06309241056442261,
  "provenance": {
    "md5sum": "c3dbe4db61de98d269f7e45fad74116f",
    "settings": {
      "fd_thres": 0.2,
      "testing": false
    },
    "software": "mriqc",
    "version": "22.0.0rc1",
    "webapi_port": null,
    "webapi_url": "https://mriqc.nimh.nih.gov/api/v1"
  },
  "size_t": 239,
  "size_x": 64,
  "size_y": 64,
  "size_z": 30,
  "snr": 3.1941858491225226,
  "spacing_tr": 2.4700000286102295,
  "spacing_x": 3.75,
  "spacing_y": 3.75,
  "spacing_z": 4.400000095367432,
  "summary_bg_k": 14.148269649213567,
  "summary_bg_mad": 17.70438084888049,
  "summary_bg_mean": 70.65576171875,
  "summary_bg_median": 19.949790954589844,
  "summary_bg_n": 75828.0,
  "summary_bg_p05": 6.171547889709473,
  "summary_bg_p95": 370.65290679931553,
  "summary_bg_stdv": 133.52806091308594,
  "summary_fg_k": 1.2906630226374842,
  "summary_fg_mad": 233.68657806042953,
  "summary_fg_mean": 869.616943359375,
  "summary_fg_median": 832.06689453125,
  "summary_fg_n": 18555.0,
  "summary_fg_p05": 519.7949645996093,
  "summary_fg_p95": 1368.2183471679684,
  "summary_fg_stdv": 260.4871826171875,
  "tsnr": 47.75682131387293
}