{
  "aor": 0.0007278661087866109,
  "aqi": 0.004066400292887029,
  "bids_meta": {
    "BodyPartExamined": "HEAD",
    "ECHO": "1",
    "EchoTime": 0.012,
    "FlipAngle": 78.0,
    "MagneticFieldStrength": 3,
    "Manufacturer": "Siemens",
    "ManufacturersModelName": "Trio",
    "Modality": "MR",
    "ParallelReductionFactorInPlane": 3,
    "PixelBandwidth": 1698.0,
    "PixelSpacing": [
      3.75,
      4.4
    ],
    "ReceiveCoilName": "32Ch_Head_3T",
    "RepetitionTime": 2.47,
    "SliceThickness": 4.4,
    "SliceTiming": [
      1.235,
      0.0,
      1.31733333333,
      0.0823333333333,
      1.39966666667,
      0.164666666667,
      1.482,
      0.247,
      1.56433333333,
      0.329333333333,
      1.64666666667,
      0.411666666667,
      1.729,
      0.494,
      1.81133333333,
      0.576333333333,
      1.89366666667,
      0.658666666667,
      1.976,
      0.741,
      2.05833333333,
      0.823333333333,
      2.14066666667,
      0.905666666667,
      2.223,
      0.988,
      2.30533333333,
      1.07033333333,
      2.38766666667,
      1.15266666667
    ],
    "SpacingBetweenSlices": 4.840000000000001,
    "TaskName": "rest",
    "dataset": "ds000258",
    "modality": "bold",
    "subject_id": "20862",
    "task_id": "rest"
  },
  "dummy_trs": 0,
  "dvars_nstd": 15.2031551329832,
  "dvars_std": 1.1064260055042014,
  "dvars_vstd": 0.8912923913445379,
  "efc": 0.47289409373368124,
  "fber": 4809.326171875,
  "fd_mean": 0.1345919716541469,
  "fd_num": 52,
  "fd_perc": 21.757322175732217,
  "fwhm_avg": 2.8278506942446184,
  "fwhm_x": 2.637426666666667,
  "fwhm_y": 2.7946933333333335,
  "fwhm_z": 3.051432082733855,
  "gcor": 0.0364622,
  "gsr_x": -0.021616658195853233,
  "gsr_y": 0.04504915326833725,
  "provenance": {
    "md5sum": "b70685318fed312d58a3321a7431c9d9",
    "settings": {
      "fd_thres": 0.2,
      "testing": false
    },
    "software": "mriqc",
    "version": "22.0.0rc1",
    "webapi_port": null,
    "webapi_url": "https://mriqc.nimh.nih.gov/api/v1"
  },
  "size_t": 239,
  "size_x": 64,
  "size_y": 64,
  "size_z": 30,
  "snr": 3.089907532643597,
  "spacing_tr": 2.4700000286102295,
  "spacing_x": 3.75,
  "spacing_y": 3.75,
  "spacing_z": 4.399999618530273,
  "summary_bg_k": 15.921275854319521,
  "summary_bg_mad": 10.644959956394676,
  "summary_bg_mean": 53.45661926269531,
  "summary_bg_median": 12.991631507873535,
  "summary_bg_n": 77161.0,
  "summary_bg_p05": 4.849372386932373,
  "summary_bg_p95": 321.6652526855469,
  "summary_bg_stdv": 117.15237426757812,
  "summary_fg_k": 2.131694666170569,
  "summary_fg_mad": 243.8167581480178,
  "summary_fg_mean": 984.2500610351562,
  "summary_fg_median": 916.518798828125,
  "summary_fg_n": 18434.0,
  "summary_fg_p05": 636.4652618408203,
  "summary_fg_p95": 1579.2886474609372,
  "summary_fg_stdv": 296.6088562011719,
  "tsnr": 81.73781932331622
}