{
  "aor": 0.0008194560669456068,
  "aqi": 0.00889410820083682,
  "bids_meta": {
    "BodyPartExamined": "HEAD",
    "ECHO": "3",
    "EchoTime": 0.044,
    "FlipAngle": 78.0,
    "MagneticFieldStrength": 3,
    "Manufacturer": "Siemens",
    "ManufacturersModelName": "Trio",
    "Modality": "MR",
    "ParallelReductionFactorInPlane": 3,
    "PixelBandwidth": 1698.0,
    "PixelSpacing": [
      3.75,
      4.4
    ],
    "ReceiveCoilName": "32Ch_Head_3T",
    "RepetitionTime": 2.47,
    "SliceThickness": 4.4,
    "SliceTiming": [
      1.235,
      0.0,
      1.31733333333,
      0.0823333333333,
      1.39966666667,
      0.164666666667,
      1.482,
      0.247,
      1.56433333333,
      0.329333333333,
      1.64666666667,
      0.411666666667,
      1.729,
      0.494,
      1.81133333333,
      0.576333333333,
      1.89366666667,
      0.658666666667,
      1.976,
      0.741,
      2.05833333333,
      0.823333333333,
      2.14066666667,
      0.905666666667,
      2.223,
      0.988,
      2.30533333333,
      1.07033333333,
      2.38766666667,
      1.15266666667
    ],
    "SpacingBetweenSlices": 4.840000000000001,
    "TaskName": "rest",
    "dataset": "ds000258",
    "modality": "bold",
    "subject_id": "20862",
    "task_id": "rest"
  },
  "dummy_trs": 0,
  "dvars_nstd": 22.412107820168067,
  "dvars_std": 0.9754830963025206,
  "dvars_vstd": 0.8948756507983194,
  "efc": 0.40993305916831446,
  "fber": 3112.889892578125,
  "fd_mean": 0.14545000942395217,
  "fd_num": 55,
  "fd_perc": 23.01255230125523,
  "fwhm_avg": 2.4151678473454354,
  "fwhm_x": 2.454408,
  "fwhm_y": 2.3838453333333334,
  "fwhm_z": 2.4072502087029726,
  "gcor": 0.0434304,
  "gsr_x": -0.007655725348740816,
  "gsr_y": 0.01893540844321251,
  "provenance": {
    "md5sum": "2891be4b0e599f17fed8ef5748a8e8d3",
    "settings": {
      "fd_thres": 0.2,
      "testing": false
    },
    "software": "mriqc",
    "version": "22.0.0rc1",
    "webapi_port": null,
    "webapi_url": "https://mriqc.nimh.nih.gov/api/v1"
  },
  "size_t": 239,
  "size_x": 64,
  "size_y": 64,
  "size_z": 30,
  "snr": 2.5957159372798975,
  "spacing_tr": 2.4700000286102295,
  "spacing_x": 3.75,
  "spacing_y": 3.75,
  "spacing_z": 4.399999618530273,
  "summary_bg_k": 85.29593835231752,
  "summary_bg_mad": 5.244937442875302,
  "summary_bg_mean": 15.699163436889648,
  "summary_bg_median": 9.205020904541016,
  "summary_bg_n": 81202.0,
  "summary_bg_p05": 4.757321834564209,
  "summary_bg_p95": 46.7571111679077,
  "summary_bg_stdv": 21.57129669189453,
  "summary_fg_k": 3.1961627891389757,
  "summary_fg_mad": 157.7885698638854,
  "summary_fg_mean": 564.9982299804688,
  "summary_fg_median": 521.2447509765625,
  "summary_fg_n": 15066.0,
  "summary_fg_p05": 329.9937057495117,
  "summary_fg_p95": 959.9612884521484,
  "summary_fg_stdv": 200.80296325683594,
  "tsnr": 40.82909514475614
}