{
  "aor": 0.001374518828451883,
  "aqi": 0.0021614317991631798,
  "bids_meta": {
    "BodyPartExamined": "HEAD",
    "ECHO": "4",
    "EchoTime": 0.06,
    "FlipAngle": 78.0,
    "MagneticFieldStrength": 3,
    "Manufacturer": "Siemens",
    "ManufacturersModelName": "Trio",
    "Modality": "MR",
    "ParallelReductionFactorInPlane": 3,
    "PixelBandwidth": 1698.0,
    "PixelSpacing": [
      3.75,
      4.4
    ],
    "ReceiveCoilName": "32Ch_Head_3T",
    "RepetitionTime": 2.47,
    "SliceThickness": 4.4,
    "SliceTiming": [
      1.235,
      0.0,
      1.31733333333,
      0.0823333333333,
      1.39966666667,
      0.164666666667,
      1.482,
      0.247,
      1.56433333333,
      0.329333333333,
      1.64666666667,
      0.411666666667,
      1.729,
      0.494,
      1.81133333333,
      0.576333333333,
      1.89366666667,
      0.658666666667,
      1.976,
      0.741,
      2.05833333333,
      0.823333333333,
      2.14066666667,
      0.905666666667,
      2.223,
      0.988,
      2.30533333333,
      1.07033333333,
      2.38766666667,
      1.15266666667
    ],
    "SpacingBetweenSlices": 4.840000000000001,
    "TaskName": "rest",
    "dataset": "ds000258",
    "modality": "bold",
    "subject_id": "21036",
    "task_id": "rest"
  },
  "dummy_trs": 0,
  "dvars_nstd": 24.31011078936976,
  "dvars_std": 1.0909290174369746,
  "dvars_vstd": 1.0124573815966382,
  "efc": 0.4358519106302029,
  "fber": 1163.6390380859375,
  "fd_mean": 0.062067863729545446,
  "fd_num": 5,
  "fd_perc": 2.092050209205021,
  "fwhm_avg": 2.4202112553900386,
  "fwhm_x": 2.3940186666666667,
  "fwhm_y": 2.466933333333333,
  "fwhm_z": 2.399681766170117,
  "gcor": 0.0405875,
  "gsr_x": -0.025920506566762924,
  "gsr_y": 0.03463297709822655,
  "provenance": {
    "md5sum": "fe454ed0c774f6a2084958080eae88d2",
    "settings": {
      "fd_thres": 0.2,
      "testing": false
    },
    "software": "mriqc",
    "version": "22.0.0rc1",
    "webapi_port": null,
    "webapi_url": "https://mriqc.nimh.nih.gov/api/v1"
  },
  "size_t": 239,
  "size_x": 64,
  "size_y": 64,
  "size_z": 30,
  "snr": 1.8105071460747002,
  "spacing_tr": 2.4700000286102295,
  "spacing_x": 3.75,
  "spacing_y": 3.75,
  "spacing_z": 4.400000095367432,
  "summary_bg_k": 75.42753436345305,
  "summary_bg_mad": 4.615296750273635,
  "summary_bg_mean": 15.229433059692383,
  "summary_bg_median": 10.016736030578613,
  "summary_bg_n": 77448.0,
  "summary_bg_p05": 5.715480804443359,
  "summary_bg_p95": 40.02782459259031,
  "summary_bg_stdv": 19.717103958129883,
  "summary_fg_k": 7.332667901422578,
  "summary_fg_mad": 130.11540220061147,
  "summary_fg_mean": 403.32757568359375,
  "summary_fg_median": 355.24267578125,
  "summary_fg_n": 17208.0,
  "summary_fg_p05": 195.15794143676757,
  "summary_fg_p95": 774.9083343505858,
  "summary_fg_stdv": 196.20599365234375,
  "tsnr": 55.96753645967692
}