{
  "aor": 0.0013127196652719666,
  "aqi": 0.0053970393305439335,
  "bids_meta": {
    "BodyPartExamined": "HEAD",
    "ECHO": "4",
    "EchoTime": 0.06,
    "FlipAngle": 78.0,
    "MagneticFieldStrength": 3,
    "Manufacturer": "Siemens",
    "ManufacturersModelName": "Trio",
    "Modality": "MR",
    "ParallelReductionFactorInPlane": 3,
    "PixelBandwidth": 1698.0,
    "PixelSpacing": [
      3.75,
      4.4
    ],
    "ReceiveCoilName": "32Ch_Head_3T",
    "RepetitionTime": 2.47,
    "SliceThickness": 4.4,
    "SliceTiming": [
      1.235,
      0.0,
      1.31733333333,
      0.0823333333333,
      1.39966666667,
      0.164666666667,
      1.482,
      0.247,
      1.56433333333,
      0.329333333333,
      1.64666666667,
      0.411666666667,
      1.729,
      0.494,
      1.81133333333,
      0.576333333333,
      1.89366666667,
      0.658666666667,
      1.976,
      0.741,
      2.05833333333,
      0.823333333333,
      2.14066666667,
      0.905666666667,
      2.223,
      0.988,
      2.30533333333,
      1.07033333333,
      2.38766666667,
      1.15266666667
    ],
    "SpacingBetweenSlices": 4.840000000000001,
    "TaskName": "rest",
    "dataset": "ds000258",
    "modality": "bold",
    "subject_id": "21302",
    "task_id": "rest"
  },
  "dummy_trs": 0,
  "dvars_nstd": 30.352295017983195,
  "dvars_std": 1.0681171231932765,
  "dvars_vstd": 0.9807896794957983,
  "efc": 0.424927314975627,
  "fber": 1564.50634765625,
  "fd_mean": 0.10669857156465434,
  "fd_num": 23,
  "fd_perc": 9.623430962343097,
  "fwhm_avg": 2.0714901975889597,
  "fwhm_x": 2.067952,
  "fwhm_y": 2.1350800000000003,
  "fwhm_z": 2.0114385927668788,
  "gcor": 0.0184087,
  "gsr_x": -0.015120917931199074,
  "gsr_y": 0.023682214319705963,
  "provenance": {
    "md5sum": "15f95b0b2f2cb70bbbaa2219baa06c9d",
    "settings": {
      "fd_thres": 0.2,
      "testing": false
    },
    "software": "mriqc",
    "version": "22.0.0rc1",
    "webapi_port": null,
    "webapi_url": "https://mriqc.nimh.nih.gov/api/v1"
  },
  "size_t": 239,
  "size_x": 64,
  "size_y": 64,
  "size_z": 30,
  "snr": 2.5884669911083282,
  "spacing_tr": 2.4700000286102295,
  "spacing_x": 3.75,
  "spacing_y": 3.75,
  "spacing_z": 4.400000095367432,
  "summary_bg_k": 149.68795109623812,
  "summary_bg_mad": 4.460212386589392,
  "summary_bg_mean": 13.286187171936035,
  "summary_bg_median": 9.42259407043457,
  "summary_bg_n": 80639.0,
  "summary_bg_p05": 5.108786582946777,
  "summary_bg_p95": 32.92928924560543,
  "summary_bg_stdv": 15.544413566589355,
  "summary_fg_k": 3.4401694267420613,
  "summary_fg_mad": 119.89536469096652,
  "summary_fg_mean": 409.68878173828125,
  "summary_fg_median": 383.029296875,
  "summary_fg_n": 15048.0,
  "summary_fg_p05": 225.79162368774413,
  "summary_fg_p95": 690.6077117919921,
  "summary_fg_stdv": 147.97042846679688,
  "tsnr": 43.01854910701513
}