{
  "aor": 0.004333933054393306,
  "aqi": 0.01245185209205021,
  "bids_meta": {
    "BodyPartExamined": "HEAD",
    "ECHO": "3",
    "EchoTime": 0.044,
    "FlipAngle": 78.0,
    "MagneticFieldStrength": 3,
    "Manufacturer": "Siemens",
    "ManufacturersModelName": "Trio",
    "Modality": "MR",
    "ParallelReductionFactorInPlane": 3,
    "PixelBandwidth": 1698.0,
    "PixelSpacing": [
      3.75,
      4.4
    ],
    "ReceiveCoilName": "32Ch_Head_3T",
    "RepetitionTime": 2.47,
    "SliceThickness": 4.4,
    "SliceTiming": [
      1.235,
      0.0,
      1.31733333333,
      0.0823333333333,
      1.39966666667,
      0.164666666667,
      1.482,
      0.247,
      1.56433333333,
      0.329333333333,
      1.64666666667,
      0.411666666667,
      1.729,
      0.494,
      1.81133333333,
      0.576333333333,
      1.89366666667,
      0.658666666667,
      1.976,
      0.741,
      2.05833333333,
      0.823333333333,
      2.14066666667,
      0.905666666667,
      2.223,
      0.988,
      2.30533333333,
      1.07033333333,
      2.38766666667,
      1.15266666667
    ],
    "SpacingBetweenSlices": 4.840000000000001,
    "TaskName": "rest",
    "dataset": "ds000258",
    "modality": "bold",
    "subject_id": "19943",
    "task_id": "rest"
  },
  "dummy_trs": 0,
  "dvars_nstd": 30.114777308697484,
  "dvars_std": 1.004634474831933,
  "dvars_vstd": 0.8901179573529412,
  "efc": 0.37344851355471426,
  "fber": 3878.242919921875,
  "fd_mean": 0.2700049185952775,
  "fd_num": 88,
  "fd_perc": 36.82008368200837,
  "fwhm_avg": 2.4639458403931425,
  "fwhm_x": 2.444048,
  "fwhm_y": 2.429698666666667,
  "fwhm_z": 2.5180908545127596,
  "gcor": 0.0448375,
  "gsr_x": -0.017919912934303284,
  "gsr_y": 0.017034050077199936,
  "provenance": {
    "md5sum": "7744ec1907f27a218438f24cc8e9f5f6",
    "settings": {
      "fd_thres": 0.2,
      "testing": false
    },
    "software": "mriqc",
    "version": "22.0.0rc1",
    "webapi_port": null,
    "webapi_url": "https://mriqc.nimh.nih.gov/api/v1"
  },
  "size_t": 239,
  "size_x": 64,
  "size_y": 64,
  "size_z": 30,
  "snr": 2.553175105715941,
  "spacing_tr": 2.4700000286102295,
  "spacing_x": 3.75,
  "spacing_y": 3.75,
  "spacing_z": 4.400000095367432,
  "summary_bg_k": 84.19228628326094,
  "summary_bg_mad": 4.137639342067978,
  "summary_bg_mean": 14.971202850341797,
  "summary_bg_median": 8.200836181640625,
  "summary_bg_n": 86015.0,
  "summary_bg_p05": 4.736401557922363,
  "summary_bg_p95": 46.45732154846193,
  "summary_bg_stdv": 23.47064971923828,
  "summary_fg_k": 3.505920696638431,
  "summary_fg_mad": 148.42769780612045,
  "summary_fg_mean": 560.5478515625,
  "summary_fg_median": 516.1610717773438,
  "summary_fg_n": 11724.0,
  "summary_fg_p05": 317.0667297363281,
  "summary_fg_p95": 959.3449615478518,
  "summary_fg_stdv": 202.15576171875,
  "tsnr": 30.35850505810231
}