{
  "aor": 0.0018289539748953974,
  "aqi": 0.004263435523012553,
  "bids_meta": {
    "BodyPartExamined": "HEAD",
    "ECHO": "3",
    "EchoTime": 0.044,
    "FlipAngle": 78.0,
    "MagneticFieldStrength": 3,
    "Manufacturer": "Siemens",
    "ManufacturersModelName": "Trio",
    "Modality": "MR",
    "ParallelReductionFactorInPlane": 3,
    "PixelBandwidth": 1698.0,
    "PixelSpacing": [
      3.75,
      4.4
    ],
    "ReceiveCoilName": "32Ch_Head_3T",
    "RepetitionTime": 2.47,
    "SliceThickness": 4.4,
    "SliceTiming": [
      1.235,
      0.0,
      1.31733333333,
      0.0823333333333,
      1.39966666667,
      0.164666666667,
      1.482,
      0.247,
      1.56433333333,
      0.329333333333,
      1.64666666667,
      0.411666666667,
      1.729,
      0.494,
      1.81133333333,
      0.576333333333,
      1.89366666667,
      0.658666666667,
      1.976,
      0.741,
      2.05833333333,
      0.823333333333,
      2.14066666667,
      0.905666666667,
      2.223,
      0.988,
      2.30533333333,
      1.07033333333,
      2.38766666667,
      1.15266666667
    ],
    "SpacingBetweenSlices": 4.840000000000001,
    "TaskName": "rest",
    "dataset": "ds000258",
    "modality": "bold",
    "subject_id": "21193",
    "task_id": "rest"
  },
  "dummy_trs": 0,
  "dvars_nstd": 29.309481075924364,
  "dvars_std": 1.1381324620588236,
  "dvars_vstd": 0.9621482137394959,
  "efc": 0.3699051709561031,
  "fber": 3621.357177734375,
  "fd_mean": 0.13351441662877572,
  "fd_num": 40,
  "fd_perc": 16.736401673640167,
  "fwhm_avg": 2.282080832076199,
  "fwhm_x": 2.3201946666666666,
  "fwhm_y": 2.2548933333333334,
  "fwhm_z": 2.2711544962285974,
  "gcor": 0.040727,
  "gsr_x": -0.008805441670119762,
  "gsr_y": 0.018245026469230652,
  "provenance": {
    "md5sum": "5d723fe0d7309c6e67d37a8bec5e5f66",
    "settings": {
      "fd_thres": 0.2,
      "testing": false
    },
    "software": "mriqc",
    "version": "22.0.0rc1",
    "webapi_port": null,
    "webapi_url": "https://mriqc.nimh.nih.gov/api/v1"
  },
  "size_t": 239,
  "size_x": 64,
  "size_y": 64,
  "size_z": 30,
  "snr": 2.249274680388832,
  "spacing_tr": 2.4700000286102295,
  "spacing_x": 3.75,
  "spacing_y": 3.75,
  "spacing_z": 4.400000095367432,
  "summary_bg_k": 76.13958715726842,
  "summary_bg_mad": 4.7455675309332195,
  "summary_bg_mean": 15.09389591217041,
  "summary_bg_median": 8.669455528259277,
  "summary_bg_n": 84904.0,
  "summary_bg_p05": 4.6234307289123535,
  "summary_bg_p95": 43.21213169097893,
  "summary_bg_stdv": 23.867107391357422,
  "summary_fg_k": 4.019097588122834,
  "summary_fg_mad": 172.74173170452008,
  "summary_fg_mean": 574.4268188476562,
  "summary_fg_median": 519.364013671875,
  "summary_fg_n": 12116.0,
  "summary_fg_p05": 309.4884796142578,
  "summary_fg_p95": 1020.6066589355469,
  "summary_fg_stdv": 230.8933563232422,
  "tsnr": 47.15415748115629
}