{
  "aor": 0.002326025104602511,
  "aqi": 0.0032084187447698745,
  "bids_meta": {
    "BodyPartExamined": "HEAD",
    "ECHO": "1",
    "EchoTime": 0.012,
    "FlipAngle": 78.0,
    "MagneticFieldStrength": 3,
    "Manufacturer": "Siemens",
    "ManufacturersModelName": "Trio",
    "Modality": "MR",
    "ParallelReductionFactorInPlane": 3,
    "PixelBandwidth": 1698.0,
    "PixelSpacing": [
      3.75,
      4.4
    ],
    "ReceiveCoilName": "32Ch_Head_3T",
    "RepetitionTime": 2.47,
    "SliceThickness": 4.4,
    "SliceTiming": [
      1.235,
      0.0,
      1.31733333333,
      0.0823333333333,
      1.39966666667,
      0.164666666667,
      1.482,
      0.247,
      1.56433333333,
      0.329333333333,
      1.64666666667,
      0.411666666667,
      1.729,
      0.494,
      1.81133333333,
      0.576333333333,
      1.89366666667,
      0.658666666667,
      1.976,
      0.741,
      2.05833333333,
      0.823333333333,
      2.14066666667,
      0.905666666667,
      2.223,
      0.988,
      2.30533333333,
      1.07033333333,
      2.38766666667,
      1.15266666667
    ],
    "SpacingBetweenSlices": 4.840000000000001,
    "TaskName": "rest",
    "dataset": "ds000258",
    "modality": "bold",
    "subject_id": "21193",
    "task_id": "rest"
  },
  "dummy_trs": 0,
  "dvars_nstd": 18.297243575210068,
  "dvars_std": 1.2121303772268908,
  "dvars_vstd": 0.9745277338655461,
  "efc": 0.4429410621980774,
  "fber": 5943.39892578125,
  "fd_mean": 0.12289366134472811,
  "fd_num": 33,
  "fd_perc": 13.807531380753138,
  "fwhm_avg": 2.858177857542518,
  "fwhm_x": 2.6985333333333332,
  "fwhm_y": 2.9353866666666666,
  "fwhm_z": 2.9406135726275537,
  "gcor": 0.0303577,
  "gsr_x": -0.014013966545462608,
  "gsr_y": 0.05193514749407768,
  "provenance": {
    "md5sum": "d96d4cae960b9dfb520b3efc224283d9",
    "settings": {
      "fd_thres": 0.2,
      "testing": false
    },
    "software": "mriqc",
    "version": "22.0.0rc1",
    "webapi_port": null,
    "webapi_url": "https://mriqc.nimh.nih.gov/api/v1"
  },
  "size_t": 239,
  "size_x": 64,
  "size_y": 64,
  "size_z": 30,
  "snr": 3.065812803543823,
  "spacing_tr": 2.4700000286102295,
  "spacing_x": 3.75,
  "spacing_y": 3.75,
  "spacing_z": 4.400000095367432,
  "summary_bg_k": 18.131544604240304,
  "summary_bg_mad": 8.560631000640468,
  "summary_bg_mean": 53.635101318359375,
  "summary_bg_median": 11.502091407775879,
  "summary_bg_n": 81488.0,
  "summary_bg_p05": 4.912133693695068,
  "summary_bg_p95": 329.47656097412096,
  "summary_bg_stdv": 124.62734985351562,
  "summary_fg_k": 1.3305593033621435,
  "summary_fg_mad": 249.1267616991597,
  "summary_fg_mean": 943.2694091796875,
  "summary_fg_median": 886.9288330078125,
  "summary_fg_n": 15347.0,
  "summary_fg_p05": 581.1711303710938,
  "summary_fg_p95": 1517.87236328125,
  "summary_fg_stdv": 289.28704833984375,
  "tsnr": 93.01762243919075
}