{
  "aor": 0.0012889121338912136,
  "aqi": 0.008081675146443515,
  "bids_meta": {
    "BodyPartExamined": "HEAD",
    "ECHO": "3",
    "EchoTime": 0.044,
    "FlipAngle": 78.0,
    "MagneticFieldStrength": 3,
    "Manufacturer": "Siemens",
    "ManufacturersModelName": "Trio",
    "Modality": "MR",
    "ParallelReductionFactorInPlane": 3,
    "PixelBandwidth": 1698.0,
    "PixelSpacing": [
      3.75,
      4.4
    ],
    "ReceiveCoilName": "32Ch_Head_3T",
    "RepetitionTime": 2.47,
    "SliceThickness": 4.4,
    "SliceTiming": [
      1.235,
      0.0,
      1.31733333333,
      0.0823333333333,
      1.39966666667,
      0.164666666667,
      1.482,
      0.247,
      1.56433333333,
      0.329333333333,
      1.64666666667,
      0.411666666667,
      1.729,
      0.494,
      1.81133333333,
      0.576333333333,
      1.89366666667,
      0.658666666667,
      1.976,
      0.741,
      2.05833333333,
      0.823333333333,
      2.14066666667,
      0.905666666667,
      2.223,
      0.988,
      2.30533333333,
      1.07033333333,
      2.38766666667,
      1.15266666667
    ],
    "SpacingBetweenSlices": 4.840000000000001,
    "TaskName": "rest",
    "dataset": "ds000258",
    "modality": "bold",
    "subject_id": "20983",
    "task_id": "rest"
  },
  "dummy_trs": 0,
  "dvars_nstd": 30.570459694537792,
  "dvars_std": 1.1049130547478985,
  "dvars_vstd": 0.9367210302100836,
  "efc": 0.40703263699659253,
  "fber": 2247.477783203125,
  "fd_mean": 0.1493367693838801,
  "fd_num": 46,
  "fd_perc": 19.246861924686193,
  "fwhm_avg": 2.5333828905103517,
  "fwhm_x": 2.5200293333333335,
  "fwhm_y": 2.5083466666666667,
  "fwhm_z": 2.571772671531056,
  "gcor": 0.052686,
  "gsr_x": -0.015176713466644287,
  "gsr_y": 0.021626193076372147,
  "provenance": {
    "md5sum": "95b23e779f553c3c629c74255c89b791",
    "settings": {
      "fd_thres": 0.2,
      "testing": false
    },
    "software": "mriqc",
    "version": "22.0.0rc1",
    "webapi_port": null,
    "webapi_url": "https://mriqc.nimh.nih.gov/api/v1"
  },
  "size_t": 239,
  "size_x": 64,
  "size_y": 64,
  "size_z": 30,
  "snr": 2.1997815111412518,
  "spacing_tr": 2.4700000286102295,
  "spacing_x": 3.75,
  "spacing_y": 3.75,
  "spacing_z": 4.400000095367432,
  "summary_bg_k": 196.69806084066948,
  "summary_bg_mad": 5.855968124948433,
  "summary_bg_mean": 19.67702293395996,
  "summary_bg_median": 10.778242111206055,
  "summary_bg_n": 82452.0,
  "summary_bg_p05": 5.598326206207275,
  "summary_bg_p95": 58.73409900665282,
  "summary_bg_stdv": 32.94688034057617,
  "summary_fg_k": 3.614056289455177,
  "summary_fg_mad": 184.25205573657203,
  "summary_fg_mean": 571.8274536132812,
  "summary_fg_median": 521.72802734375,
  "summary_fg_n": 14123.0,
  "summary_fg_p05": 294.42885131835936,
  "summary_fg_p95": 1040.9468627929687,
  "summary_fg_stdv": 237.1642608642578,
  "tsnr": 36.6312613314949
}