{
  "aor": 0.0010706276150627616,
  "aqi": 0.0032116475313807534,
  "bids_meta": {
    "BodyPartExamined": "HEAD",
    "ECHO": "2",
    "EchoTime": 0.028,
    "FlipAngle": 78.0,
    "MagneticFieldStrength": 3,
    "Manufacturer": "Siemens",
    "ManufacturersModelName": "Trio",
    "Modality": "MR",
    "ParallelReductionFactorInPlane": 3,
    "PixelBandwidth": 1698.0,
    "PixelSpacing": [
      3.75,
      4.4
    ],
    "ReceiveCoilName": "32Ch_Head_3T",
    "RepetitionTime": 2.47,
    "SliceThickness": 4.4,
    "SliceTiming": [
      1.235,
      0.0,
      1.31733333333,
      0.0823333333333,
      1.39966666667,
      0.164666666667,
      1.482,
      0.247,
      1.56433333333,
      0.329333333333,
      1.64666666667,
      0.411666666667,
      1.729,
      0.494,
      1.81133333333,
      0.576333333333,
      1.89366666667,
      0.658666666667,
      1.976,
      0.741,
      2.05833333333,
      0.823333333333,
      2.14066666667,
      0.905666666667,
      2.223,
      0.988,
      2.30533333333,
      1.07033333333,
      2.38766666667,
      1.15266666667
    ],
    "SpacingBetweenSlices": 4.840000000000001,
    "TaskName": "rest",
    "dataset": "ds000258",
    "modality": "bold",
    "subject_id": "21317",
    "task_id": "rest"
  },
  "dummy_trs": 0,
  "dvars_nstd": 19.402227008991588,
  "dvars_std": 1.0968038857563027,
  "dvars_vstd": 0.9479053568907561,
  "efc": 0.5061289137175228,
  "fber": 1935.1131591796875,
  "fd_mean": 0.0932606008011802,
  "fd_num": 11,
  "fd_perc": 4.602510460251046,
  "fwhm_avg": 2.666424767942759,
  "fwhm_x": 2.5090613333333334,
  "fwhm_y": 2.7308266666666667,
  "fwhm_z": 2.759386303828276,
  "gcor": 0.0727141,
  "gsr_x": -0.00804208219051361,
  "gsr_y": 0.05304189398884773,
  "provenance": {
    "md5sum": "bb9114613f6abab856e8613567b8d5c4",
    "settings": {
      "fd_thres": 0.2,
      "testing": false
    },
    "software": "mriqc",
    "version": "22.0.0rc1",
    "webapi_port": null,
    "webapi_url": "https://mriqc.nimh.nih.gov/api/v1"
  },
  "size_t": 239,
  "size_x": 64,
  "size_y": 64,
  "size_z": 30,
  "snr": 2.7345797162410914,
  "spacing_tr": 2.4700000286102295,
  "spacing_x": 3.75,
  "spacing_y": 3.75,
  "spacing_z": 4.400000095367432,
  "summary_bg_k": 19.47519774701247,
  "summary_bg_mad": 10.632551397482775,
  "summary_bg_mean": 45.51475143432617,
  "summary_bg_median": 14.974895477294922,
  "summary_bg_n": 72343.0,
  "summary_bg_p05": 6.2635979652404785,
  "summary_bg_p95": 213.8702850341797,
  "summary_bg_stdv": 83.77841186523438,
  "summary_fg_k": 2.419503319671051,
  "summary_fg_mad": 219.18627771897158,
  "summary_fg_mean": 721.4796752929688,
  "summary_fg_median": 681.2091674804688,
  "summary_fg_n": 21404.0,
  "summary_fg_p05": 393.6041687011719,
  "summary_fg_p95": 1180.0520690917967,
  "summary_fg_stdv": 249.10345458984375,
  "tsnr": 67.42028496460989
}