{
  "aor": 0.0008729288702928869,
  "aqi": 0.004146810251046025,
  "bids_meta": {
    "BodyPartExamined": "HEAD",
    "ECHO": "3",
    "EchoTime": 0.044,
    "FlipAngle": 78.0,
    "MagneticFieldStrength": 3,
    "Manufacturer": "Siemens",
    "ManufacturersModelName": "Trio",
    "Modality": "MR",
    "ParallelReductionFactorInPlane": 3,
    "PixelBandwidth": 1698.0,
    "PixelSpacing": [
      3.75,
      4.4
    ],
    "ReceiveCoilName": "32Ch_Head_3T",
    "RepetitionTime": 2.47,
    "SliceThickness": 4.4,
    "SliceTiming": [
      1.235,
      0.0,
      1.31733333333,
      0.0823333333333,
      1.39966666667,
      0.164666666667,
      1.482,
      0.247,
      1.56433333333,
      0.329333333333,
      1.64666666667,
      0.411666666667,
      1.729,
      0.494,
      1.81133333333,
      0.576333333333,
      1.89366666667,
      0.658666666667,
      1.976,
      0.741,
      2.05833333333,
      0.823333333333,
      2.14066666667,
      0.905666666667,
      2.223,
      0.988,
      2.30533333333,
      1.07033333333,
      2.38766666667,
      1.15266666667
    ],
    "SpacingBetweenSlices": 4.840000000000001,
    "TaskName": "rest",
    "dataset": "ds000258",
    "modality": "bold",
    "subject_id": "21317",
    "task_id": "rest"
  },
  "dummy_trs": 0,
  "dvars_nstd": 23.273249545798343,
  "dvars_std": 1.08673634407563,
  "dvars_vstd": 0.9487232951260507,
  "efc": 0.47401917476542826,
  "fber": 1712.4166259765625,
  "fd_mean": 0.09750215230724661,
  "fd_num": 16,
  "fd_perc": 6.694560669456067,
  "fwhm_avg": 2.411409093715586,
  "fwhm_x": 2.37968,
  "fwhm_y": 2.4467973333333335,
  "fwhm_z": 2.407749947813425,
  "gcor": 0.0689294,
  "gsr_x": -0.00635574571788311,
  "gsr_y": 0.02898012101650238,
  "provenance": {
    "md5sum": "d39749cbd5adb928080f2986e47bcc66",
    "settings": {
      "fd_thres": 0.2,
      "testing": false
    },
    "software": "mriqc",
    "version": "22.0.0rc1",
    "webapi_port": null,
    "webapi_url": "https://mriqc.nimh.nih.gov/api/v1"
  },
  "size_t": 239,
  "size_x": 64,
  "size_y": 64,
  "size_z": 30,
  "snr": 2.6786700274027977,
  "spacing_tr": 2.4700000286102295,
  "spacing_x": 3.75,
  "spacing_y": 3.75,
  "spacing_z": 4.400000095367432,
  "summary_bg_k": 31.978273707908706,
  "summary_bg_mad": 7.413011799487839,
  "summary_bg_mean": 27.47563934326172,
  "summary_bg_median": 12.56485366821289,
  "summary_bg_n": 75621.0,
  "summary_bg_p05": 6.112970352172852,
  "summary_bg_p95": 97.65271759033203,
  "summary_bg_stdv": 46.38563537597656,
  "summary_fg_k": 2.0065535741114155,
  "summary_fg_mad": 183.6813751401972,
  "summary_fg_mean": 565.3174438476562,
  "summary_fg_median": 534.83056640625,
  "summary_fg_n": 18878.0,
  "summary_fg_p05": 299.34246826171875,
  "summary_fg_p95": 924.7156768798826,
  "summary_fg_stdv": 199.65744018554688,
  "tsnr": 52.95104400627315
}