{
  "aor": 0.002487196652719665,
  "aqi": 0.0020887671548117156,
  "bids_meta": {
    "BodyPartExamined": "HEAD",
    "ECHO": "3",
    "EchoTime": 0.044,
    "FlipAngle": 78.0,
    "MagneticFieldStrength": 3,
    "Manufacturer": "Siemens",
    "ManufacturersModelName": "Trio",
    "Modality": "MR",
    "ParallelReductionFactorInPlane": 3,
    "PixelBandwidth": 1698.0,
    "PixelSpacing": [
      3.75,
      4.4
    ],
    "ReceiveCoilName": "32Ch_Head_3T",
    "RepetitionTime": 2.47,
    "SliceThickness": 4.4,
    "SliceTiming": [
      1.235,
      0.0,
      1.31733333333,
      0.0823333333333,
      1.39966666667,
      0.164666666667,
      1.482,
      0.247,
      1.56433333333,
      0.329333333333,
      1.64666666667,
      0.411666666667,
      1.729,
      0.494,
      1.81133333333,
      0.576333333333,
      1.89366666667,
      0.658666666667,
      1.976,
      0.741,
      2.05833333333,
      0.823333333333,
      2.14066666667,
      0.905666666667,
      2.223,
      0.988,
      2.30533333333,
      1.07033333333,
      2.38766666667,
      1.15266666667
    ],
    "SpacingBetweenSlices": 4.840000000000001,
    "TaskName": "rest",
    "dataset": "ds000258",
    "modality": "bold",
    "subject_id": "21645",
    "task_id": "rest"
  },
  "dummy_trs": 0,
  "dvars_nstd": 25.330764333907553,
  "dvars_std": 1.1413403489495806,
  "dvars_vstd": 0.999394395756303,
  "efc": 0.4060451675611167,
  "fber": 1778.4278564453125,
  "fd_mean": 0.11723246838289804,
  "fd_num": 33,
  "fd_perc": 13.807531380753138,
  "fwhm_avg": 2.5370066482903746,
  "fwhm_x": 2.5751306666666665,
  "fwhm_y": 2.4923893333333336,
  "fwhm_z": 2.5434999448711233,
  "gcor": 0.0360668,
  "gsr_x": -0.017868390306830406,
  "gsr_y": 0.027183029800653458,
  "provenance": {
    "md5sum": "d48b8638be4d2320e72dabb451cebc93",
    "settings": {
      "fd_thres": 0.2,
      "testing": false
    },
    "software": "mriqc",
    "version": "22.0.0rc1",
    "webapi_port": null,
    "webapi_url": "https://mriqc.nimh.nih.gov/api/v1"
  },
  "size_t": 239,
  "size_x": 64,
  "size_y": 64,
  "size_z": 30,
  "snr": 1.9186098931640798,
  "spacing_tr": 2.4700000286102295,
  "spacing_x": 3.75,
  "spacing_y": 3.75,
  "spacing_z": 4.400000095367432,
  "summary_bg_k": 68.28951360555227,
  "summary_bg_mad": 5.781528082834287,
  "summary_bg_mean": 19.348501205444336,
  "summary_bg_median": 11.100418090820312,
  "summary_bg_n": 81371.0,
  "summary_bg_p05": 5.9707112312316895,
  "summary_bg_p95": 57.623430252075195,
  "summary_bg_stdv": 29.004663467407227,
  "summary_fg_k": 4.495241173623281,
  "summary_fg_mad": 173.2783651155487,
  "summary_fg_mean": 531.3560791015625,
  "summary_fg_median": 470.4058532714844,
  "summary_fg_n": 14705.0,
  "summary_fg_p05": 265.1179931640625,
  "summary_fg_p95": 1028.4091552734376,
  "summary_fg_stdv": 245.17222595214844,
  "tsnr": 62.898072431911714
}