{
  "aor": 0.002598786610878661,
  "aqi": 0.0015919689456066945,
  "bids_meta": {
    "BodyPartExamined": "HEAD",
    "ECHO": "2",
    "EchoTime": 0.028,
    "FlipAngle": 78.0,
    "MagneticFieldStrength": 3,
    "Manufacturer": "Siemens",
    "ManufacturersModelName": "Trio",
    "Modality": "MR",
    "ParallelReductionFactorInPlane": 3,
    "PixelBandwidth": 1698.0,
    "PixelSpacing": [
      3.75,
      4.4
    ],
    "ReceiveCoilName": "32Ch_Head_3T",
    "RepetitionTime": 2.47,
    "SliceThickness": 4.4,
    "SliceTiming": [
      1.235,
      0.0,
      1.31733333333,
      0.0823333333333,
      1.39966666667,
      0.164666666667,
      1.482,
      0.247,
      1.56433333333,
      0.329333333333,
      1.64666666667,
      0.411666666667,
      1.729,
      0.494,
      1.81133333333,
      0.576333333333,
      1.89366666667,
      0.658666666667,
      1.976,
      0.741,
      2.05833333333,
      0.823333333333,
      2.14066666667,
      0.905666666667,
      2.223,
      0.988,
      2.30533333333,
      1.07033333333,
      2.38766666667,
      1.15266666667
    ],
    "SpacingBetweenSlices": 4.840000000000001,
    "TaskName": "rest",
    "dataset": "ds000258",
    "modality": "bold",
    "subject_id": "21645",
    "task_id": "rest"
  },
  "dummy_trs": 0,
  "dvars_nstd": 19.12808097298319,
  "dvars_std": 1.1366819694117642,
  "dvars_vstd": 0.9982799007563024,
  "efc": 0.4304338588981099,
  "fber": 2576.398681640625,
  "fd_mean": 0.11771881884150544,
  "fd_num": 33,
  "fd_perc": 13.807531380753138,
  "fwhm_avg": 2.9285045238154326,
  "fwhm_x": 2.9243466666666666,
  "fwhm_y": 2.8660533333333333,
  "fwhm_z": 2.9951135714462978,
  "gcor": 0.0373043,
  "gsr_x": -0.017925182357430458,
  "gsr_y": 0.03701162710785866,
  "provenance": {
    "md5sum": "4c2c053a790f6e84d9c4652742409e12",
    "settings": {
      "fd_thres": 0.2,
      "testing": false
    },
    "software": "mriqc",
    "version": "22.0.0rc1",
    "webapi_port": null,
    "webapi_url": "https://mriqc.nimh.nih.gov/api/v1"
  },
  "size_t": 239,
  "size_x": 64,
  "size_y": 64,
  "size_z": 30,
  "snr": 2.1257884256370483,
  "spacing_tr": 2.4700000286102295,
  "spacing_x": 3.75,
  "spacing_y": 3.75,
  "spacing_z": 4.400000095367432,
  "summary_bg_k": 44.77456802846979,
  "summary_bg_mad": 7.915483497677982,
  "summary_bg_mean": 31.9359073638916,
  "summary_bg_median": 12.602510452270508,
  "summary_bg_n": 79670.0,
  "summary_bg_p05": 6.066945552825928,
  "summary_bg_p95": 125.21338653564453,
  "summary_bg_stdv": 60.31206512451172,
  "summary_fg_k": 3.5635096783743636,
  "summary_fg_mad": 228.0229814814061,
  "summary_fg_mean": 710.9608764648438,
  "summary_fg_median": 640.06689453125,
  "summary_fg_n": 16418.0,
  "summary_fg_p05": 375.97571563720703,
  "summary_fg_p95": 1335.2129760742187,
  "summary_fg_stdv": 301.0870666503906,
  "tsnr": 84.25469078239985
}