{
  "aor": 0.0007182426778242676,
  "aqi": 0.007558968075313808,
  "bids_meta": {
    "BodyPartExamined": "HEAD",
    "ECHO": "4",
    "EchoTime": 0.06,
    "FlipAngle": 78.0,
    "MagneticFieldStrength": 3,
    "Manufacturer": "Siemens",
    "ManufacturersModelName": "Trio",
    "Modality": "MR",
    "ParallelReductionFactorInPlane": 3,
    "PixelBandwidth": 1698.0,
    "PixelSpacing": [
      3.75,
      4.4
    ],
    "ReceiveCoilName": "32Ch_Head_3T",
    "RepetitionTime": 2.47,
    "SliceThickness": 4.4,
    "SliceTiming": [
      1.235,
      0.0,
      1.31733333333,
      0.0823333333333,
      1.39966666667,
      0.164666666667,
      1.482,
      0.247,
      1.56433333333,
      0.329333333333,
      1.64666666667,
      0.411666666667,
      1.729,
      0.494,
      1.81133333333,
      0.576333333333,
      1.89366666667,
      0.658666666667,
      1.976,
      0.741,
      2.05833333333,
      0.823333333333,
      2.14066666667,
      0.905666666667,
      2.223,
      0.988,
      2.30533333333,
      1.07033333333,
      2.38766666667,
      1.15266666667
    ],
    "SpacingBetweenSlices": 4.840000000000001,
    "TaskName": "rest",
    "dataset": "ds000258",
    "modality": "bold",
    "subject_id": "21215",
    "task_id": "rest"
  },
  "dummy_trs": 0,
  "dvars_nstd": 54.438091598529425,
  "dvars_std": 1.1172997216806726,
  "dvars_vstd": 1.0023234204621854,
  "efc": 0.4372552161007078,
  "fber": 463.6817626953125,
  "fd_mean": 0.23540527328905703,
  "fd_num": 116,
  "fd_perc": 48.53556485355649,
  "fwhm_avg": 2.4147785882916906,
  "fwhm_x": 2.413658666666667,
  "fwhm_y": 2.3712453333333334,
  "fwhm_z": 2.4594317648750703,
  "gcor": 0.0301565,
  "gsr_x": -0.023916717618703842,
  "gsr_y": 0.030525118112564087,
  "provenance": {
    "md5sum": "6d9741ba04e90d8b9b1174822a6cd78b",
    "settings": {
      "fd_thres": 0.2,
      "testing": false
    },
    "software": "mriqc",
    "version": "22.0.0rc1",
    "webapi_port": null,
    "webapi_url": "https://mriqc.nimh.nih.gov/api/v1"
  },
  "size_t": 239,
  "size_x": 64,
  "size_y": 64,
  "size_z": 30,
  "snr": 1.6676291346378884,
  "spacing_tr": 2.4700000286102295,
  "spacing_x": 3.75,
  "spacing_y": 3.75,
  "spacing_z": 4.400000095367432,
  "summary_bg_k": 60.72128392319282,
  "summary_bg_mad": 8.256665845768104,
  "summary_bg_mean": 21.385517120361328,
  "summary_bg_median": 16.338911056518555,
  "summary_bg_n": 80317.0,
  "summary_bg_p05": 8.033473014831543,
  "summary_bg_p95": 49.29372177124022,
  "summary_bg_stdv": 19.652299880981445,
  "summary_fg_k": 10.010239966256174,
  "summary_fg_mad": 141.0271065838616,
  "summary_fg_mean": 408.8292541503906,
  "summary_fg_median": 357.90167236328125,
  "summary_fg_n": 15090.0,
  "summary_fg_p05": 187.2474822998047,
  "summary_fg_p95": 814.8790588378904,
  "summary_fg_stdv": 214.60995483398438,
  "tsnr": 28.84459199581761
}