{
  "aor": 0.009522175732217572,
  "aqi": 0.0035611380334728032,
  "bids_meta": {
    "BodyPartExamined": "HEAD",
    "ECHO": "1",
    "EchoTime": 0.012,
    "FlipAngle": 78.0,
    "MagneticFieldStrength": 3,
    "Manufacturer": "Siemens",
    "ManufacturersModelName": "Trio",
    "Modality": "MR",
    "ParallelReductionFactorInPlane": 3,
    "PixelBandwidth": 1698.0,
    "PixelSpacing": [
      3.75,
      4.4
    ],
    "ReceiveCoilName": "32Ch_Head_3T",
    "RepetitionTime": 2.47,
    "SliceThickness": 4.4,
    "SliceTiming": [
      1.235,
      0.0,
      1.31733333333,
      0.0823333333333,
      1.39966666667,
      0.164666666667,
      1.482,
      0.247,
      1.56433333333,
      0.329333333333,
      1.64666666667,
      0.411666666667,
      1.729,
      0.494,
      1.81133333333,
      0.576333333333,
      1.89366666667,
      0.658666666667,
      1.976,
      0.741,
      2.05833333333,
      0.823333333333,
      2.14066666667,
      0.905666666667,
      2.223,
      0.988,
      2.30533333333,
      1.07033333333,
      2.38766666667,
      1.15266666667
    ],
    "SpacingBetweenSlices": 4.840000000000001,
    "TaskName": "rest",
    "dataset": "ds000258",
    "modality": "bold",
    "subject_id": "20860",
    "task_id": "rest"
  },
  "dummy_trs": 0,
  "dvars_nstd": 21.289436921596646,
  "dvars_std": 1.4007598168067223,
  "dvars_vstd": 1.0050632985294121,
  "efc": 0.49713114784852547,
  "fber": 3132.5595703125,
  "fd_mean": 0.14527692790529576,
  "fd_num": 19,
  "fd_perc": 7.949790794979079,
  "fwhm_avg": 2.9316733307409284,
  "fwhm_x": 2.585304,
  "fwhm_y": 3.0546933333333333,
  "fwhm_z": 3.1550226588894525,
  "gcor": 0.0367191,
  "gsr_x": -0.018403446301817894,
  "gsr_y": 0.05887633189558983,
  "provenance": {
    "md5sum": "2d47156054c71333e8a64637bd96ed48",
    "settings": {
      "fd_thres": 0.2,
      "testing": false
    },
    "software": "mriqc",
    "version": "22.0.0rc1",
    "webapi_port": null,
    "webapi_url": "https://mriqc.nimh.nih.gov/api/v1"
  },
  "size_t": 239,
  "size_x": 64,
  "size_y": 64,
  "size_z": 30,
  "snr": 2.6995170978372687,
  "spacing_tr": 2.4700000286102295,
  "spacing_x": 3.75,
  "spacing_y": 3.75,
  "spacing_z": 4.400000095367432,
  "summary_bg_k": 18.070968513472593,
  "summary_bg_mad": 12.977421207596322,
  "summary_bg_mean": 76.98545837402344,
  "summary_bg_median": 16.00836753845215,
  "summary_bg_n": 74192.0,
  "summary_bg_p05": 5.870292663574219,
  "summary_bg_p95": 465.76734161376936,
  "summary_bg_stdv": 179.4231719970703,
  "summary_fg_k": 1.9573036331822555,
  "summary_fg_mad": 287.2340003741123,
  "summary_fg_mean": 1002.19140625,
  "summary_fg_median": 935.4685668945312,
  "summary_fg_n": 19207.0,
  "summary_fg_p05": 586.8351501464844,
  "summary_fg_p95": 1700.889501953125,
  "summary_fg_stdv": 346.5227966308594,
  "tsnr": 82.74714983440936
}