{
  "aor": 0.004497447698744769,
  "aqi": 0.018898568661087866,
  "bids_meta": {
    "BodyPartExamined": "HEAD",
    "ECHO": "4",
    "EchoTime": 0.06,
    "FlipAngle": 78.0,
    "MagneticFieldStrength": 3,
    "Manufacturer": "Siemens",
    "ManufacturersModelName": "Trio",
    "Modality": "MR",
    "ParallelReductionFactorInPlane": 3,
    "PixelBandwidth": 1698.0,
    "PixelSpacing": [
      3.75,
      4.4
    ],
    "ReceiveCoilName": "32Ch_Head_3T",
    "RepetitionTime": 2.47,
    "SliceThickness": 4.4,
    "SliceTiming": [
      1.235,
      0.0,
      1.31733333333,
      0.0823333333333,
      1.39966666667,
      0.164666666667,
      1.482,
      0.247,
      1.56433333333,
      0.329333333333,
      1.64666666667,
      0.411666666667,
      1.729,
      0.494,
      1.81133333333,
      0.576333333333,
      1.89366666667,
      0.658666666667,
      1.976,
      0.741,
      2.05833333333,
      0.823333333333,
      2.14066666667,
      0.905666666667,
      2.223,
      0.988,
      2.30533333333,
      1.07033333333,
      2.38766666667,
      1.15266666667
    ],
    "SpacingBetweenSlices": 4.840000000000001,
    "TaskName": "rest",
    "dataset": "ds000258",
    "modality": "bold",
    "subject_id": "19943",
    "task_id": "rest"
  },
  "dummy_trs": 0,
  "dvars_nstd": 37.81789525630252,
  "dvars_std": 1.0009261747899163,
  "dvars_vstd": 0.8931506094117649,
  "efc": 0.36422170208345855,
  "fber": 2469.69091796875,
  "fd_mean": 0.27171689647387715,
  "fd_num": 86,
  "fd_perc": 35.98326359832636,
  "fwhm_avg": 2.1324780246200414,
  "fwhm_x": 2.0860586666666667,
  "fwhm_y": 2.12668,
  "fwhm_z": 2.184695407193457,
  "gcor": 0.0327574,
  "gsr_x": -0.019923316314816475,
  "gsr_y": 0.019102925434708595,
  "provenance": {
    "md5sum": "d10ae8f83c92a4f8e1692029c4f27b72",
    "settings": {
      "fd_thres": 0.2,
      "testing": false
    },
    "software": "mriqc",
    "version": "22.0.0rc1",
    "webapi_port": null,
    "webapi_url": "https://mriqc.nimh.nih.gov/api/v1"
  },
  "size_t": 239,
  "size_x": 64,
  "size_y": 64,
  "size_z": 30,
  "snr": 2.2837489451323774,
  "spacing_tr": 2.4700000286102295,
  "spacing_x": 3.75,
  "spacing_y": 3.75,
  "spacing_z": 4.400000095367432,
  "summary_bg_k": 113.3467196147407,
  "summary_bg_mad": 3.38703252059108,
  "summary_bg_mean": 12.309919357299805,
  "summary_bg_median": 7.690376281738281,
  "summary_bg_n": 87912.0,
  "summary_bg_p05": 4.686192512512207,
  "summary_bg_p95": 34.51004142761228,
  "summary_bg_stdv": 16.518169403076172,
  "summary_fg_k": 5.132736633148795,
  "summary_fg_mad": 116.03687974858556,
  "summary_fg_mean": 432.52630615234375,
  "summary_fg_median": 389.00628662109375,
  "summary_fg_n": 10190.0,
  "summary_fg_p05": 247.30982055664063,
  "summary_fg_p95": 772.7520843505853,
  "summary_fg_stdv": 170.32835388183594,
  "tsnr": 24.31717607693281
}