{
  "aor": 0.0010701255230125522,
  "aqi": 0.0010437544476987446,
  "bids_meta": {
    "BodyPartExamined": "HEAD",
    "ECHO": "1",
    "EchoTime": 0.012,
    "FlipAngle": 78.0,
    "MagneticFieldStrength": 3,
    "Manufacturer": "Siemens",
    "ManufacturersModelName": "Trio",
    "Modality": "MR",
    "ParallelReductionFactorInPlane": 3,
    "PixelBandwidth": 1698.0,
    "PixelSpacing": [
      3.75,
      4.4
    ],
    "ReceiveCoilName": "32Ch_Head_3T",
    "RepetitionTime": 2.47,
    "SliceThickness": 4.4,
    "SliceTiming": [
      1.235,
      0.0,
      1.31733333333,
      0.0823333333333,
      1.39966666667,
      0.164666666667,
      1.482,
      0.247,
      1.56433333333,
      0.329333333333,
      1.64666666667,
      0.411666666667,
      1.729,
      0.494,
      1.81133333333,
      0.576333333333,
      1.89366666667,
      0.658666666667,
      1.976,
      0.741,
      2.05833333333,
      0.823333333333,
      2.14066666667,
      0.905666666667,
      2.223,
      0.988,
      2.30533333333,
      1.07033333333,
      2.38766666667,
      1.15266666667
    ],
    "SpacingBetweenSlices": 4.840000000000001,
    "TaskName": "rest",
    "dataset": "ds000258",
    "modality": "bold",
    "subject_id": "20450",
    "task_id": "rest"
  },
  "dummy_trs": 0,
  "dvars_nstd": 15.654476426428566,
  "dvars_std": 1.160073701344538,
  "dvars_vstd": 1.0011405005882352,
  "efc": 0.4763433279484895,
  "fber": 2446.322998046875,
  "fd_mean": 0.08008281252501742,
  "fd_num": 10,
  "fd_perc": 4.184100418410042,
  "fwhm_avg": 3.049929470922091,
  "fwhm_x": 2.9169066666666668,
  "fwhm_y": 2.9072,
  "fwhm_z": 3.3256817460996073,
  "gcor": 0.0322284,
  "gsr_x": -0.025279132649302483,
  "gsr_y": 0.04676768556237221,
  "provenance": {
    "md5sum": "eb9fcf80e0be223b9473328c386e4f19",
    "settings": {
      "fd_thres": 0.2,
      "testing": false
    },
    "software": "mriqc",
    "version": "22.0.0rc1",
    "webapi_port": null,
    "webapi_url": "https://mriqc.nimh.nih.gov/api/v1"
  },
  "size_t": 239,
  "size_x": 64,
  "size_y": 64,
  "size_z": 30,
  "snr": 2.7240792252863852,
  "spacing_tr": 2.4700000286102295,
  "spacing_x": 3.75,
  "spacing_y": 3.75,
  "spacing_z": 4.400000095367432,
  "summary_bg_k": 21.107885434599496,
  "summary_bg_mad": 13.994771042009026,
  "summary_bg_mean": 60.11899185180664,
  "summary_bg_median": 17.40167236328125,
  "summary_bg_n": 78031.0,
  "summary_bg_p05": 5.778242588043213,
  "summary_bg_p95": 321.8702850341797,
  "summary_bg_stdv": 123.15406036376953,
  "summary_fg_k": 2.541746750723572,
  "summary_fg_mad": 253.66148482384608,
  "summary_fg_mean": 957.3611450195312,
  "summary_fg_median": 886.0062255859375,
  "summary_fg_n": 17914.0,
  "summary_fg_p05": 578.5278167724609,
  "summary_fg_p95": 1619.8692382812496,
  "summary_fg_stdv": 325.24072265625,
  "tsnr": 114.10058602876961
}