{
  "aor": 0.006459748953974895,
  "aqi": 0.0018503771924686192,
  "bids_meta": {
    "BodyPartExamined": "HEAD",
    "ECHO": "1",
    "EchoTime": 0.012,
    "FlipAngle": 78.0,
    "MagneticFieldStrength": 3,
    "Manufacturer": "Siemens",
    "ManufacturersModelName": "Trio",
    "Modality": "MR",
    "ParallelReductionFactorInPlane": 3,
    "PixelBandwidth": 1698.0,
    "PixelSpacing": [
      3.75,
      4.4
    ],
    "ReceiveCoilName": "32Ch_Head_3T",
    "RepetitionTime": 2.47,
    "SliceThickness": 4.4,
    "SliceTiming": [
      1.235,
      0.0,
      1.31733333333,
      0.0823333333333,
      1.39966666667,
      0.164666666667,
      1.482,
      0.247,
      1.56433333333,
      0.329333333333,
      1.64666666667,
      0.411666666667,
      1.729,
      0.494,
      1.81133333333,
      0.576333333333,
      1.89366666667,
      0.658666666667,
      1.976,
      0.741,
      2.05833333333,
      0.823333333333,
      2.14066666667,
      0.905666666667,
      2.223,
      0.988,
      2.30533333333,
      1.07033333333,
      2.38766666667,
      1.15266666667
    ],
    "SpacingBetweenSlices": 4.840000000000001,
    "TaskName": "rest",
    "dataset": "ds000258",
    "modality": "bold",
    "subject_id": "19979",
    "task_id": "rest"
  },
  "dummy_trs": 0,
  "dvars_nstd": 14.548383656848749,
  "dvars_std": 1.1246249118487395,
  "dvars_vstd": 0.9652987788235287,
  "efc": 0.47626906939114083,
  "fber": 3665.079345703125,
  "fd_mean": 0.08781845124764996,
  "fd_num": 15,
  "fd_perc": 6.2761506276150625,
  "fwhm_avg": 3.3410229037294337,
  "fwhm_x": 3.25472,
  "fwhm_y": 3.230053333333333,
  "fwhm_z": 3.5382953778549675,
  "gcor": 0.0269072,
  "gsr_x": -0.0217514019459486,
  "gsr_y": 0.06030748039484024,
  "provenance": {
    "md5sum": "ae2b5419e246b4e761e4d437e6a88173",
    "settings": {
      "fd_thres": 0.2,
      "testing": false
    },
    "software": "mriqc",
    "version": "22.0.0rc1",
    "webapi_port": null,
    "webapi_url": "https://mriqc.nimh.nih.gov/api/v1"
  },
  "size_t": 239,
  "size_x": 64,
  "size_y": 64,
  "size_z": 30,
  "snr": 2.1845351696805753,
  "spacing_tr": 2.4700000286102295,
  "spacing_x": 3.75,
  "spacing_y": 3.75,
  "spacing_z": 4.400000095367432,
  "summary_bg_k": 17.90175878186148,
  "summary_bg_mad": 12.518373809919202,
  "summary_bg_mean": 60.003204345703125,
  "summary_bg_median": 15.05439281463623,
  "summary_bg_n": 74567.0,
  "summary_bg_p05": 5.361087560653687,
  "summary_bg_p95": 353.5606597900389,
  "summary_bg_stdv": 132.20346069335938,
  "summary_fg_k": 3.2898366747937215,
  "summary_fg_mad": 324.7085269694878,
  "summary_fg_mean": 1034.4256591796875,
  "summary_fg_median": 928.3514404296875,
  "summary_fg_n": 20545.0,
  "summary_fg_p05": 569.8928833007812,
  "summary_fg_p95": 1904.1514160156246,
  "summary_fg_stdv": 424.9548645019531,
  "tsnr": 100.2422440610826
}