{
  "aor": 0.00271418410041841,
  "aqi": 0.006289990836820083,
  "bids_meta": {
    "BodyPartExamined": "HEAD",
    "ECHO": "3",
    "EchoTime": 0.044,
    "FlipAngle": 78.0,
    "MagneticFieldStrength": 3,
    "Manufacturer": "Siemens",
    "ManufacturersModelName": "Trio",
    "Modality": "MR",
    "ParallelReductionFactorInPlane": 3,
    "PixelBandwidth": 1698.0,
    "PixelSpacing": [
      3.75,
      4.4
    ],
    "ReceiveCoilName": "32Ch_Head_3T",
    "RepetitionTime": 2.47,
    "SliceThickness": 4.4,
    "SliceTiming": [
      1.235,
      0.0,
      1.31733333333,
      0.0823333333333,
      1.39966666667,
      0.164666666667,
      1.482,
      0.247,
      1.56433333333,
      0.329333333333,
      1.64666666667,
      0.411666666667,
      1.729,
      0.494,
      1.81133333333,
      0.576333333333,
      1.89366666667,
      0.658666666667,
      1.976,
      0.741,
      2.05833333333,
      0.823333333333,
      2.14066666667,
      0.905666666667,
      2.223,
      0.988,
      2.30533333333,
      1.07033333333,
      2.38766666667,
      1.15266666667
    ],
    "SpacingBetweenSlices": 4.840000000000001,
    "TaskName": "rest",
    "dataset": "ds000258",
    "modality": "bold",
    "subject_id": "20859",
    "task_id": "rest"
  },
  "dummy_trs": 0,
  "dvars_nstd": 24.083685650798323,
  "dvars_std": 1.0475467812605046,
  "dvars_vstd": 0.9561353992016809,
  "efc": 0.436935093076171,
  "fber": 2175.117919921875,
  "fd_mean": 0.15287938842616222,
  "fd_num": 53,
  "fd_perc": 22.175732217573223,
  "fwhm_avg": 2.360834244907099,
  "fwhm_x": 2.2979146666666663,
  "fwhm_y": 2.3320426666666667,
  "fwhm_z": 2.4525454013879644,
  "gcor": 0.0200723,
  "gsr_x": 0.012508922256529331,
  "gsr_y": 0.013633557595312595,
  "provenance": {
    "md5sum": "99b5b8a22ed8cd8b4de8b86a2086fccb",
    "settings": {
      "fd_thres": 0.2,
      "testing": false
    },
    "software": "mriqc",
    "version": "22.0.0rc1",
    "webapi_port": null,
    "webapi_url": "https://mriqc.nimh.nih.gov/api/v1"
  },
  "size_t": 239,
  "size_x": 64,
  "size_y": 64,
  "size_z": 30,
  "snr": 2.46233231383817,
  "spacing_tr": 2.4700000286102295,
  "spacing_x": 3.75,
  "spacing_y": 3.75,
  "spacing_z": 4.400000095367432,
  "summary_bg_k": 43.82232899811725,
  "summary_bg_mad": 6.296406219056846,
  "summary_bg_mean": 23.158143997192383,
  "summary_bg_median": 11.033472061157227,
  "summary_bg_n": 79013.0,
  "summary_bg_p05": 5.518828392028809,
  "summary_bg_p95": 82.88618774414033,
  "summary_bg_stdv": 42.250831604003906,
  "summary_fg_k": 2.793768804159394,
  "summary_fg_mad": 180.18268184947505,
  "summary_fg_mean": 565.2308349609375,
  "summary_fg_median": 525.6046142578125,
  "summary_fg_n": 16278.0,
  "summary_fg_p05": 302.58679962158203,
  "summary_fg_p95": 967.4788543701171,
  "summary_fg_stdv": 213.45147705078125,
  "tsnr": 43.398296584840864
}