{
  "aor": 0.0009765690376569037,
  "aqi": 0.000982395029288703,
  "bids_meta": {
    "BodyPartExamined": "HEAD",
    "ECHO": "1",
    "EchoTime": 0.012,
    "FlipAngle": 78.0,
    "MagneticFieldStrength": 3,
    "Manufacturer": "Siemens",
    "ManufacturersModelName": "Trio",
    "Modality": "MR",
    "ParallelReductionFactorInPlane": 3,
    "PixelBandwidth": 1698.0,
    "PixelSpacing": [
      3.75,
      4.4
    ],
    "ReceiveCoilName": "32Ch_Head_3T",
    "RepetitionTime": 2.47,
    "SliceThickness": 4.4,
    "SliceTiming": [
      1.235,
      0.0,
      1.31733333333,
      0.0823333333333,
      1.39966666667,
      0.164666666667,
      1.482,
      0.247,
      1.56433333333,
      0.329333333333,
      1.64666666667,
      0.411666666667,
      1.729,
      0.494,
      1.81133333333,
      0.576333333333,
      1.89366666667,
      0.658666666667,
      1.976,
      0.741,
      2.05833333333,
      0.823333333333,
      2.14066666667,
      0.905666666667,
      2.223,
      0.988,
      2.30533333333,
      1.07033333333,
      2.38766666667,
      1.15266666667
    ],
    "SpacingBetweenSlices": 4.840000000000001,
    "TaskName": "rest",
    "dataset": "ds000258",
    "modality": "bold",
    "subject_id": "21300",
    "task_id": "rest"
  },
  "dummy_trs": 0,
  "dvars_nstd": 12.410343923739504,
  "dvars_std": 1.314802308193277,
  "dvars_vstd": 0.9749031976050425,
  "efc": 0.4478232577618355,
  "fber": 5624.30712890625,
  "fd_mean": 0.0365917723867648,
  "fd_num": 2,
  "fd_perc": 0.8368200836820083,
  "fwhm_avg": 3.641323811982101,
  "fwhm_x": 3.6726666666666667,
  "fwhm_y": 3.5969866666666666,
  "fwhm_z": 3.65431810261297,
  "gcor": 0.0121676,
  "gsr_x": -0.01613944210112095,
  "gsr_y": 0.043130915611982346,
  "provenance": {
    "md5sum": "827e1c5b06a44bee9899fba63ddd4c81",
    "settings": {
      "fd_thres": 0.2,
      "testing": false
    },
    "software": "mriqc",
    "version": "22.0.0rc1",
    "webapi_port": null,
    "webapi_url": "https://mriqc.nimh.nih.gov/api/v1"
  },
  "size_t": 239,
  "size_x": 64,
  "size_y": 64,
  "size_z": 30,
  "snr": 2.2047166393584945,
  "spacing_tr": 2.4700000286102295,
  "spacing_x": 3.75,
  "spacing_y": 3.75,
  "spacing_z": 4.400000095367432,
  "summary_bg_k": 28.322416206396767,
  "summary_bg_mad": 9.81370952030751,
  "summary_bg_mean": 57.0340576171875,
  "summary_bg_median": 13.322175025939941,
  "summary_bg_n": 77513.0,
  "summary_bg_p05": 5.451882839202881,
  "summary_bg_p95": 319.5640136718748,
  "summary_bg_stdv": 139.9088592529297,
  "summary_fg_k": 1.3099252437834323,
  "summary_fg_mad": 380.41777588229775,
  "summary_fg_mean": 1148.6666259765625,
  "summary_fg_median": 1019.18408203125,
  "summary_fg_n": 18346.0,
  "summary_fg_p05": 622.0836791992188,
  "summary_fg_p95": 2072.3639526367188,
  "summary_fg_stdv": 462.2618103027344,
  "tsnr": 142.1367758391425
}