{
  "aor": 0.000941589958158996,
  "aqi": 0.0036130483682008377,
  "bids_meta": {
    "BodyPartExamined": "HEAD",
    "ECHO": "4",
    "EchoTime": 0.06,
    "FlipAngle": 78.0,
    "MagneticFieldStrength": 3,
    "Manufacturer": "Siemens",
    "ManufacturersModelName": "Trio",
    "Modality": "MR",
    "ParallelReductionFactorInPlane": 3,
    "PixelBandwidth": 1698.0,
    "PixelSpacing": [
      3.75,
      4.4
    ],
    "ReceiveCoilName": "32Ch_Head_3T",
    "RepetitionTime": 2.47,
    "SliceThickness": 4.4,
    "SliceTiming": [
      1.235,
      0.0,
      1.31733333333,
      0.0823333333333,
      1.39966666667,
      0.164666666667,
      1.482,
      0.247,
      1.56433333333,
      0.329333333333,
      1.64666666667,
      0.411666666667,
      1.729,
      0.494,
      1.81133333333,
      0.576333333333,
      1.89366666667,
      0.658666666667,
      1.976,
      0.741,
      2.05833333333,
      0.823333333333,
      2.14066666667,
      0.905666666667,
      2.223,
      0.988,
      2.30533333333,
      1.07033333333,
      2.38766666667,
      1.15266666667
    ],
    "SpacingBetweenSlices": 4.840000000000001,
    "TaskName": "rest",
    "dataset": "ds000258",
    "modality": "bold",
    "subject_id": "21300",
    "task_id": "rest"
  },
  "dummy_trs": 0,
  "dvars_nstd": 21.968150363235292,
  "dvars_std": 1.0551004185294122,
  "dvars_vstd": 0.9624326809243694,
  "efc": 0.3753510659327882,
  "fber": 1981.228515625,
  "fd_mean": 0.04052072528149563,
  "fd_num": 2,
  "fd_perc": 0.8368200836820083,
  "fwhm_avg": 2.352663599442924,
  "fwhm_x": 2.399712,
  "fwhm_y": 2.3442106666666667,
  "fwhm_z": 2.314068131662106,
  "gcor": 0.0211009,
  "gsr_x": -0.015138308517634869,
  "gsr_y": 0.020430197939276695,
  "provenance": {
    "md5sum": "5bf02ac7ea028e716a3fcb57765cc653",
    "settings": {
      "fd_thres": 0.2,
      "testing": false
    },
    "software": "mriqc",
    "version": "22.0.0rc1",
    "webapi_port": null,
    "webapi_url": "https://mriqc.nimh.nih.gov/api/v1"
  },
  "size_t": 239,
  "size_x": 64,
  "size_y": 64,
  "size_z": 30,
  "snr": 1.6249429286612753,
  "spacing_tr": 2.4700000286102295,
  "spacing_x": 3.75,
  "spacing_y": 3.75,
  "spacing_z": 4.400000095367432,
  "summary_bg_k": 299.848087497662,
  "summary_bg_mad": 5.365902864790704,
  "summary_bg_mean": 17.054031372070312,
  "summary_bg_median": 10.246861457824707,
  "summary_bg_n": 83612.0,
  "summary_bg_p05": 5.255229949951172,
  "summary_bg_p95": 49.46401538848875,
  "summary_bg_stdv": 25.726524353027344,
  "summary_fg_k": 5.847546984794294,
  "summary_fg_mad": 205.5451202066791,
  "summary_fg_mean": 543.4616088867188,
  "summary_fg_median": 470.878662109375,
  "summary_fg_n": 13026.0,
  "summary_fg_p05": 244.12447357177734,
  "summary_fg_p95": 1104.4058532714844,
  "summary_fg_stdv": 289.7705383300781,
  "tsnr": 54.48031355626881
}