{
  "aor": 0.0009277405857740585,
  "aqi": 0.0022104246359832638,
  "bids_meta": {
    "BodyPartExamined": "HEAD",
    "ECHO": "3",
    "EchoTime": 0.044,
    "FlipAngle": 78.0,
    "MagneticFieldStrength": 3,
    "Manufacturer": "Siemens",
    "ManufacturersModelName": "Trio",
    "Modality": "MR",
    "ParallelReductionFactorInPlane": 3,
    "PixelBandwidth": 1698.0,
    "PixelSpacing": [
      3.75,
      4.4
    ],
    "ReceiveCoilName": "32Ch_Head_3T",
    "RepetitionTime": 2.47,
    "SliceThickness": 4.4,
    "SliceTiming": [
      1.235,
      0.0,
      1.31733333333,
      0.0823333333333,
      1.39966666667,
      0.164666666667,
      1.482,
      0.247,
      1.56433333333,
      0.329333333333,
      1.64666666667,
      0.411666666667,
      1.729,
      0.494,
      1.81133333333,
      0.576333333333,
      1.89366666667,
      0.658666666667,
      1.976,
      0.741,
      2.05833333333,
      0.823333333333,
      2.14066666667,
      0.905666666667,
      2.223,
      0.988,
      2.30533333333,
      1.07033333333,
      2.38766666667,
      1.15266666667
    ],
    "SpacingBetweenSlices": 4.840000000000001,
    "TaskName": "rest",
    "dataset": "ds000258",
    "modality": "bold",
    "subject_id": "21300",
    "task_id": "rest"
  },
  "dummy_trs": 0,
  "dvars_nstd": 17.696705120840335,
  "dvars_std": 1.096086580210084,
  "dvars_vstd": 0.9671873172689083,
  "efc": 0.3859959513831531,
  "fber": 3004.558349609375,
  "fd_mean": 0.04069501424539508,
  "fd_num": 2,
  "fd_perc": 0.8368200836820083,
  "fwhm_avg": 2.7801713943791087,
  "fwhm_x": 2.859466666666667,
  "fwhm_y": 2.7457066666666665,
  "fwhm_z": 2.735340849803993,
  "gcor": 0.0218697,
  "gsr_x": -0.01374385692179203,
  "gsr_y": 0.01828913949429989,
  "provenance": {
    "md5sum": "2fca4da294eb565ed86fc7d48b3ffe51",
    "settings": {
      "fd_thres": 0.2,
      "testing": false
    },
    "software": "mriqc",
    "version": "22.0.0rc1",
    "webapi_port": null,
    "webapi_url": "https://mriqc.nimh.nih.gov/api/v1"
  },
  "size_t": 239,
  "size_x": 64,
  "size_y": 64,
  "size_z": 30,
  "snr": 1.8382130983502514,
  "spacing_tr": 2.4700000286102295,
  "spacing_x": 3.75,
  "spacing_y": 3.75,
  "spacing_z": 4.400000095367432,
  "summary_bg_k": 197.68672930321205,
  "summary_bg_mad": 6.333627654033576,
  "summary_bg_mean": 20.309520721435547,
  "summary_bg_median": 10.962343215942383,
  "summary_bg_n": 82020.0,
  "summary_bg_p05": 5.359832286834717,
  "summary_bg_p95": 62.979913330078176,
  "summary_bg_stdv": 35.334293365478516,
  "summary_fg_k": 3.869931447992438,
  "summary_fg_mad": 261.13028353037,
  "summary_fg_mean": 699.3120727539062,
  "summary_fg_median": 617.8828125,
  "summary_fg_n": 14361.0,
  "summary_fg_p05": 329.67364501953125,
  "summary_fg_p95": 1363.9329833984375,
  "summary_fg_stdv": 336.12060546875,
  "tsnr": 72.71395046263933
}