{
  "aor": 0.0007351882845188285,
  "aqi": 0.0017698360753138074,
  "bids_meta": {
    "BodyPartExamined": "HEAD",
    "ECHO": "2",
    "EchoTime": 0.028,
    "FlipAngle": 78.0,
    "MagneticFieldStrength": 3,
    "Manufacturer": "Siemens",
    "ManufacturersModelName": "Trio",
    "Modality": "MR",
    "ParallelReductionFactorInPlane": 3,
    "PixelBandwidth": 1698.0,
    "PixelSpacing": [
      3.75,
      4.4
    ],
    "ReceiveCoilName": "32Ch_Head_3T",
    "RepetitionTime": 2.47,
    "SliceThickness": 4.4,
    "SliceTiming": [
      1.235,
      0.0,
      1.31733333333,
      0.0823333333333,
      1.39966666667,
      0.164666666667,
      1.482,
      0.247,
      1.56433333333,
      0.329333333333,
      1.64666666667,
      0.411666666667,
      1.729,
      0.494,
      1.81133333333,
      0.576333333333,
      1.89366666667,
      0.658666666667,
      1.976,
      0.741,
      2.05833333333,
      0.823333333333,
      2.14066666667,
      0.905666666667,
      2.223,
      0.988,
      2.30533333333,
      1.07033333333,
      2.38766666667,
      1.15266666667
    ],
    "SpacingBetweenSlices": 4.840000000000001,
    "TaskName": "rest",
    "dataset": "ds000258",
    "modality": "bold",
    "subject_id": "20893",
    "task_id": "rest"
  },
  "dummy_trs": 0,
  "dvars_nstd": 20.252162604663866,
  "dvars_std": 1.253391659453782,
  "dvars_vstd": 0.9687912951680667,
  "efc": 0.41992709020427027,
  "fber": 4087.304931640625,
  "fd_mean": 0.061198209460389306,
  "fd_num": 4,
  "fd_perc": 1.6736401673640167,
  "fwhm_avg": 3.2756326015667643,
  "fwhm_x": 3.3262666666666667,
  "fwhm_y": 3.082426666666667,
  "fwhm_z": 3.418204471366959,
  "gcor": 0.0381668,
  "gsr_x": -0.013327151536941528,
  "gsr_y": 0.02566295862197876,
  "provenance": {
    "md5sum": "03b65f8ec81b1a601ddf1c8cc2f42aea",
    "settings": {
      "fd_thres": 0.2,
      "testing": false
    },
    "software": "mriqc",
    "version": "22.0.0rc1",
    "webapi_port": null,
    "webapi_url": "https://mriqc.nimh.nih.gov/api/v1"
  },
  "size_t": 239,
  "size_x": 64,
  "size_y": 64,
  "size_z": 30,
  "snr": 1.9279416591652454,
  "spacing_tr": 2.4700000286102295,
  "spacing_x": 3.75,
  "spacing_y": 3.75,
  "spacing_z": 4.400000095367432,
  "summary_bg_k": 46.429165899215576,
  "summary_bg_mad": 7.723178405976838,
  "summary_bg_mean": 27.749711990356445,
  "summary_bg_median": 11.91213321685791,
  "summary_bg_n": 77897.0,
  "summary_bg_p05": 5.594141960144043,
  "summary_bg_p95": 108.99330444335935,
  "summary_bg_stdv": 50.38346862792969,
  "summary_fg_k": 4.0110891196138345,
  "summary_fg_mad": 283.4933797743585,
  "summary_fg_mean": 866.2498779296875,
  "summary_fg_median": 758.849365234375,
  "summary_fg_n": 18027.0,
  "summary_fg_p05": 456.80625,
  "summary_fg_p95": 1653.7455932617188,
  "summary_fg_stdv": 393.5950622558594,
  "tsnr": 86.01103661954403
}