{
  "aor": 0.0008831380753138076,
  "aqi": 0.00357963820083682,
  "bids_meta": {
    "BodyPartExamined": "HEAD",
    "ECHO": "4",
    "EchoTime": 0.06,
    "FlipAngle": 78.0,
    "MagneticFieldStrength": 3,
    "Manufacturer": "Siemens",
    "ManufacturersModelName": "Trio",
    "Modality": "MR",
    "ParallelReductionFactorInPlane": 3,
    "PixelBandwidth": 1698.0,
    "PixelSpacing": [
      3.75,
      4.4
    ],
    "ReceiveCoilName": "32Ch_Head_3T",
    "RepetitionTime": 2.47,
    "SliceThickness": 4.4,
    "SliceTiming": [
      1.235,
      0.0,
      1.31733333333,
      0.0823333333333,
      1.39966666667,
      0.164666666667,
      1.482,
      0.247,
      1.56433333333,
      0.329333333333,
      1.64666666667,
      0.411666666667,
      1.729,
      0.494,
      1.81133333333,
      0.576333333333,
      1.89366666667,
      0.658666666667,
      1.976,
      0.741,
      2.05833333333,
      0.823333333333,
      2.14066666667,
      0.905666666667,
      2.223,
      0.988,
      2.30533333333,
      1.07033333333,
      2.38766666667,
      1.15266666667
    ],
    "SpacingBetweenSlices": 4.840000000000001,
    "TaskName": "rest",
    "dataset": "ds000258",
    "modality": "bold",
    "subject_id": "20893",
    "task_id": "rest"
  },
  "dummy_trs": 0,
  "dvars_nstd": 31.33748452008405,
  "dvars_std": 1.1721766744117648,
  "dvars_vstd": 0.9701178690336143,
  "efc": 0.39583876121128686,
  "fber": 1831.010498046875,
  "fd_mean": 0.059669888170485165,
  "fd_num": 4,
  "fd_perc": 1.6736401673640167,
  "fwhm_avg": 2.5112172747483985,
  "fwhm_x": 2.5803066666666665,
  "fwhm_y": 2.4368906666666663,
  "fwhm_z": 2.516454490911863,
  "gcor": 0.0281125,
  "gsr_x": -0.013835826888680458,
  "gsr_y": 0.021278221160173416,
  "provenance": {
    "md5sum": "d495b85df56c3fbb5ce7854324e8a192",
    "settings": {
      "fd_thres": 0.2,
      "testing": false
    },
    "software": "mriqc",
    "version": "22.0.0rc1",
    "webapi_port": null,
    "webapi_url": "https://mriqc.nimh.nih.gov/api/v1"
  },
  "size_t": 239,
  "size_x": 64,
  "size_y": 64,
  "size_z": 30,
  "snr": 1.6494687988224372,
  "spacing_tr": 2.4700000286102295,
  "spacing_x": 3.75,
  "spacing_y": 3.75,
  "spacing_z": 4.400000095367432,
  "summary_bg_k": 82.36617343191025,
  "summary_bg_mad": 5.117769862383436,
  "summary_bg_mean": 15.904516220092773,
  "summary_bg_median": 10.12552261352539,
  "summary_bg_n": 80875.0,
  "summary_bg_p05": 5.523012638092041,
  "summary_bg_p95": 43.49372100830078,
  "summary_bg_stdv": 20.99942398071289,
  "summary_fg_k": 5.931461473533172,
  "summary_fg_mad": 184.02876954430138,
  "summary_fg_mean": 507.4768981933594,
  "summary_fg_median": 436.5815734863281,
  "summary_fg_n": 14869.0,
  "summary_fg_p05": 235.455224609375,
  "summary_fg_p95": 1028.3447265624998,
  "summary_fg_stdv": 264.67120361328125,
  "tsnr": 48.91663909656927
}