{
  "aor": 0.0015267782426778244,
  "aqi": 0.004108291255230126,
  "bids_meta": {
    "BodyPartExamined": "HEAD",
    "ECHO": "1",
    "EchoTime": 0.012,
    "FlipAngle": 78.0,
    "MagneticFieldStrength": 3,
    "Manufacturer": "Siemens",
    "ManufacturersModelName": "Trio",
    "Modality": "MR",
    "ParallelReductionFactorInPlane": 3,
    "PixelBandwidth": 1698.0,
    "PixelSpacing": [
      3.75,
      4.4
    ],
    "ReceiveCoilName": "32Ch_Head_3T",
    "RepetitionTime": 2.47,
    "SliceThickness": 4.4,
    "SliceTiming": [
      1.235,
      0.0,
      1.31733333333,
      0.0823333333333,
      1.39966666667,
      0.164666666667,
      1.482,
      0.247,
      1.56433333333,
      0.329333333333,
      1.64666666667,
      0.411666666667,
      1.729,
      0.494,
      1.81133333333,
      0.576333333333,
      1.89366666667,
      0.658666666667,
      1.976,
      0.741,
      2.05833333333,
      0.823333333333,
      2.14066666667,
      0.905666666667,
      2.223,
      0.988,
      2.30533333333,
      1.07033333333,
      2.38766666667,
      1.15266666667
    ],
    "SpacingBetweenSlices": 4.840000000000001,
    "TaskName": "rest",
    "dataset": "ds000258",
    "modality": "bold",
    "subject_id": "20892",
    "task_id": "rest"
  },
  "dummy_trs": 0,
  "dvars_nstd": 19.221050082142852,
  "dvars_std": 1.1010861224369757,
  "dvars_vstd": 0.9300564626470593,
  "efc": 0.5090132599070416,
  "fber": 2045.4083251953125,
  "fd_mean": 0.16131891568127435,
  "fd_num": 57,
  "fd_perc": 23.84937238493724,
  "fwhm_avg": 2.957965551458585,
  "fwhm_x": 2.4715573333333336,
  "fwhm_y": 3.0390666666666664,
  "fwhm_z": 3.363272654375756,
  "gcor": 0.0350289,
  "gsr_x": -0.04023899510502815,
  "gsr_y": 0.08483771979808807,
  "provenance": {
    "md5sum": "afd1fb3da5344ef28f92698990e20b95",
    "settings": {
      "fd_thres": 0.2,
      "testing": false
    },
    "software": "mriqc",
    "version": "22.0.0rc1",
    "webapi_port": null,
    "webapi_url": "https://mriqc.nimh.nih.gov/api/v1"
  },
  "size_t": 239,
  "size_x": 64,
  "size_y": 64,
  "size_z": 30,
  "snr": 2.5263724863389783,
  "spacing_tr": 2.4700000286102295,
  "spacing_x": 3.75,
  "spacing_y": 3.75,
  "spacing_z": 4.400000095367432,
  "summary_bg_k": 18.930538315073147,
  "summary_bg_mad": 17.177093446786202,
  "summary_bg_mean": 93.99109649658203,
  "summary_bg_median": 20.13807487487793,
  "summary_bg_n": 74226.0,
  "summary_bg_p05": 6.317991256713867,
  "summary_bg_p95": 542.0805358886719,
  "summary_bg_stdv": 211.77764892578125,
  "summary_fg_k": 2.227905372975604,
  "summary_fg_mad": 299.58803854403,
  "summary_fg_mean": 1021.0913696289062,
  "summary_fg_median": 941.202880859375,
  "summary_fg_n": 20088.0,
  "summary_fg_p05": 589.4006195068359,
  "summary_fg_p95": 1777.8361816406245,
  "summary_fg_stdv": 372.5418395996094,
  "tsnr": 72.0972466331441
}