{
  "aor": 0.0007286610878661088,
  "aqi": 0.0033870460251046023,
  "bids_meta": {
    "BodyPartExamined": "HEAD",
    "ECHO": "2",
    "EchoTime": 0.028,
    "FlipAngle": 78.0,
    "MagneticFieldStrength": 3,
    "Manufacturer": "Siemens",
    "ManufacturersModelName": "Trio",
    "Modality": "MR",
    "ParallelReductionFactorInPlane": 3,
    "PixelBandwidth": 1698.0,
    "PixelSpacing": [
      3.75,
      4.4
    ],
    "ReceiveCoilName": "32Ch_Head_3T",
    "RepetitionTime": 2.47,
    "SliceThickness": 4.4,
    "SliceTiming": [
      1.235,
      0.0,
      1.31733333333,
      0.0823333333333,
      1.39966666667,
      0.164666666667,
      1.482,
      0.247,
      1.56433333333,
      0.329333333333,
      1.64666666667,
      0.411666666667,
      1.729,
      0.494,
      1.81133333333,
      0.576333333333,
      1.89366666667,
      0.658666666667,
      1.976,
      0.741,
      2.05833333333,
      0.823333333333,
      2.14066666667,
      0.905666666667,
      2.223,
      0.988,
      2.30533333333,
      1.07033333333,
      2.38766666667,
      1.15266666667
    ],
    "SpacingBetweenSlices": 4.840000000000001,
    "TaskName": "rest",
    "dataset": "ds000258",
    "modality": "bold",
    "subject_id": "12599",
    "task_id": "rest"
  },
  "dummy_trs": 0,
  "dvars_nstd": 22.006022893907563,
  "dvars_std": 1.180521110966387,
  "dvars_vstd": 0.9695332484873949,
  "efc": 0.4195162166258548,
  "fber": 3977.850341796875,
  "fd_mean": 0.1510916014619299,
  "fd_num": 46,
  "fd_perc": 19.246861924686193,
  "fwhm_avg": 2.818796544826467,
  "fwhm_x": 2.83392,
  "fwhm_y": 2.7393333333333336,
  "fwhm_z": 2.8831363011460676,
  "gcor": 0.0295643,
  "gsr_x": -0.021547604352235794,
  "gsr_y": 0.027322979643940926,
  "provenance": {
    "md5sum": "d4051e79263f3836785619d1832ea94c",
    "settings": {
      "fd_thres": 0.2,
      "testing": false
    },
    "software": "mriqc",
    "version": "22.0.0rc1",
    "webapi_port": null,
    "webapi_url": "https://mriqc.nimh.nih.gov/api/v1"
  },
  "size_t": 239,
  "size_x": 64,
  "size_y": 64,
  "size_z": 30,
  "snr": 2.6750594237125824,
  "spacing_tr": 2.4700000286102295,
  "spacing_x": 3.75,
  "spacing_y": 3.75,
  "spacing_z": 4.400000095367432,
  "summary_bg_k": 54.71397451611765,
  "summary_bg_mad": 6.339830519569869,
  "summary_bg_mean": 22.53070640563965,
  "summary_bg_median": 10.778242111206055,
  "summary_bg_n": 80119.0,
  "summary_bg_p05": 5.271966457366943,
  "summary_bg_p95": 81.37071228027322,
  "summary_bg_stdv": 40.63754653930664,
  "summary_fg_k": 3.623956697778141,
  "summary_fg_mad": 203.88572147423272,
  "summary_fg_mean": 725.2079467773438,
  "summary_fg_median": 680.2740478515625,
  "summary_fg_n": 16292.0,
  "summary_fg_p05": 416.09580993652344,
  "summary_fg_p95": 1225.2072998046874,
  "summary_fg_stdv": 254.2946014404297,
  "tsnr": 64.88911749375984
}