{
  "aor": 0.0008866108786610878,
  "aqi": 0.008515388744769873,
  "bids_meta": {
    "BodyPartExamined": "HEAD",
    "ECHO": "4",
    "EchoTime": 0.06,
    "FlipAngle": 78.0,
    "MagneticFieldStrength": 3,
    "Manufacturer": "Siemens",
    "ManufacturersModelName": "Trio",
    "Modality": "MR",
    "ParallelReductionFactorInPlane": 3,
    "PixelBandwidth": 1698.0,
    "PixelSpacing": [
      3.75,
      4.4
    ],
    "ReceiveCoilName": "32Ch_Head_3T",
    "RepetitionTime": 2.47,
    "SliceThickness": 4.4,
    "SliceTiming": [
      1.235,
      0.0,
      1.31733333333,
      0.0823333333333,
      1.39966666667,
      0.164666666667,
      1.482,
      0.247,
      1.56433333333,
      0.329333333333,
      1.64666666667,
      0.411666666667,
      1.729,
      0.494,
      1.81133333333,
      0.576333333333,
      1.89366666667,
      0.658666666667,
      1.976,
      0.741,
      2.05833333333,
      0.823333333333,
      2.14066666667,
      0.905666666667,
      2.223,
      0.988,
      2.30533333333,
      1.07033333333,
      2.38766666667,
      1.15266666667
    ],
    "SpacingBetweenSlices": 4.840000000000001,
    "TaskName": "rest",
    "dataset": "ds000258",
    "modality": "bold",
    "subject_id": "12599",
    "task_id": "rest"
  },
  "dummy_trs": 0,
  "dvars_nstd": 34.74538554668067,
  "dvars_std": 1.123183852058823,
  "dvars_vstd": 0.9634498634453783,
  "efc": 0.40044187059232433,
  "fber": 1450.3017578125,
  "fd_mean": 0.14992870336283926,
  "fd_num": 44,
  "fd_perc": 18.410041841004183,
  "fwhm_avg": 2.0775666519952547,
  "fwhm_x": 2.0944026666666664,
  "fwhm_y": 2.107597333333333,
  "fwhm_z": 2.0306999559857637,
  "gcor": 0.0230929,
  "gsr_x": -0.02187207341194153,
  "gsr_y": 0.024504274129867554,
  "provenance": {
    "md5sum": "bd857b14e05b90ae8fc554edcfff8e80",
    "settings": {
      "fd_thres": 0.2,
      "testing": false
    },
    "software": "mriqc",
    "version": "22.0.0rc1",
    "webapi_port": null,
    "webapi_url": "https://mriqc.nimh.nih.gov/api/v1"
  },
  "size_t": 239,
  "size_x": 64,
  "size_y": 64,
  "size_z": 30,
  "snr": 2.1319917244939135,
  "spacing_tr": 2.4700000286102295,
  "spacing_x": 3.75,
  "spacing_y": 3.75,
  "spacing_z": 4.400000095367432,
  "summary_bg_k": 101.04608061141067,
  "summary_bg_mad": 4.714551082372267,
  "summary_bg_mean": 13.84583568572998,
  "summary_bg_median": 9.761506080627441,
  "summary_bg_n": 83146.0,
  "summary_bg_p05": 5.271966457366943,
  "summary_bg_p95": 34.15376567840576,
  "summary_bg_stdv": 16.307334899902344,
  "summary_fg_k": 7.3582435954806105,
  "summary_fg_mad": 119.73718667107224,
  "summary_fg_mean": 419.5462341308594,
  "summary_fg_median": 378.7113037109375,
  "summary_fg_n": 13162.0,
  "summary_fg_p05": 225.1460258483887,
  "summary_fg_p95": 754.1700378417967,
  "summary_fg_stdv": 177.62588500976562,
  "tsnr": 36.07861971762031
}