{
  "aor": 0.0005807531380753139,
  "aqi": 0.0023643847280334727,
  "bids_meta": {
    "BodyPartExamined": "HEAD",
    "ECHO": "1",
    "EchoTime": 0.012,
    "FlipAngle": 78.0,
    "MagneticFieldStrength": 3,
    "Manufacturer": "Siemens",
    "ManufacturersModelName": "Trio",
    "Modality": "MR",
    "ParallelReductionFactorInPlane": 3,
    "PixelBandwidth": 1698.0,
    "PixelSpacing": [
      3.75,
      4.4
    ],
    "ReceiveCoilName": "32Ch_Head_3T",
    "RepetitionTime": 2.47,
    "SliceThickness": 4.4,
    "SliceTiming": [
      1.235,
      0.0,
      1.31733333333,
      0.0823333333333,
      1.39966666667,
      0.164666666667,
      1.482,
      0.247,
      1.56433333333,
      0.329333333333,
      1.64666666667,
      0.411666666667,
      1.729,
      0.494,
      1.81133333333,
      0.576333333333,
      1.89366666667,
      0.658666666667,
      1.976,
      0.741,
      2.05833333333,
      0.823333333333,
      2.14066666667,
      0.905666666667,
      2.223,
      0.988,
      2.30533333333,
      1.07033333333,
      2.38766666667,
      1.15266666667
    ],
    "SpacingBetweenSlices": 4.840000000000001,
    "TaskName": "rest",
    "dataset": "ds000258",
    "modality": "bold",
    "subject_id": "12599",
    "task_id": "rest"
  },
  "dummy_trs": 0,
  "dvars_nstd": 18.306883379285704,
  "dvars_std": 1.2163887780252105,
  "dvars_vstd": 0.9673392207142851,
  "efc": 0.4574132497404604,
  "fber": 5036.2041015625,
  "fd_mean": 0.14943191140427053,
  "fd_num": 47,
  "fd_perc": 19.665271966527197,
  "fwhm_avg": 3.1759878546544016,
  "fwhm_x": 3.15064,
  "fwhm_y": 3.03696,
  "fwhm_z": 3.340363563963206,
  "gcor": 0.0298442,
  "gsr_x": -0.035859059542417526,
  "gsr_y": 0.05465598776936531,
  "provenance": {
    "md5sum": "46626f726319722db89c14012f7a7430",
    "settings": {
      "fd_thres": 0.2,
      "testing": false
    },
    "software": "mriqc",
    "version": "22.0.0rc1",
    "webapi_port": null,
    "webapi_url": "https://mriqc.nimh.nih.gov/api/v1"
  },
  "size_t": 239,
  "size_x": 64,
  "size_y": 64,
  "size_z": 30,
  "snr": 2.830214818888501,
  "spacing_tr": 2.4700000286102295,
  "spacing_x": 3.75,
  "spacing_y": 3.75,
  "spacing_z": 4.400000095367432,
  "summary_bg_k": 23.786581947572877,
  "summary_bg_mad": 8.873901867736928,
  "summary_bg_mean": 48.51042175292969,
  "summary_bg_median": 12.562761306762695,
  "summary_bg_n": 77964.0,
  "summary_bg_p05": 5.376568794250488,
  "summary_bg_p95": 277.97530212402324,
  "summary_bg_stdv": 112.42935943603516,
  "summary_fg_k": 2.712926256306087,
  "summary_fg_mad": 262.352362568512,
  "summary_fg_mean": 963.2886962890625,
  "summary_fg_median": 903.8074951171875,
  "summary_fg_n": 17941.0,
  "summary_fg_p05": 576.518798828125,
  "summary_fg_p95": 1599.1046142578125,
  "summary_fg_stdv": 319.3334655761719,
  "tsnr": 91.14018110185862
}