{
  "aor": 0.0008784100418410042,
  "aqi": 0.003612523974895398,
  "bids_meta": {
    "BodyPartExamined": "HEAD",
    "ECHO": "2",
    "EchoTime": 0.028,
    "FlipAngle": 78.0,
    "MagneticFieldStrength": 3,
    "Manufacturer": "Siemens",
    "ManufacturersModelName": "Trio",
    "Modality": "MR",
    "ParallelReductionFactorInPlane": 3,
    "PixelBandwidth": 1698.0,
    "PixelSpacing": [
      3.75,
      4.4
    ],
    "ReceiveCoilName": "32Ch_Head_3T",
    "RepetitionTime": 2.47,
    "SliceThickness": 4.4,
    "SliceTiming": [
      1.235,
      0.0,
      1.31733333333,
      0.0823333333333,
      1.39966666667,
      0.164666666667,
      1.482,
      0.247,
      1.56433333333,
      0.329333333333,
      1.64666666667,
      0.411666666667,
      1.729,
      0.494,
      1.81133333333,
      0.576333333333,
      1.89366666667,
      0.658666666667,
      1.976,
      0.741,
      2.05833333333,
      0.823333333333,
      2.14066666667,
      0.905666666667,
      2.223,
      0.988,
      2.30533333333,
      1.07033333333,
      2.38766666667,
      1.15266666667
    ],
    "SpacingBetweenSlices": 4.840000000000001,
    "TaskName": "rest",
    "dataset": "ds000258",
    "modality": "bold",
    "subject_id": "21304",
    "task_id": "rest"
  },
  "dummy_trs": 0,
  "dvars_nstd": 22.79318175567229,
  "dvars_std": 1.0921875258403357,
  "dvars_vstd": 0.9495876665966386,
  "efc": 0.4045231494309048,
  "fber": 3460.37841796875,
  "fd_mean": 0.09740596631598908,
  "fd_num": 13,
  "fd_perc": 5.439330543933054,
  "fwhm_avg": 2.7829476361511483,
  "fwhm_x": 2.867786666666667,
  "fwhm_y": 2.6554426666666666,
  "fwhm_z": 2.8256135751201117,
  "gcor": 0.0166797,
  "gsr_x": -0.015224266797304153,
  "gsr_y": 0.019025243818759918,
  "provenance": {
    "md5sum": "29066af3f832982d9e0012f586a360e6",
    "settings": {
      "fd_thres": 0.2,
      "testing": false
    },
    "software": "mriqc",
    "version": "22.0.0rc1",
    "webapi_port": null,
    "webapi_url": "https://mriqc.nimh.nih.gov/api/v1"
  },
  "size_t": 239,
  "size_x": 64,
  "size_y": 64,
  "size_z": 30,
  "snr": 2.5562984301541207,
  "spacing_tr": 2.4700000286102295,
  "spacing_x": 3.75,
  "spacing_y": 3.75,
  "spacing_z": 4.400000095367432,
  "summary_bg_k": 80.939305601167,
  "summary_bg_mad": 7.30135102935679,
  "summary_bg_mean": 24.818302154541016,
  "summary_bg_median": 11.397489547729492,
  "summary_bg_n": 82822.0,
  "summary_bg_p05": 5.104602336883545,
  "summary_bg_p95": 78.3213371276855,
  "summary_bg_stdv": 52.33361053466797,
  "summary_fg_k": 3.746156000187451,
  "summary_fg_mad": 208.46378971993136,
  "summary_fg_mean": 726.4288940429688,
  "summary_fg_median": 670.853515625,
  "summary_fg_n": 14189.0,
  "summary_fg_p05": 419.322998046875,
  "summary_fg_p95": 1235.5690185546873,
  "summary_fg_stdv": 262.42236328125,
  "tsnr": 64.33078139461577
}