{
  "aor": 0.0012405020920502093,
  "aqi": 0.0023827204979079497,
  "bids_meta": {
    "BodyPartExamined": "HEAD",
    "ECHO": "1",
    "EchoTime": 0.012,
    "FlipAngle": 78.0,
    "MagneticFieldStrength": 3,
    "Manufacturer": "Siemens",
    "ManufacturersModelName": "Trio",
    "Modality": "MR",
    "ParallelReductionFactorInPlane": 3,
    "PixelBandwidth": 1698.0,
    "PixelSpacing": [
      3.75,
      4.4
    ],
    "ReceiveCoilName": "32Ch_Head_3T",
    "RepetitionTime": 2.47,
    "SliceThickness": 4.4,
    "SliceTiming": [
      1.235,
      0.0,
      1.31733333333,
      0.0823333333333,
      1.39966666667,
      0.164666666667,
      1.482,
      0.247,
      1.56433333333,
      0.329333333333,
      1.64666666667,
      0.411666666667,
      1.729,
      0.494,
      1.81133333333,
      0.576333333333,
      1.89366666667,
      0.658666666667,
      1.976,
      0.741,
      2.05833333333,
      0.823333333333,
      2.14066666667,
      0.905666666667,
      2.223,
      0.988,
      2.30533333333,
      1.07033333333,
      2.38766666667,
      1.15266666667
    ],
    "SpacingBetweenSlices": 4.840000000000001,
    "TaskName": "rest",
    "dataset": "ds000258",
    "modality": "bold",
    "subject_id": "21304",
    "task_id": "rest"
  },
  "dummy_trs": 0,
  "dvars_nstd": 18.989451969411753,
  "dvars_std": 1.1335091442857141,
  "dvars_vstd": 0.9609608221428568,
  "efc": 0.4492624296103795,
  "fber": 3846.007080078125,
  "fd_mean": 0.0906089759152025,
  "fd_num": 11,
  "fd_perc": 4.602510460251046,
  "fwhm_avg": 2.9396379577426193,
  "fwhm_x": 2.861413333333333,
  "fwhm_y": 2.904773333333333,
  "fwhm_z": 3.0527272065611926,
  "gcor": 0.00850212,
  "gsr_x": -0.025019126012921333,
  "gsr_y": 0.04792097210884094,
  "provenance": {
    "md5sum": "b039ef8ff59f5cbb344830548819123a",
    "settings": {
      "fd_thres": 0.2,
      "testing": false
    },
    "software": "mriqc",
    "version": "22.0.0rc1",
    "webapi_port": null,
    "webapi_url": "https://mriqc.nimh.nih.gov/api/v1"
  },
  "size_t": 239,
  "size_x": 64,
  "size_y": 64,
  "size_z": 30,
  "snr": 2.75845236945546,
  "spacing_tr": 2.4700000286102295,
  "spacing_x": 3.75,
  "spacing_y": 3.75,
  "spacing_z": 4.400000095367432,
  "summary_bg_k": 28.686121174089777,
  "summary_bg_mad": 10.657365687467262,
  "summary_bg_mean": 48.71479415893555,
  "summary_bg_median": 13.98326301574707,
  "summary_bg_n": 79779.0,
  "summary_bg_p05": 5.389121055603027,
  "summary_bg_p95": 258.98742980956996,
  "summary_bg_stdv": 107.2591323852539,
  "summary_fg_k": 3.759633875483054,
  "summary_fg_mad": 251.47169654957747,
  "summary_fg_mean": 954.6826171875,
  "summary_fg_median": 885.1275634765625,
  "summary_fg_n": 16038.0,
  "summary_fg_p05": 579.1870391845703,
  "summary_fg_p95": 1579.2084960937495,
  "summary_fg_stdv": 320.8683166503906,
  "tsnr": 86.239303186303
}