{
  "aor": 0.007980167364016737,
  "aqi": 0.00532854489539749,
  "bids_meta": {
    "BodyPartExamined": "HEAD",
    "ECHO": "2",
    "EchoTime": 0.028,
    "FlipAngle": 78.0,
    "MagneticFieldStrength": 3,
    "Manufacturer": "Siemens",
    "ManufacturersModelName": "Trio",
    "Modality": "MR",
    "ParallelReductionFactorInPlane": 3,
    "PixelBandwidth": 1698.0,
    "PixelSpacing": [
      3.75,
      4.4
    ],
    "ReceiveCoilName": "32Ch_Head_3T",
    "RepetitionTime": 2.47,
    "SliceThickness": 4.4,
    "SliceTiming": [
      1.235,
      0.0,
      1.31733333333,
      0.0823333333333,
      1.39966666667,
      0.164666666667,
      1.482,
      0.247,
      1.56433333333,
      0.329333333333,
      1.64666666667,
      0.411666666667,
      1.729,
      0.494,
      1.81133333333,
      0.576333333333,
      1.89366666667,
      0.658666666667,
      1.976,
      0.741,
      2.05833333333,
      0.823333333333,
      2.14066666667,
      0.905666666667,
      2.223,
      0.988,
      2.30533333333,
      1.07033333333,
      2.38766666667,
      1.15266666667
    ],
    "SpacingBetweenSlices": 4.840000000000001,
    "TaskName": "rest",
    "dataset": "ds000258",
    "modality": "bold",
    "subject_id": "21305",
    "task_id": "rest"
  },
  "dummy_trs": 0,
  "dvars_nstd": 22.412506015924357,
  "dvars_std": 1.1615383982773115,
  "dvars_vstd": 1.0351794198319326,
  "efc": 0.44426591925265563,
  "fber": 1405.933837890625,
  "fd_mean": 0.20224088367293058,
  "fd_num": 97,
  "fd_perc": 40.58577405857741,
  "fwhm_avg": 3.2471183601108096,
  "fwhm_x": 3.2715733333333334,
  "fwhm_y": 3.1856,
  "fwhm_z": 3.2841817469990957,
  "gcor": 0.0666966,
  "gsr_x": -0.03332493081688881,
  "gsr_y": 0.052252013236284256,
  "provenance": {
    "md5sum": "6c4bb56cd36ee10cc5750ce2dcf42159",
    "settings": {
      "fd_thres": 0.2,
      "testing": false
    },
    "software": "mriqc",
    "version": "22.0.0rc1",
    "webapi_port": null,
    "webapi_url": "https://mriqc.nimh.nih.gov/api/v1"
  },
  "size_t": 239,
  "size_x": 64,
  "size_y": 64,
  "size_z": 30,
  "snr": 1.7946312254104344,
  "spacing_tr": 2.4700000286102295,
  "spacing_x": 3.75,
  "spacing_y": 3.75,
  "spacing_z": 4.400000095367432,
  "summary_bg_k": 52.05001115381896,
  "summary_bg_mad": 13.19143774259415,
  "summary_bg_mean": 41.83391571044922,
  "summary_bg_median": 17.261505126953125,
  "summary_bg_n": 78750.0,
  "summary_bg_p05": 6.527196407318115,
  "summary_bg_p95": 159.11986770629886,
  "summary_bg_stdv": 74.01457214355469,
  "summary_fg_k": 6.758558900703765,
  "summary_fg_mad": 236.99302352319663,
  "summary_fg_mean": 777.70263671875,
  "summary_fg_median": 670.3598022460938,
  "summary_fg_n": 17069.0,
  "summary_fg_p05": 414.49705200195314,
  "summary_fg_p95": 1528.0534912109367,
  "summary_fg_stdv": 373.5252990722656,
  "tsnr": 47.59907132387161
}