{
  "aor": 0.00892623430962343,
  "aqi": 0.0074286410460251045,
  "bids_meta": {
    "BodyPartExamined": "HEAD",
    "ECHO": "3",
    "EchoTime": 0.044,
    "FlipAngle": 78.0,
    "MagneticFieldStrength": 3,
    "Manufacturer": "Siemens",
    "ManufacturersModelName": "Trio",
    "Modality": "MR",
    "ParallelReductionFactorInPlane": 3,
    "PixelBandwidth": 1698.0,
    "PixelSpacing": [
      3.75,
      4.4
    ],
    "ReceiveCoilName": "32Ch_Head_3T",
    "RepetitionTime": 2.47,
    "SliceThickness": 4.4,
    "SliceTiming": [
      1.235,
      0.0,
      1.31733333333,
      0.0823333333333,
      1.39966666667,
      0.164666666667,
      1.482,
      0.247,
      1.56433333333,
      0.329333333333,
      1.64666666667,
      0.411666666667,
      1.729,
      0.494,
      1.81133333333,
      0.576333333333,
      1.89366666667,
      0.658666666667,
      1.976,
      0.741,
      2.05833333333,
      0.823333333333,
      2.14066666667,
      0.905666666667,
      2.223,
      0.988,
      2.30533333333,
      1.07033333333,
      2.38766666667,
      1.15266666667
    ],
    "SpacingBetweenSlices": 4.840000000000001,
    "TaskName": "rest",
    "dataset": "ds000258",
    "modality": "bold",
    "subject_id": "21305",
    "task_id": "rest"
  },
  "dummy_trs": 0,
  "dvars_nstd": 29.18911685436974,
  "dvars_std": 1.1678388303781513,
  "dvars_vstd": 1.0423045486974796,
  "efc": 0.4182361405420346,
  "fber": 1066.0963134765625,
  "fd_mean": 0.20590674186708682,
  "fd_num": 103,
  "fd_perc": 43.09623430962343,
  "fwhm_avg": 2.873447959304984,
  "fwhm_x": 2.9256,
  "fwhm_y": 2.8582666666666667,
  "fwhm_z": 2.8364772112482846,
  "gcor": 0.0568751,
  "gsr_x": -0.029733877629041672,
  "gsr_y": 0.04084034636616707,
  "provenance": {
    "md5sum": "addf0cdb41c9b49df84f4b8dd6883a5c",
    "settings": {
      "fd_thres": 0.2,
      "testing": false
    },
    "software": "mriqc",
    "version": "22.0.0rc1",
    "webapi_port": null,
    "webapi_url": "https://mriqc.nimh.nih.gov/api/v1"
  },
  "size_t": 239,
  "size_x": 64,
  "size_y": 64,
  "size_z": 30,
  "snr": 1.5954399780549127,
  "spacing_tr": 2.4700000286102295,
  "spacing_x": 3.75,
  "spacing_y": 3.75,
  "spacing_z": 4.400000095367432,
  "summary_bg_k": 128.66186865794683,
  "summary_bg_mad": 9.23679778000322,
  "summary_bg_mean": 25.551027297973633,
  "summary_bg_median": 14.748953819274902,
  "summary_bg_n": 80291.0,
  "summary_bg_p05": 6.602510452270508,
  "summary_bg_p95": 79.3179931640625,
  "summary_bg_stdv": 36.37139892578125,
  "summary_fg_k": 9.09291352716293,
  "summary_fg_mad": 184.63361043959503,
  "summary_fg_mean": 598.2647094726562,
  "summary_fg_median": 500.37237548828125,
  "summary_fg_n": 15266.0,
  "summary_fg_p05": 307.4623489379883,
  "summary_fg_p95": 1212.2342529296875,
  "summary_fg_stdv": 313.6163024902344,
  "tsnr": 36.20880568865687
}