{
  "aor": 0.0007450627615062759,
  "aqi": 0.0021451420502092053,
  "bids_meta": {
    "BodyPartExamined": "HEAD",
    "ECHO": "3",
    "EchoTime": 0.044,
    "FlipAngle": 78.0,
    "MagneticFieldStrength": 3,
    "Manufacturer": "Siemens",
    "ManufacturersModelName": "Trio",
    "Modality": "MR",
    "ParallelReductionFactorInPlane": 3,
    "PixelBandwidth": 1698.0,
    "PixelSpacing": [
      3.75,
      4.4
    ],
    "ReceiveCoilName": "32Ch_Head_3T",
    "RepetitionTime": 2.47,
    "SliceThickness": 4.4,
    "SliceTiming": [
      1.235,
      0.0,
      1.31733333333,
      0.0823333333333,
      1.39966666667,
      0.164666666667,
      1.482,
      0.247,
      1.56433333333,
      0.329333333333,
      1.64666666667,
      0.411666666667,
      1.729,
      0.494,
      1.81133333333,
      0.576333333333,
      1.89366666667,
      0.658666666667,
      1.976,
      0.741,
      2.05833333333,
      0.823333333333,
      2.14066666667,
      0.905666666667,
      2.223,
      0.988,
      2.30533333333,
      1.07033333333,
      2.38766666667,
      1.15266666667
    ],
    "SpacingBetweenSlices": 4.840000000000001,
    "TaskName": "rest",
    "dataset": "ds000258",
    "modality": "bold",
    "subject_id": "20824",
    "task_id": "rest"
  },
  "dummy_trs": 0,
  "dvars_nstd": 21.87530522378152,
  "dvars_std": 1.1444189109663874,
  "dvars_vstd": 0.9958331314285711,
  "efc": 0.39811432986402995,
  "fber": 2283.223388671875,
  "fd_mean": 0.07199428702781542,
  "fd_num": 13,
  "fd_perc": 5.439330543933054,
  "fwhm_avg": 2.82845603965002,
  "fwhm_x": 2.8236266666666667,
  "fwhm_y": 2.7611733333333333,
  "fwhm_z": 2.9005681189500607,
  "gcor": 0.0436816,
  "gsr_x": -0.029564063996076584,
  "gsr_y": 0.020986661314964294,
  "provenance": {
    "md5sum": "45f4b65e59a29861981965b507908c0f",
    "settings": {
      "fd_thres": 0.2,
      "testing": false
    },
    "software": "mriqc",
    "version": "22.0.0rc1",
    "webapi_port": null,
    "webapi_url": "https://mriqc.nimh.nih.gov/api/v1"
  },
  "size_t": 239,
  "size_x": 64,
  "size_y": 64,
  "size_z": 30,
  "snr": 1.809743987525324,
  "spacing_tr": 2.4700000286102295,
  "spacing_x": 3.75,
  "spacing_y": 3.75,
  "spacing_z": 4.400000095367432,
  "summary_bg_k": 51.9862937814027,
  "summary_bg_mad": 5.899392425461456,
  "summary_bg_mean": 21.27098274230957,
  "summary_bg_median": 11.07112979888916,
  "summary_bg_n": 82517.0,
  "summary_bg_p05": 5.924685955047607,
  "summary_bg_p95": 70.18242645263668,
  "summary_bg_stdv": 33.58951950073242,
  "summary_fg_k": 5.6118294842689185,
  "summary_fg_mad": 189.99021678263944,
  "summary_fg_mean": 621.0297241210938,
  "summary_fg_median": 540.78662109375,
  "summary_fg_n": 14099.0,
  "summary_fg_p05": 317.4405822753906,
  "summary_fg_p95": 1244.3945678710913,
  "summary_fg_stdv": 298.8088073730469,
  "tsnr": 69.61858881544322
}