{
  "aor": 0.00438347280334728,
  "aqi": 0.006433834142259414,
  "bids_meta": {
    "BodyPartExamined": "HEAD",
    "ECHO": "4",
    "EchoTime": 0.06,
    "FlipAngle": 78.0,
    "MagneticFieldStrength": 3,
    "Manufacturer": "Siemens",
    "ManufacturersModelName": "Trio",
    "Modality": "MR",
    "ParallelReductionFactorInPlane": 3,
    "PixelBandwidth": 1698.0,
    "PixelSpacing": [
      3.75,
      4.4
    ],
    "ReceiveCoilName": "32Ch_Head_3T",
    "RepetitionTime": 2.47,
    "SliceThickness": 4.4,
    "SliceTiming": [
      1.235,
      0.0,
      1.31733333333,
      0.0823333333333,
      1.39966666667,
      0.164666666667,
      1.482,
      0.247,
      1.56433333333,
      0.329333333333,
      1.64666666667,
      0.411666666667,
      1.729,
      0.494,
      1.81133333333,
      0.576333333333,
      1.89366666667,
      0.658666666667,
      1.976,
      0.741,
      2.05833333333,
      0.823333333333,
      2.14066666667,
      0.905666666667,
      2.223,
      0.988,
      2.30533333333,
      1.07033333333,
      2.38766666667,
      1.15266666667
    ],
    "SpacingBetweenSlices": 4.840000000000001,
    "TaskName": "rest",
    "dataset": "ds000258",
    "modality": "bold",
    "subject_id": "21371",
    "task_id": "rest"
  },
  "dummy_trs": 0,
  "dvars_nstd": 36.189509840378136,
  "dvars_std": 1.1713654328571428,
  "dvars_vstd": 1.0273652061764702,
  "efc": 0.40872620160602574,
  "fber": 977.3084106445312,
  "fd_mean": 0.12275868374893546,
  "fd_num": 25,
  "fd_perc": 10.460251046025105,
  "fwhm_avg": 2.49297674978191,
  "fwhm_x": 2.512848,
  "fwhm_y": 2.4892186666666665,
  "fwhm_z": 2.476863582679064,
  "gcor": 0.0351385,
  "gsr_x": -0.01536130253225565,
  "gsr_y": 0.02812335640192032,
  "provenance": {
    "md5sum": "9a2708c56d0cc795bcccc24273ef9160",
    "settings": {
      "fd_thres": 0.2,
      "testing": false
    },
    "software": "mriqc",
    "version": "22.0.0rc1",
    "webapi_port": null,
    "webapi_url": "https://mriqc.nimh.nih.gov/api/v1"
  },
  "size_t": 239,
  "size_x": 64,
  "size_y": 64,
  "size_z": 30,
  "snr": 1.5274466789737786,
  "spacing_tr": 2.4700000286102295,
  "spacing_x": 3.75,
  "spacing_y": 3.75,
  "spacing_z": 4.400000095367432,
  "summary_bg_k": 68.56458796455678,
  "summary_bg_mad": 6.4825077382618685,
  "summary_bg_mean": 20.08820343017578,
  "summary_bg_median": 13.460250854492188,
  "summary_bg_n": 79698.0,
  "summary_bg_p05": 6.874476909637451,
  "summary_bg_p95": 52.79142208099363,
  "summary_bg_stdv": 24.94586944580078,
  "summary_fg_k": 5.97273607246302,
  "summary_fg_mad": 209.43462089066117,
  "summary_fg_mean": 515.3790893554688,
  "summary_fg_median": 439.3535461425781,
  "summary_fg_n": 15330.0,
  "summary_fg_p05": 213.50459747314454,
  "summary_fg_p95": 1083.0917663574216,
  "summary_fg_stdv": 287.62982177734375,
  "tsnr": 34.84942384401802
}