{
  "aor": 0.001477029288702929,
  "aqi": 0.0035986837782426783,
  "bids_meta": {
    "BodyPartExamined": "HEAD",
    "ECHO": "1",
    "EchoTime": 0.012,
    "FlipAngle": 78.0,
    "MagneticFieldStrength": 3,
    "Manufacturer": "Siemens",
    "ManufacturersModelName": "Trio",
    "Modality": "MR",
    "ParallelReductionFactorInPlane": 3,
    "PixelBandwidth": 1698.0,
    "PixelSpacing": [
      3.75,
      4.4
    ],
    "ReceiveCoilName": "32Ch_Head_3T",
    "RepetitionTime": 2.47992,
    "SliceThickness": 4.4,
    "SliceTiming": [
      1.23996,
      0.0,
      1.322624,
      0.082664,
      1.405288,
      0.165328,
      1.487952,
      0.247992,
      1.570616,
      0.330656,
      1.65328,
      0.41332,
      1.735944,
      0.495984,
      1.818608,
      0.578648,
      1.901272,
      0.661312,
      1.983936,
      0.743976,
      2.0666,
      0.82664,
      2.149264,
      0.909304,
      2.231928,
      0.991968,
      2.314592,
      1.074632,
      2.397256,
      1.157296
    ],
    "SpacingBetweenSlices": 4.840000000000001,
    "TaskName": "rest",
    "dataset": "ds000258",
    "modality": "bold",
    "subject_id": "21652",
    "task_id": "rest"
  },
  "dummy_trs": 0,
  "dvars_nstd": 13.712070685504203,
  "dvars_std": 1.0442250893697473,
  "dvars_vstd": 0.9563006445378152,
  "efc": 0.5082677622332665,
  "fber": 2445.959228515625,
  "fd_mean": 0.09224921501758787,
  "fd_num": 17,
  "fd_perc": 7.112970711297071,
  "fwhm_avg": 2.621478585455954,
  "fwhm_x": 2.208904,
  "fwhm_y": 2.8036000000000003,
  "fwhm_z": 2.851931756367862,
  "gcor": 0.0229669,
  "gsr_x": 0.0033888763282448053,
  "gsr_y": 0.06910660862922668,
  "provenance": {
    "md5sum": "aaeb0f5704464dab51ab70fac4f09b2c",
    "settings": {
      "fd_thres": 0.2,
      "testing": false
    },
    "software": "mriqc",
    "version": "22.0.0rc1",
    "webapi_port": null,
    "webapi_url": "https://mriqc.nimh.nih.gov/api/v1"
  },
  "size_t": 239,
  "size_x": 64,
  "size_y": 64,
  "size_z": 30,
  "snr": 3.175982518172042,
  "spacing_tr": 2.479919910430908,
  "spacing_x": 3.75,
  "spacing_y": 3.75,
  "spacing_z": 4.400000095367432,
  "summary_bg_k": 19.935547106354463,
  "summary_bg_mad": 13.777654488162709,
  "summary_bg_mean": 59.94868469238281,
  "summary_bg_median": 15.414225578308105,
  "summary_bg_n": 75058.0,
  "summary_bg_p05": 5.1464433670043945,
  "summary_bg_p95": 326.84600372314384,
  "summary_bg_stdv": 120.18892669677734,
  "summary_fg_k": 1.6812517863999226,
  "summary_fg_mad": 214.74159299805794,
  "summary_fg_mean": 808.6929321289062,
  "summary_fg_median": 770.945556640625,
  "summary_fg_n": 20362.0,
  "summary_fg_p05": 489.452082824707,
  "summary_fg_p95": 1267.7886657714846,
  "summary_fg_stdv": 242.73641967773438,
  "tsnr": 81.6628966475837
}