{
  "aor": 0.00447092050209205,
  "aqi": 0.005532636987447699,
  "bids_meta": {
    "BodyPartExamined": "HEAD",
    "ECHO": "3",
    "EchoTime": 0.044,
    "FlipAngle": 78.0,
    "MagneticFieldStrength": 3,
    "Manufacturer": "Siemens",
    "ManufacturersModelName": "Trio",
    "Modality": "MR",
    "ParallelReductionFactorInPlane": 3,
    "PixelBandwidth": 1698.0,
    "PixelSpacing": [
      3.75,
      4.4
    ],
    "ReceiveCoilName": "32Ch_Head_3T",
    "RepetitionTime": 2.47,
    "SliceThickness": 4.4,
    "SliceTiming": [
      1.235,
      0.0,
      1.31733333333,
      0.0823333333333,
      1.39966666667,
      0.164666666667,
      1.482,
      0.247,
      1.56433333333,
      0.329333333333,
      1.64666666667,
      0.411666666667,
      1.729,
      0.494,
      1.81133333333,
      0.576333333333,
      1.89366666667,
      0.658666666667,
      1.976,
      0.741,
      2.05833333333,
      0.823333333333,
      2.14066666667,
      0.905666666667,
      2.223,
      0.988,
      2.30533333333,
      1.07033333333,
      2.38766666667,
      1.15266666667
    ],
    "SpacingBetweenSlices": 4.840000000000001,
    "TaskName": "rest",
    "dataset": "ds000258",
    "modality": "bold",
    "subject_id": "21658",
    "task_id": "rest"
  },
  "dummy_trs": 0,
  "dvars_nstd": 30.85474373319324,
  "dvars_std": 1.179483590378151,
  "dvars_vstd": 1.0204301436554615,
  "efc": 0.4273180304509896,
  "fber": 2117.1025390625,
  "fd_mean": 0.18566463144340514,
  "fd_num": 60,
  "fd_perc": 25.10460251046025,
  "fwhm_avg": 2.0433658539030946,
  "fwhm_x": 1.97288,
  "fwhm_y": 2.1109653333333336,
  "fwhm_z": 2.04625222837595,
  "gcor": 0.0732579,
  "gsr_x": -0.01787848211824894,
  "gsr_y": 0.019526289775967598,
  "provenance": {
    "md5sum": "5a368518a7662dd1672ce80a56b5ce18",
    "settings": {
      "fd_thres": 0.2,
      "testing": false
    },
    "software": "mriqc",
    "version": "22.0.0rc1",
    "webapi_port": null,
    "webapi_url": "https://mriqc.nimh.nih.gov/api/v1"
  },
  "size_t": 239,
  "size_x": 64,
  "size_y": 64,
  "size_z": 30,
  "snr": 2.8853020398386366,
  "spacing_tr": 2.4700000286102295,
  "spacing_x": 3.75,
  "spacing_y": 3.75,
  "spacing_z": 4.400000095367432,
  "summary_bg_k": 151.81826787780614,
  "summary_bg_mad": 3.93913138483054,
  "summary_bg_mean": 13.33251953125,
  "summary_bg_median": 7.585773944854736,
  "summary_bg_n": 80843.0,
  "summary_bg_p05": 4.188284397125244,
  "summary_bg_p95": 37.9242679595947,
  "summary_bg_stdv": 22.30845069885254,
  "summary_fg_k": 2.751531129707243,
  "summary_fg_mad": 104.24119279563166,
  "summary_fg_mean": 381.664306640625,
  "summary_fg_median": 357.922607421875,
  "summary_fg_n": 15196.0,
  "summary_fg_p05": 222.29393005371094,
  "summary_fg_p95": 614.0763244628906,
  "summary_fg_stdv": 124.04622650146484,
  "tsnr": 44.455229649320245
}