{
  "aor": 0.00609255230125523,
  "aqi": 0.0034243888200836815,
  "bids_meta": {
    "BodyPartExamined": "HEAD",
    "ECHO": "1",
    "EchoTime": 0.012,
    "FlipAngle": 78.0,
    "MagneticFieldStrength": 3,
    "Manufacturer": "Siemens",
    "ManufacturersModelName": "Trio",
    "Modality": "MR",
    "ParallelReductionFactorInPlane": 3,
    "PixelBandwidth": 1698.0,
    "PixelSpacing": [
      3.75,
      4.4
    ],
    "ReceiveCoilName": "32Ch_Head_3T",
    "RepetitionTime": 2.47,
    "SliceThickness": 4.4,
    "SliceTiming": [
      1.235,
      0.0,
      1.31733333333,
      0.0823333333333,
      1.39966666667,
      0.164666666667,
      1.482,
      0.247,
      1.56433333333,
      0.329333333333,
      1.64666666667,
      0.411666666667,
      1.729,
      0.494,
      1.81133333333,
      0.576333333333,
      1.89366666667,
      0.658666666667,
      1.976,
      0.741,
      2.05833333333,
      0.823333333333,
      2.14066666667,
      0.905666666667,
      2.223,
      0.988,
      2.30533333333,
      1.07033333333,
      2.38766666667,
      1.15266666667
    ],
    "SpacingBetweenSlices": 4.840000000000001,
    "TaskName": "rest",
    "dataset": "ds000258",
    "modality": "bold",
    "subject_id": "21658",
    "task_id": "rest"
  },
  "dummy_trs": 0,
  "dvars_nstd": 22.52044635256303,
  "dvars_std": 1.4020574606722702,
  "dvars_vstd": 1.0362627913865559,
  "efc": 0.48174155956943737,
  "fber": 3978.275634765625,
  "fd_mean": 0.17539703871010975,
  "fd_num": 52,
  "fd_perc": 21.757322175732217,
  "fwhm_avg": 2.395341052000572,
  "fwhm_x": 1.9880506666666666,
  "fwhm_y": 2.608768,
  "fwhm_z": 2.5892044893350494,
  "gcor": 0.0350622,
  "gsr_x": -0.020276393741369247,
  "gsr_y": 0.07179733365774155,
  "provenance": {
    "md5sum": "cf7682ae1fd515d31b8fb3072eab4d49",
    "settings": {
      "fd_thres": 0.2,
      "testing": false
    },
    "software": "mriqc",
    "version": "22.0.0rc1",
    "webapi_port": null,
    "webapi_url": "https://mriqc.nimh.nih.gov/api/v1"
  },
  "size_t": 239,
  "size_x": 64,
  "size_y": 64,
  "size_z": 30,
  "snr": 3.3699223346132587,
  "spacing_tr": 2.4700000286102295,
  "spacing_x": 3.75,
  "spacing_y": 3.75,
  "spacing_z": 4.400000095367432,
  "summary_bg_k": 23.56717136095661,
  "summary_bg_mad": 8.089176457971105,
  "summary_bg_mean": 39.715633392333984,
  "summary_bg_median": 10.401673316955566,
  "summary_bg_n": 76582.0,
  "summary_bg_p05": 4.092050075531006,
  "summary_bg_p95": 216.41694641113273,
  "summary_bg_stdv": 88.62849426269531,
  "summary_fg_k": 1.0697432100629447,
  "summary_fg_mad": 181.1690322023627,
  "summary_fg_mean": 707.087646484375,
  "summary_fg_median": 673.5606689453125,
  "summary_fg_n": 18593.0,
  "summary_fg_p05": 436.60166015625,
  "summary_fg_p95": 1085.0033203125,
  "summary_fg_stdv": 199.86886596679688,
  "tsnr": 79.96839353721589
}