{
  "aor": 0.0016068619246861926,
  "aqi": 0.01008069648535565,
  "bids_meta": {
    "BodyPartExamined": "HEAD",
    "ECHO": "4",
    "EchoTime": 0.06,
    "FlipAngle": 78.0,
    "MagneticFieldStrength": 3,
    "Manufacturer": "Siemens",
    "ManufacturersModelName": "Trio",
    "Modality": "MR",
    "ParallelReductionFactorInPlane": 3,
    "PixelBandwidth": 1698.0,
    "PixelSpacing": [
      3.75,
      4.4
    ],
    "ReceiveCoilName": "32Ch_Head_3T",
    "RepetitionTime": 2.47,
    "SliceThickness": 4.4,
    "SliceTiming": [
      1.235,
      0.0,
      1.31733333333,
      0.0823333333333,
      1.39966666667,
      0.164666666667,
      1.482,
      0.247,
      1.56433333333,
      0.329333333333,
      1.64666666667,
      0.411666666667,
      1.729,
      0.494,
      1.81133333333,
      0.576333333333,
      1.89366666667,
      0.658666666667,
      1.976,
      0.741,
      2.05833333333,
      0.823333333333,
      2.14066666667,
      0.905666666667,
      2.223,
      0.988,
      2.30533333333,
      1.07033333333,
      2.38766666667,
      1.15266666667
    ],
    "SpacingBetweenSlices": 4.840000000000001,
    "TaskName": "rest",
    "dataset": "ds000258",
    "modality": "bold",
    "subject_id": "21187",
    "task_id": "rest"
  },
  "dummy_trs": 0,
  "dvars_nstd": 76.59400130483198,
  "dvars_std": 1.307797138655462,
  "dvars_vstd": 0.9680941702100846,
  "efc": 0.43724020986963086,
  "fber": 717.8200073242188,
  "fd_mean": 0.34121966008801347,
  "fd_num": 173,
  "fd_perc": 72.38493723849372,
  "fwhm_avg": 2.1432988637365242,
  "fwhm_x": 2.0937626666666667,
  "fwhm_y": 2.252845333333333,
  "fwhm_z": 2.0832885912095724,
  "gcor": 0.00861272,
  "gsr_x": -0.01797165349125862,
  "gsr_y": 0.03217728063464165,
  "provenance": {
    "md5sum": "c0cbd5eabe47c46e4a6a20704ef3d191",
    "settings": {
      "fd_thres": 0.2,
      "testing": false
    },
    "software": "mriqc",
    "version": "22.0.0rc1",
    "webapi_port": null,
    "webapi_url": "https://mriqc.nimh.nih.gov/api/v1"
  },
  "size_t": 239,
  "size_x": 64,
  "size_y": 64,
  "size_z": 30,
  "snr": 1.9614972134463016,
  "spacing_tr": 2.4700000286102295,
  "spacing_x": 3.75,
  "spacing_y": 3.75,
  "spacing_z": 4.400000095367432,
  "summary_bg_k": 70.92109808770569,
  "summary_bg_mad": 7.406808226991717,
  "summary_bg_mean": 19.82373809814453,
  "summary_bg_median": 14.012552261352539,
  "summary_bg_n": 80254.0,
  "summary_bg_p05": 6.686192512512207,
  "summary_bg_p95": 49.98430843353216,
  "summary_bg_stdv": 23.389768600463867,
  "summary_fg_k": 9.137855852285758,
  "summary_fg_mad": 134.39880958974214,
  "summary_fg_mean": 432.0122985839844,
  "summary_fg_median": 384.38702392578125,
  "summary_fg_n": 14882.0,
  "summary_fg_p05": 215.8606704711914,
  "summary_fg_p95": 805.7221435546875,
  "summary_fg_stdv": 195.9595489501953,
  "tsnr": 29.506615496473387
}