{
  "aor": 0.0015153974895397487,
  "aqi": 0.0072122216317991655,
  "bids_meta": {
    "BodyPartExamined": "HEAD",
    "ECHO": "3",
    "EchoTime": 0.044,
    "FlipAngle": 78.0,
    "MagneticFieldStrength": 3,
    "Manufacturer": "Siemens",
    "ManufacturersModelName": "Trio",
    "Modality": "MR",
    "ParallelReductionFactorInPlane": 3,
    "PixelBandwidth": 1698.0,
    "PixelSpacing": [
      3.75,
      4.4
    ],
    "ReceiveCoilName": "32Ch_Head_3T",
    "RepetitionTime": 2.47,
    "SliceThickness": 4.4,
    "SliceTiming": [
      1.235,
      0.0,
      1.31733333333,
      0.0823333333333,
      1.39966666667,
      0.164666666667,
      1.482,
      0.247,
      1.56433333333,
      0.329333333333,
      1.64666666667,
      0.411666666667,
      1.729,
      0.494,
      1.81133333333,
      0.576333333333,
      1.89366666667,
      0.658666666667,
      1.976,
      0.741,
      2.05833333333,
      0.823333333333,
      2.14066666667,
      0.905666666667,
      2.223,
      0.988,
      2.30533333333,
      1.07033333333,
      2.38766666667,
      1.15266666667
    ],
    "SpacingBetweenSlices": 4.840000000000001,
    "TaskName": "rest",
    "dataset": "ds000258",
    "modality": "bold",
    "subject_id": "21187",
    "task_id": "rest"
  },
  "dummy_trs": 0,
  "dvars_nstd": 61.430931972899195,
  "dvars_std": 1.3216125848739493,
  "dvars_vstd": 0.9680075802941172,
  "efc": 0.44425367654532166,
  "fber": 1130.7791748046875,
  "fd_mean": 0.3525873832426356,
  "fd_num": 178,
  "fd_perc": 74.47698744769875,
  "fwhm_avg": 2.506284790651622,
  "fwhm_x": 2.5124133333333334,
  "fwhm_y": 2.594032,
  "fwhm_z": 2.412409038621533,
  "gcor": 0.0119919,
  "gsr_x": -0.01108872052282095,
  "gsr_y": 0.029660945758223534,
  "provenance": {
    "md5sum": "54b5b99b3e16db9f771dc8d52ffc8a1d",
    "settings": {
      "fd_thres": 0.2,
      "testing": false
    },
    "software": "mriqc",
    "version": "22.0.0rc1",
    "webapi_port": null,
    "webapi_url": "https://mriqc.nimh.nih.gov/api/v1"
  },
  "size_t": 239,
  "size_x": 64,
  "size_y": 64,
  "size_z": 30,
  "snr": 2.147596184445548,
  "spacing_tr": 2.4700000286102295,
  "spacing_x": 3.75,
  "spacing_y": 3.75,
  "spacing_z": 4.400000095367432,
  "summary_bg_k": 56.16588344431946,
  "summary_bg_mad": 8.994867643132245,
  "summary_bg_mean": 24.71578598022461,
  "summary_bg_median": 14.891213417053223,
  "summary_bg_n": 78680.0,
  "summary_bg_p05": 6.665271759033203,
  "summary_bg_p95": 69.78096351623552,
  "summary_bg_stdv": 37.221229553222656,
  "summary_fg_k": 7.571544372508264,
  "summary_fg_mad": 173.94519224861557,
  "summary_fg_mean": 558.0177001953125,
  "summary_fg_median": 507.76776123046875,
  "summary_fg_n": 16650.0,
  "summary_fg_p05": 285.833251953125,
  "summary_fg_p95": 999.8796783447262,
  "summary_fg_stdv": 236.4282989501953,
  "tsnr": 38.271740774740465
}