{
  "aor": 0.001998912133891214,
  "aqi": 0.003432050627615063,
  "bids_meta": {
    "BodyPartExamined": "HEAD",
    "ECHO": "3",
    "EchoTime": 0.044,
    "FlipAngle": 78.0,
    "MagneticFieldStrength": 3,
    "Manufacturer": "Siemens",
    "ManufacturersModelName": "Trio",
    "Modality": "MR",
    "ParallelReductionFactorInPlane": 3,
    "PixelBandwidth": 1698.0,
    "PixelSpacing": [
      3.75,
      4.4
    ],
    "ReceiveCoilName": "32Ch_Head_3T",
    "RepetitionTime": 2.47,
    "SliceThickness": 4.4,
    "SliceTiming": [
      1.235,
      0.0,
      1.31733333333,
      0.0823333333333,
      1.39966666667,
      0.164666666667,
      1.482,
      0.247,
      1.56433333333,
      0.329333333333,
      1.64666666667,
      0.411666666667,
      1.729,
      0.494,
      1.81133333333,
      0.576333333333,
      1.89366666667,
      0.658666666667,
      1.976,
      0.741,
      2.05833333333,
      0.823333333333,
      2.14066666667,
      0.905666666667,
      2.223,
      0.988,
      2.30533333333,
      1.07033333333,
      2.38766666667,
      1.15266666667
    ],
    "SpacingBetweenSlices": 4.840000000000001,
    "TaskName": "rest",
    "dataset": "ds000258",
    "modality": "bold",
    "subject_id": "19284",
    "task_id": "rest"
  },
  "dummy_trs": 0,
  "dvars_nstd": 31.163415628403367,
  "dvars_std": 1.1848476561344536,
  "dvars_vstd": 1.0027494565966395,
  "efc": 0.42041763052628395,
  "fber": 1307.1884765625,
  "fd_mean": 0.2162011147931497,
  "fd_num": 89,
  "fd_perc": 37.23849372384937,
  "fwhm_avg": 2.966773816918449,
  "fwhm_x": 3.0509333333333335,
  "fwhm_y": 2.87832,
  "fwhm_z": 2.9710681174220146,
  "gcor": 0.033971,
  "gsr_x": -0.0025574087630957365,
  "gsr_y": 0.020291687920689583,
  "provenance": {
    "md5sum": "ab9f8a57361b741f9774e7d5aefd2bc8",
    "settings": {
      "fd_thres": 0.2,
      "testing": false
    },
    "software": "mriqc",
    "version": "22.0.0rc1",
    "webapi_port": null,
    "webapi_url": "https://mriqc.nimh.nih.gov/api/v1"
  },
  "size_t": 239,
  "size_x": 64,
  "size_y": 64,
  "size_z": 30,
  "snr": 1.7232961970724874,
  "spacing_tr": 2.4700000286102295,
  "spacing_x": 3.75,
  "spacing_y": 3.75,
  "spacing_z": 4.400000095367432,
  "summary_bg_k": 34.43828398393712,
  "summary_bg_mad": 8.666088905235222,
  "summary_bg_mean": 27.88911247253418,
  "summary_bg_median": 14.100418090820312,
  "summary_bg_n": 80839.0,
  "summary_bg_p05": 6.4937238693237305,
  "summary_bg_p95": 94.81673202514641,
  "summary_bg_stdv": 46.974544525146484,
  "summary_fg_k": 4.941849372398763,
  "summary_fg_mad": 189.3729560170766,
  "summary_fg_mean": 599.5905151367188,
  "summary_fg_median": 512.4497680664062,
  "summary_fg_n": 14568.0,
  "summary_fg_p05": 294.8623275756836,
  "summary_fg_p95": 1214.9382690429686,
  "summary_fg_stdv": 297.3558349609375,
  "tsnr": 53.734486985486
}