{
  "aor": 0.006491422594142259,
  "aqi": 0.002689567711297071,
  "bids_meta": {
    "BodyPartExamined": "HEAD",
    "ECHO": "2",
    "EchoTime": 0.028,
    "FlipAngle": 78.0,
    "MagneticFieldStrength": 3,
    "Manufacturer": "Siemens",
    "ManufacturersModelName": "Trio",
    "Modality": "MR",
    "ParallelReductionFactorInPlane": 3,
    "PixelBandwidth": 1698.0,
    "PixelSpacing": [
      3.75,
      4.4
    ],
    "ReceiveCoilName": "32Ch_Head_3T",
    "RepetitionTime": 2.47,
    "SliceThickness": 4.4,
    "SliceTiming": [
      1.235,
      0.0,
      1.31733333333,
      0.0823333333333,
      1.39966666667,
      0.164666666667,
      1.482,
      0.247,
      1.56433333333,
      0.329333333333,
      1.64666666667,
      0.411666666667,
      1.729,
      0.494,
      1.81133333333,
      0.576333333333,
      1.89366666667,
      0.658666666667,
      1.976,
      0.741,
      2.05833333333,
      0.823333333333,
      2.14066666667,
      0.905666666667,
      2.223,
      0.988,
      2.30533333333,
      1.07033333333,
      2.38766666667,
      1.15266666667
    ],
    "SpacingBetweenSlices": 4.840000000000001,
    "TaskName": "rest",
    "dataset": "ds000258",
    "modality": "bold",
    "subject_id": "21453",
    "task_id": "rest"
  },
  "dummy_trs": 0,
  "dvars_nstd": 14.629154821932769,
  "dvars_std": 1.0282119279831932,
  "dvars_vstd": 0.9636009490336138,
  "efc": 0.4355691694644675,
  "fber": 4621.6005859375,
  "fd_mean": 0.06560647046056872,
  "fd_num": 10,
  "fd_perc": 4.184100418410042,
  "fwhm_avg": 2.5589694356263166,
  "fwhm_x": 2.4246026666666665,
  "fwhm_y": 2.633669333333333,
  "fwhm_z": 2.61863630687895,
  "gcor": 0.037021,
  "gsr_x": -0.013544810935854912,
  "gsr_y": 0.02564367465674877,
  "provenance": {
    "md5sum": "8f1dbe9a4df0f77af6d0577e742a3c21",
    "settings": {
      "fd_thres": 0.2,
      "testing": false
    },
    "software": "mriqc",
    "version": "22.0.0rc1",
    "webapi_port": null,
    "webapi_url": "https://mriqc.nimh.nih.gov/api/v1"
  },
  "size_t": 239,
  "size_x": 64,
  "size_y": 64,
  "size_z": 30,
  "snr": 3.404623636964569,
  "spacing_tr": 2.4700000286102295,
  "spacing_x": 3.75,
  "spacing_y": 3.75,
  "spacing_z": 4.400000095367432,
  "summary_bg_k": 55.94604186334515,
  "summary_bg_mad": 5.725698051248677,
  "summary_bg_mean": 25.82355499267578,
  "summary_bg_median": 9.205020904541016,
  "summary_bg_n": 80356.0,
  "summary_bg_p05": 4.661087512969971,
  "summary_bg_p95": 107.86401176452637,
  "summary_bg_stdv": 55.25972366333008,
  "summary_fg_k": 1.327071938383475,
  "summary_fg_mad": 164.22765047379494,
  "summary_fg_mean": 656.6608276367188,
  "summary_fg_median": 632.4393310546875,
  "summary_fg_n": 15814.0,
  "summary_fg_p05": 392.2884750366211,
  "summary_fg_p95": 1000.5355651855466,
  "summary_fg_stdv": 185.75308227539062,
  "tsnr": 72.39514354197308
}