{
  "aor": 0.0039418410041841,
  "aqi": 0.004054856066945607,
  "bids_meta": {
    "BodyPartExamined": "HEAD",
    "ECHO": "3",
    "EchoTime": 0.044,
    "FlipAngle": 78.0,
    "MagneticFieldStrength": 3,
    "Manufacturer": "Siemens",
    "ManufacturersModelName": "Trio",
    "Modality": "MR",
    "ParallelReductionFactorInPlane": 3,
    "PixelBandwidth": 1698.0,
    "PixelSpacing": [
      3.75,
      4.4
    ],
    "ReceiveCoilName": "32Ch_Head_3T",
    "RepetitionTime": 2.47,
    "SliceThickness": 4.4,
    "SliceTiming": [
      1.235,
      0.0,
      1.31733333333,
      0.0823333333333,
      1.39966666667,
      0.164666666667,
      1.482,
      0.247,
      1.56433333333,
      0.329333333333,
      1.64666666667,
      0.411666666667,
      1.729,
      0.494,
      1.81133333333,
      0.576333333333,
      1.89366666667,
      0.658666666667,
      1.976,
      0.741,
      2.05833333333,
      0.823333333333,
      2.14066666667,
      0.905666666667,
      2.223,
      0.988,
      2.30533333333,
      1.07033333333,
      2.38766666667,
      1.15266666667
    ],
    "SpacingBetweenSlices": 4.840000000000001,
    "TaskName": "rest",
    "dataset": "ds000258",
    "modality": "bold",
    "subject_id": "21371",
    "task_id": "rest"
  },
  "dummy_trs": 0,
  "dvars_nstd": 28.503994677310917,
  "dvars_std": 1.1878251298319336,
  "dvars_vstd": 1.0280304650840337,
  "efc": 0.41513100960617705,
  "fber": 1568.178466796875,
  "fd_mean": 0.12223504289124534,
  "fd_num": 26,
  "fd_perc": 10.878661087866108,
  "fwhm_avg": 2.916361493793513,
  "fwhm_x": 2.9088533333333335,
  "fwhm_y": 2.8840266666666663,
  "fwhm_z": 2.956204481380539,
  "gcor": 0.0364789,
  "gsr_x": -0.007300128694623709,
  "gsr_y": 0.028638390824198723,
  "provenance": {
    "md5sum": "f9a4767237f41b21adcf6295e3d777f1",
    "settings": {
      "fd_thres": 0.2,
      "testing": false
    },
    "software": "mriqc",
    "version": "22.0.0rc1",
    "webapi_port": null,
    "webapi_url": "https://mriqc.nimh.nih.gov/api/v1"
  },
  "size_t": 239,
  "size_x": 64,
  "size_y": 64,
  "size_z": 30,
  "snr": 1.647472559624197,
  "spacing_tr": 2.4700000286102295,
  "spacing_x": 3.75,
  "spacing_y": 3.75,
  "spacing_z": 4.400000095367432,
  "summary_bg_k": 55.819764534133995,
  "summary_bg_mad": 7.561891176756302,
  "summary_bg_mean": 24.35659408569336,
  "summary_bg_median": 14.046024322509766,
  "summary_bg_n": 78387.0,
  "summary_bg_p05": 6.845188140869141,
  "summary_bg_p95": 70.67405853271481,
  "summary_bg_stdv": 37.0416259765625,
  "summary_fg_k": 3.9798739644339074,
  "summary_fg_mad": 259.7221326653358,
  "summary_fg_mean": 668.2672729492188,
  "summary_fg_median": 573.445556640625,
  "summary_fg_n": 16956.0,
  "summary_fg_p05": 297.9048156738281,
  "summary_fg_p95": 1360.3974609375,
  "summary_fg_stdv": 348.065673828125,
  "tsnr": 46.739156590774655
}