{
  "aor": 0.0013239748953974896,
  "aqi": 0.001084539560669456,
  "bids_meta": {
    "BodyPartExamined": "HEAD",
    "ECHO": "2",
    "EchoTime": 0.028,
    "FlipAngle": 78.0,
    "MagneticFieldStrength": 3,
    "Manufacturer": "Siemens",
    "ManufacturersModelName": "Trio",
    "Modality": "MR",
    "ParallelReductionFactorInPlane": 3,
    "PixelBandwidth": 1698.0,
    "PixelSpacing": [
      3.75,
      4.4
    ],
    "ReceiveCoilName": "32Ch_Head_3T",
    "RepetitionTime": 2.47,
    "SliceThickness": 4.4,
    "SliceTiming": [
      1.235,
      0.0,
      1.31733333333,
      0.0823333333333,
      1.39966666667,
      0.164666666667,
      1.482,
      0.247,
      1.56433333333,
      0.329333333333,
      1.64666666667,
      0.411666666667,
      1.729,
      0.494,
      1.81133333333,
      0.576333333333,
      1.89366666667,
      0.658666666667,
      1.976,
      0.741,
      2.05833333333,
      0.823333333333,
      2.14066666667,
      0.905666666667,
      2.223,
      0.988,
      2.30533333333,
      1.07033333333,
      2.38766666667,
      1.15266666667
    ],
    "SpacingBetweenSlices": 4.840000000000001,
    "TaskName": "rest",
    "dataset": "ds000258",
    "modality": "bold",
    "subject_id": "21036",
    "task_id": "rest"
  },
  "dummy_trs": 0,
  "dvars_nstd": 15.038709712521007,
  "dvars_std": 1.1229837696638658,
  "dvars_vstd": 1.0094778185714277,
  "efc": 0.45847046100630734,
  "fber": 2752.048095703125,
  "fd_mean": 0.06431196895854119,
  "fd_num": 6,
  "fd_perc": 2.510460251046025,
  "fwhm_avg": 3.1293838148106126,
  "fwhm_x": 3.0785600000000004,
  "fwhm_y": 3.0467733333333333,
  "fwhm_z": 3.262818111098504,
  "gcor": 0.0516594,
  "gsr_x": -0.022654836997389793,
  "gsr_y": 0.04881247505545616,
  "provenance": {
    "md5sum": "74a8c2e01cd70915f6bbadeda1bd8888",
    "settings": {
      "fd_thres": 0.2,
      "testing": false
    },
    "software": "mriqc",
    "version": "22.0.0rc1",
    "webapi_port": null,
    "webapi_url": "https://mriqc.nimh.nih.gov/api/v1"
  },
  "size_t": 239,
  "size_x": 64,
  "size_y": 64,
  "size_z": 30,
  "snr": 2.025594328525595,
  "spacing_tr": 2.4700000286102295,
  "spacing_x": 3.75,
  "spacing_y": 3.75,
  "spacing_z": 4.400000095367432,
  "summary_bg_k": 49.09831695318255,
  "summary_bg_mad": 7.630128353334155,
  "summary_bg_mean": 29.74303436279297,
  "summary_bg_median": 12.146443367004395,
  "summary_bg_n": 74444.0,
  "summary_bg_p05": 5.81589937210083,
  "summary_bg_p95": 114.85355377197266,
  "summary_bg_stdv": 57.000816345214844,
  "summary_fg_k": 5.548144253604123,
  "summary_fg_mad": 229.043424265069,
  "summary_fg_mean": 726.6388549804688,
  "summary_fg_median": 652.7949829101562,
  "summary_fg_n": 20648.0,
  "summary_fg_p05": 387.02111358642577,
  "summary_fg_p95": 1368.6041748046864,
  "summary_fg_stdv": 322.2655029296875,
  "tsnr": 96.77085414528847
}