{
  "aor": 0.0014090794979079498,
  "aqi": 0.0009600656443514644,
  "bids_meta": {
    "BodyPartExamined": "HEAD",
    "ECHO": "1",
    "EchoTime": 0.012,
    "FlipAngle": 78.0,
    "MagneticFieldStrength": 3,
    "Manufacturer": "Siemens",
    "ManufacturersModelName": "Trio",
    "Modality": "MR",
    "ParallelReductionFactorInPlane": 3,
    "PixelBandwidth": 1698.0,
    "PixelSpacing": [
      3.75,
      4.4
    ],
    "ReceiveCoilName": "32Ch_Head_3T",
    "RepetitionTime": 2.47,
    "SliceThickness": 4.4,
    "SliceTiming": [
      1.235,
      0.0,
      1.31733333333,
      0.0823333333333,
      1.39966666667,
      0.164666666667,
      1.482,
      0.247,
      1.56433333333,
      0.329333333333,
      1.64666666667,
      0.411666666667,
      1.729,
      0.494,
      1.81133333333,
      0.576333333333,
      1.89366666667,
      0.658666666667,
      1.976,
      0.741,
      2.05833333333,
      0.823333333333,
      2.14066666667,
      0.905666666667,
      2.223,
      0.988,
      2.30533333333,
      1.07033333333,
      2.38766666667,
      1.15266666667
    ],
    "SpacingBetweenSlices": 4.840000000000001,
    "TaskName": "rest",
    "dataset": "ds000258",
    "modality": "bold",
    "subject_id": "21036",
    "task_id": "rest"
  },
  "dummy_trs": 0,
  "dvars_nstd": 13.372875229369749,
  "dvars_std": 1.223104822815126,
  "dvars_vstd": 1.0060299841176474,
  "efc": 0.507558279514076,
  "fber": 2961.9580078125,
  "fd_mean": 0.06196941902677878,
  "fd_num": 6,
  "fd_perc": 2.510460251046025,
  "fwhm_avg": 3.207370984576594,
  "fwhm_x": 3.03432,
  "fwhm_y": 3.0549066666666667,
  "fwhm_z": 3.532886287063116,
  "gcor": 0.0554813,
  "gsr_x": -0.0420287624001503,
  "gsr_y": 0.11673576384782791,
  "provenance": {
    "md5sum": "99b9d6aa8e101bc27ca7c398c5f2595f",
    "settings": {
      "fd_thres": 0.2,
      "testing": false
    },
    "software": "mriqc",
    "version": "22.0.0rc1",
    "webapi_port": null,
    "webapi_url": "https://mriqc.nimh.nih.gov/api/v1"
  },
  "size_t": 239,
  "size_x": 64,
  "size_y": 64,
  "size_z": 30,
  "snr": 2.124250064961004,
  "spacing_tr": 2.4700000286102295,
  "spacing_x": 3.75,
  "spacing_y": 3.75,
  "spacing_z": 4.400000095367432,
  "summary_bg_k": 19.50502673560378,
  "summary_bg_mad": 11.966274945679741,
  "summary_bg_mean": 70.01726531982422,
  "summary_bg_median": 15.794979095458984,
  "summary_bg_n": 71385.0,
  "summary_bg_p05": 6.096234321594238,
  "summary_bg_p95": 411.80584716796886,
  "summary_bg_stdv": 152.3778533935547,
  "summary_fg_k": 5.555171501522299,
  "summary_fg_mad": 293.49940640468424,
  "summary_fg_mean": 982.3194580078125,
  "summary_fg_median": 888.2970581054688,
  "summary_fg_n": 22881.0,
  "summary_fg_p05": 539.7070922851562,
  "summary_fg_p95": 1829.4434814453125,
  "summary_fg_stdv": 418.16058349609375,
  "tsnr": 132.24138719122857
}