{
  "aor": 0.0013060669456066946,
  "aqi": 0.004848518284518827,
  "bids_meta": {
    "BodyPartExamined": "HEAD",
    "ECHO": "2",
    "EchoTime": 0.028,
    "FlipAngle": 78.0,
    "MagneticFieldStrength": 3,
    "Manufacturer": "Siemens",
    "ManufacturersModelName": "Trio",
    "Modality": "MR",
    "ParallelReductionFactorInPlane": 3,
    "PixelBandwidth": 1698.0,
    "PixelSpacing": [
      3.75,
      4.4
    ],
    "ReceiveCoilName": "32Ch_Head_3T",
    "RepetitionTime": 2.47,
    "SliceThickness": 4.4,
    "SliceTiming": [
      1.235,
      0.0,
      1.31733333333,
      0.0823333333333,
      1.39966666667,
      0.164666666667,
      1.482,
      0.247,
      1.56433333333,
      0.329333333333,
      1.64666666667,
      0.411666666667,
      1.729,
      0.494,
      1.81133333333,
      0.576333333333,
      1.89366666667,
      0.658666666667,
      1.976,
      0.741,
      2.05833333333,
      0.823333333333,
      2.14066666667,
      0.905666666667,
      2.223,
      0.988,
      2.30533333333,
      1.07033333333,
      2.38766666667,
      1.15266666667
    ],
    "SpacingBetweenSlices": 4.840000000000001,
    "TaskName": "rest",
    "dataset": "ds000258",
    "modality": "bold",
    "subject_id": "21452",
    "task_id": "rest"
  },
  "dummy_trs": 0,
  "dvars_nstd": 18.216063895924375,
  "dvars_std": 1.0612127479411764,
  "dvars_vstd": 0.9112365876470584,
  "efc": 0.43618451408454617,
  "fber": 4377.54736328125,
  "fd_mean": 0.08201189016802132,
  "fd_num": 6,
  "fd_perc": 2.510460251046025,
  "fwhm_avg": 2.8949398785734197,
  "fwhm_x": 2.859573333333333,
  "fwhm_y": 2.9993600000000002,
  "fwhm_z": 2.8258863023869276,
  "gcor": 0.0206091,
  "gsr_x": -0.0049727801233530045,
  "gsr_y": 0.023207422345876694,
  "provenance": {
    "md5sum": "0c6b53111b983ebd0ed72092502a3c07",
    "settings": {
      "fd_thres": 0.2,
      "testing": false
    },
    "software": "mriqc",
    "version": "22.0.0rc1",
    "webapi_port": null,
    "webapi_url": "https://mriqc.nimh.nih.gov/api/v1"
  },
  "size_t": 239,
  "size_x": 64,
  "size_y": 64,
  "size_z": 30,
  "snr": 2.623240405049968,
  "spacing_tr": 2.4700000286102295,
  "spacing_x": 3.75,
  "spacing_y": 3.75,
  "spacing_z": 4.400000095367432,
  "summary_bg_k": 56.2469137656539,
  "summary_bg_mad": 6.259186904959601,
  "summary_bg_mean": 25.442527770996094,
  "summary_bg_median": 10.121338844299316,
  "summary_bg_n": 78181.0,
  "summary_bg_p05": 5.012552261352539,
  "summary_bg_p95": 98.94979095458984,
  "summary_bg_stdv": 54.18894958496094,
  "summary_fg_k": 2.4371869599130873,
  "summary_fg_mad": 222.33449991641538,
  "summary_fg_mean": 711.0907592773438,
  "summary_fg_median": 666.8430786132812,
  "summary_fg_n": 17532.0,
  "summary_fg_p05": 398.1989547729492,
  "summary_fg_p95": 1206.5108459472658,
  "summary_fg_stdv": 254.1986083984375,
  "tsnr": 54.71646840625908
}