{
  "aor": 0.0014877824267782427,
  "aqi": 0.011195082928870293,
  "bids_meta": {
    "BodyPartExamined": "HEAD",
    "ECHO": "4",
    "EchoTime": 0.06,
    "FlipAngle": 78.0,
    "MagneticFieldStrength": 3,
    "Manufacturer": "Siemens",
    "ManufacturersModelName": "Trio",
    "Modality": "MR",
    "ParallelReductionFactorInPlane": 3,
    "PixelBandwidth": 1698.0,
    "PixelSpacing": [
      3.75,
      4.4
    ],
    "ReceiveCoilName": "32Ch_Head_3T",
    "RepetitionTime": 2.47,
    "SliceThickness": 4.4,
    "SliceTiming": [
      1.235,
      0.0,
      1.31733333333,
      0.0823333333333,
      1.39966666667,
      0.164666666667,
      1.482,
      0.247,
      1.56433333333,
      0.329333333333,
      1.64666666667,
      0.411666666667,
      1.729,
      0.494,
      1.81133333333,
      0.576333333333,
      1.89366666667,
      0.658666666667,
      1.976,
      0.741,
      2.05833333333,
      0.823333333333,
      2.14066666667,
      0.905666666667,
      2.223,
      0.988,
      2.30533333333,
      1.07033333333,
      2.38766666667,
      1.15266666667
    ],
    "SpacingBetweenSlices": 4.840000000000001,
    "TaskName": "rest",
    "dataset": "ds000258",
    "modality": "bold",
    "subject_id": "20907",
    "task_id": "rest"
  },
  "dummy_trs": 0,
  "dvars_nstd": 27.546322101218482,
  "dvars_std": 1.0076630784033613,
  "dvars_vstd": 0.9261478405462187,
  "efc": 0.36877848529766666,
  "fber": 2621.608154296875,
  "fd_mean": 0.08980078733587608,
  "fd_num": 19,
  "fd_perc": 7.949790794979079,
  "fwhm_avg": 1.903437933399137,
  "fwhm_x": 1.8857493333333333,
  "fwhm_y": 1.9348506666666667,
  "fwhm_z": 1.8897138001974108,
  "gcor": 0.0191277,
  "gsr_x": -0.010015004314482212,
  "gsr_y": 0.01253819651901722,
  "provenance": {
    "md5sum": "451e20ee2638ac4c259235eec3884d94",
    "settings": {
      "fd_thres": 0.2,
      "testing": false
    },
    "software": "mriqc",
    "version": "22.0.0rc1",
    "webapi_port": null,
    "webapi_url": "https://mriqc.nimh.nih.gov/api/v1"
  },
  "size_t": 239,
  "size_x": 64,
  "size_y": 64,
  "size_z": 30,
  "snr": 2.867787221265603,
  "spacing_tr": 2.4700000286102295,
  "spacing_x": 3.75,
  "spacing_y": 3.75,
  "spacing_z": 4.399999618530273,
  "summary_bg_k": 128.8574747152041,
  "summary_bg_mad": 3.114084521239496,
  "summary_bg_mean": 10.619841575622559,
  "summary_bg_median": 7.179915904998779,
  "summary_bg_n": 87555.0,
  "summary_bg_p05": 4.301255226135254,
  "summary_bg_p95": 28.13807487487793,
  "summary_bg_stdv": 12.965747833251953,
  "summary_fg_k": 3.6618864407806724,
  "summary_fg_mad": 101.12403158521802,
  "summary_fg_mean": 400.2554016113281,
  "summary_fg_median": 374.0962219238281,
  "summary_fg_n": 10378.0,
  "summary_fg_p05": 240.70626678466797,
  "summary_fg_p95": 647.6740295410156,
  "summary_fg_stdv": 130.44140625,
  "tsnr": 37.99754093773663
}