{
  "aor": 0.0016898744769874479,
  "aqi": 0.0029889540585774058,
  "bids_meta": {
    "BodyPartExamined": "HEAD",
    "ECHO": "1",
    "EchoTime": 0.012,
    "FlipAngle": 78.0,
    "MagneticFieldStrength": 3,
    "Manufacturer": "Siemens",
    "ManufacturersModelName": "Trio",
    "Modality": "MR",
    "ParallelReductionFactorInPlane": 3,
    "PixelBandwidth": 1698.0,
    "PixelSpacing": [
      3.75,
      4.4
    ],
    "ReceiveCoilName": "32Ch_Head_3T",
    "RepetitionTime": 2.47,
    "SliceThickness": 4.4,
    "SliceTiming": [
      1.235,
      0.0,
      1.31733333333,
      0.0823333333333,
      1.39966666667,
      0.164666666667,
      1.482,
      0.247,
      1.56433333333,
      0.329333333333,
      1.64666666667,
      0.411666666667,
      1.729,
      0.494,
      1.81133333333,
      0.576333333333,
      1.89366666667,
      0.658666666667,
      1.976,
      0.741,
      2.05833333333,
      0.823333333333,
      2.14066666667,
      0.905666666667,
      2.223,
      0.988,
      2.30533333333,
      1.07033333333,
      2.38766666667,
      1.15266666667
    ],
    "SpacingBetweenSlices": 4.840000000000001,
    "TaskName": "rest",
    "dataset": "ds000258",
    "modality": "bold",
    "subject_id": "20907",
    "task_id": "rest"
  },
  "dummy_trs": 0,
  "dvars_nstd": 14.372511535210084,
  "dvars_std": 1.1124438555042016,
  "dvars_vstd": 0.9230843485294111,
  "efc": 0.44164535586169,
  "fber": 6762.07373046875,
  "fd_mean": 0.0782911888360533,
  "fd_num": 18,
  "fd_perc": 7.531380753138075,
  "fwhm_avg": 2.4522104379408667,
  "fwhm_x": 2.374536,
  "fwhm_y": 2.410936,
  "fwhm_z": 2.5711593138226,
  "gcor": 0.0402154,
  "gsr_x": -0.018533775582909584,
  "gsr_y": 0.03935863450169563,
  "provenance": {
    "md5sum": "3dbbbe28738aaca1fdf0d30f351d45e6",
    "settings": {
      "fd_thres": 0.2,
      "testing": false
    },
    "software": "mriqc",
    "version": "22.0.0rc1",
    "webapi_port": null,
    "webapi_url": "https://mriqc.nimh.nih.gov/api/v1"
  },
  "size_t": 239,
  "size_x": 64,
  "size_y": 64,
  "size_z": 30,
  "snr": 4.19425834683534,
  "spacing_tr": 2.4700000286102295,
  "spacing_x": 3.75,
  "spacing_y": 3.75,
  "spacing_z": 4.399999618530273,
  "summary_bg_k": 20.754297932554323,
  "summary_bg_mad": 7.772806278985983,
  "summary_bg_mean": 48.5439338684082,
  "summary_bg_median": 10.397489547729492,
  "summary_bg_n": 82672.0,
  "summary_bg_p05": 4.5062761306762695,
  "summary_bg_p95": 296.702716064453,
  "summary_bg_stdv": 114.44657135009766,
  "summary_fg_k": 1.467054738276926,
  "summary_fg_mad": 184.23658179984324,
  "summary_fg_mean": 903.14892578125,
  "summary_fg_median": 867.6966552734375,
  "summary_fg_n": 14070.0,
  "summary_fg_p05": 630.7043853759766,
  "summary_fg_p95": 1293.8437133789062,
  "summary_fg_stdv": 206.86990356445312,
  "tsnr": 87.6266963314265
}