{
  "aor": 0.001632594142259414,
  "aqi": 0.0048450957740585774,
  "bids_meta": {
    "BodyPartExamined": "HEAD",
    "ECHO": "4",
    "EchoTime": 0.06,
    "FlipAngle": 78.0,
    "MagneticFieldStrength": 3,
    "Manufacturer": "Siemens",
    "ManufacturersModelName": "Trio",
    "Modality": "MR",
    "ParallelReductionFactorInPlane": 3,
    "PixelBandwidth": 1698.0,
    "PixelSpacing": [
      3.75,
      4.399998
    ],
    "ReceiveCoilName": "32Ch_Head_3T",
    "RepetitionTime": 2.47,
    "SliceThickness": 4.399998,
    "SliceTiming": [
      1.235,
      0.0,
      1.31733333333,
      0.0823333333333,
      1.39966666667,
      0.164666666667,
      1.482,
      0.247,
      1.56433333333,
      0.329333333333,
      1.64666666667,
      0.411666666667,
      1.729,
      0.494,
      1.81133333333,
      0.576333333333,
      1.89366666667,
      0.658666666667,
      1.976,
      0.741,
      2.05833333333,
      0.823333333333,
      2.14066666667,
      0.905666666667,
      2.223,
      0.988,
      2.30533333333,
      1.07033333333,
      2.38766666667,
      1.15266666667
    ],
    "SpacingBetweenSlices": 4.8399978,
    "TaskName": "rest",
    "dataset": "ds000258",
    "modality": "bold",
    "subject_id": "20503",
    "task_id": "rest"
  },
  "dummy_trs": 0,
  "dvars_nstd": 37.399242617310904,
  "dvars_std": 1.2095528473109247,
  "dvars_vstd": 1.0004842100420168,
  "efc": 0.41156113123657256,
  "fber": 1159.04345703125,
  "fd_mean": 0.10418456907469639,
  "fd_num": 19,
  "fd_perc": 7.949790794979079,
  "fwhm_avg": 2.4739642066436587,
  "fwhm_x": 2.499912,
  "fwhm_y": 2.4795253333333336,
  "fwhm_z": 2.4424552865976423,
  "gcor": 0.0250944,
  "gsr_x": -0.02098996751010418,
  "gsr_y": 0.03246842697262764,
  "provenance": {
    "md5sum": "a13ff86edff355cca18edfe839bf73c1",
    "settings": {
      "fd_thres": 0.2,
      "testing": false
    },
    "software": "mriqc",
    "version": "22.0.0rc1",
    "webapi_port": null,
    "webapi_url": "https://mriqc.nimh.nih.gov/api/v1"
  },
  "size_t": 239,
  "size_x": 64,
  "size_y": 64,
  "size_z": 30,
  "snr": 1.6215127510058422,
  "spacing_tr": 2.4700000286102295,
  "spacing_x": 3.75,
  "spacing_y": 3.75,
  "spacing_z": 4.399998664855957,
  "summary_bg_k": 79.25819578806163,
  "summary_bg_mad": 6.798878624206818,
  "summary_bg_mean": 17.594884872436523,
  "summary_bg_median": 11.920501708984375,
  "summary_bg_n": 80000.0,
  "summary_bg_p05": 5.7740583419799805,
  "summary_bg_p95": 45.41066932678226,
  "summary_bg_stdv": 20.843088150024414,
  "summary_fg_k": 10.800612760365418,
  "summary_fg_mad": 165.15196934348035,
  "summary_fg_mean": 472.8509216308594,
  "summary_fg_median": 405.73638916015625,
  "summary_fg_n": 15521.0,
  "summary_fg_p05": 223.40585327148438,
  "summary_fg_p95": 953.2593994140625,
  "summary_fg_stdv": 250.2128448486328,
  "tsnr": 44.210801030974835
}