{
  "aor": 0.0014739330543933056,
  "aqi": 0.0026983940167364016,
  "bids_meta": {
    "BodyPartExamined": "HEAD",
    "ECHO": "2",
    "EchoTime": 0.028,
    "FlipAngle": 78.0,
    "MagneticFieldStrength": 3,
    "Manufacturer": "Siemens",
    "ManufacturersModelName": "Trio",
    "Modality": "MR",
    "ParallelReductionFactorInPlane": 3,
    "PixelBandwidth": 1698.0,
    "PixelSpacing": [
      3.75,
      4.399998
    ],
    "ReceiveCoilName": "32Ch_Head_3T",
    "RepetitionTime": 2.47,
    "SliceThickness": 4.399998,
    "SliceTiming": [
      1.235,
      0.0,
      1.31733333333,
      0.0823333333333,
      1.39966666667,
      0.164666666667,
      1.482,
      0.247,
      1.56433333333,
      0.329333333333,
      1.64666666667,
      0.411666666667,
      1.729,
      0.494,
      1.81133333333,
      0.576333333333,
      1.89366666667,
      0.658666666667,
      1.976,
      0.741,
      2.05833333333,
      0.823333333333,
      2.14066666667,
      0.905666666667,
      2.223,
      0.988,
      2.30533333333,
      1.07033333333,
      2.38766666667,
      1.15266666667
    ],
    "SpacingBetweenSlices": 4.8399978,
    "TaskName": "rest",
    "dataset": "ds000258",
    "modality": "bold",
    "subject_id": "20503",
    "task_id": "rest"
  },
  "dummy_trs": 0,
  "dvars_nstd": 23.32392817172269,
  "dvars_std": 1.234758141974789,
  "dvars_vstd": 0.9981004431512607,
  "efc": 0.43909266223662446,
  "fber": 2547.642333984375,
  "fd_mean": 0.10402116896231337,
  "fd_num": 17,
  "fd_perc": 7.112970711297071,
  "fwhm_avg": 3.22903043478242,
  "fwhm_x": 3.2061866666666665,
  "fwhm_y": 3.1810400000000003,
  "fwhm_z": 3.299864637680594,
  "gcor": 0.0294838,
  "gsr_x": -0.020199449732899666,
  "gsr_y": 0.0439598448574543,
  "provenance": {
    "md5sum": "10338e226d25673c94171b49227eea17",
    "settings": {
      "fd_thres": 0.2,
      "testing": false
    },
    "software": "mriqc",
    "version": "22.0.0rc1",
    "webapi_port": null,
    "webapi_url": "https://mriqc.nimh.nih.gov/api/v1"
  },
  "size_t": 239,
  "size_x": 64,
  "size_y": 64,
  "size_z": 30,
  "snr": 1.9424570546904043,
  "spacing_tr": 2.4700000286102295,
  "spacing_x": 3.75,
  "spacing_y": 3.75,
  "spacing_z": 4.399998664855957,
  "summary_bg_k": 39.95950370509174,
  "summary_bg_mad": 10.037031060569605,
  "summary_bg_mean": 34.42074203491211,
  "summary_bg_median": 14.238492965698242,
  "summary_bg_n": 77156.0,
  "summary_bg_p05": 5.861924648284912,
  "summary_bg_p95": 141.4539680480957,
  "summary_bg_stdv": 65.44438934326172,
  "summary_fg_k": 5.198063905291205,
  "summary_fg_mad": 261.27923148274186,
  "summary_fg_mean": 808.898193359375,
  "summary_fg_median": 712.3472900390625,
  "summary_fg_n": 18649.0,
  "summary_fg_p05": 424.6560546875,
  "summary_fg_p95": 1549.1129394531235,
  "summary_fg_stdv": 366.71502685546875,
  "tsnr": 74.4947624206543
}