{
  "aor": 0.002717824267782427,
  "aqi": 0.0022331888493723846,
  "bids_meta": {
    "BodyPartExamined": "HEAD",
    "ECHO": "1",
    "EchoTime": 0.012,
    "FlipAngle": 78.0,
    "MagneticFieldStrength": 3,
    "Manufacturer": "Siemens",
    "ManufacturersModelName": "Trio",
    "Modality": "MR",
    "ParallelReductionFactorInPlane": 3,
    "PixelBandwidth": 1698.0,
    "PixelSpacing": [
      3.75,
      4.4
    ],
    "ReceiveCoilName": "32Ch_Head_3T",
    "RepetitionTime": 2.47,
    "SliceThickness": 4.4,
    "SliceTiming": [
      1.235,
      0.0,
      1.31733333333,
      0.0823333333333,
      1.39966666667,
      0.164666666667,
      1.482,
      0.247,
      1.56433333333,
      0.329333333333,
      1.64666666667,
      0.411666666667,
      1.729,
      0.494,
      1.81133333333,
      0.576333333333,
      1.89366666667,
      0.658666666667,
      1.976,
      0.741,
      2.05833333333,
      0.823333333333,
      2.14066666667,
      0.905666666667,
      2.223,
      0.988,
      2.30533333333,
      1.07033333333,
      2.38766666667,
      1.15266666667
    ],
    "SpacingBetweenSlices": 4.840000000000001,
    "TaskName": "rest",
    "dataset": "ds000258",
    "modality": "bold",
    "subject_id": "21318",
    "task_id": "rest"
  },
  "dummy_trs": 0,
  "dvars_nstd": 16.196587839033615,
  "dvars_std": 1.1933456844957986,
  "dvars_vstd": 1.0064708083193272,
  "efc": 0.49081019645055024,
  "fber": 2759.982177734375,
  "fd_mean": 0.09495815638868094,
  "fd_num": 18,
  "fd_perc": 7.531380753138075,
  "fwhm_avg": 3.1276599751575076,
  "fwhm_x": 2.66824,
  "fwhm_y": 3.27624,
  "fwhm_z": 3.4384999254725215,
  "gcor": 0.0207972,
  "gsr_x": -0.04091517627239227,
  "gsr_y": 0.08719013631343842,
  "provenance": {
    "md5sum": "c8862df2fdeb2adfe764d99c3752fa76",
    "settings": {
      "fd_thres": 0.2,
      "testing": false
    },
    "software": "mriqc",
    "version": "22.0.0rc1",
    "webapi_port": null,
    "webapi_url": "https://mriqc.nimh.nih.gov/api/v1"
  },
  "size_t": 239,
  "size_x": 64,
  "size_y": 64,
  "size_z": 30,
  "snr": 2.3740431307598078,
  "spacing_tr": 2.4700000286102295,
  "spacing_x": 3.75,
  "spacing_y": 3.75,
  "spacing_z": 4.400000095367432,
  "summary_bg_k": 24.24380747822043,
  "summary_bg_mad": 14.031991770025927,
  "summary_bg_mean": 83.73792266845703,
  "summary_bg_median": 17.468618392944336,
  "summary_bg_n": 73957.0,
  "summary_bg_p05": 6.364016532897949,
  "summary_bg_p95": 517.4418457031248,
  "summary_bg_stdv": 213.12266540527344,
  "summary_fg_k": 1.7976420718986112,
  "summary_fg_mad": 326.13217439396533,
  "summary_fg_mean": 1044.9615478515625,
  "summary_fg_median": 958.7635498046875,
  "summary_fg_n": 19704.0,
  "summary_fg_p05": 570.1625549316407,
  "summary_fg_p95": 1862.9972351074198,
  "summary_fg_stdv": 403.8423767089844,
  "tsnr": 83.90360771911219
}