{
  "aor": 0.0015688702928870295,
  "aqi": 0.004928645188284519,
  "bids_meta": {
    "BodyPartExamined": "HEAD",
    "ECHO": "3",
    "EchoTime": 0.044,
    "FlipAngle": 78.0,
    "MagneticFieldStrength": 3,
    "Manufacturer": "Siemens",
    "ManufacturersModelName": "Trio",
    "Modality": "MR",
    "ParallelReductionFactorInPlane": 3,
    "PixelBandwidth": 1698.0,
    "PixelSpacing": [
      3.75,
      4.4
    ],
    "ReceiveCoilName": "32Ch_Head_3T",
    "RepetitionTime": 2.47,
    "SliceThickness": 4.4,
    "SliceTiming": [
      1.235,
      0.0,
      1.31733333333,
      0.0823333333333,
      1.39966666667,
      0.164666666667,
      1.482,
      0.247,
      1.56433333333,
      0.329333333333,
      1.64666666667,
      0.411666666667,
      1.729,
      0.494,
      1.81133333333,
      0.576333333333,
      1.89366666667,
      0.658666666667,
      1.976,
      0.741,
      2.05833333333,
      0.823333333333,
      2.14066666667,
      0.905666666667,
      2.223,
      0.988,
      2.30533333333,
      1.07033333333,
      2.38766666667,
      1.15266666667
    ],
    "SpacingBetweenSlices": 4.840000000000001,
    "TaskName": "rest",
    "dataset": "ds000258",
    "modality": "bold",
    "subject_id": "20407",
    "task_id": "rest"
  },
  "dummy_trs": 0,
  "dvars_nstd": 23.105675945630257,
  "dvars_std": 1.0361477915966382,
  "dvars_vstd": 0.9725583574369754,
  "efc": 0.41865690931836813,
  "fber": 1851.5343017578125,
  "fd_mean": 0.12874952522889582,
  "fd_num": 40,
  "fd_perc": 16.736401673640167,
  "fwhm_avg": 2.677499825106004,
  "fwhm_x": 2.7252266666666665,
  "fwhm_y": 2.544386504898929,
  "fwhm_z": 2.762886303752416,
  "gcor": 0.0362439,
  "gsr_x": -0.016293346881866455,
  "gsr_y": 0.02078789845108986,
  "provenance": {
    "md5sum": "c7a7b87ed5e96cbc86f5d3dee1db624c",
    "settings": {
      "fd_thres": 0.2,
      "testing": false
    },
    "software": "mriqc",
    "version": "22.0.0rc1",
    "webapi_port": null,
    "webapi_url": "https://mriqc.nimh.nih.gov/api/v1"
  },
  "size_t": 239,
  "size_x": 64,
  "size_y": 64,
  "size_z": 30,
  "snr": 2.362391978833981,
  "spacing_tr": 2.4700000286102295,
  "spacing_x": 3.75,
  "spacing_y": 3.750000238418579,
  "spacing_z": 4.400000095367432,
  "summary_bg_k": 55.951818993122934,
  "summary_bg_mad": 6.203356166414163,
  "summary_bg_mean": 21.727405548095703,
  "summary_bg_median": 12.004183769226074,
  "summary_bg_n": 82274.0,
  "summary_bg_p05": 6.28033447265625,
  "summary_bg_p95": 65.91652488708485,
  "summary_bg_stdv": 34.13838577270508,
  "summary_fg_k": 3.5599380854745553,
  "summary_fg_mad": 162.4069291641366,
  "summary_fg_mean": 580.2659301757812,
  "summary_fg_median": 526.2050170898438,
  "summary_fg_n": 14416.0,
  "summary_fg_p05": 329.99998474121094,
  "summary_fg_p95": 1025.915283203125,
  "summary_fg_stdv": 222.7347412109375,
  "tsnr": 49.1432113989722
}