{
  "aor": 0.0008802510460251049,
  "aqi": 0.006252979874476987,
  "bids_meta": {
    "BodyPartExamined": "HEAD",
    "ECHO": "2",
    "EchoTime": 0.028,
    "FlipAngle": 78.0,
    "MagneticFieldStrength": 3,
    "Manufacturer": "Siemens",
    "ManufacturersModelName": "Trio",
    "Modality": "MR",
    "ParallelReductionFactorInPlane": 3,
    "PixelBandwidth": 1698.0,
    "PixelSpacing": [
      3.75,
      4.4
    ],
    "ReceiveCoilName": "32Ch_Head_3T",
    "RepetitionTime": 2.47,
    "SliceThickness": 4.4,
    "SliceTiming": [
      1.235,
      0.0,
      1.31733333333,
      0.0823333333333,
      1.39966666667,
      0.164666666667,
      1.482,
      0.247,
      1.56433333333,
      0.329333333333,
      1.64666666667,
      0.411666666667,
      1.729,
      0.494,
      1.81133333333,
      0.576333333333,
      1.89366666667,
      0.658666666667,
      1.976,
      0.741,
      2.05833333333,
      0.823333333333,
      2.14066666667,
      0.905666666667,
      2.223,
      0.988,
      2.30533333333,
      1.07033333333,
      2.38766666667,
      1.15266666667
    ],
    "SpacingBetweenSlices": 4.840000000000001,
    "TaskName": "rest",
    "dataset": "ds000258",
    "modality": "bold",
    "subject_id": "21270",
    "task_id": "rest"
  },
  "dummy_trs": 0,
  "dvars_nstd": 26.000084780924368,
  "dvars_std": 1.171421123277311,
  "dvars_vstd": 0.9749658003361341,
  "efc": 0.44148346685791423,
  "fber": 2141.0126953125,
  "fd_mean": 0.1826547874605049,
  "fd_num": 81,
  "fd_perc": 33.89121338912134,
  "fwhm_avg": 3.0267013918088845,
  "fwhm_x": 3.060106666666667,
  "fwhm_y": 2.9289066666666668,
  "fwhm_z": 3.0910908420933194,
  "gcor": 0.0489809,
  "gsr_x": -0.031894102692604065,
  "gsr_y": 0.05115128308534622,
  "provenance": {
    "md5sum": "303791360e574f8ab623d909f09bf0b2",
    "settings": {
      "fd_thres": 0.2,
      "testing": false
    },
    "software": "mriqc",
    "version": "22.0.0rc1",
    "webapi_port": null,
    "webapi_url": "https://mriqc.nimh.nih.gov/api/v1"
  },
  "size_t": 239,
  "size_x": 64,
  "size_y": 64,
  "size_z": 30,
  "snr": 2.080643989067791,
  "spacing_tr": 2.4700000286102295,
  "spacing_x": 3.75,
  "spacing_y": 3.75,
  "spacing_z": 4.400000095367432,
  "summary_bg_k": 51.38716428544723,
  "summary_bg_mad": 8.746731812885661,
  "summary_bg_mean": 38.68785858154297,
  "summary_bg_median": 13.527195930480957,
  "summary_bg_n": 80165.0,
  "summary_bg_p05": 6.326359748840332,
  "summary_bg_p95": 158.19832458496097,
  "summary_bg_stdv": 74.5764389038086,
  "summary_fg_k": 4.561564015079215,
  "summary_fg_mad": 210.66907455364327,
  "summary_fg_mean": 710.3750610351562,
  "summary_fg_median": 634.0208740234375,
  "summary_fg_n": 15860.0,
  "summary_fg_p05": 386.44915466308595,
  "summary_fg_p95": 1337.7587463378902,
  "summary_fg_stdv": 304.7137756347656,
  "tsnr": 55.04625850310549
}