{
  "aor": 0.010343012552301254,
  "aqi": 0.006230736778242678,
  "bids_meta": {
    "BodyPartExamined": "HEAD",
    "ECHO": "2",
    "EchoTime": 0.028,
    "FlipAngle": 78.0,
    "MagneticFieldStrength": 3,
    "Manufacturer": "Siemens",
    "ManufacturersModelName": "Trio",
    "Modality": "MR",
    "ParallelReductionFactorInPlane": 3,
    "PixelBandwidth": 1698.0,
    "PixelSpacing": [
      3.75,
      4.4
    ],
    "ReceiveCoilName": "32Ch_Head_3T",
    "RepetitionTime": 2.47,
    "SliceThickness": 4.4,
    "SliceTiming": [
      1.235,
      0.0,
      1.31733333333,
      0.0823333333333,
      1.39966666667,
      0.164666666667,
      1.482,
      0.247,
      1.56433333333,
      0.329333333333,
      1.64666666667,
      0.411666666667,
      1.729,
      0.494,
      1.81133333333,
      0.576333333333,
      1.89366666667,
      0.658666666667,
      1.976,
      0.741,
      2.05833333333,
      0.823333333333,
      2.14066666667,
      0.905666666667,
      2.223,
      0.988,
      2.30533333333,
      1.07033333333,
      2.38766666667,
      1.15266666667
    ],
    "SpacingBetweenSlices": 4.840000000000001,
    "TaskName": "rest",
    "dataset": "ds000258",
    "modality": "bold",
    "subject_id": "21611",
    "task_id": "rest"
  },
  "dummy_trs": 0,
  "dvars_nstd": 21.963261083445374,
  "dvars_std": 1.171695263697479,
  "dvars_vstd": 0.9885748199159665,
  "efc": 0.40281636150893846,
  "fber": 4581.2080078125,
  "fd_mean": 0.13884802960245143,
  "fd_num": 37,
  "fd_perc": 15.481171548117155,
  "fwhm_avg": 2.7833626062068952,
  "fwhm_x": 2.8593333333333333,
  "fwhm_y": 2.7148,
  "fwhm_z": 2.7759544852873526,
  "gcor": 0.0365836,
  "gsr_x": -0.018592925742268562,
  "gsr_y": 0.0348350927233696,
  "provenance": {
    "md5sum": "b4105f28a41ad9ff8d35c66e1755631c",
    "settings": {
      "fd_thres": 0.2,
      "testing": false
    },
    "software": "mriqc",
    "version": "22.0.0rc1",
    "webapi_port": null,
    "webapi_url": "https://mriqc.nimh.nih.gov/api/v1"
  },
  "size_t": 239,
  "size_x": 64,
  "size_y": 64,
  "size_z": 30,
  "snr": 2.5384250044279164,
  "spacing_tr": 2.4700000286102295,
  "spacing_x": 3.75,
  "spacing_y": 3.75,
  "spacing_z": 4.400000095367432,
  "summary_bg_k": 51.475637236736276,
  "summary_bg_mad": 6.0854918237869935,
  "summary_bg_mean": 24.334972381591797,
  "summary_bg_median": 9.99581527709961,
  "summary_bg_n": 82620.0,
  "summary_bg_p05": 4.920502185821533,
  "summary_bg_p95": 92.49497642517098,
  "summary_bg_stdv": 45.16945266723633,
  "summary_fg_k": 4.328160381405689,
  "summary_fg_mad": 201.70837569294778,
  "summary_fg_mean": 744.1744995117188,
  "summary_fg_median": 686.4183959960938,
  "summary_fg_n": 14283.0,
  "summary_fg_p05": 434.65062255859374,
  "summary_fg_p95": 1279.5233764648438,
  "summary_fg_stdv": 270.40167236328125,
  "tsnr": 49.53546761232428
}