{
  "aor": 0.010497405857740585,
  "aqi": 0.009276943138075313,
  "bids_meta": {
    "BodyPartExamined": "HEAD",
    "ECHO": "3",
    "EchoTime": 0.044,
    "FlipAngle": 78.0,
    "MagneticFieldStrength": 3,
    "Manufacturer": "Siemens",
    "ManufacturersModelName": "Trio",
    "Modality": "MR",
    "ParallelReductionFactorInPlane": 3,
    "PixelBandwidth": 1698.0,
    "PixelSpacing": [
      3.75,
      4.4
    ],
    "ReceiveCoilName": "32Ch_Head_3T",
    "RepetitionTime": 2.47,
    "SliceThickness": 4.4,
    "SliceTiming": [
      1.235,
      0.0,
      1.31733333333,
      0.0823333333333,
      1.39966666667,
      0.164666666667,
      1.482,
      0.247,
      1.56433333333,
      0.329333333333,
      1.64666666667,
      0.411666666667,
      1.729,
      0.494,
      1.81133333333,
      0.576333333333,
      1.89366666667,
      0.658666666667,
      1.976,
      0.741,
      2.05833333333,
      0.823333333333,
      2.14066666667,
      0.905666666667,
      2.223,
      0.988,
      2.30533333333,
      1.07033333333,
      2.38766666667,
      1.15266666667
    ],
    "SpacingBetweenSlices": 4.840000000000001,
    "TaskName": "rest",
    "dataset": "ds000258",
    "modality": "bold",
    "subject_id": "21611",
    "task_id": "rest"
  },
  "dummy_trs": 0,
  "dvars_nstd": 27.203257969747888,
  "dvars_std": 1.1372080731512597,
  "dvars_vstd": 0.9840598265126053,
  "efc": 0.3861443793519233,
  "fber": 3078.89404296875,
  "fd_mean": 0.1452395975530942,
  "fd_num": 40,
  "fd_perc": 16.736401673640167,
  "fwhm_avg": 2.491646850923043,
  "fwhm_x": 2.5370506666666666,
  "fwhm_y": 2.479162666666667,
  "fwhm_z": 2.4587272194357954,
  "gcor": 0.0349774,
  "gsr_x": -0.017109759151935577,
  "gsr_y": 0.0290004201233387,
  "provenance": {
    "md5sum": "fe2a7889413011baa7425b70743b5a5c",
    "settings": {
      "fd_thres": 0.2,
      "testing": false
    },
    "software": "mriqc",
    "version": "22.0.0rc1",
    "webapi_port": null,
    "webapi_url": "https://mriqc.nimh.nih.gov/api/v1"
  },
  "size_t": 239,
  "size_x": 64,
  "size_y": 64,
  "size_z": 30,
  "snr": 2.3631007120292646,
  "spacing_tr": 2.4700000286102295,
  "spacing_x": 3.75,
  "spacing_y": 3.75,
  "spacing_z": 4.400000095367432,
  "summary_bg_k": 81.54648124296847,
  "summary_bg_mad": 4.764178248421584,
  "summary_bg_mean": 15.870115280151367,
  "summary_bg_median": 9.184100151062012,
  "summary_bg_n": 84035.0,
  "summary_bg_p05": 4.882844924926758,
  "summary_bg_p95": 46.50167198181156,
  "summary_bg_stdv": 23.270980834960938,
  "summary_fg_k": 5.011135119600494,
  "summary_fg_mad": 156.23156153733746,
  "summary_fg_mean": 569.7615356445312,
  "summary_fg_median": 519.8577270507812,
  "summary_fg_n": 12793.0,
  "summary_fg_p05": 324.31798095703124,
  "summary_fg_p95": 1011.0928588867188,
  "summary_fg_stdv": 219.98106384277344,
  "tsnr": 36.781928319483995
}