{
  "aor": 0.00050418410041841,
  "aqi": 0.002613608577405858,
  "bids_meta": {
    "BodyPartExamined": "HEAD",
    "ECHO": "4",
    "EchoTime": 0.06,
    "FlipAngle": 78.0,
    "MagneticFieldStrength": 3,
    "Manufacturer": "Siemens",
    "ManufacturersModelName": "Trio",
    "Modality": "MR",
    "ParallelReductionFactorInPlane": 3,
    "PixelBandwidth": 1698.0,
    "PixelSpacing": [
      3.75,
      4.4
    ],
    "ReceiveCoilName": "32Ch_Head_3T",
    "RepetitionTime": 2.47,
    "SliceThickness": 4.4,
    "SliceTiming": [
      1.235,
      0.0,
      1.31733333333,
      0.0823333333333,
      1.39966666667,
      0.164666666667,
      1.482,
      0.247,
      1.56433333333,
      0.329333333333,
      1.64666666667,
      0.411666666667,
      1.729,
      0.494,
      1.81133333333,
      0.576333333333,
      1.89366666667,
      0.658666666667,
      1.976,
      0.741,
      2.05833333333,
      0.823333333333,
      2.14066666667,
      0.905666666667,
      2.223,
      0.988,
      2.30533333333,
      1.07033333333,
      2.38766666667,
      1.15266666667
    ],
    "SpacingBetweenSlices": 4.840000000000001,
    "TaskName": "rest",
    "dataset": "ds000258",
    "modality": "bold",
    "subject_id": "17821",
    "task_id": "rest"
  },
  "dummy_trs": 0,
  "dvars_nstd": 25.470962412142825,
  "dvars_std": 1.1293075992016801,
  "dvars_vstd": 0.9866730405882357,
  "efc": 0.3753142783801681,
  "fber": 2323.13525390625,
  "fd_mean": 0.04611319609536541,
  "fd_num": 0,
  "fd_perc": 0.0,
  "fwhm_avg": 2.0525973796980876,
  "fwhm_x": 2.067578666666667,
  "fwhm_y": 2.1190453333333332,
  "fwhm_z": 1.971168139094263,
  "gcor": 0.0240108,
  "gsr_x": -0.012463556602597237,
  "gsr_y": 0.015186835080385208,
  "provenance": {
    "md5sum": "113591b5a3634cfdd5270071f23a166c",
    "settings": {
      "fd_thres": 0.2,
      "testing": false
    },
    "software": "mriqc",
    "version": "22.0.0rc1",
    "webapi_port": null,
    "webapi_url": "https://mriqc.nimh.nih.gov/api/v1"
  },
  "size_t": 239,
  "size_x": 64,
  "size_y": 64,
  "size_z": 30,
  "snr": 2.300065153917221,
  "spacing_tr": 2.4700000286102295,
  "spacing_x": 3.75,
  "spacing_y": 3.75,
  "spacing_z": 4.400000095367432,
  "summary_bg_k": 100.64642480984412,
  "summary_bg_mad": 3.64757337495042,
  "summary_bg_mean": 11.98121452331543,
  "summary_bg_median": 8.13807487487793,
  "summary_bg_n": 85546.0,
  "summary_bg_p05": 4.677824020385742,
  "summary_bg_p95": 30.928869247436523,
  "summary_bg_stdv": 14.585789680480957,
  "summary_fg_k": 5.810307285243795,
  "summary_fg_mad": 122.77681983884034,
  "summary_fg_mean": 439.3533020019531,
  "summary_fg_median": 397.76568603515625,
  "summary_fg_n": 11935.0,
  "summary_fg_p05": 253.41212615966796,
  "summary_fg_p95": 768.839288330078,
  "summary_fg_stdv": 172.92945861816406,
  "tsnr": 58.50246035121381
}