{
  "aor": 0.00047778242677824274,
  "aqi": 0.0018313841841004184,
  "bids_meta": {
    "BodyPartExamined": "HEAD",
    "ECHO": "3",
    "EchoTime": 0.044,
    "FlipAngle": 78.0,
    "MagneticFieldStrength": 3,
    "Manufacturer": "Siemens",
    "ManufacturersModelName": "Trio",
    "Modality": "MR",
    "ParallelReductionFactorInPlane": 3,
    "PixelBandwidth": 1698.0,
    "PixelSpacing": [
      3.75,
      4.4
    ],
    "ReceiveCoilName": "32Ch_Head_3T",
    "RepetitionTime": 2.47,
    "SliceThickness": 4.4,
    "SliceTiming": [
      1.235,
      0.0,
      1.31733333333,
      0.0823333333333,
      1.39966666667,
      0.164666666667,
      1.482,
      0.247,
      1.56433333333,
      0.329333333333,
      1.64666666667,
      0.411666666667,
      1.729,
      0.494,
      1.81133333333,
      0.576333333333,
      1.89366666667,
      0.658666666667,
      1.976,
      0.741,
      2.05833333333,
      0.823333333333,
      2.14066666667,
      0.905666666667,
      2.223,
      0.988,
      2.30533333333,
      1.07033333333,
      2.38766666667,
      1.15266666667
    ],
    "SpacingBetweenSlices": 4.840000000000001,
    "TaskName": "rest",
    "dataset": "ds000258",
    "modality": "bold",
    "subject_id": "17821",
    "task_id": "rest"
  },
  "dummy_trs": 0,
  "dvars_nstd": 19.76171867794118,
  "dvars_std": 1.1362329302521006,
  "dvars_vstd": 0.9875347584453776,
  "efc": 0.38098092838788294,
  "fber": 3787.698974609375,
  "fd_mean": 0.04711610648325329,
  "fd_num": 0,
  "fd_perc": 0.0,
  "fwhm_avg": 2.3314740239936502,
  "fwhm_x": 2.3292346666666663,
  "fwhm_y": 2.393792,
  "fwhm_z": 2.271395405314285,
  "gcor": 0.02554,
  "gsr_x": -0.011301250196993351,
  "gsr_y": 0.01221185177564621,
  "provenance": {
    "md5sum": "4a30f57338a6d45d2e4f2b7936b43081",
    "settings": {
      "fd_thres": 0.2,
      "testing": false
    },
    "software": "mriqc",
    "version": "22.0.0rc1",
    "webapi_port": null,
    "webapi_url": "https://mriqc.nimh.nih.gov/api/v1"
  },
  "size_t": 239,
  "size_x": 64,
  "size_y": 64,
  "size_z": 30,
  "snr": 2.7331718946463983,
  "spacing_tr": 2.4700000286102295,
  "spacing_x": 3.75,
  "spacing_y": 3.75,
  "spacing_z": 4.400000095367432,
  "summary_bg_k": 73.18854282784002,
  "summary_bg_mad": 4.218282249718417,
  "summary_bg_mean": 14.042068481445312,
  "summary_bg_median": 8.535564422607422,
  "summary_bg_n": 84422.0,
  "summary_bg_p05": 4.707112789154053,
  "summary_bg_p95": 39.40564785003661,
  "summary_bg_stdv": 20.842241287231445,
  "summary_fg_k": 3.24023023049447,
  "summary_fg_mad": 150.30735128709236,
  "summary_fg_mean": 570.3657836914062,
  "summary_fg_median": 527.451904296875,
  "summary_fg_n": 12890.0,
  "summary_fg_p05": 347.6112854003906,
  "summary_fg_p95": 947.0662841796875,
  "summary_fg_stdv": 192.97412109375,
  "tsnr": 76.26556672528386
}