{
  "aor": 0.003051422594142259,
  "aqi": 0.002077656259414226,
  "bids_meta": {
    "BodyPartExamined": "HEAD",
    "ECHO": "1",
    "EchoTime": 0.012,
    "FlipAngle": 78.0,
    "MagneticFieldStrength": 3,
    "Manufacturer": "Siemens",
    "ManufacturersModelName": "Trio",
    "Modality": "MR",
    "ParallelReductionFactorInPlane": 3,
    "PixelBandwidth": 1698.0,
    "PixelSpacing": [
      3.75,
      4.4
    ],
    "ReceiveCoilName": "32Ch_Head_3T",
    "RepetitionTime": 2.47,
    "SliceThickness": 4.4,
    "SliceTiming": [
      1.235,
      0.0,
      1.31733333333,
      0.0823333333333,
      1.39966666667,
      0.164666666667,
      1.482,
      0.247,
      1.56433333333,
      0.329333333333,
      1.64666666667,
      0.411666666667,
      1.729,
      0.494,
      1.81133333333,
      0.576333333333,
      1.89366666667,
      0.658666666667,
      1.976,
      0.741,
      2.05833333333,
      0.823333333333,
      2.14066666667,
      0.905666666667,
      2.223,
      0.988,
      2.30533333333,
      1.07033333333,
      2.38766666667,
      1.15266666667
    ],
    "SpacingBetweenSlices": 4.840000000000001,
    "TaskName": "rest",
    "dataset": "ds000258",
    "modality": "bold",
    "subject_id": "20864",
    "task_id": "rest"
  },
  "dummy_trs": 0,
  "dvars_nstd": 15.35177236403362,
  "dvars_std": 1.3213862610084037,
  "dvars_vstd": 1.0219287150840337,
  "efc": 0.47107215898909544,
  "fber": 2547.603759765625,
  "fd_mean": 0.10172106293381351,
  "fd_num": 15,
  "fd_perc": 6.2761506276150625,
  "fwhm_avg": 3.7547364625076844,
  "fwhm_x": 3.7589333333333332,
  "fwhm_y": 3.5026397773081603,
  "fwhm_z": 4.002636276881558,
  "gcor": 0.0443074,
  "gsr_x": -0.026442041620612144,
  "gsr_y": 0.061244335025548935,
  "provenance": {
    "md5sum": "ec9daa5400801cfee41615f7feec8057",
    "settings": {
      "fd_thres": 0.2,
      "testing": false
    },
    "software": "mriqc",
    "version": "22.0.0rc1",
    "webapi_port": null,
    "webapi_url": "https://mriqc.nimh.nih.gov/api/v1"
  },
  "size_t": 239,
  "size_x": 64,
  "size_y": 64,
  "size_z": 30,
  "snr": 1.8776312146097067,
  "spacing_tr": 2.4700000286102295,
  "spacing_x": 3.75,
  "spacing_y": 3.750000238418579,
  "spacing_z": 4.400000095367432,
  "summary_bg_k": 26.894403694376138,
  "summary_bg_mad": 17.09024767359947,
  "summary_bg_mean": 84.02725219726562,
  "summary_bg_median": 19.937238693237305,
  "summary_bg_n": 76384.0,
  "summary_bg_p05": 6.6694560050964355,
  "summary_bg_p95": 445.04518737792796,
  "summary_bg_stdv": 188.88291931152344,
  "summary_fg_k": 3.3036955913914934,
  "summary_fg_mad": 391.79157183224703,
  "summary_fg_mean": 1169.8570556640625,
  "summary_fg_median": 1012.3555908203125,
  "summary_fg_n": 19148.0,
  "summary_fg_p05": 631.0686004638671,
  "summary_fg_p95": 2292.2580932617184,
  "summary_fg_stdv": 539.1522827148438,
  "tsnr": 122.45587489008904
}