{
  "aor": 0.0015471966527196652,
  "aqi": 0.0017400848661087867,
  "bids_meta": {
    "BodyPartExamined": "HEAD",
    "ECHO": "1",
    "EchoTime": 0.012,
    "FlipAngle": 78.0,
    "MagneticFieldStrength": 3,
    "Manufacturer": "Siemens",
    "ManufacturersModelName": "Trio",
    "Modality": "MR",
    "ParallelReductionFactorInPlane": 3,
    "PixelBandwidth": 1698.0,
    "PixelSpacing": [
      3.75,
      4.4
    ],
    "ReceiveCoilName": "32Ch_Head_3T",
    "RepetitionTime": 2.47,
    "SliceThickness": 4.4,
    "SliceTiming": [
      1.235,
      0.0,
      1.31733333333,
      0.0823333333333,
      1.39966666667,
      0.164666666667,
      1.482,
      0.247,
      1.56433333333,
      0.329333333333,
      1.64666666667,
      0.411666666667,
      1.729,
      0.494,
      1.81133333333,
      0.576333333333,
      1.89366666667,
      0.658666666667,
      1.976,
      0.741,
      2.05833333333,
      0.823333333333,
      2.14066666667,
      0.905666666667,
      2.223,
      0.988,
      2.30533333333,
      1.07033333333,
      2.38766666667,
      1.15266666667
    ],
    "SpacingBetweenSlices": 4.840000000000001,
    "TaskName": "rest",
    "dataset": "ds000258",
    "modality": "bold",
    "subject_id": "21646",
    "task_id": "rest"
  },
  "dummy_trs": 0,
  "dvars_nstd": 14.549745031092442,
  "dvars_std": 1.2347601357142852,
  "dvars_vstd": 0.9976153256722684,
  "efc": 0.5197253316711982,
  "fber": 2514.93994140625,
  "fd_mean": 0.0641408339987841,
  "fd_num": 13,
  "fd_perc": 5.439330543933054,
  "fwhm_avg": 2.848986765083542,
  "fwhm_x": 2.4473173333333333,
  "fwhm_y": 2.944506666666667,
  "fwhm_z": 3.1551362952506263,
  "gcor": 0.0153949,
  "gsr_x": -0.03949090838432312,
  "gsr_y": 0.1209120973944664,
  "provenance": {
    "md5sum": "eb8715a18dbc4627471afa8df6af4114",
    "settings": {
      "fd_thres": 0.2,
      "testing": false
    },
    "software": "mriqc",
    "version": "22.0.0rc1",
    "webapi_port": null,
    "webapi_url": "https://mriqc.nimh.nih.gov/api/v1"
  },
  "size_t": 239,
  "size_x": 64,
  "size_y": 64,
  "size_z": 30,
  "snr": 2.625965571124686,
  "spacing_tr": 2.4700000286102295,
  "spacing_x": 3.75,
  "spacing_y": 3.75,
  "spacing_z": 4.400000095367432,
  "summary_bg_k": 15.330050558654758,
  "summary_bg_mad": 12.71067678074086,
  "summary_bg_mean": 80.7552719116211,
  "summary_bg_median": 15.527195930480957,
  "summary_bg_n": 71613.0,
  "summary_bg_p05": 5.589958190917969,
  "summary_bg_p95": 510.38994750976553,
  "summary_bg_stdv": 187.14230346679688,
  "summary_fg_k": 3.292105280848717,
  "summary_fg_mad": 242.98550912585029,
  "summary_fg_mean": 870.2919921875,
  "summary_fg_median": 806.4309692382812,
  "summary_fg_n": 21721.0,
  "summary_fg_p05": 511.1255187988281,
  "summary_fg_p95": 1480.2677001953125,
  "summary_fg_stdv": 307.0917663574219,
  "tsnr": 111.24828787706792
}