{
  "aor": 0.0021302510460251044,
  "aqi": 0.0026087274769874477,
  "bids_meta": {
    "BodyPartExamined": "HEAD",
    "ECHO": "2",
    "EchoTime": 0.028,
    "FlipAngle": 78.0,
    "MagneticFieldStrength": 3,
    "Manufacturer": "Siemens",
    "ManufacturersModelName": "Trio",
    "Modality": "MR",
    "ParallelReductionFactorInPlane": 3,
    "PixelBandwidth": 1698.0,
    "PixelSpacing": [
      3.75,
      4.4
    ],
    "ReceiveCoilName": "32Ch_Head_3T",
    "RepetitionTime": 2.47,
    "SliceThickness": 4.4,
    "SliceTiming": [
      1.235,
      0.0,
      1.31733333333,
      0.0823333333333,
      1.39966666667,
      0.164666666667,
      1.482,
      0.247,
      1.56433333333,
      0.329333333333,
      1.64666666667,
      0.411666666667,
      1.729,
      0.494,
      1.81133333333,
      0.576333333333,
      1.89366666667,
      0.658666666667,
      1.976,
      0.741,
      2.05833333333,
      0.823333333333,
      2.14066666667,
      0.905666666667,
      2.223,
      0.988,
      2.30533333333,
      1.07033333333,
      2.38766666667,
      1.15266666667
    ],
    "SpacingBetweenSlices": 4.840000000000001,
    "TaskName": "rest",
    "dataset": "ds000258",
    "modality": "bold",
    "subject_id": "21278",
    "task_id": "rest"
  },
  "dummy_trs": 0,
  "dvars_nstd": 23.060431368067224,
  "dvars_std": 1.1950523376050428,
  "dvars_vstd": 0.9827814641176471,
  "efc": 0.3936632737194683,
  "fber": 3661.875244140625,
  "fd_mean": 0.15181325853262043,
  "fd_num": 49,
  "fd_perc": 20.502092050209207,
  "fwhm_avg": 2.8927345244277345,
  "fwhm_x": 2.9564533333333336,
  "fwhm_y": 2.8113866666666665,
  "fwhm_z": 2.9103635732832047,
  "gcor": 0.0110551,
  "gsr_x": -0.027313118800520897,
  "gsr_y": 0.03107350319623947,
  "provenance": {
    "md5sum": "25f3ef4b711227717f51cc41a1ecb4f7",
    "settings": {
      "fd_thres": 0.2,
      "testing": false
    },
    "software": "mriqc",
    "version": "22.0.0rc1",
    "webapi_port": null,
    "webapi_url": "https://mriqc.nimh.nih.gov/api/v1"
  },
  "size_t": 239,
  "size_x": 64,
  "size_y": 64,
  "size_z": 30,
  "snr": 2.3414139164549344,
  "spacing_tr": 2.4700000286102295,
  "spacing_x": 3.75,
  "spacing_y": 3.75,
  "spacing_z": 4.400000095367432,
  "summary_bg_k": 65.28906236584734,
  "summary_bg_mad": 6.780268613678281,
  "summary_bg_mean": 23.404478073120117,
  "summary_bg_median": 10.6443510055542,
  "summary_bg_n": 83959.0,
  "summary_bg_p05": 5.062761306762695,
  "summary_bg_p95": 84.05062713623043,
  "summary_bg_stdv": 39.53739929199219,
  "summary_fg_k": 5.197764138669061,
  "summary_fg_mad": 198.03598520017357,
  "summary_fg_mean": 719.072509765625,
  "summary_fg_median": 654.5397338867188,
  "summary_fg_n": 13236.0,
  "summary_fg_p05": 413.41004180908203,
  "summary_fg_p95": 1281.8420715332031,
  "summary_fg_stdv": 279.5383605957031,
  "tsnr": 73.75622191419825
}