{
  "aor": 0.0022667782426778246,
  "aqi": 0.004197246025104603,
  "bids_meta": {
    "BodyPartExamined": "HEAD",
    "ECHO": "3",
    "EchoTime": 0.044,
    "FlipAngle": 78.0,
    "MagneticFieldStrength": 3,
    "Manufacturer": "Siemens",
    "ManufacturersModelName": "Trio",
    "Modality": "MR",
    "ParallelReductionFactorInPlane": 3,
    "PixelBandwidth": 1698.0,
    "PixelSpacing": [
      3.75,
      4.4
    ],
    "ReceiveCoilName": "32Ch_Head_3T",
    "RepetitionTime": 2.47,
    "SliceThickness": 4.4,
    "SliceTiming": [
      1.235,
      0.0,
      1.31733333333,
      0.0823333333333,
      1.39966666667,
      0.164666666667,
      1.482,
      0.247,
      1.56433333333,
      0.329333333333,
      1.64666666667,
      0.411666666667,
      1.729,
      0.494,
      1.81133333333,
      0.576333333333,
      1.89366666667,
      0.658666666667,
      1.976,
      0.741,
      2.05833333333,
      0.823333333333,
      2.14066666667,
      0.905666666667,
      2.223,
      0.988,
      2.30533333333,
      1.07033333333,
      2.38766666667,
      1.15266666667
    ],
    "SpacingBetweenSlices": 4.840000000000001,
    "TaskName": "rest",
    "dataset": "ds000258",
    "modality": "bold",
    "subject_id": "21278",
    "task_id": "rest"
  },
  "dummy_trs": 0,
  "dvars_nstd": 28.69639775739495,
  "dvars_std": 1.1636649794957978,
  "dvars_vstd": 0.9764150828991595,
  "efc": 0.3755743170497793,
  "fber": 2379.124755859375,
  "fd_mean": 0.15430589568558603,
  "fd_num": 50,
  "fd_perc": 20.92050209205021,
  "fwhm_avg": 2.5261695978191496,
  "fwhm_x": 2.5942266666666667,
  "fwhm_y": 2.445464,
  "fwhm_z": 2.538818126790781,
  "gcor": 0.00916291,
  "gsr_x": -0.024363156408071518,
  "gsr_y": 0.026712490245699883,
  "provenance": {
    "md5sum": "564b98ff6a059fe551c9672537eca3db",
    "settings": {
      "fd_thres": 0.2,
      "testing": false
    },
    "software": "mriqc",
    "version": "22.0.0rc1",
    "webapi_port": null,
    "webapi_url": "https://mriqc.nimh.nih.gov/api/v1"
  },
  "size_t": 239,
  "size_x": 64,
  "size_y": 64,
  "size_z": 30,
  "snr": 2.0749572919418613,
  "spacing_tr": 2.4700000286102295,
  "spacing_x": 3.75,
  "spacing_y": 3.75,
  "spacing_z": 4.400000095367432,
  "summary_bg_k": 68.18359231455149,
  "summary_bg_mad": 5.465157196889337,
  "summary_bg_mean": 16.31001853942871,
  "summary_bg_median": 9.824267387390137,
  "summary_bg_n": 85522.0,
  "summary_bg_p05": 5.062761306762695,
  "summary_bg_p95": 47.338700103759756,
  "summary_bg_stdv": 21.867074966430664,
  "summary_fg_k": 8.224549996943646,
  "summary_fg_mad": 151.86438223635486,
  "summary_fg_mean": 548.105712890625,
  "summary_fg_median": 491.305419921875,
  "summary_fg_n": 11679.0,
  "summary_fg_p05": 302.6221588134766,
  "summary_fg_p95": 997.6870178222657,
  "summary_fg_stdv": 236.7684326171875,
  "tsnr": 55.18906583636999
}