{
  "aor": 0.00836774058577406,
  "aqi": 0.007663989163179916,
  "bids_meta": {
    "BodyPartExamined": "HEAD",
    "ECHO": "2",
    "EchoTime": 0.028,
    "FlipAngle": 78.0,
    "MagneticFieldStrength": 3,
    "Manufacturer": "Siemens",
    "ManufacturersModelName": "Trio",
    "Modality": "MR",
    "ParallelReductionFactorInPlane": 3,
    "PixelBandwidth": 1698.0,
    "PixelSpacing": [
      3.75,
      4.4
    ],
    "ReceiveCoilName": "32Ch_Head_3T",
    "RepetitionTime": 2.47,
    "SliceThickness": 4.4,
    "SliceTiming": [
      1.235,
      0.0,
      1.31733333333,
      0.0823333333333,
      1.39966666667,
      0.164666666667,
      1.482,
      0.247,
      1.56433333333,
      0.329333333333,
      1.64666666667,
      0.411666666667,
      1.729,
      0.494,
      1.81133333333,
      0.576333333333,
      1.89366666667,
      0.658666666667,
      1.976,
      0.741,
      2.05833333333,
      0.823333333333,
      2.14066666667,
      0.905666666667,
      2.223,
      0.988,
      2.30533333333,
      1.07033333333,
      2.38766666667,
      1.15266666667
    ],
    "SpacingBetweenSlices": 4.840000000000001,
    "TaskName": "rest",
    "dataset": "ds000258",
    "modality": "bold",
    "subject_id": "21449",
    "task_id": "rest"
  },
  "dummy_trs": 0,
  "dvars_nstd": 39.140426836260495,
  "dvars_std": 1.1659883427731097,
  "dvars_vstd": 0.9510541953361342,
  "efc": 0.4423992332526208,
  "fber": 1862.66845703125,
  "fd_mean": 0.3240830996837069,
  "fd_num": 154,
  "fd_perc": 64.43514644351464,
  "fwhm_avg": 3.1297080571931484,
  "fwhm_x": 3.083066666666667,
  "fwhm_y": 3.0374666666666665,
  "fwhm_z": 3.268590838246111,
  "gcor": 0.0337404,
  "gsr_x": -0.009568212553858757,
  "gsr_y": 0.03519032523036003,
  "provenance": {
    "md5sum": "c13dd5c97d09ca5df34bedfc781ae68b",
    "settings": {
      "fd_thres": 0.2,
      "testing": false
    },
    "software": "mriqc",
    "version": "22.0.0rc1",
    "webapi_port": null,
    "webapi_url": "https://mriqc.nimh.nih.gov/api/v1"
  },
  "size_t": 239,
  "size_x": 64,
  "size_y": 64,
  "size_z": 30,
  "snr": 1.8401567916897852,
  "spacing_tr": 2.4700000286102295,
  "spacing_x": 3.75,
  "spacing_y": 3.75,
  "spacing_z": 4.400000095367432,
  "summary_bg_k": 39.74260811189902,
  "summary_bg_mad": 12.139970733812179,
  "summary_bg_mean": 38.84065628051758,
  "summary_bg_median": 16.364015579223633,
  "summary_bg_n": 77531.0,
  "summary_bg_p05": 6.564853191375732,
  "summary_bg_p95": 148.1945571899414,
  "summary_bg_stdv": 70.78327941894531,
  "summary_fg_k": 4.181629920041354,
  "summary_fg_mad": 274.2503720592207,
  "summary_fg_mean": 817.4081420898438,
  "summary_fg_median": 715.3974609375,
  "summary_fg_n": 17887.0,
  "summary_fg_p05": 409.77906494140626,
  "summary_fg_p95": 1616.3802612304687,
  "summary_fg_stdv": 388.75897216796875,
  "tsnr": 38.20697844028473
}