{
  "aor": 0.00780468619246862,
  "aqi": 0.010075128033472802,
  "bids_meta": {
    "BodyPartExamined": "HEAD",
    "ECHO": "3",
    "EchoTime": 0.044,
    "FlipAngle": 78.0,
    "MagneticFieldStrength": 3,
    "Manufacturer": "Siemens",
    "ManufacturersModelName": "Trio",
    "Modality": "MR",
    "ParallelReductionFactorInPlane": 3,
    "PixelBandwidth": 1698.0,
    "PixelSpacing": [
      3.75,
      4.4
    ],
    "ReceiveCoilName": "32Ch_Head_3T",
    "RepetitionTime": 2.47,
    "SliceThickness": 4.4,
    "SliceTiming": [
      1.235,
      0.0,
      1.31733333333,
      0.0823333333333,
      1.39966666667,
      0.164666666667,
      1.482,
      0.247,
      1.56433333333,
      0.329333333333,
      1.64666666667,
      0.411666666667,
      1.729,
      0.494,
      1.81133333333,
      0.576333333333,
      1.89366666667,
      0.658666666667,
      1.976,
      0.741,
      2.05833333333,
      0.823333333333,
      2.14066666667,
      0.905666666667,
      2.223,
      0.988,
      2.30533333333,
      1.07033333333,
      2.38766666667,
      1.15266666667
    ],
    "SpacingBetweenSlices": 4.840000000000001,
    "TaskName": "rest",
    "dataset": "ds000258",
    "modality": "bold",
    "subject_id": "21449",
    "task_id": "rest"
  },
  "dummy_trs": 0,
  "dvars_nstd": 49.12720345239496,
  "dvars_std": 1.153599173067226,
  "dvars_vstd": 0.945546522016807,
  "efc": 0.4204757833861204,
  "fber": 1396.2713623046875,
  "fd_mean": 0.3225457839288256,
  "fd_num": 151,
  "fd_perc": 63.17991631799163,
  "fwhm_avg": 2.7493369493079123,
  "fwhm_x": 2.7573866666666667,
  "fwhm_y": 2.6685333333333334,
  "fwhm_z": 2.822090847923737,
  "gcor": 0.024022,
  "gsr_x": -0.01513733621686697,
  "gsr_y": 0.027644233778119087,
  "provenance": {
    "md5sum": "3c2743c55529f3b637adc7cd92192704",
    "settings": {
      "fd_thres": 0.2,
      "testing": false
    },
    "software": "mriqc",
    "version": "22.0.0rc1",
    "webapi_port": null,
    "webapi_url": "https://mriqc.nimh.nih.gov/api/v1"
  },
  "size_t": 239,
  "size_x": 64,
  "size_y": 64,
  "size_z": 30,
  "snr": 1.718366348611736,
  "spacing_tr": 2.4700000286102295,
  "spacing_x": 3.75,
  "spacing_y": 3.75,
  "spacing_z": 4.400000095367432,
  "summary_bg_k": 41.345318030386224,
  "summary_bg_mad": 9.03829052972561,
  "summary_bg_mean": 25.48011016845703,
  "summary_bg_median": 14.35146427154541,
  "summary_bg_n": 79279.0,
  "summary_bg_p05": 6.5774054527282715,
  "summary_bg_p95": 83.28618927001939,
  "summary_bg_stdv": 36.36023712158203,
  "summary_fg_k": 6.097811023420363,
  "summary_fg_mad": 216.61502523253802,
  "summary_fg_mean": 629.2229614257812,
  "summary_fg_median": 544.7406005859375,
  "summary_fg_n": 15973.0,
  "summary_fg_p05": 307.066943359375,
  "summary_fg_p95": 1258.1187744140623,
  "summary_fg_stdv": 317.0008239746094,
  "tsnr": 29.791547114029527
}