{
  "aor": 0.0019106276150627612,
  "aqi": 0.002647792719665272,
  "bids_meta": {
    "BodyPartExamined": "HEAD",
    "ECHO": "1",
    "EchoTime": 0.012,
    "FlipAngle": 78.0,
    "MagneticFieldStrength": 3,
    "Manufacturer": "Siemens",
    "ManufacturersModelName": "Trio",
    "Modality": "MR",
    "ParallelReductionFactorInPlane": 3,
    "PixelBandwidth": 1698.0,
    "PixelSpacing": [
      3.75,
      4.4
    ],
    "ReceiveCoilName": "32Ch_Head_3T",
    "RepetitionTime": 2.47,
    "SliceThickness": 4.4,
    "SliceTiming": [
      1.235,
      0.0,
      1.31733333333,
      0.0823333333333,
      1.39966666667,
      0.164666666667,
      1.482,
      0.247,
      1.56433333333,
      0.329333333333,
      1.64666666667,
      0.411666666667,
      1.729,
      0.494,
      1.81133333333,
      0.576333333333,
      1.89366666667,
      0.658666666667,
      1.976,
      0.741,
      2.05833333333,
      0.823333333333,
      2.14066666667,
      0.905666666667,
      2.223,
      0.988,
      2.30533333333,
      1.07033333333,
      2.38766666667,
      1.15266666667
    ],
    "SpacingBetweenSlices": 4.840000000000001,
    "TaskName": "rest",
    "dataset": "ds000258",
    "modality": "bold",
    "subject_id": "04710",
    "task_id": "rest"
  },
  "dummy_trs": 0,
  "dvars_nstd": 21.02286832491595,
  "dvars_std": 1.1979812837394965,
  "dvars_vstd": 0.993995714705883,
  "efc": 0.4977970382093204,
  "fber": 2651.861572265625,
  "fd_mean": 0.22183841111628586,
  "fd_num": 123,
  "fd_perc": 51.46443514644351,
  "fwhm_avg": 2.840037451890654,
  "fwhm_x": 2.3278933333333334,
  "fwhm_y": 3.02856,
  "fwhm_z": 3.1636590223386283,
  "gcor": 0.0152236,
  "gsr_x": -0.02045534923672676,
  "gsr_y": 0.059766463935375214,
  "provenance": {
    "md5sum": "ffac3dd04ea0c5dd10404ec0c8772806",
    "settings": {
      "fd_thres": 0.2,
      "testing": false
    },
    "software": "mriqc",
    "version": "22.0.0rc1",
    "webapi_port": null,
    "webapi_url": "https://mriqc.nimh.nih.gov/api/v1"
  },
  "size_t": 239,
  "size_x": 64,
  "size_y": 64,
  "size_z": 30,
  "snr": 2.5776568872713392,
  "spacing_tr": 2.4700000286102295,
  "spacing_x": 3.75,
  "spacing_y": 3.75,
  "spacing_z": 4.400000095367432,
  "summary_bg_k": 19.57030287930377,
  "summary_bg_mad": 12.983625487052272,
  "summary_bg_mean": 65.28282928466797,
  "summary_bg_median": 16.757322311401367,
  "summary_bg_n": 73497.0,
  "summary_bg_p05": 6.196652412414551,
  "summary_bg_p95": 379.1548034667966,
  "summary_bg_stdv": 146.24862670898438,
  "summary_fg_k": 1.2884237974104105,
  "summary_fg_mad": 302.4322114583818,
  "summary_fg_mean": 965.609130859375,
  "summary_fg_median": 900.1798706054688,
  "summary_fg_n": 20519.0,
  "summary_fg_p05": 526.8640197753906,
  "summary_fg_p95": 1652.0861938476562,
  "summary_fg_stdv": 349.215576171875,
  "tsnr": 80.92991255782545
}