{
  "aor": 0.0025953138075313804,
  "aqi": 0.008024098995815899,
  "bids_meta": {
    "BodyPartExamined": "HEAD",
    "ECHO": "4",
    "EchoTime": 0.06,
    "FlipAngle": 78.0,
    "MagneticFieldStrength": 3,
    "Manufacturer": "Siemens",
    "ManufacturersModelName": "Trio",
    "Modality": "MR",
    "ParallelReductionFactorInPlane": 3,
    "PixelBandwidth": 1698.0,
    "PixelSpacing": [
      3.75,
      4.4
    ],
    "ReceiveCoilName": "32Ch_Head_3T",
    "RepetitionTime": 2.47,
    "SliceThickness": 4.4,
    "SliceTiming": [
      1.235,
      0.0,
      1.31733333333,
      0.0823333333333,
      1.39966666667,
      0.164666666667,
      1.482,
      0.247,
      1.56433333333,
      0.329333333333,
      1.64666666667,
      0.411666666667,
      1.729,
      0.494,
      1.81133333333,
      0.576333333333,
      1.89366666667,
      0.658666666667,
      1.976,
      0.741,
      2.05833333333,
      0.823333333333,
      2.14066666667,
      0.905666666667,
      2.223,
      0.988,
      2.30533333333,
      1.07033333333,
      2.38766666667,
      1.15266666667
    ],
    "SpacingBetweenSlices": 4.840000000000001,
    "TaskName": "rest",
    "dataset": "ds000258",
    "modality": "bold",
    "subject_id": "04710",
    "task_id": "rest"
  },
  "dummy_trs": 0,
  "dvars_nstd": 43.271636762563006,
  "dvars_std": 1.164055896050419,
  "dvars_vstd": 1.0018688849159665,
  "efc": 0.41396197963232567,
  "fber": 1036.849365234375,
  "fd_mean": 0.24826460136679424,
  "fd_num": 136,
  "fd_perc": 56.90376569037657,
  "fwhm_avg": 2.108182832872011,
  "fwhm_x": 2.124112,
  "fwhm_y": 2.039432,
  "fwhm_z": 2.1610044986160344,
  "gcor": 0.0206812,
  "gsr_x": -0.011314279399812222,
  "gsr_y": 0.014446300454437733,
  "provenance": {
    "md5sum": "765421d0abef875a29debd75e8bd35b0",
    "settings": {
      "fd_thres": 0.2,
      "testing": false
    },
    "software": "mriqc",
    "version": "22.0.0rc1",
    "webapi_port": null,
    "webapi_url": "https://mriqc.nimh.nih.gov/api/v1"
  },
  "size_t": 239,
  "size_x": 64,
  "size_y": 64,
  "size_z": 30,
  "snr": 1.9384348716250683,
  "spacing_tr": 2.4700000286102295,
  "spacing_x": 3.75,
  "spacing_y": 3.75,
  "spacing_z": 4.400000095367432,
  "summary_bg_k": 132.1826962864427,
  "summary_bg_mad": 5.725697344288848,
  "summary_bg_mean": 17.397640228271484,
  "summary_bg_median": 11.615062713623047,
  "summary_bg_n": 81574.0,
  "summary_bg_p05": 5.853556156158447,
  "summary_bg_p95": 46.55229949951172,
  "summary_bg_stdv": 23.517871856689453,
  "summary_fg_k": 6.720708575595944,
  "summary_fg_mad": 134.07003367968446,
  "summary_fg_mean": 428.5096435546875,
  "summary_fg_median": 378.8033447265625,
  "summary_fg_n": 14298.0,
  "summary_fg_p05": 221.84037399291992,
  "summary_fg_p95": 812.4604675292968,
  "summary_fg_stdv": 195.4102783203125,
  "tsnr": 35.025222815340385
}