{
  "aor": 0.002429707112970712,
  "aqi": 0.005159214184100419,
  "bids_meta": {
    "BodyPartExamined": "HEAD",
    "ECHO": "3",
    "EchoTime": 0.044,
    "FlipAngle": 78.0,
    "MagneticFieldStrength": 3,
    "Manufacturer": "Siemens",
    "ManufacturersModelName": "Trio",
    "Modality": "MR",
    "ParallelReductionFactorInPlane": 3,
    "PixelBandwidth": 1698.0,
    "PixelSpacing": [
      3.75,
      4.4
    ],
    "ReceiveCoilName": "32Ch_Head_3T",
    "RepetitionTime": 2.47,
    "SliceThickness": 4.4,
    "SliceTiming": [
      1.235,
      0.0,
      1.31733333333,
      0.0823333333333,
      1.39966666667,
      0.164666666667,
      1.482,
      0.247,
      1.56433333333,
      0.329333333333,
      1.64666666667,
      0.411666666667,
      1.729,
      0.494,
      1.81133333333,
      0.576333333333,
      1.89366666667,
      0.658666666667,
      1.976,
      0.741,
      2.05833333333,
      0.823333333333,
      2.14066666667,
      0.905666666667,
      2.223,
      0.988,
      2.30533333333,
      1.07033333333,
      2.38766666667,
      1.15266666667
    ],
    "SpacingBetweenSlices": 4.840000000000001,
    "TaskName": "rest",
    "dataset": "ds000258",
    "modality": "bold",
    "subject_id": "04710",
    "task_id": "rest"
  },
  "dummy_trs": 0,
  "dvars_nstd": 33.932707113445375,
  "dvars_std": 1.1760460714705883,
  "dvars_vstd": 1.00046875987395,
  "efc": 0.4236461394253715,
  "fber": 1706.87451171875,
  "fd_mean": 0.24378532005834044,
  "fd_num": 131,
  "fd_perc": 54.81171548117155,
  "fwhm_avg": 2.404024406476792,
  "fwhm_x": 2.435941333333333,
  "fwhm_y": 2.3171546666666667,
  "fwhm_z": 2.458977219430377,
  "gcor": 0.0225064,
  "gsr_x": -0.004258911125361919,
  "gsr_y": 0.012455432675778866,
  "provenance": {
    "md5sum": "92310778231a60089591a79630c1d634",
    "settings": {
      "fd_thres": 0.2,
      "testing": false
    },
    "software": "mriqc",
    "version": "22.0.0rc1",
    "webapi_port": null,
    "webapi_url": "https://mriqc.nimh.nih.gov/api/v1"
  },
  "size_t": 239,
  "size_x": 64,
  "size_y": 64,
  "size_z": 30,
  "snr": 2.1999078995133474,
  "spacing_tr": 2.4700000286102295,
  "spacing_x": 3.75,
  "spacing_y": 3.75,
  "spacing_z": 4.400000095367432,
  "summary_bg_k": 106.8569574885232,
  "summary_bg_mad": 6.736845020125086,
  "summary_bg_mean": 21.56853675842285,
  "summary_bg_median": 12.150627136230469,
  "summary_bg_n": 79998.0,
  "summary_bg_p05": 5.853556156158447,
  "summary_bg_p95": 65.15062713623047,
  "summary_bg_stdv": 35.62673568725586,
  "summary_fg_k": 4.5223448934892865,
  "summary_fg_mad": 170.12086760515342,
  "summary_fg_mean": 560.80224609375,
  "summary_fg_median": 505.9288635253906,
  "summary_fg_n": 15803.0,
  "summary_fg_p05": 300.7665222167969,
  "summary_fg_p95": 1010.5760986328124,
  "summary_fg_stdv": 229.9700164794922,
  "tsnr": 46.03475732007064
}