{
  "aor": 0.0015910460251046022,
  "aqi": 0.001414145949790795,
  "bids_meta": {
    "BodyPartExamined": "HEAD",
    "ECHO": "1",
    "EchoTime": 0.012,
    "FlipAngle": 78.0,
    "MagneticFieldStrength": 3,
    "Manufacturer": "Siemens",
    "ManufacturersModelName": "Trio",
    "Modality": "MR",
    "ParallelReductionFactorInPlane": 3,
    "PixelBandwidth": 1698.0,
    "PixelSpacing": [
      3.75,
      4.4
    ],
    "ReceiveCoilName": "32Ch_Head_3T",
    "RepetitionTime": 2.47,
    "SliceThickness": 4.4,
    "SliceTiming": [
      1.235,
      0.0,
      1.31733333333,
      0.0823333333333,
      1.39966666667,
      0.164666666667,
      1.482,
      0.247,
      1.56433333333,
      0.329333333333,
      1.64666666667,
      0.411666666667,
      1.729,
      0.494,
      1.81133333333,
      0.576333333333,
      1.89366666667,
      0.658666666667,
      1.976,
      0.741,
      2.05833333333,
      0.823333333333,
      2.14066666667,
      0.905666666667,
      2.223,
      0.988,
      2.30533333333,
      1.07033333333,
      2.38766666667,
      1.15266666667
    ],
    "SpacingBetweenSlices": 4.840000000000001,
    "TaskName": "rest",
    "dataset": "ds000258",
    "modality": "bold",
    "subject_id": "20861",
    "task_id": "rest"
  },
  "dummy_trs": 0,
  "dvars_nstd": 12.60530346386555,
  "dvars_std": 1.2012368531512607,
  "dvars_vstd": 0.9796222663445384,
  "efc": 0.4318545478244167,
  "fber": 7914.833984375,
  "fd_mean": 0.07175029431901515,
  "fd_num": 10,
  "fd_perc": 4.184100418410042,
  "fwhm_avg": 2.735781656423192,
  "fwhm_x": 2.624392,
  "fwhm_y": 2.79168,
  "fwhm_z": 2.7912729692695764,
  "gcor": 0.0270191,
  "gsr_x": -0.04465380683541298,
  "gsr_y": 0.051286302506923676,
  "provenance": {
    "md5sum": "3d4ea197e979e61ffcca99a70ccd7069",
    "settings": {
      "fd_thres": 0.2,
      "testing": false
    },
    "software": "mriqc",
    "version": "22.0.0rc1",
    "webapi_port": null,
    "webapi_url": "https://mriqc.nimh.nih.gov/api/v1"
  },
  "size_t": 239,
  "size_x": 64,
  "size_y": 64,
  "size_z": 30,
  "snr": 3.7558421183739576,
  "spacing_tr": 2.4700000286102295,
  "spacing_x": 3.75,
  "spacing_y": 3.75,
  "spacing_z": 4.399999618530273,
  "summary_bg_k": 18.201296922893004,
  "summary_bg_mad": 6.7120307301406,
  "summary_bg_mean": 46.501712799072266,
  "summary_bg_median": 10.104601860046387,
  "summary_bg_n": 82804.0,
  "summary_bg_p05": 4.88702917098999,
  "summary_bg_p95": 280.49893951416,
  "summary_bg_stdv": 107.44683837890625,
  "summary_fg_k": 1.4586217903911667,
  "summary_fg_mad": 211.01952302420707,
  "summary_fg_mean": 949.3094482421875,
  "summary_fg_median": 907.2238159179688,
  "summary_fg_n": 14250.0,
  "summary_fg_p05": 637.1652648925781,
  "summary_fg_p95": 1409.400390625,
  "summary_fg_stdv": 241.54156494140625,
  "tsnr": 115.23004221380688
}