{
  "aor": 0.0017703347280334728,
  "aqi": 0.0024175526778242675,
  "bids_meta": {
    "BodyPartExamined": "HEAD",
    "ECHO": "1",
    "EchoTime": 0.012,
    "FlipAngle": 78.0,
    "MagneticFieldStrength": 3,
    "Manufacturer": "Siemens",
    "ManufacturersModelName": "Trio",
    "Modality": "MR",
    "ParallelReductionFactorInPlane": 3,
    "PixelBandwidth": 1698.0,
    "PixelSpacing": [
      3.75,
      4.4
    ],
    "ReceiveCoilName": "32Ch_Head_3T",
    "RepetitionTime": 2.47,
    "SliceThickness": 4.4,
    "SliceTiming": [
      1.235,
      0.0,
      1.31733333333,
      0.0823333333333,
      1.39966666667,
      0.164666666667,
      1.482,
      0.247,
      1.56433333333,
      0.329333333333,
      1.64666666667,
      0.411666666667,
      1.729,
      0.494,
      1.81133333333,
      0.576333333333,
      1.89366666667,
      0.658666666667,
      1.976,
      0.741,
      2.05833333333,
      0.823333333333,
      2.14066666667,
      0.905666666667,
      2.223,
      0.988,
      2.30533333333,
      1.07033333333,
      2.38766666667,
      1.15266666667
    ],
    "SpacingBetweenSlices": 4.840000000000001,
    "TaskName": "rest",
    "dataset": "ds000258",
    "modality": "bold",
    "subject_id": "20407",
    "task_id": "rest"
  },
  "dummy_trs": 0,
  "dvars_nstd": 14.794131410924367,
  "dvars_std": 1.057848605294117,
  "dvars_vstd": 0.9714370862184878,
  "efc": 0.4968578858663812,
  "fber": 2221.414794921875,
  "fd_mean": 0.12328016928149313,
  "fd_num": 35,
  "fd_perc": 14.644351464435147,
  "fwhm_avg": 3.228253241989083,
  "fwhm_x": 3.06712,
  "fwhm_y": 3.1166398018493777,
  "fwhm_z": 3.5009999241178704,
  "gcor": 0.0400716,
  "gsr_x": -0.028734082356095314,
  "gsr_y": 0.06762441992759705,
  "provenance": {
    "md5sum": "8f208bb9960872d206627371f9f7ef72",
    "settings": {
      "fd_thres": 0.2,
      "testing": false
    },
    "software": "mriqc",
    "version": "22.0.0rc1",
    "webapi_port": null,
    "webapi_url": "https://mriqc.nimh.nih.gov/api/v1"
  },
  "size_t": 239,
  "size_x": 64,
  "size_y": 64,
  "size_z": 30,
  "snr": 2.7058951215199674,
  "spacing_tr": 2.4700000286102295,
  "spacing_x": 3.75,
  "spacing_y": 3.750000238418579,
  "spacing_z": 4.400000095367432,
  "summary_bg_k": 20.63026561714332,
  "summary_bg_mad": 15.78133841538699,
  "summary_bg_mean": 76.16727447509766,
  "summary_bg_median": 19.087865829467773,
  "summary_bg_n": 76571.0,
  "summary_bg_p05": 6.849372386932373,
  "summary_bg_p95": 388.548095703125,
  "summary_bg_stdv": 148.87875366210938,
  "summary_fg_k": 3.1308298857471213,
  "summary_fg_mad": 259.219704798655,
  "summary_fg_mean": 1004.4535522460938,
  "summary_fg_median": 929.8388671875,
  "summary_fg_n": 18180.0,
  "summary_fg_p05": 601.8796752929687,
  "summary_fg_p95": 1705.925225830078,
  "summary_fg_stdv": 343.6250305175781,
  "tsnr": 82.4054963067174
}