{
  "aor": 0.004489330543933054,
  "aqi": 0.015991124267782424,
  "bids_meta": {
    "BodyPartExamined": "HEAD",
    "ECHO": "4",
    "EchoTime": 0.06,
    "FlipAngle": 78.0,
    "MagneticFieldStrength": 3,
    "Manufacturer": "Siemens",
    "ManufacturersModelName": "Trio",
    "Modality": "MR",
    "ParallelReductionFactorInPlane": 3,
    "PixelBandwidth": 1698.0,
    "PixelSpacing": [
      3.75,
      4.4
    ],
    "ReceiveCoilName": "32Ch_Head_3T",
    "RepetitionTime": 2.47,
    "SliceThickness": 4.4,
    "SliceTiming": [
      1.235,
      0.0,
      1.31733333333,
      0.0823333333333,
      1.39966666667,
      0.164666666667,
      1.482,
      0.247,
      1.56433333333,
      0.329333333333,
      1.64666666667,
      0.411666666667,
      1.729,
      0.494,
      1.81133333333,
      0.576333333333,
      1.89366666667,
      0.658666666667,
      1.976,
      0.741,
      2.05833333333,
      0.823333333333,
      2.14066666667,
      0.905666666667,
      2.223,
      0.988,
      2.30533333333,
      1.07033333333,
      2.38766666667,
      1.15266666667
    ],
    "SpacingBetweenSlices": 4.840000000000001,
    "TaskName": "rest",
    "dataset": "ds000258",
    "modality": "bold",
    "subject_id": "21656",
    "task_id": "rest"
  },
  "dummy_trs": 0,
  "dvars_nstd": 28.24627047659665,
  "dvars_std": 0.9540719802521008,
  "dvars_vstd": 0.9308060671008396,
  "efc": 0.4113665553928274,
  "fber": 1079.6129150390625,
  "fd_mean": 0.13965751490082423,
  "fd_num": 39,
  "fd_perc": 16.317991631799163,
  "fwhm_avg": 2.510737194193843,
  "fwhm_x": 2.52156,
  "fwhm_y": 2.529288,
  "fwhm_z": 2.481363582581529,
  "gcor": 0.00971274,
  "gsr_x": -0.017511555925011635,
  "gsr_y": 0.0372362844645977,
  "provenance": {
    "md5sum": "b5ed9063aaab8a783dd512169d213d34",
    "settings": {
      "fd_thres": 0.2,
      "testing": false
    },
    "software": "mriqc",
    "version": "22.0.0rc1",
    "webapi_port": null,
    "webapi_url": "https://mriqc.nimh.nih.gov/api/v1"
  },
  "size_t": 239,
  "size_x": 64,
  "size_y": 64,
  "size_z": 30,
  "snr": 1.7349829906579655,
  "spacing_tr": 2.4700000286102295,
  "spacing_x": 3.75,
  "spacing_y": 3.75,
  "spacing_z": 4.400000095367432,
  "summary_bg_k": 40.44247887675483,
  "summary_bg_mad": 6.674812123003184,
  "summary_bg_mean": 18.345273971557617,
  "summary_bg_median": 11.284518241882324,
  "summary_bg_n": 82207.0,
  "summary_bg_p05": 5.560669422149658,
  "summary_bg_p95": 54.18409729003906,
  "summary_bg_stdv": 23.177906036376953,
  "summary_fg_k": 4.62267002003894,
  "summary_fg_mad": 149.116265367837,
  "summary_fg_mean": 435.7789611816406,
  "summary_fg_median": 376.7698669433594,
  "summary_fg_n": 13400.0,
  "summary_fg_p05": 206.62321929931642,
  "summary_fg_p95": 882.9116699218748,
  "summary_fg_stdv": 217.15245056152344,
  "tsnr": 26.42492757656146
}