{
  "aor": 0.0017669037656903763,
  "aqi": 0.009761761255230124,
  "bids_meta": {
    "BodyPartExamined": "HEAD",
    "ECHO": "4",
    "EchoTime": 0.06,
    "FlipAngle": 78.0,
    "MagneticFieldStrength": 3,
    "Manufacturer": "Siemens",
    "ManufacturersModelName": "Trio",
    "Modality": "MR",
    "ParallelReductionFactorInPlane": 3,
    "PixelBandwidth": 1698.0,
    "PixelSpacing": [
      3.75,
      4.4
    ],
    "ReceiveCoilName": "32Ch_Head_3T",
    "RepetitionTime": 2.479909,
    "SliceThickness": 4.4,
    "SliceTiming": [
      1.2399545,
      0.0,
      1.32261813333,
      0.0826636333333,
      1.40528176667,
      0.165327266667,
      1.4879454,
      0.2479909,
      1.57060903333,
      0.330654533333,
      1.65327266667,
      0.413318166667,
      1.7359363,
      0.4959818,
      1.81859993333,
      0.578645433333,
      1.90126356667,
      0.661309066667,
      1.9839272,
      0.7439727,
      2.06659083333,
      0.826636333333,
      2.14925446667,
      0.909299966667,
      2.2319181,
      0.9919636,
      2.31458173333,
      1.07462723333,
      2.39724536667,
      1.15729086667
    ],
    "SpacingBetweenSlices": 4.840000000000001,
    "TaskName": "rest",
    "dataset": "ds000258",
    "modality": "bold",
    "subject_id": "21652",
    "task_id": "rest"
  },
  "dummy_trs": 0,
  "dvars_nstd": 28.38142052844539,
  "dvars_std": 0.9994376290336144,
  "dvars_vstd": 0.9488946097478991,
  "efc": 0.426464874212479,
  "fber": 1166.2337646484375,
  "fd_mean": 0.10229507820253349,
  "fd_num": 16,
  "fd_perc": 6.694560669456067,
  "fwhm_avg": 1.9311092085115285,
  "fwhm_x": 1.906432,
  "fwhm_y": 1.9891706666666666,
  "fwhm_z": 1.8977249588679193,
  "gcor": 0.0307012,
  "gsr_x": -0.009058513678610325,
  "gsr_y": 0.019598616287112236,
  "provenance": {
    "md5sum": "bde93a77fb9fc84b1c17b9e85c51a802",
    "settings": {
      "fd_thres": 0.2,
      "testing": false
    },
    "software": "mriqc",
    "version": "22.0.0rc1",
    "webapi_port": null,
    "webapi_url": "https://mriqc.nimh.nih.gov/api/v1"
  },
  "size_t": 239,
  "size_x": 64,
  "size_y": 64,
  "size_z": 30,
  "snr": 2.325414653763467,
  "spacing_tr": 2.4799094200134277,
  "spacing_x": 3.75,
  "spacing_y": 3.75,
  "spacing_z": 4.400000095367432,
  "summary_bg_k": 108.70171535338855,
  "summary_bg_mad": 4.429195938028441,
  "summary_bg_mean": 13.336602210998535,
  "summary_bg_median": 9.175731658935547,
  "summary_bg_n": 80815.0,
  "summary_bg_p05": 5.058577060699463,
  "summary_bg_p95": 33.41840744018555,
  "summary_bg_stdv": 16.61924171447754,
  "summary_fg_k": 6.89056957270089,
  "summary_fg_mad": 96.5862770167865,
  "summary_fg_mean": 338.07415771484375,
  "summary_fg_median": 309.9832458496094,
  "summary_fg_n": 15061.0,
  "summary_fg_p05": 185.91212463378906,
  "summary_fg_p95": 588.2301025390625,
  "summary_fg_stdv": 133.2979278564453,
  "tsnr": 35.92475544754416
}