{
  "aor": 0.0007229707112970711,
  "aqi": 0.005028397405857741,
  "bids_meta": {
    "BodyPartExamined": "HEAD",
    "ECHO": "3",
    "EchoTime": 0.044,
    "FlipAngle": 78.0,
    "MagneticFieldStrength": 3,
    "Manufacturer": "Siemens",
    "ManufacturersModelName": "Trio",
    "Modality": "MR",
    "ParallelReductionFactorInPlane": 3,
    "PixelBandwidth": 1698.0,
    "PixelSpacing": [
      3.75,
      4.4
    ],
    "ReceiveCoilName": "32Ch_Head_3T",
    "RepetitionTime": 2.47,
    "SliceThickness": 4.4,
    "SliceTiming": [
      1.235,
      0.0,
      1.31733333333,
      0.0823333333333,
      1.39966666667,
      0.164666666667,
      1.482,
      0.247,
      1.56433333333,
      0.329333333333,
      1.64666666667,
      0.411666666667,
      1.729,
      0.494,
      1.81133333333,
      0.576333333333,
      1.89366666667,
      0.658666666667,
      1.976,
      0.741,
      2.05833333333,
      0.823333333333,
      2.14066666667,
      0.905666666667,
      2.223,
      0.988,
      2.30533333333,
      1.07033333333,
      2.38766666667,
      1.15266666667
    ],
    "SpacingBetweenSlices": 4.840000000000001,
    "TaskName": "rest",
    "dataset": "ds000258",
    "modality": "bold",
    "subject_id": "21215",
    "task_id": "rest"
  },
  "dummy_trs": 0,
  "dvars_nstd": 42.33139181554618,
  "dvars_std": 1.126319440378151,
  "dvars_vstd": 1.0026962427731092,
  "efc": 0.43980755314206454,
  "fber": 749.305908203125,
  "fd_mean": 0.24337854313778232,
  "fd_num": 115,
  "fd_perc": 48.11715481171548,
  "fwhm_avg": 2.754099373234416,
  "fwhm_x": 2.721706666666667,
  "fwhm_y": 2.6747733333333334,
  "fwhm_z": 2.865818119703247,
  "gcor": 0.0334125,
  "gsr_x": -0.02057468704879284,
  "gsr_y": 0.03224765881896019,
  "provenance": {
    "md5sum": "4c78a4d4b9b3083451880301050e8d7e",
    "settings": {
      "fd_thres": 0.2,
      "testing": false
    },
    "software": "mriqc",
    "version": "22.0.0rc1",
    "webapi_port": null,
    "webapi_url": "https://mriqc.nimh.nih.gov/api/v1"
  },
  "size_t": 239,
  "size_x": 64,
  "size_y": 64,
  "size_z": 30,
  "snr": 1.8510229718821147,
  "spacing_tr": 2.4700000286102295,
  "spacing_x": 3.75,
  "spacing_y": 3.75,
  "spacing_z": 4.400000095367432,
  "summary_bg_k": 46.56073356529625,
  "summary_bg_mad": 10.012218184504777,
  "summary_bg_mean": 25.96747589111328,
  "summary_bg_median": 17.527196884155273,
  "summary_bg_n": 78940.0,
  "summary_bg_p05": 8.075313568115234,
  "summary_bg_p95": 68.48974914550783,
  "summary_bg_stdv": 30.153839111328125,
  "summary_fg_k": 6.261041173444992,
  "summary_fg_mad": 184.9841267783024,
  "summary_fg_mean": 549.4625854492188,
  "summary_fg_median": 484.820068359375,
  "summary_fg_n": 16449.0,
  "summary_fg_p05": 270.45941162109375,
  "summary_fg_p95": 1056.7857421874994,
  "summary_fg_stdv": 261.912109375,
  "tsnr": 38.43341094441712
}