{
  "aor": 0.0015972803347280337,
  "aqi": 0.0035171899581589953,
  "bids_meta": {
    "BodyPartExamined": "HEAD",
    "ECHO": "3",
    "EchoTime": 0.044,
    "FlipAngle": 78.0,
    "MagneticFieldStrength": 3,
    "Manufacturer": "Siemens",
    "ManufacturersModelName": "Trio",
    "Modality": "MR",
    "ParallelReductionFactorInPlane": 3,
    "PixelBandwidth": 1698.0,
    "PixelSpacing": [
      3.75,
      4.399998
    ],
    "ReceiveCoilName": "32Ch_Head_3T",
    "RepetitionTime": 2.47,
    "SliceThickness": 4.399998,
    "SliceTiming": [
      1.235,
      0.0,
      1.31733333333,
      0.0823333333333,
      1.39966666667,
      0.164666666667,
      1.482,
      0.247,
      1.56433333333,
      0.329333333333,
      1.64666666667,
      0.411666666667,
      1.729,
      0.494,
      1.81133333333,
      0.576333333333,
      1.89366666667,
      0.658666666667,
      1.976,
      0.741,
      2.05833333333,
      0.823333333333,
      2.14066666667,
      0.905666666667,
      2.223,
      0.988,
      2.30533333333,
      1.07033333333,
      2.38766666667,
      1.15266666667
    ],
    "SpacingBetweenSlices": 4.8399978,
    "TaskName": "rest",
    "dataset": "ds000258",
    "modality": "bold",
    "subject_id": "20503",
    "task_id": "rest"
  },
  "dummy_trs": 0,
  "dvars_nstd": 30.046117461680666,
  "dvars_std": 1.2233455559243693,
  "dvars_vstd": 0.998879774579832,
  "efc": 0.4184582921925904,
  "fber": 1819.8753662109375,
  "fd_mean": 0.10455143537875693,
  "fd_num": 18,
  "fd_perc": 7.531380753138075,
  "fwhm_avg": 2.8212614971405294,
  "fwhm_x": 2.849413333333333,
  "fwhm_y": 2.7965066666666667,
  "fwhm_z": 2.8178644914215885,
  "gcor": 0.0287922,
  "gsr_x": -0.017198044806718826,
  "gsr_y": 0.03337416797876358,
  "provenance": {
    "md5sum": "0cf98dbf088e1a102da4b07815b97edd",
    "settings": {
      "fd_thres": 0.2,
      "testing": false
    },
    "software": "mriqc",
    "version": "22.0.0rc1",
    "webapi_port": null,
    "webapi_url": "https://mriqc.nimh.nih.gov/api/v1"
  },
  "size_t": 239,
  "size_x": 64,
  "size_y": 64,
  "size_z": 30,
  "snr": 1.779217704732358,
  "spacing_tr": 2.4700000286102295,
  "spacing_x": 3.75,
  "spacing_y": 3.75,
  "spacing_z": 4.399998664855957,
  "summary_bg_k": 60.48608676824062,
  "summary_bg_mad": 7.872059197164959,
  "summary_bg_mean": 21.035865783691406,
  "summary_bg_median": 12.669455528259277,
  "summary_bg_n": 78444.0,
  "summary_bg_p05": 5.803347110748291,
  "summary_bg_p95": 61.7937236785888,
  "summary_bg_stdv": 28.878271102905273,
  "summary_fg_k": 7.401809492155381,
  "summary_fg_mad": 208.16602955147476,
  "summary_fg_mean": 618.049560546875,
  "summary_fg_median": 538.2384643554688,
  "summary_fg_n": 17125.0,
  "summary_fg_p05": 305.67027587890624,
  "summary_fg_p95": 1210.9606201171873,
  "summary_fg_stdv": 302.5052795410156,
  "tsnr": 56.366682686144486
}