{
  "aor": 0.0016499581589958158,
  "aqi": 0.00141345820083682,
  "bids_meta": {
    "BodyPartExamined": "HEAD",
    "ECHO": "1",
    "EchoTime": 0.012,
    "FlipAngle": 78.0,
    "MagneticFieldStrength": 3,
    "Manufacturer": "Siemens",
    "ManufacturersModelName": "Trio",
    "Modality": "MR",
    "ParallelReductionFactorInPlane": 3,
    "PixelBandwidth": 1698.0,
    "PixelSpacing": [
      3.75,
      4.4
    ],
    "ReceiveCoilName": "32Ch_Head_3T",
    "RepetitionTime": 2.47,
    "SliceThickness": 4.4,
    "SliceTiming": [
      1.235,
      0.0,
      1.31733333333,
      0.0823333333333,
      1.39966666667,
      0.164666666667,
      1.482,
      0.247,
      1.56433333333,
      0.329333333333,
      1.64666666667,
      0.411666666667,
      1.729,
      0.494,
      1.81133333333,
      0.576333333333,
      1.89366666667,
      0.658666666667,
      1.976,
      0.741,
      2.05833333333,
      0.823333333333,
      2.14066666667,
      0.905666666667,
      2.223,
      0.988,
      2.30533333333,
      1.07033333333,
      2.38766666667,
      1.15266666667
    ],
    "SpacingBetweenSlices": 4.840000000000001,
    "TaskName": "rest",
    "dataset": "ds000258",
    "modality": "bold",
    "subject_id": "20408",
    "task_id": "rest"
  },
  "dummy_trs": 0,
  "dvars_nstd": 13.022696442983195,
  "dvars_std": 1.2257419028991592,
  "dvars_vstd": 0.9908541057142851,
  "efc": 0.4284403182436847,
  "fber": 6288.521484375,
  "fd_mean": 0.05748206374671954,
  "fd_num": 4,
  "fd_perc": 1.6736401673640167,
  "fwhm_avg": 3.6191841525632427,
  "fwhm_x": 3.5819466666666666,
  "fwhm_y": 3.39456,
  "fwhm_z": 3.8810457910230625,
  "gcor": 0.0256067,
  "gsr_x": -0.04246840253472328,
  "gsr_y": 0.051224883645772934,
  "provenance": {
    "md5sum": "a4f58a278d9dd32283371e3a49b1c7c2",
    "settings": {
      "fd_thres": 0.2,
      "testing": false
    },
    "software": "mriqc",
    "version": "22.0.0rc1",
    "webapi_port": null,
    "webapi_url": "https://mriqc.nimh.nih.gov/api/v1"
  },
  "size_t": 239,
  "size_x": 64,
  "size_y": 64,
  "size_z": 30,
  "snr": 2.315999057817948,
  "spacing_tr": 2.4700000286102295,
  "spacing_x": 3.75,
  "spacing_y": 3.75,
  "spacing_z": 4.399999618530273,
  "summary_bg_k": 31.007815004270533,
  "summary_bg_mad": 9.379474998695219,
  "summary_bg_mean": 55.55451965332031,
  "summary_bg_median": 12.581589698791504,
  "summary_bg_n": 81015.0,
  "summary_bg_p05": 5.288702964782715,
  "summary_bg_p95": 310.7849304199228,
  "summary_bg_stdv": 143.08631896972656,
  "summary_fg_k": 1.3708840823601802,
  "summary_fg_mad": 348.48898152331844,
  "summary_fg_mean": 1144.577880859375,
  "summary_fg_median": 1024.21337890625,
  "summary_fg_n": 15462.0,
  "summary_fg_p05": 629.2075012207031,
  "summary_fg_p95": 2041.1380249023437,
  "summary_fg_stdv": 442.2196350097656,
  "tsnr": 130.5837878799066
}